{
  "aor": 0.0007554166666666666,
  "aqi": 0.0034695032083333337,
  "bids_meta": {
    "AcquisitionNumber": 12,
    "BidsifyVersion": "0.3.7",
    "ConversionSoftware": "dcm2niix",
    "ConversionSoftwareVersion": "v1.0.20190902",
    "EchoTime": 0.02763,
    "EffectiveEchoSpacing": 0.0006621159151938905,
    "ImageComments": "Upgrade2017",
    "ImageOrientationPatientDICOM": [
      0.997514,
      0.0704134,
      0.00282706,
      -0.0694031,
      0.988573,
      -0.133813
    ],
    "InstitutionName": "Spinoza Centre for Neuroimaging, location REC",
    "MagneticFieldStrength": 3,
    "Manufacturer": "Philips",
    "ParallelAcquisitionTechnique": "SENSE",
    "PatientPosition": "HFS",
    "PhaseEncodingDirection": "j",
    "PhilipsRescaleIntercept": 0,
    "PhilipsRescaleSlope": 0.81197,
    "PhilipsScaleSlope": 0.0577391,
    "ProtocolName": "WIPtask-rest_acq-sequential_boldSENSE",
    "ReconMatrixPE": 80,
    "RepetitionTime": 2,
    "SeriesDescription": "ImageMRSERIES",
    "SeriesNumber": 12,
    "TaskName": "restingstate",
    "TotalReadoutTime": 0.025822520692561732,
    "UsePhilipsFloatNotDisplayScaling": 1,
    "acq_id": "seq",
    "dataset": "ds003495",
    "modality": "bold",
    "session_id": "pre",
    "subject_id": "07",
    "task_id": "restingstate"
  },
  "dummy_trs": 0,
  "dvars_nstd": 21.975160563012544,
  "dvars_std": 1.232136379330544,
  "dvars_vstd": 0.9964934221338911,
  "efc": 0.4146576239803113,
  "fber": 171196.796875,
  "fd_mean": 0.13818364826499147,
  "fd_num": 36,
  "fd_perc": 15.0,
  "fwhm_avg": 1.7907672809186697,
  "fwhm_x": 1.7112466666666668,
  "fwhm_y": 1.9603733333333333,
  "fwhm_z": 1.700681842756009,
  "gcor": 0.0312888,
  "gsr_x": -0.02789641171693802,
  "gsr_y": 0.015982918441295624,
  "provenance": {
    "md5sum": "c26ecfe87f45a12390137c94c360c9ec",
    "settings": {
      "fd_thres": 0.2,
      "testing": false
    },
    "software": "mriqc",
    "version": "22.0.6",
    "webapi_port": null,
    "webapi_url": "https://mriqc.nimh.nih.gov/api/v1"
  },
  "size_t": 240,
  "size_x": 80,
  "size_y": 80,
  "size_z": 36,
  "snr": 5.572187774048387,
  "spacing_tr": 2.0,
  "spacing_x": 3.0,
  "spacing_y": 3.0,
  "spacing_z": 3.299999952316284,
  "summary_bg_k": 63.33149177112979,
  "summary_bg_mad": 62.47068058185468,
  "summary_bg_mean": 669.47119140625,
  "summary_bg_median": 60.433311462402344,
  "summary_bg_n": 159245.0,
  "summary_bg_p05": 4.9710786819458015,
  "summary_bg_p95": 3640.715869140619,
  "summary_bg_stdv": 2011.616943359375,
  "summary_fg_k": 1.9842391997031088,
  "summary_fg_mad": 4036.3063557801347,
  "summary_fg_mean": 25745.748046875,
  "summary_fg_median": 25495.29296875,
  "summary_fg_n": 30965.0,
  "summary_fg_p05": 18635.570703125,
  "summary_fg_p95": 33116.03125,
  "summary_fg_stdv": 4575.380859375,
  "tsnr": 86.07869720458984
}