{
  "aor": 0.0010812592592592592,
  "aqi": 0.003257886962962963,
  "bids_meta": {
    "AcquisitionNumber": 8,
    "BidsifyVersion": "0.3.7",
    "ConversionSoftware": "dcm2niix",
    "ConversionSoftwareVersion": "v1.0.20190902",
    "EchoTime": 0.02763,
    "EffectiveEchoSpacing": 0.0006621159151938905,
    "ImageComments": "Upgrade2017",
    "ImageOrientationPatientDICOM": [
      0.997514,
      0.0704134,
      0.00282706,
      -0.0694031,
      0.988573,
      -0.133813
    ],
    "InstitutionName": "Spinoza Centre for Neuroimaging, location REC",
    "MagneticFieldStrength": 3,
    "Manufacturer": "Philips",
    "ParallelAcquisitionTechnique": "SENSE",
    "PatientPosition": "HFS",
    "PhaseEncodingDirection": "j",
    "PhilipsRescaleIntercept": 0,
    "PhilipsRescaleSlope": 0.83443,
    "PhilipsScaleSlope": 0.0561469,
    "ProtocolName": "WIPtask-harriri_acq-sequential_boldSENSE",
    "ReconMatrixPE": 80,
    "RepetitionTime": 2,
    "SeriesDescription": "ImageMRSERIES",
    "SeriesNumber": 8,
    "TaskName": "emomatching",
    "TotalReadoutTime": 0.025822520692561732,
    "UsePhilipsFloatNotDisplayScaling": 1,
    "acq_id": "seq",
    "dataset": "ds003495",
    "modality": "bold",
    "session_id": "pre",
    "subject_id": "07",
    "task_id": "emomatching"
  },
  "dummy_trs": 0,
  "dvars_nstd": 22.096116514626868,
  "dvars_std": 1.263887538507463,
  "dvars_vstd": 1.006764097238806,
  "efc": 0.41344038815665174,
  "fber": 174195.90625,
  "fd_mean": 0.12239020392686982,
  "fd_num": 14,
  "fd_perc": 10.37037037037037,
  "fwhm_avg": 1.8042845537278964,
  "fwhm_x": 1.7287133333333333,
  "fwhm_y": 1.9664433333333333,
  "fwhm_z": 1.7176969945170228,
  "gcor": 0.0395585,
  "gsr_x": -0.02754255197942257,
  "gsr_y": 0.015653356909751892,
  "provenance": {
    "md5sum": "b3d62ec28d97742ea811f0b2112b1109",
    "settings": {
      "fd_thres": 0.2,
      "testing": false
    },
    "software": "mriqc",
    "version": "22.0.6",
    "webapi_port": null,
    "webapi_url": "https://mriqc.nimh.nih.gov/api/v1"
  },
  "size_t": 135,
  "size_x": 80,
  "size_y": 80,
  "size_z": 36,
  "snr": 5.513651342411836,
  "spacing_tr": 2.0,
  "spacing_x": 3.0,
  "spacing_y": 3.0,
  "spacing_z": 3.299999952316284,
  "summary_bg_k": 62.66529826316466,
  "summary_bg_mad": 62.682926889441646,
  "summary_bg_mean": 666.3709716796875,
  "summary_bg_median": 61.26116943359375,
  "summary_bg_n": 159283.0,
  "summary_bg_p05": 4.64650559425354,
  "summary_bg_p95": 3589.7134521484368,
  "summary_bg_stdv": 2006.9281005859375,
  "summary_fg_k": 1.8885978953881173,
  "summary_fg_mad": 4172.508851775505,
  "summary_fg_mean": 26312.6484375,
  "summary_fg_median": 26040.3515625,
  "summary_fg_n": 30938.0,
  "summary_fg_p05": 19000.09169921875,
  "summary_fg_p95": 33904.5755859375,
  "summary_fg_stdv": 4722.810546875,
  "tsnr": 90.41230010986328
}