{
  "aor": 0.0010479850746268656,
  "aqi": 0.0036518135820895526,
  "bids_meta": {
    "AcquisitionNumber": 8,
    "BidsifyVersion": "0.3.7",
    "ConversionSoftware": "dcm2niix",
    "ConversionSoftwareVersion": "v1.0.20190902",
    "EchoTime": 0.02763,
    "EffectiveEchoSpacing": 0.0006621159151938905,
    "ImageComments": "Upgrade2017",
    "ImageOrientationPatientDICOM": [
      0.999785,
      0.0201929,
      0.00478004,
      -0.0197205,
      0.996274,
      -0.0839624
    ],
    "InstitutionName": "Spinoza Centre for Neuroimaging, location REC",
    "MagneticFieldStrength": 3,
    "Manufacturer": "Philips",
    "ParallelAcquisitionTechnique": "SENSE",
    "PatientPosition": "HFS",
    "PhaseEncodingDirection": "j",
    "PhilipsRescaleIntercept": 0,
    "PhilipsRescaleSlope": 0.78462,
    "PhilipsScaleSlope": 0.0513873,
    "ProtocolName": "WIPtask-harriri_acq-sequential_boldSENSE",
    "ReconMatrixPE": 80,
    "RepetitionTime": 2,
    "SeriesDescription": "ImageMRSERIES",
    "SeriesNumber": 8,
    "TaskName": "emomatching",
    "TotalReadoutTime": 0.025822520692561732,
    "UsePhilipsFloatNotDisplayScaling": 1,
    "acq_id": "seq",
    "dataset": "ds003495",
    "modality": "bold",
    "session_id": "pre",
    "subject_id": "20",
    "task_id": "emomatching"
  },
  "dummy_trs": 1,
  "dvars_nstd": 18.664887385263157,
  "dvars_std": 1.159303296165413,
  "dvars_vstd": 1.0036062096240599,
  "efc": 0.45628338183224015,
  "fber": 160494.671875,
  "fd_mean": 0.14603978311867907,
  "fd_num": 23,
  "fd_perc": 17.16417910447761,
  "fwhm_avg": 1.9148414228365043,
  "fwhm_x": 1.8715366666666666,
  "fwhm_y": 2.06773,
  "fwhm_z": 1.8052576018428457,
  "gcor": 0.0303051,
  "gsr_x": -0.012472923845052719,
  "gsr_y": 0.020813634619116783,
  "provenance": {
    "md5sum": "55d245d2e66c401fe28dcddda7021bc8",
    "settings": {
      "fd_thres": 0.2,
      "testing": false
    },
    "software": "mriqc",
    "version": "22.0.6",
    "webapi_port": null,
    "webapi_url": "https://mriqc.nimh.nih.gov/api/v1"
  },
  "size_t": 134,
  "size_x": 80,
  "size_y": 80,
  "size_z": 36,
  "snr": 5.362292702069902,
  "spacing_tr": 2.0,
  "spacing_x": 3.0,
  "spacing_y": 3.0,
  "spacing_z": 3.299999952316284,
  "summary_bg_k": 55.280015842203014,
  "summary_bg_mad": 70.31743415195426,
  "summary_bg_mean": 784.5899658203125,
  "summary_bg_median": 65.56932067871094,
  "summary_bg_n": 149573.0,
  "summary_bg_p05": 6.135011863708496,
  "summary_bg_p95": 4658.050683593747,
  "summary_bg_stdv": 2214.0595703125,
  "summary_fg_k": 1.5440037460822396,
  "summary_fg_mad": 4694.917642861752,
  "summary_fg_mean": 27480.041015625,
  "summary_fg_median": 27058.357421875,
  "summary_fg_n": 39369.0,
  "summary_fg_p05": 19976.2421875,
  "summary_fg_p95": 35737.23203125,
  "summary_fg_stdv": 5045.978515625,
  "tsnr": 83.30207824707031
}