{
  "aor": 0.0009573155416012558,
  "aqi": 0.024308607535321818,
  "bids_meta": {
    "AcquisitionNumber": 3,
    "BidsifyVersion": "0.3.7",
    "ConversionSoftware": "dcm2niix",
    "ConversionSoftwareVersion": "v1.0.20190902",
    "EchoTime": 0.02763,
    "EffectiveEchoSpacing": 0.0006333282667071997,
    "ImageComments": "Upgrade2017",
    "ImageOrientationPatientDICOM": [
      0.999856,
      -0.0165866,
      0.00365937,
      0.0167543,
      0.99851,
      -0.0519333
    ],
    "InstitutionName": "Spinoza Centre for Neuroimaging, location REC",
    "MagneticFieldStrength": 3,
    "Manufacturer": "Philips",
    "ParallelAcquisitionTechnique": "SENSE",
    "PatientPosition": "HFS",
    "PhaseEncodingDirection": "j",
    "PhilipsRescaleIntercept": 0,
    "PhilipsRescaleSlope": 0.75775,
    "PhilipsScaleSlope": 0.0874564,
    "ProtocolName": "WIPtask-rest_acq-multiband_boldSENSE",
    "ReconMatrixPE": 80,
    "RepetitionTime": 0.761525,
    "SeriesDescription": "ImageMRSERIES",
    "SeriesNumber": 3,
    "TaskName": "restingstate",
    "TotalReadoutTime": 0.024699802401580786,
    "UsePhilipsFloatNotDisplayScaling": 1,
    "acq_id": "mb3",
    "dataset": "ds003495",
    "modality": "bold",
    "session_id": "pre",
    "subject_id": "08",
    "task_id": "restingstate"
  },
  "dummy_trs": 0,
  "dvars_nstd": 48.04289679264152,
  "dvars_std": 1.1393300940566027,
  "dvars_vstd": 1.016658464795596,
  "efc": 0.47592145312061496,
  "fber": 134029.734375,
  "fd_mean": 0.0880739170838476,
  "fd_num": 12,
  "fd_perc": 1.8838304552590266,
  "fwhm_avg": 1.8210151373172139,
  "fwhm_x": 1.7995400000000001,
  "fwhm_y": 1.9859833333333334,
  "fwhm_z": 1.6775220786183083,
  "gcor": 0.0082121,
  "gsr_x": -0.013968094252049923,
  "gsr_y": 0.029131395742297173,
  "provenance": {
    "md5sum": "2e170d0293984d09fa477fc426972b31",
    "settings": {
      "fd_thres": 0.2,
      "testing": false
    },
    "software": "mriqc",
    "version": "22.0.6",
    "webapi_port": null,
    "webapi_url": "https://mriqc.nimh.nih.gov/api/v1"
  },
  "size_t": 637,
  "size_x": 80,
  "size_y": 80,
  "size_z": 36,
  "snr": 6.503558163582908,
  "spacing_tr": 0.7615251541137695,
  "spacing_x": 3.0,
  "spacing_y": 3.0,
  "spacing_z": 3.2998969554901123,
  "summary_bg_k": 23.993923735663802,
  "summary_bg_mad": 62.7310948904047,
  "summary_bg_mean": 700.996826171875,
  "summary_bg_median": 51.025657653808594,
  "summary_bg_n": 149114.0,
  "summary_bg_p05": 4.018316364288331,
  "summary_bg_p95": 3769.8051147460956,
  "summary_bg_stdv": 1615.00341796875,
  "summary_fg_k": 2.07313056019625,
  "summary_fg_mad": 2718.45541309851,
  "summary_fg_mean": 19250.01171875,
  "summary_fg_median": 19319.537109375,
  "summary_fg_n": 39779.0,
  "summary_fg_p05": 14541.87490234375,
  "summary_fg_p95": 23878.2365234375,
  "summary_fg_stdv": 2970.572998046875,
  "tsnr": 33.113704681396484
}