{
  "bids_meta": {
    "AcquisitionNumber": 2,
    "BidsifyVersion": "0.3.7",
    "ConversionSoftware": "dcm2niix",
    "ConversionSoftwareVersion": "v1.0.20190902",
    "EchoTime": 0.00378,
    "ImageComments": "Upgrade2017",
    "ImageOrientationPatientDICOM": [
      0.998055,
      0.0420638,
      -0.0460071,
      -0.0460197,
      0.995003,
      -0.0886075
    ],
    "InstitutionName": "Spinoza Centre for Neuroimaging, location REC",
    "MagneticFieldStrength": 3,
    "Manufacturer": "Philips",
    "ParallelAcquisitionTechnique": "SENSE",
    "PatientPosition": "HFS",
    "PhilipsRescaleIntercept": 0,
    "PhilipsRescaleSlope": 11.9155,
    "PhilipsScaleSlope": 0.00485774,
    "ProtocolName": "WIPT1wSENSE",
    "ReconMatrixPE": 240,
    "RepetitionTime": 0.008233,
    "SeriesDescription": "ImageMRSERIES",
    "SeriesNumber": 2,
    "UsePhilipsFloatNotDisplayScaling": 1,
    "dataset": "ds003495",
    "modality": "T1w",
    "session_id": "pre",
    "subject_id": "24"
  },
  "cjv": 0.3407744969701128,
  "cnr": 3.8243638789771133,
  "efc": 0.7703099392719192,
  "fber": -1.0,
  "fwhm_avg": 3.57873,
  "fwhm_x": 3.51793,
  "fwhm_y": 3.75627,
  "fwhm_z": 3.46199,
  "icvs_csf": 0.2129812915134598,
  "icvs_gm": 0.43925733818696805,
  "icvs_wm": 0.34776137029957216,
  "inu_med": 0.7008529305458069,
  "inu_range": 0.2521572172641754,
  "provenance": {
    "md5sum": "62ebb378214d9842806debcdb2437dfb",
    "settings": {
      "testing": false
    },
    "software": "mriqc",
    "version": "22.0.6",
    "warnings": {
      "large_rot_frame": true,
      "small_air_mask": true
    },
    "webapi_port": null,
    "webapi_url": "https://mriqc.nimh.nih.gov/api/v1"
  },
  "qi_1": 0.0,
  "qi_2": 7.747111779313209e-05,
  "rpve_csf": 24.076165279383726,
  "rpve_gm": 12.434378031007675,
  "rpve_wm": 18.36996556064958,
  "size_x": 240,
  "size_y": 240,
  "size_z": 220,
  "snr_csf": 1.4036029848890679,
  "snr_gm": 6.803325277621831,
  "snr_total": 8.574475569153087,
  "snr_wm": 17.51649844494836,
  "snrd_csf": 5.864861791232828,
  "snrd_gm": 22.361369345161364,
  "snrd_total": 21.93527760996858,
  "snrd_wm": 37.57960169351155,
  "spacing_x": 1.0,
  "spacing_y": 1.0,
  "spacing_z": 1.0,
  "summary_bg_k": 271.4941215596781,
  "summary_bg_mad": 0.0,
  "summary_bg_mean": 3.9480977821960095,
  "summary_bg_median": 0.0,
  "summary_bg_n": 137634.0,
  "summary_bg_p05": 0.0,
  "summary_bg_p95": 17.60695343837142,
  "summary_bg_stdv": 17.43329869136569,
  "summary_csf_k": 2.0533499490549865,
  "summary_csf_mad": 95.6780364019284,
  "summary_csf_mean": 178.63341084462675,
  "summary_csf_median": 156.06503834947944,
  "summary_csf_n": 21255.0,
  "summary_csf_p05": 37.70385476015508,
  "summary_csf_p95": 399.35817070491595,
  "summary_csf_stdv": 111.18626045377549,
  "summary_gm_k": 0.05236318662949602,
  "summary_gm_mad": 85.34747442199883,
  "summary_gm_mean": 597.6626389954112,
  "summary_gm_median": 595.0401030108333,
  "summary_gm_n": 27567.0,
  "summary_gm_p05": 456.4971051327884,
  "summary_gm_p95": 747.1766679193823,
  "summary_gm_stdv": 87.46154064600708,
  "summary_wm_k": 0.9200537861041758,
  "summary_wm_mad": 52.65254170415719,
  "summary_wm_mean": 998.6478770375974,
  "summary_wm_median": 1000.0000320933759,
  "summary_wm_n": 207316.0,
  "summary_wm_p05": 903.1992497853935,
  "summary_wm_p95": 1088.5093129239976,
  "summary_wm_stdv": 57.08889955695411,
  "tpm_overlap_csf": 0.16276662702695466,
  "tpm_overlap_gm": 0.46560970901086585,
  "tpm_overlap_wm": 0.5122941140830846,
  "wm2max": 0.6570668975773459
}