{
  "aor": 0.0004914583333333334,
  "aqi": 0.0024029590416666667,
  "bids_meta": {
    "AcquisitionNumber": 3,
    "BidsifyVersion": "0.3.7",
    "ConversionSoftware": "dcm2niix",
    "ConversionSoftwareVersion": "v1.0.20190902",
    "EchoTime": 0.02763,
    "EffectiveEchoSpacing": 0.0006621159151938905,
    "ImageComments": "Upgrade2017",
    "ImageOrientationPatientDICOM": [
      0.99751,
      0.0549318,
      -0.0442205,
      -0.0498335,
      0.992778,
      0.109127
    ],
    "InstitutionName": "Spinoza Centre for Neuroimaging, location REC",
    "MagneticFieldStrength": 3,
    "Manufacturer": "Philips",
    "ParallelAcquisitionTechnique": "SENSE",
    "PatientPosition": "HFS",
    "PhaseEncodingDirection": "j",
    "PhilipsRescaleIntercept": 0,
    "PhilipsRescaleSlope": 0.80586,
    "PhilipsScaleSlope": 0.0491051,
    "ProtocolName": "WIPtask-rest_acq-sequential_boldSENSE",
    "ReconMatrixPE": 80,
    "RepetitionTime": 2,
    "SeriesDescription": "ImageMRSERIES",
    "SeriesNumber": 3,
    "TaskName": "restingstate",
    "TotalReadoutTime": 0.025822520692561732,
    "UsePhilipsFloatNotDisplayScaling": 1,
    "acq_id": "seq",
    "dataset": "ds003495",
    "modality": "bold",
    "session_id": "pre",
    "subject_id": "17",
    "task_id": "restingstate"
  },
  "dummy_trs": 0,
  "dvars_nstd": 19.813029796108783,
  "dvars_std": 1.3368446912552299,
  "dvars_vstd": 0.9920983847280337,
  "efc": 0.44247980401469933,
  "fber": 197521.6875,
  "fd_mean": 0.08243204395623831,
  "fd_num": 1,
  "fd_perc": 0.4166666666666667,
  "fwhm_avg": 1.8447926562609596,
  "fwhm_x": 1.81832,
  "fwhm_y": 1.9254133333333332,
  "fwhm_z": 1.7906446354495458,
  "gcor": 0.0366179,
  "gsr_x": -0.005579756572842598,
  "gsr_y": 0.010621373541653156,
  "provenance": {
    "md5sum": "f083f11f2dabc72ffa4af79a04d150e5",
    "settings": {
      "fd_thres": 0.2,
      "testing": false
    },
    "software": "mriqc",
    "version": "22.0.6",
    "webapi_port": null,
    "webapi_url": "https://mriqc.nimh.nih.gov/api/v1"
  },
  "size_t": 240,
  "size_x": 80,
  "size_y": 80,
  "size_z": 36,
  "snr": 5.082019437458697,
  "spacing_tr": 2.0,
  "spacing_x": 3.0,
  "spacing_y": 3.0,
  "spacing_z": 3.3001132011413574,
  "summary_bg_k": 75.11090476917943,
  "summary_bg_mad": 63.55241395481944,
  "summary_bg_mean": 663.669921875,
  "summary_bg_median": 62.153785705566406,
  "summary_bg_n": 150895.0,
  "summary_bg_p05": 4.969057559967043,
  "summary_bg_p95": 3699.623266601561,
  "summary_bg_stdv": 2041.9134521484375,
  "summary_fg_k": 1.2564542987478449,
  "summary_fg_mad": 5297.337726720516,
  "summary_fg_mean": 29232.400390625,
  "summary_fg_median": 28477.958984375,
  "summary_fg_n": 38304.0,
  "summary_fg_p05": 21486.427734375,
  "summary_fg_p95": 38919.244726562494,
  "summary_fg_stdv": 5603.5966796875,
  "tsnr": 100.29331970214844
}