{
  "aor": 0.0009736842105263158,
  "aqi": 0.0024991492481203008,
  "bids_meta": {
    "AcquisitionNumber": 8,
    "BidsifyVersion": "0.3.7",
    "ConversionSoftware": "dcm2niix",
    "ConversionSoftwareVersion": "v1.0.20190902",
    "EchoTime": 0.02763,
    "EffectiveEchoSpacing": 0.0006621159151938905,
    "ImageComments": "Upgrade2017",
    "ImageOrientationPatientDICOM": [
      0.99751,
      0.0549318,
      -0.0442205,
      -0.0498335,
      0.992778,
      0.109127
    ],
    "InstitutionName": "Spinoza Centre for Neuroimaging, location REC",
    "MagneticFieldStrength": 3,
    "Manufacturer": "Philips",
    "ParallelAcquisitionTechnique": "SENSE",
    "PatientPosition": "HFS",
    "PhaseEncodingDirection": "j",
    "PhilipsRescaleIntercept": 0,
    "PhilipsRescaleSlope": 0.77729,
    "PhilipsScaleSlope": 0.0494829,
    "ProtocolName": "WIPtask-harriri_acq-sequential_boldSENSE",
    "ReconMatrixPE": 80,
    "RepetitionTime": 2,
    "SeriesDescription": "ImageMRSERIES",
    "SeriesNumber": 8,
    "TaskName": "emomatching",
    "TotalReadoutTime": 0.025822520692561732,
    "UsePhilipsFloatNotDisplayScaling": 1,
    "acq_id": "seq",
    "dataset": "ds003495",
    "modality": "bold",
    "session_id": "pre",
    "subject_id": "17",
    "task_id": "emomatching"
  },
  "dummy_trs": 0,
  "dvars_nstd": 19.593864282272715,
  "dvars_std": 1.3251471900757579,
  "dvars_vstd": 1.0009336687121206,
  "efc": 0.4432637780314807,
  "fber": 212658.78125,
  "fd_mean": 0.08535639696199344,
  "fd_num": 1,
  "fd_perc": 0.7518796992481203,
  "fwhm_avg": 1.8550099087024627,
  "fwhm_x": 1.8265066666666667,
  "fwhm_y": 1.9284366666666666,
  "fwhm_z": 1.8100863927740554,
  "gcor": 0.0229205,
  "gsr_x": -0.0057104285806417465,
  "gsr_y": 0.0101259620860219,
  "provenance": {
    "md5sum": "5dc4ebfeab70b574415beecb8a98a5e2",
    "settings": {
      "fd_thres": 0.2,
      "testing": false
    },
    "software": "mriqc",
    "version": "22.0.6",
    "webapi_port": null,
    "webapi_url": "https://mriqc.nimh.nih.gov/api/v1"
  },
  "size_t": 133,
  "size_x": 80,
  "size_y": 80,
  "size_z": 36,
  "snr": 5.089606809165392,
  "spacing_tr": 2.0,
  "spacing_x": 3.0,
  "spacing_y": 3.0,
  "spacing_z": 3.3001132011413574,
  "summary_bg_k": 65.40394839918045,
  "summary_bg_mad": 64.15544503295185,
  "summary_bg_mean": 679.0816040039062,
  "summary_bg_median": 60.8073844909668,
  "summary_bg_n": 151019.0,
  "summary_bg_p05": 4.732372999191285,
  "summary_bg_p95": 3863.264916992188,
  "summary_bg_stdv": 2032.223388671875,
  "summary_fg_k": 1.165330664093176,
  "summary_fg_mad": 5359.143706704468,
  "summary_fg_mean": 29406.51953125,
  "summary_fg_median": 28671.265625,
  "summary_fg_n": 38254.0,
  "summary_fg_p05": 21538.46533203125,
  "summary_fg_p95": 39183.466796875,
  "summary_fg_stdv": 5633.22314453125,
  "tsnr": 100.38809967041016
}