{
  "aor": 0.0001995440251572327,
  "aqi": 0.019800609905660377,
  "bids_meta": {
    "AcquisitionNumber": 10,
    "BidsifyVersion": "0.3.7",
    "ConversionSoftware": "dcm2niix",
    "ConversionSoftwareVersion": "v1.0.20190902",
    "EchoTime": 0.02763,
    "EffectiveEchoSpacing": 0.0006333282667071997,
    "ImageComments": "Upgrade2017",
    "ImageOrientationPatientDICOM": [
      0.99751,
      0.0549318,
      -0.0442205,
      -0.0498335,
      0.992778,
      0.109127
    ],
    "InstitutionName": "Spinoza Centre for Neuroimaging, location REC",
    "MagneticFieldStrength": 3,
    "Manufacturer": "Philips",
    "ParallelAcquisitionTechnique": "SENSE",
    "PatientPosition": "HFS",
    "PhaseEncodingDirection": "j",
    "PhilipsRescaleIntercept": 0,
    "PhilipsRescaleSlope": 0.75995,
    "PhilipsScaleSlope": 0.0923976,
    "ProtocolName": "WIPtask-rest_acq-multiband_boldSENSE",
    "ReconMatrixPE": 80,
    "RepetitionTime": 0.761525,
    "SeriesDescription": "ImageMRSERIES",
    "SeriesNumber": 10,
    "TaskName": "restingstate",
    "TotalReadoutTime": 0.024699802401580786,
    "UsePhilipsFloatNotDisplayScaling": 1,
    "acq_id": "mb3",
    "dataset": "ds003495",
    "modality": "bold",
    "session_id": "pre",
    "subject_id": "17",
    "task_id": "restingstate"
  },
  "dummy_trs": 1,
  "dvars_nstd": 40.432664495448805,
  "dvars_std": 1.1739511954803148,
  "dvars_vstd": 0.9856612289606286,
  "efc": 0.45203088300802696,
  "fber": 165804.796875,
  "fd_mean": 0.08055424067058004,
  "fd_num": 9,
  "fd_perc": 1.4150943396226414,
  "fwhm_avg": 1.9228230080623974,
  "fwhm_x": 1.8693666666666668,
  "fwhm_y": 2.05972,
  "fwhm_z": 1.8393823575205261,
  "gcor": 0.0106212,
  "gsr_x": -0.008948616683483124,
  "gsr_y": 0.012864263728260994,
  "provenance": {
    "md5sum": "656692ec1cba7d1eab1d015d48de0d0f",
    "settings": {
      "fd_thres": 0.2,
      "testing": false
    },
    "software": "mriqc",
    "version": "22.0.6",
    "webapi_port": null,
    "webapi_url": "https://mriqc.nimh.nih.gov/api/v1"
  },
  "size_t": 636,
  "size_x": 80,
  "size_y": 80,
  "size_z": 36,
  "snr": 7.3311526755721586,
  "spacing_tr": 0.7615251541137695,
  "spacing_x": 3.0,
  "spacing_y": 3.0,
  "spacing_z": 3.3001132011413574,
  "summary_bg_k": 33.87335817578367,
  "summary_bg_mad": 52.65400889986526,
  "summary_bg_mean": 540.1915283203125,
  "summary_bg_median": 47.715919494628906,
  "summary_bg_n": 151497.0,
  "summary_bg_p05": 3.534150981903076,
  "summary_bg_p95": 3024.545751953125,
  "summary_bg_stdv": 1433.842041015625,
  "summary_fg_k": 1.343317974852777,
  "summary_fg_mad": 2580.839811863627,
  "summary_fg_mean": 19994.0625,
  "summary_fg_median": 19889.4921875,
  "summary_fg_n": 37570.0,
  "summary_fg_p05": 15859.15673828125,
  "summary_fg_p95": 24533.44228515625,
  "summary_fg_stdv": 2712.97412109375,
  "tsnr": 41.08258056640625
}