{
  "bids_meta": {
    "AcquisitionNumber": 2,
    "BidsifyVersion": "0.3.7",
    "ConversionSoftware": "dcm2niix",
    "ConversionSoftwareVersion": "v1.0.20190902",
    "EchoTime": 0.00374,
    "ImageComments": "upgrade2017",
    "ImageOrientationPatientDICOM": [
      0.999647,
      0.0228723,
      -0.0135245,
      -0.0221615,
      0.998475,
      0.0505565
    ],
    "InstitutionName": "Spinoza Centre for Neuroimaging, location REC",
    "MagneticFieldStrength": 3,
    "Manufacturer": "Philips",
    "ParallelAcquisitionTechnique": "SENSE",
    "PatientPosition": "HFS",
    "PhilipsRescaleIntercept": 0,
    "PhilipsRescaleSlope": 11.6305,
    "PhilipsScaleSlope": 0.0051466,
    "ProtocolName": "WIPT1wSENSE",
    "ReconMatrixPE": 240,
    "RepetitionTime": 0.008151,
    "SeriesDescription": "ImageMRSERIES",
    "SeriesNumber": 2,
    "UsePhilipsFloatNotDisplayScaling": 1,
    "dataset": "ds003495",
    "modality": "T1w",
    "session_id": "pre",
    "subject_id": "18"
  },
  "cjv": 0.3194326712945951,
  "cnr": 4.141403037664564,
  "efc": 0.7419681626970024,
  "fber": -1.0,
  "fwhm_avg": 3.7618833333333335,
  "fwhm_x": 3.73712,
  "fwhm_y": 3.93089,
  "fwhm_z": 3.61764,
  "icvs_csf": 0.20835836514097195,
  "icvs_gm": 0.44696760741812597,
  "icvs_wm": 0.3446740274409021,
  "inu_med": 0.6035136580467224,
  "inu_range": 0.19513918161392207,
  "provenance": {
    "md5sum": "9484507f8189c2a48760ba5d29ca92b3",
    "settings": {
      "testing": false
    },
    "software": "mriqc",
    "version": "22.0.6",
    "warnings": {
      "large_rot_frame": true,
      "small_air_mask": true
    },
    "webapi_port": null,
    "webapi_url": "https://mriqc.nimh.nih.gov/api/v1"
  },
  "qi_1": 0.0,
  "qi_2": 0.00024271414174761432,
  "rpve_csf": 28.203059048097,
  "rpve_gm": 14.123357196522727,
  "rpve_wm": 21.35080529715609,
  "size_x": 240,
  "size_y": 240,
  "size_z": 220,
  "snr_csf": 1.538383954594323,
  "snr_gm": 6.890955371678184,
  "snr_total": 9.20955387890665,
  "snr_wm": 19.199322310447442,
  "snrd_csf": 16.22218700758229,
  "snrd_gm": 56.38003116833391,
  "snrd_total": 56.269345233514684,
  "snrd_wm": 96.20581752462785,
  "spacing_x": 1.0,
  "spacing_y": 1.0,
  "spacing_z": 1.0,
  "summary_bg_k": 15.145814545806957,
  "summary_bg_mad": 0.0,
  "summary_bg_mean": 2.598828495761972,
  "summary_bg_median": 0.0,
  "summary_bg_n": 59593.0,
  "summary_bg_p05": 0.0,
  "summary_bg_p95": 15.696792606264353,
  "summary_bg_stdv": 6.809737931680161,
  "summary_csf_k": 0.4704820385463475,
  "summary_csf_mad": 112.28625058874462,
  "summary_csf_mean": 187.11285593813753,
  "summary_csf_median": 168.61960684880614,
  "summary_csf_n": 14989.0,
  "summary_csf_p05": 36.21694137193263,
  "summary_csf_p95": 380.16576445810495,
  "summary_csf_stdv": 109.60461559224521,
  "summary_gm_k": 0.021446401490188283,
  "summary_gm_mad": 83.86430268935847,
  "summary_gm_mean": 587.9654313013345,
  "summary_gm_median": 586.0355749372393,
  "summary_gm_n": 32194.0,
  "summary_gm_p05": 449.27012445656584,
  "summary_gm_p95": 731.338629631698,
  "summary_gm_stdv": 85.04284843403352,
  "summary_wm_k": 0.7193713194736251,
  "summary_wm_mad": 48.36946179207461,
  "summary_wm_mean": 998.2191653257084,
  "summary_wm_median": 1000.0000073965639,
  "summary_wm_n": 177621.0,
  "summary_wm_p05": 908.6332425903529,
  "summary_wm_p95": 1078.9896094053984,
  "summary_wm_stdv": 52.085025514987215,
  "tpm_overlap_csf": 0.14345320624659555,
  "tpm_overlap_gm": 0.4753228625527947,
  "tpm_overlap_wm": 0.5111945868721097,
  "wm2max": 0.774563212638954
}