{
  "bids_meta": {
    "AcquisitionNumber": 2,
    "BidsifyVersion": "0.3.7",
    "ConversionSoftware": "dcm2niix",
    "ConversionSoftwareVersion": "v1.0.20190902",
    "EchoTime": 0.00374,
    "ImageComments": "Upgrade_2017",
    "ImageOrientationPatientDICOM": [
      0.999605,
      0.0272779,
      0.00673938,
      -0.0275723,
      0.998451,
      0.0483337
    ],
    "InstitutionName": "Spinoza Centre for Neuroimaging, location REC",
    "InversionTime": 0.9,
    "MagneticFieldStrength": 3,
    "Manufacturer": "Philips",
    "ParallelAcquisitionTechnique": "SENSE",
    "PatientPosition": "HFS",
    "PhilipsRescaleIntercept": 0,
    "PhilipsRescaleSlope": 3.81465,
    "PhilipsScaleSlope": 0.00535969,
    "ProtocolName": "T1w",
    "ReconMatrixPE": 240,
    "RepetitionTime": 0.008145,
    "SeriesDescription": "ImageMRSERIES",
    "SeriesNumber": 2,
    "UsePhilipsFloatNotDisplayScaling": 1,
    "dataset": "ds003495",
    "modality": "T1w",
    "session_id": "post",
    "subject_id": "23"
  },
  "cjv": 0.2756569596249729,
  "cnr": 4.7416140415707835,
  "efc": 0.6868729861127257,
  "fber": -1.0,
  "fwhm_avg": 4.190613664099604,
  "fwhm_x": 4.0976402442383915,
  "fwhm_y": 4.398030262143032,
  "fwhm_z": 4.076170485917388,
  "icvs_csf": 0.22648857672889933,
  "icvs_gm": 0.4494063511257238,
  "icvs_wm": 0.32410507214537687,
  "inu_med": 0.622269481420517,
  "inu_range": 0.23890294134616852,
  "provenance": {
    "md5sum": "8feb0ba96d49cd1c30ccbc0920da167c",
    "settings": {
      "testing": false
    },
    "software": "mriqc",
    "version": "22.0.6",
    "warnings": {
      "large_rot_frame": true,
      "small_air_mask": false
    },
    "webapi_port": null,
    "webapi_url": "https://mriqc.nimh.nih.gov/api/v1"
  },
  "qi_1": 0.02027943903871582,
  "qi_2": 4.4171757542349936e-05,
  "rpve_csf": 24.093834987647742,
  "rpve_gm": 12.98186859979644,
  "rpve_wm": 21.090272884156047,
  "size_x": 240,
  "size_y": 240,
  "size_z": 220,
  "snr_csf": 1.3939245869630286,
  "snr_gm": 8.477130143892293,
  "snr_total": 11.550530511854944,
  "snr_wm": 24.780536804709513,
  "snrd_csf": 14.803533000438703,
  "snrd_gm": 61.69563497625501,
  "snrd_total": 59.30205927250481,
  "snrd_wm": 101.40700984082075,
  "spacing_x": 0.9999999403953552,
  "spacing_y": 0.9999999403953552,
  "spacing_z": 0.9999998807907104,
  "summary_bg_k": 231.9600596743443,
  "summary_bg_mad": 0.0,
  "summary_bg_mean": 2.3739456750499297,
  "summary_bg_median": 0.0,
  "summary_bg_n": 309302.0,
  "summary_bg_p05": 0.0,
  "summary_bg_p95": 13.174690708518028,
  "summary_bg_stdv": 6.460464432377777,
  "summary_csf_k": 1.1067538023603563,
  "summary_csf_mad": 96.48573120163596,
  "summary_csf_mean": 166.2941853534813,
  "summary_csf_median": 145.9813535362482,
  "summary_csf_n": 37613.0,
  "summary_csf_p05": 34.827427357435226,
  "summary_csf_p95": 369.3826811373234,
  "summary_csf_stdv": 104.72547390166677,
  "summary_gm_k": 0.11332358683650057,
  "summary_gm_mad": 71.73939081572414,
  "summary_gm_mean": 608.7949762308742,
  "summary_gm_median": 608.3961376547813,
  "summary_gm_n": 49689.0,
  "summary_gm_p05": 491.72666454315186,
  "summary_gm_p95": 725.4413423478603,
  "summary_gm_stdv": 71.76839393245027,
  "summary_wm_k": 1.0180846162679131,
  "summary_wm_mad": 36.20893095427789,
  "summary_wm_mean": 999.7793722751068,
  "summary_wm_median": 999.9999698847532,
  "summary_wm_n": 184166.0,
  "summary_wm_p05": 932.6573095172644,
  "summary_wm_p95": 1064.235619097948,
  "summary_wm_stdv": 40.35414013909281,
  "tpm_overlap_csf": 0.15107428969797834,
  "tpm_overlap_gm": 0.48664769253246704,
  "tpm_overlap_wm": 0.5178070889091722,
  "wm2max": 0.7113315515350878
}