{
  "bids_meta": {
    "AcquisitionNumber": 2,
    "BidsifyVersion": "0.3.7",
    "ConversionSoftware": "dcm2niix",
    "ConversionSoftwareVersion": "v1.0.20190902",
    "EchoTime": 0.0038,
    "ImageComments": "Upgrade_2017",
    "ImageOrientationPatientDICOM": [
      0.995746,
      0.0845982,
      -0.0365068,
      -0.0874667,
      0.992461,
      -0.0858553
    ],
    "InstitutionName": "Spinoza Centre for Neuroimaging, location REC",
    "InversionTime": 0.9,
    "MagneticFieldStrength": 3,
    "Manufacturer": "Philips",
    "ParallelAcquisitionTechnique": "SENSE",
    "PatientPosition": "HFS",
    "PhilipsRescaleIntercept": 0,
    "PhilipsRescaleSlope": 2.958,
    "PhilipsScaleSlope": 0.00515145,
    "ProtocolName": "T1w",
    "ReconMatrixPE": 240,
    "RepetitionTime": 0.008255,
    "SeriesDescription": "ImageMRSERIES",
    "SeriesNumber": 2,
    "UsePhilipsFloatNotDisplayScaling": 1,
    "dataset": "ds003495",
    "modality": "T1w",
    "session_id": "post",
    "subject_id": "02"
  },
  "cjv": 0.2732233581903773,
  "cnr": 4.823109315140013,
  "efc": 0.6879020171887025,
  "fber": -1.0,
  "fwhm_avg": 4.1105400799624165,
  "fwhm_x": 4.05525,
  "fwhm_y": 4.25173,
  "fwhm_z": 4.024640239887252,
  "icvs_csf": 0.2223111948774127,
  "icvs_gm": 0.4480004262495046,
  "icvs_wm": 0.3296883788730827,
  "inu_med": 0.5976496338844299,
  "inu_range": 0.21953120827674866,
  "provenance": {
    "md5sum": "c649b4949fc53760a2d9456cba78ff46",
    "settings": {
      "testing": false
    },
    "software": "mriqc",
    "version": "22.0.6",
    "warnings": {
      "large_rot_frame": true,
      "small_air_mask": false
    },
    "webapi_port": null,
    "webapi_url": "https://mriqc.nimh.nih.gov/api/v1"
  },
  "qi_1": 0.015409428531968968,
  "qi_2": 0.00017255232204880822,
  "rpve_csf": 27.541993219804823,
  "rpve_gm": 14.65236182128074,
  "rpve_wm": 23.29113355655587,
  "size_x": 240,
  "size_y": 240,
  "size_z": 220,
  "snr_csf": 1.4724334695303931,
  "snr_gm": 9.090394475992746,
  "snr_total": 11.450705906484226,
  "snr_wm": 23.78928977392954,
  "snrd_csf": 17.206661122452964,
  "snrd_gm": 65.09696748877015,
  "snrd_total": 62.729789205429235,
  "snrd_wm": 105.88573900506461,
  "spacing_x": 1.0,
  "spacing_y": 1.0,
  "spacing_z": 0.9999999403953552,
  "summary_bg_k": 41.07757952892991,
  "summary_bg_mad": 0.0,
  "summary_bg_mean": 3.156265915788444,
  "summary_bg_median": 0.0,
  "summary_bg_n": 314924.0,
  "summary_bg_p05": 0.0,
  "summary_bg_p95": 16.008485544472933,
  "summary_bg_stdv": 6.1872015885438385,
  "summary_csf_k": -0.09584766663180488,
  "summary_csf_mad": 119.85962024695768,
  "summary_csf_mean": 178.38418624837146,
  "summary_csf_median": 162.50216142833233,
  "summary_csf_n": 24944.0,
  "summary_csf_p05": 33.64495266973972,
  "summary_csf_p95": 377.34269735980774,
  "summary_csf_stdv": 110.36077854698719,
  "summary_gm_k": 0.24417632905416742,
  "summary_gm_mad": 66.7776251932707,
  "summary_gm_mean": 614.3658089404169,
  "summary_gm_median": 614.7850442379713,
  "summary_gm_n": 37545.0,
  "summary_gm_p05": 502.18791817724707,
  "summary_gm_p95": 723.1099519684909,
  "summary_gm_stdv": 67.62928259030949,
  "summary_wm_k": 0.8146796883544791,
  "summary_wm_mad": 38.472103890099,
  "summary_wm_mean": 998.3127523159794,
  "summary_wm_median": 1000.0000191964209,
  "summary_wm_n": 166586.0,
  "summary_wm_p05": 926.0501892082393,
  "summary_wm_p95": 1063.7379647232592,
  "summary_wm_stdv": 42.03559783592377,
  "tpm_overlap_csf": 0.16116633486057652,
  "tpm_overlap_gm": 0.48875229507092294,
  "tpm_overlap_wm": 0.5253835749778678,
  "wm2max": 0.7150214289493642
}