{
  "bids_meta": {
    "AcquisitionNumber": 2,
    "BidsifyVersion": "0.3.7",
    "ConversionSoftware": "dcm2niix",
    "ConversionSoftwareVersion": "v1.0.20190902",
    "EchoTime": 0.00376,
    "ImageComments": "Upgrade2017",
    "ImageOrientationPatientDICOM": [
      0.99985,
      0.00875797,
      0.0149751,
      -0.0102963,
      0.994319,
      0.105942
    ],
    "InstitutionName": "Spinoza Centre for Neuroimaging, location REC",
    "MagneticFieldStrength": 3,
    "Manufacturer": "Philips",
    "ParallelAcquisitionTechnique": "SENSE",
    "PatientPosition": "HFS",
    "PhilipsRescaleIntercept": 0,
    "PhilipsRescaleSlope": 10.9792,
    "PhilipsScaleSlope": 0.00486227,
    "ProtocolName": "WIPT1wSENSE",
    "ReconMatrixPE": 240,
    "RepetitionTime": 0.00821,
    "SeriesDescription": "ImageMRSERIES",
    "SeriesNumber": 2,
    "UsePhilipsFloatNotDisplayScaling": 1,
    "dataset": "ds003495",
    "modality": "T1w",
    "session_id": "pre",
    "subject_id": "16"
  },
  "cjv": 0.3198072994966843,
  "cnr": 4.082964752960168,
  "efc": 0.7519865214358747,
  "fber": -1.0,
  "fwhm_avg": 3.731006666666667,
  "fwhm_x": 3.70341,
  "fwhm_y": 3.94748,
  "fwhm_z": 3.54213,
  "icvs_csf": 0.21379841248816575,
  "icvs_gm": 0.4365647446212345,
  "icvs_wm": 0.34963684289059976,
  "inu_med": 0.5741293430328369,
  "inu_range": 0.18216791152954104,
  "provenance": {
    "md5sum": "2c2fbcde6d09ae93da053ddc3e43e29b",
    "settings": {
      "testing": false
    },
    "software": "mriqc",
    "version": "22.0.6",
    "warnings": {
      "large_rot_frame": true,
      "small_air_mask": true
    },
    "webapi_port": null,
    "webapi_url": "https://mriqc.nimh.nih.gov/api/v1"
  },
  "qi_1": 0.0,
  "qi_2": 0.00022555627446185176,
  "rpve_csf": 26.634866763494088,
  "rpve_gm": 14.002206626144716,
  "rpve_wm": 20.996202240678,
  "size_x": 240,
  "size_y": 240,
  "size_z": 220,
  "snr_csf": 1.5267126198662577,
  "snr_gm": 6.643617041568077,
  "snr_total": 9.809339244895119,
  "snr_wm": 21.257688073251018,
  "snrd_csf": 7.649647813697774,
  "snrd_gm": 26.543617247360192,
  "snrd_total": 26.46996921517395,
  "snrd_wm": 45.216642584463884,
  "spacing_x": 1.0,
  "spacing_y": 1.0,
  "spacing_z": 1.0,
  "summary_bg_k": 575.0370092745961,
  "summary_bg_mad": 0.0,
  "summary_bg_mean": 2.780298689266028,
  "summary_bg_median": 0.0,
  "summary_bg_n": 48563.0,
  "summary_bg_p05": 0.0,
  "summary_bg_p95": 15.25712015479803,
  "summary_bg_stdv": 14.488139848100827,
  "summary_csf_k": 2.596334995788766,
  "summary_csf_mad": 105.71500006934309,
  "summary_csf_mean": 187.52305447586295,
  "summary_csf_median": 169.16960699111223,
  "summary_csf_n": 17015.0,
  "summary_csf_p05": 39.735576666891575,
  "summary_csf_p95": 391.3750713743269,
  "summary_csf_stdv": 110.80319473782569,
  "summary_gm_k": -0.01851580665961361,
  "summary_gm_mad": 88.38583647047193,
  "summary_gm_mean": 588.4425017324568,
  "summary_gm_median": 587.0039258301258,
  "summary_gm_n": 31026.0,
  "summary_gm_p05": 444.52230334840715,
  "summary_gm_p95": 735.6171382013708,
  "summary_gm_stdv": 88.35465112001437,
  "summary_wm_k": 0.7530043066307135,
  "summary_wm_mad": 43.67801480863017,
  "summary_wm_mean": 998.5942919550414,
  "summary_wm_median": 999.9521339759231,
  "summary_wm_n": 192165.0,
  "summary_wm_p05": 919.5947742909193,
  "summary_wm_p95": 1072.2617819309235,
  "summary_wm_stdv": 47.039430097984486,
  "tpm_overlap_csf": 0.14419080478832827,
  "tpm_overlap_gm": 0.463627477087404,
  "tpm_overlap_wm": 0.5081666812580226,
  "wm2max": 0.7604415220123495
}