{
  "aor": 0.006300541666666667,
  "aqi": 0.006430823416666666,
  "bids_meta": {
    "AcquisitionNumber": 10,
    "BidsifyVersion": "0.3.7",
    "ConversionSoftware": "dcm2niix",
    "ConversionSoftwareVersion": "v1.0.20190902",
    "EchoTime": 0.02763,
    "EffectiveEchoSpacing": 0.0006621159151938905,
    "ImageComments": "Upgrade2017",
    "ImageOrientationPatientDICOM": [
      0.999785,
      0.0201929,
      0.00478004,
      -0.0197205,
      0.996274,
      -0.0839624
    ],
    "InstitutionName": "Spinoza Centre for Neuroimaging, location REC",
    "MagneticFieldStrength": 3,
    "Manufacturer": "Philips",
    "ParallelAcquisitionTechnique": "SENSE",
    "PatientPosition": "HFS",
    "PhaseEncodingDirection": "j",
    "PhilipsRescaleIntercept": 0,
    "PhilipsRescaleSlope": 0.78877,
    "PhilipsScaleSlope": 0.0538247,
    "ProtocolName": "WIPtask-rest_acq-sequential_boldSENSE",
    "ReconMatrixPE": 80,
    "RepetitionTime": 2,
    "SeriesDescription": "ImageMRSERIES",
    "SeriesNumber": 10,
    "TaskName": "restingstate",
    "TotalReadoutTime": 0.025822520692561732,
    "UsePhilipsFloatNotDisplayScaling": 1,
    "acq_id": "seq",
    "dataset": "ds003495",
    "modality": "bold",
    "session_id": "pre",
    "subject_id": "20",
    "task_id": "restingstate"
  },
  "dummy_trs": 0,
  "dvars_nstd": 19.937962803430953,
  "dvars_std": 1.2041735862761507,
  "dvars_vstd": 1.0472647074895396,
  "efc": 0.45704016885600574,
  "fber": 159665.375,
  "fd_mean": 0.15649028019710137,
  "fd_num": 60,
  "fd_perc": 25.0,
  "fwhm_avg": 1.9012776854005313,
  "fwhm_x": 1.84892,
  "fwhm_y": 2.0625766666666667,
  "fwhm_z": 1.7923363895349271,
  "gcor": 0.0407505,
  "gsr_x": -0.013053471222519875,
  "gsr_y": 0.022242259234189987,
  "provenance": {
    "md5sum": "3947b5500edf7b0dca3c2e4e6108f651",
    "settings": {
      "fd_thres": 0.2,
      "testing": false
    },
    "software": "mriqc",
    "version": "22.0.6",
    "webapi_port": null,
    "webapi_url": "https://mriqc.nimh.nih.gov/api/v1"
  },
  "size_t": 240,
  "size_x": 80,
  "size_y": 80,
  "size_z": 36,
  "snr": 5.415736770073889,
  "spacing_tr": 2.0,
  "spacing_x": 3.0,
  "spacing_y": 3.0,
  "spacing_z": 3.299999952316284,
  "summary_bg_k": 58.46244533960039,
  "summary_bg_mad": 67.5872146784577,
  "summary_bg_mean": 781.2745971679688,
  "summary_bg_median": 64.01534271240234,
  "summary_bg_n": 149587.0,
  "summary_bg_p05": 6.725204038619995,
  "summary_bg_p95": 4670.376513671875,
  "summary_bg_stdv": 2201.22412109375,
  "summary_fg_k": 1.5442518104670606,
  "summary_fg_mad": 4525.249455774059,
  "summary_fg_mean": 26780.240234375,
  "summary_fg_median": 26371.19140625,
  "summary_fg_n": 39380.0,
  "summary_fg_p05": 19516.8728515625,
  "summary_fg_p95": 34807.7517578125,
  "summary_fg_stdv": 4869.3017578125,
  "tsnr": 68.06764221191406
}