{
  "aor": 0.0014053846153846154,
  "aqi": 0.02159323359497645,
  "bids_meta": {
    "AcquisitionNumber": 3,
    "BidsifyVersion": "0.3.7",
    "ConversionSoftware": "dcm2niix",
    "ConversionSoftwareVersion": "v1.0.20190902",
    "EchoTime": 0.02763,
    "EffectiveEchoSpacing": 0.0006333282667071997,
    "ImageComments": "Upgrade2017",
    "ImageOrientationPatientDICOM": [
      0.999785,
      0.0201929,
      0.00478004,
      -0.0197205,
      0.996274,
      -0.0839624
    ],
    "InstitutionName": "Spinoza Centre for Neuroimaging, location REC",
    "MagneticFieldStrength": 3,
    "Manufacturer": "Philips",
    "ParallelAcquisitionTechnique": "SENSE",
    "PatientPosition": "HFS",
    "PhaseEncodingDirection": "j",
    "PhilipsRescaleIntercept": 0,
    "PhilipsRescaleSlope": 0.74725,
    "PhilipsScaleSlope": 0.0914397,
    "ProtocolName": "WIPtask-rest_acq-multiband_boldSENSE",
    "ReconMatrixPE": 80,
    "RepetitionTime": 0.761525,
    "SeriesDescription": "ImageMRSERIES",
    "SeriesNumber": 3,
    "TaskName": "restingstate",
    "TotalReadoutTime": 0.024699802401580786,
    "UsePhilipsFloatNotDisplayScaling": 1,
    "acq_id": "mb3",
    "dataset": "ds003495",
    "modality": "bold",
    "session_id": "pre",
    "subject_id": "20",
    "task_id": "restingstate"
  },
  "dummy_trs": 0,
  "dvars_nstd": 42.17110664444976,
  "dvars_std": 1.1303668031446532,
  "dvars_vstd": 1.012953505377359,
  "efc": 0.46219173330076696,
  "fber": 140758.765625,
  "fd_mean": 0.10864436370406821,
  "fd_num": 21,
  "fd_perc": 3.2967032967032965,
  "fwhm_avg": 1.9262655641299549,
  "fwhm_x": 1.8811666666666669,
  "fwhm_y": 2.11743,
  "fwhm_z": 1.7802000257231978,
  "gcor": 0.0090534,
  "gsr_x": -0.016458189114928246,
  "gsr_y": 0.025606991723179817,
  "provenance": {
    "md5sum": "18f66f1c109c77a380a83b0ddd597196",
    "settings": {
      "fd_thres": 0.2,
      "testing": false
    },
    "software": "mriqc",
    "version": "22.0.6",
    "webapi_port": null,
    "webapi_url": "https://mriqc.nimh.nih.gov/api/v1"
  },
  "size_t": 637,
  "size_x": 80,
  "size_y": 80,
  "size_z": 36,
  "snr": 6.76024269032078,
  "spacing_tr": 0.7615251541137695,
  "spacing_x": 3.0,
  "spacing_y": 3.0,
  "spacing_z": 3.299999952316284,
  "summary_bg_k": 28.837066564274917,
  "summary_bg_mad": 58.621789084348066,
  "summary_bg_mean": 654.9180297851562,
  "summary_bg_median": 52.07025146484375,
  "summary_bg_n": 150737.0,
  "summary_bg_p05": 5.1291803359985355,
  "summary_bg_p95": 3652.0350097656233,
  "summary_bg_stdv": 1643.739501953125,
  "summary_fg_k": 1.073623835801512,
  "summary_fg_mad": 2924.4386674172156,
  "summary_fg_mean": 20246.556640625,
  "summary_fg_median": 20243.482421875,
  "summary_fg_n": 38322.0,
  "summary_fg_p05": 15489.752734375,
  "summary_fg_p95": 25046.115722656246,
  "summary_fg_stdv": 2994.451416015625,
  "tsnr": 34.85538864135742
}