{
  "aor": 0.0002209748427672956,
  "aqi": 0.018913035849056604,
  "bids_meta": {
    "AcquisitionNumber": 3,
    "BidsifyVersion": "0.3.7",
    "ConversionSoftware": "dcm2niix",
    "ConversionSoftwareVersion": "v1.0.20190902",
    "EchoTime": 0.02763,
    "EffectiveEchoSpacing": 0.0006333282667071997,
    "ImageComments": "Upgrade2017",
    "ImageOrientationPatientDICOM": [
      0.998861,
      0.0344382,
      -0.0330182,
      -0.03942,
      0.985579,
      -0.164562
    ],
    "InstitutionName": "Spinoza Centre for Neuroimaging, location REC",
    "MagneticFieldStrength": 3,
    "Manufacturer": "Philips",
    "ParallelAcquisitionTechnique": "SENSE",
    "PatientPosition": "HFS",
    "PhaseEncodingDirection": "j",
    "PhilipsRescaleIntercept": 0,
    "PhilipsRescaleSlope": 0.8083,
    "PhilipsScaleSlope": 0.0871024,
    "ProtocolName": "WIPtask-rest_acq-multiband_boldSENSE",
    "ReconMatrixPE": 80,
    "RepetitionTime": 0.762233,
    "SeriesDescription": "ImageMRSERIES",
    "SeriesNumber": 3,
    "TaskName": "restingstate",
    "TotalReadoutTime": 0.024699802401580786,
    "UsePhilipsFloatNotDisplayScaling": 1,
    "acq_id": "mb3",
    "dataset": "ds003495",
    "modality": "bold",
    "session_id": "pre",
    "subject_id": "12",
    "task_id": "restingstate"
  },
  "dummy_trs": 1,
  "dvars_nstd": 41.324145291700795,
  "dvars_std": 1.1196192075590543,
  "dvars_vstd": 1.0031059903622048,
  "efc": 0.4152049475806147,
  "fber": 270992.28125,
  "fd_mean": 0.09391183248646465,
  "fd_num": 16,
  "fd_perc": 2.5157232704402515,
  "fwhm_avg": 1.854807988092188,
  "fwhm_x": 1.8192566666666667,
  "fwhm_y": 2.02314,
  "fwhm_z": 1.7220272976098971,
  "gcor": 0.014271,
  "gsr_x": -0.026840252801775932,
  "gsr_y": 0.012013619765639305,
  "provenance": {
    "md5sum": "5bce0c03cfa9adf74c2fda10f83b2599",
    "settings": {
      "fd_thres": 0.2,
      "testing": false
    },
    "software": "mriqc",
    "version": "22.0.6",
    "webapi_port": null,
    "webapi_url": "https://mriqc.nimh.nih.gov/api/v1"
  },
  "size_t": 636,
  "size_x": 80,
  "size_y": 80,
  "size_z": 36,
  "snr": 6.766557046154802,
  "spacing_tr": 0.7622327208518982,
  "spacing_x": 3.0,
  "spacing_y": 3.0,
  "spacing_z": 3.299999952316284,
  "summary_bg_k": 28.7701962140364,
  "summary_bg_mad": 41.934272388478014,
  "summary_bg_mean": 540.6078491210938,
  "summary_bg_median": 37.14706802368164,
  "summary_bg_n": 160717.0,
  "summary_bg_p05": 1.692483973503113,
  "summary_bg_p95": 3049.2471679687487,
  "summary_bg_stdv": 1485.234619140625,
  "summary_fg_k": 1.2068025542148018,
  "summary_fg_mad": 2767.2451880586677,
  "summary_fg_mean": 19688.125,
  "summary_fg_median": 19752.75390625,
  "summary_fg_n": 29954.0,
  "summary_fg_p05": 14998.7091796875,
  "summary_fg_p95": 24295.42431640625,
  "summary_fg_stdv": 2919.124755859375,
  "tsnr": 36.334590911865234
}