{
  "aor": 0.000611875,
  "aqi": 0.003384560416666667,
  "bids_meta": {
    "AcquisitionNumber": 9,
    "BidsifyVersion": "0.3.7",
    "ConversionSoftware": "dcm2niix",
    "ConversionSoftwareVersion": "v1.0.20190902",
    "EchoTime": 0.02763,
    "EffectiveEchoSpacing": 0.0006621159151938905,
    "ImageComments": "Upgrade2017",
    "ImageOrientationPatientDICOM": [
      0.998669,
      0.0348126,
      -0.038056,
      -0.0390632,
      0.992322,
      -0.117353
    ],
    "InstitutionName": "Spinoza Centre for Neuroimaging, location REC",
    "MagneticFieldStrength": 3,
    "Manufacturer": "Philips",
    "ParallelAcquisitionTechnique": "SENSE",
    "PatientPosition": "HFS",
    "PhaseEncodingDirection": "j",
    "PhilipsRescaleIntercept": 0,
    "PhilipsRescaleSlope": 0.75995,
    "PhilipsScaleSlope": 0.0544895,
    "ProtocolName": "WIPtask-rest_acq-sequential_boldSENSE",
    "ReconMatrixPE": 80,
    "RepetitionTime": 2,
    "SeriesDescription": "ImageMRSERIES",
    "SeriesNumber": 9,
    "TaskName": "restingstate",
    "TotalReadoutTime": 0.025822520692561732,
    "UsePhilipsFloatNotDisplayScaling": 1,
    "acq_id": "seq",
    "dataset": "ds003495",
    "modality": "bold",
    "session_id": "pre",
    "subject_id": "12",
    "task_id": "restingstate"
  },
  "dummy_trs": 0,
  "dvars_nstd": 20.959064507824266,
  "dvars_std": 1.278458048535564,
  "dvars_vstd": 0.9921575671548116,
  "efc": 0.41054122489083156,
  "fber": 158237.59375,
  "fd_mean": 0.13027579671813466,
  "fd_num": 28,
  "fd_perc": 11.666666666666666,
  "fwhm_avg": 1.8164126445624253,
  "fwhm_x": 1.7499866666666666,
  "fwhm_y": 1.96746,
  "fwhm_z": 1.7317912670206095,
  "gcor": 0.0241111,
  "gsr_x": -0.022928854450583458,
  "gsr_y": 0.011988814920186996,
  "provenance": {
    "md5sum": "8abd7d340bc1cbd8b7fdeb68ea63e776",
    "settings": {
      "fd_thres": 0.2,
      "testing": false
    },
    "software": "mriqc",
    "version": "22.0.6",
    "webapi_port": null,
    "webapi_url": "https://mriqc.nimh.nih.gov/api/v1"
  },
  "size_t": 240,
  "size_x": 80,
  "size_y": 80,
  "size_z": 36,
  "snr": 5.501688263915364,
  "spacing_tr": 2.0,
  "spacing_x": 3.0,
  "spacing_y": 3.0,
  "spacing_z": 3.2997798919677734,
  "summary_bg_k": 43.64063837280827,
  "summary_bg_mad": 67.68753510597789,
  "summary_bg_mean": 691.2496948242188,
  "summary_bg_median": 67.70993041992188,
  "summary_bg_n": 160017.0,
  "summary_bg_p05": 6.306810569763184,
  "summary_bg_p95": 4052.6275878906245,
  "summary_bg_stdv": 1997.025390625,
  "summary_fg_k": 2.2059388669174407,
  "summary_fg_mad": 4388.094272025001,
  "summary_fg_mean": 27780.287109375,
  "summary_fg_median": 27244.798828125,
  "summary_fg_n": 30687.0,
  "summary_fg_p05": 20902.2142578125,
  "summary_fg_p95": 36201.710546874994,
  "summary_fg_stdv": 4951.9990234375,
  "tsnr": 87.768798828125
}