{
  "aor": 0.0006636134453781512,
  "aqi": 0.015351798193277312,
  "bids_meta": {
    "AcquisitionNumber": 10,
    "BidsifyVersion": "0.3.7",
    "ConversionSoftware": "dcm2niix",
    "ConversionSoftwareVersion": "v1.0.20190902",
    "EchoTime": 0.02763,
    "EffectiveEchoSpacing": 0.0006621159151938905,
    "ImageComments": "Upgrade2017",
    "ImageOrientationPatientDICOM": [
      0.99985,
      0.00875797,
      0.0149751,
      -0.0102963,
      0.994319,
      0.105942
    ],
    "InstitutionName": "Spinoza Centre for Neuroimaging, location REC",
    "MagneticFieldStrength": 3,
    "Manufacturer": "Philips",
    "ParallelAcquisitionTechnique": "SENSE",
    "PatientPosition": "HFS",
    "PhaseEncodingDirection": "j",
    "PhilipsRescaleIntercept": 0,
    "PhilipsRescaleSlope": 0.75311,
    "PhilipsScaleSlope": 0.0455022,
    "ProtocolName": "WIPtask-rest_acq-sequential_boldSENSE",
    "ReconMatrixPE": 80,
    "RepetitionTime": 2,
    "SeriesDescription": "ImageMRSERIES",
    "SeriesNumber": 10,
    "TaskName": "restingstate",
    "TotalReadoutTime": 0.025822520692561732,
    "UsePhilipsFloatNotDisplayScaling": 1,
    "acq_id": "seq",
    "dataset": "ds003495",
    "modality": "bold",
    "session_id": "pre",
    "subject_id": "16",
    "task_id": "restingstate"
  },
  "dummy_trs": 2,
  "dvars_nstd": 20.02368700856539,
  "dvars_std": 1.0815467867510542,
  "dvars_vstd": 0.8868398772151901,
  "efc": 0.4069788637650818,
  "fber": 221666.5625,
  "fd_mean": 0.11721269891725883,
  "fd_num": 16,
  "fd_perc": 6.722689075630252,
  "fwhm_avg": 2.0050102110680377,
  "fwhm_x": 1.9301433333333333,
  "fwhm_y": 2.206393333333333,
  "fwhm_z": 1.878493966537446,
  "gcor": 0.00886011,
  "gsr_x": -0.016337810084223747,
  "gsr_y": 0.01538744755089283,
  "provenance": {
    "md5sum": "fe249e4252e4300e4ffa18aaa6e5acfe",
    "settings": {
      "fd_thres": 0.2,
      "testing": false
    },
    "software": "mriqc",
    "version": "22.0.6",
    "webapi_port": null,
    "webapi_url": "https://mriqc.nimh.nih.gov/api/v1"
  },
  "size_t": 238,
  "size_x": 80,
  "size_y": 80,
  "size_z": 36,
  "snr": 5.240177383542551,
  "spacing_tr": 2.0,
  "spacing_x": 3.0,
  "spacing_y": 3.0,
  "spacing_z": 3.299999952316284,
  "summary_bg_k": 52.793459570082945,
  "summary_bg_mad": 64.00852464136848,
  "summary_bg_mean": 499.5538635253906,
  "summary_bg_median": 63.26128387451172,
  "summary_bg_n": 157422.0,
  "summary_bg_p05": 2.6773770093917846,
  "summary_bg_p95": 2746.2936889648327,
  "summary_bg_stdv": 1525.2208251953125,
  "summary_fg_k": 0.7936000043515876,
  "summary_fg_mad": 5587.506436112471,
  "summary_fg_mean": 30982.748046875,
  "summary_fg_median": 30473.33984375,
  "summary_fg_n": 32960.0,
  "summary_fg_p05": 22122.8498046875,
  "summary_fg_p95": 40826.7107421875,
  "summary_fg_stdv": 5815.23779296875,
  "tsnr": 48.62853240966797
}