{
  "aor": 0.0022305185185185184,
  "aqi": 0.011542625259259259,
  "bids_meta": {
    "AcquisitionNumber": 8,
    "BidsifyVersion": "0.3.7",
    "ConversionSoftware": "dcm2niix",
    "ConversionSoftwareVersion": "v1.0.20190902",
    "EchoTime": 0.02763,
    "EffectiveEchoSpacing": 0.0006621159151938905,
    "ImageComments": "Upgrade2017",
    "ImageOrientationPatientDICOM": [
      0.99985,
      0.00875797,
      0.0149751,
      -0.0102963,
      0.994319,
      0.105942
    ],
    "InstitutionName": "Spinoza Centre for Neuroimaging, location REC",
    "MagneticFieldStrength": 3,
    "Manufacturer": "Philips",
    "ParallelAcquisitionTechnique": "SENSE",
    "PatientPosition": "HFS",
    "PhaseEncodingDirection": "j",
    "PhilipsRescaleIntercept": 0,
    "PhilipsRescaleSlope": 0.76166,
    "PhilipsScaleSlope": 0.0451473,
    "ProtocolName": "WIPtask-harriri_acq-sequential_boldSENSE",
    "ReconMatrixPE": 80,
    "RepetitionTime": 2,
    "SeriesDescription": "ImageMRSERIES",
    "SeriesNumber": 8,
    "TaskName": "emomatching",
    "TotalReadoutTime": 0.025822520692561732,
    "UsePhilipsFloatNotDisplayScaling": 1,
    "acq_id": "seq",
    "dataset": "ds003495",
    "modality": "bold",
    "session_id": "pre",
    "subject_id": "16",
    "task_id": "emomatching"
  },
  "dummy_trs": 0,
  "dvars_nstd": 19.126487553805966,
  "dvars_std": 1.0423608829104474,
  "dvars_vstd": 0.9126828218656713,
  "efc": 0.4090634058583574,
  "fber": 217371.6875,
  "fd_mean": 0.12409716252203973,
  "fd_num": 12,
  "fd_perc": 8.88888888888889,
  "fwhm_avg": 1.992199301739965,
  "fwhm_x": 1.9380633333333332,
  "fwhm_y": 2.20928,
  "fwhm_z": 1.829254571886562,
  "gcor": 0.0187009,
  "gsr_x": -0.01717197522521019,
  "gsr_y": 0.01658557914197445,
  "provenance": {
    "md5sum": "bafc8ad4330da5b89d1176a72c7bc6a9",
    "settings": {
      "fd_thres": 0.2,
      "testing": false
    },
    "software": "mriqc",
    "version": "22.0.6",
    "webapi_port": null,
    "webapi_url": "https://mriqc.nimh.nih.gov/api/v1"
  },
  "size_t": 135,
  "size_x": 80,
  "size_y": 80,
  "size_z": 36,
  "snr": 5.235161741858421,
  "spacing_tr": 2.0,
  "spacing_x": 3.0,
  "spacing_y": 3.0,
  "spacing_z": 3.299999952316284,
  "summary_bg_k": 47.97374519618769,
  "summary_bg_mad": 69.32182262531174,
  "summary_bg_mean": 526.8590698242188,
  "summary_bg_median": 63.98657989501953,
  "summary_bg_n": 157178.0,
  "summary_bg_p05": 3.2652394294738776,
  "summary_bg_p95": 2956.942419433592,
  "summary_bg_stdv": 1572.9298095703125,
  "summary_fg_k": 0.7137261043184746,
  "summary_fg_mad": 5598.966198377581,
  "summary_fg_mean": 30886.076171875,
  "summary_fg_median": 30372.28125,
  "summary_fg_n": 33033.0,
  "summary_fg_p05": 21962.356640625,
  "summary_fg_p95": 40658.69375,
  "summary_fg_stdv": 5801.505859375,
  "tsnr": 52.035701751708984
}