{
  "aor": 0.00025689381933438984,
  "aqi": 0.013641849286846275,
  "bids_meta": {
    "AcquisitionNumber": 3,
    "BidsifyVersion": "0.3.7",
    "ConversionSoftware": "dcm2niix",
    "ConversionSoftwareVersion": "v1.0.20190902",
    "EchoTime": 0.02763,
    "EffectiveEchoSpacing": 0.0006333282667071997,
    "ImageComments": "Upgrade2017",
    "ImageOrientationPatientDICOM": [
      0.99985,
      0.00875797,
      0.0149751,
      -0.0102963,
      0.994319,
      0.105942
    ],
    "InstitutionName": "Spinoza Centre for Neuroimaging, location REC",
    "MagneticFieldStrength": 3,
    "Manufacturer": "Philips",
    "ParallelAcquisitionTechnique": "SENSE",
    "PatientPosition": "HFS",
    "PhaseEncodingDirection": "j",
    "PhilipsRescaleIntercept": 0,
    "PhilipsRescaleSlope": 0.81538,
    "PhilipsScaleSlope": 0.0767721,
    "ProtocolName": "WIPtask-rest_acq-multiband_boldSENSE",
    "ReconMatrixPE": 80,
    "RepetitionTime": 0.761525,
    "SeriesDescription": "ImageMRSERIES",
    "SeriesNumber": 3,
    "TaskName": "restingstate",
    "TotalReadoutTime": 0.024699802401580786,
    "UsePhilipsFloatNotDisplayScaling": 1,
    "acq_id": "mb3",
    "dataset": "ds003495",
    "modality": "bold",
    "session_id": "pre",
    "subject_id": "16",
    "task_id": "restingstate"
  },
  "dummy_trs": 6,
  "dvars_nstd": 31.690466169365084,
  "dvars_std": 1.092355264317461,
  "dvars_vstd": 0.9926476924444445,
  "efc": 0.41220708729166466,
  "fber": 264361.65625,
  "fd_mean": 0.08253732623142274,
  "fd_num": 1,
  "fd_perc": 0.15847860538827258,
  "fwhm_avg": 2.0189835441621495,
  "fwhm_x": 1.9618,
  "fwhm_y": 2.2663233333333332,
  "fwhm_z": 1.8288272991531154,
  "gcor": 0.0171634,
  "gsr_x": -0.020455848425626755,
  "gsr_y": 0.018956316635012627,
  "provenance": {
    "md5sum": "863e1e8bf5447c1a05ec12ede621a017",
    "settings": {
      "fd_thres": 0.2,
      "testing": false
    },
    "software": "mriqc",
    "version": "22.0.6",
    "webapi_port": null,
    "webapi_url": "https://mriqc.nimh.nih.gov/api/v1"
  },
  "size_t": 631,
  "size_x": 80,
  "size_y": 80,
  "size_z": 36,
  "snr": 6.642223091663457,
  "spacing_tr": 0.7615251541137695,
  "spacing_x": 3.0,
  "spacing_y": 3.0,
  "spacing_z": 3.299999952316284,
  "summary_bg_k": 39.18413268359605,
  "summary_bg_mad": 47.916869037049,
  "summary_bg_mean": 419.3601379394531,
  "summary_bg_median": 41.828731536865234,
  "summary_bg_n": 158161.0,
  "summary_bg_p05": 1.6014328002929688,
  "summary_bg_p95": 2390.03271484375,
  "summary_bg_stdv": 1162.57470703125,
  "summary_fg_k": 0.6499973839582522,
  "summary_fg_mad": 3230.814651451703,
  "summary_fg_mean": 21835.85546875,
  "summary_fg_median": 21934.47265625,
  "summary_fg_n": 32196.0,
  "summary_fg_p05": 16332.2919921875,
  "summary_fg_p95": 27022.1044921875,
  "summary_fg_stdv": 3302.2275390625,
  "tsnr": 41.67481231689453
}