{
  "aor": 0.002257954545454545,
  "aqi": 0.0055771910606060605,
  "bids_meta": {
    "AcquisitionNumber": 8,
    "BidsifyVersion": "0.3.7",
    "ConversionSoftware": "dcm2niix",
    "ConversionSoftwareVersion": "v1.0.20190902",
    "EchoTime": 0.02763,
    "EffectiveEchoSpacing": 0.0006621159151938905,
    "ImageComments": "Upgrade_2017",
    "ImageOrientationPatientDICOM": [
      0.999977,
      0.0023856,
      0.00634385,
      -0.00139623,
      0.988439,
      -0.151615
    ],
    "InstitutionName": "Spinoza Centre for Neuroimaging, location REC",
    "MagneticFieldStrength": 3,
    "Manufacturer": "Philips",
    "ParallelAcquisitionTechnique": "SENSE",
    "PatientPosition": "HFS",
    "PhaseEncodingDirection": "j",
    "PhilipsRescaleIntercept": 0,
    "PhilipsRescaleSlope": 0.78217,
    "PhilipsScaleSlope": 0.0211623,
    "ProtocolName": "task-harriri_acq-sequential_bold",
    "ReconMatrixPE": 80,
    "RepetitionTime": 2,
    "SeriesDescription": "ImageMRSERIES",
    "SeriesNumber": 8,
    "TaskName": "emomatching",
    "TotalReadoutTime": 0.025822520692561732,
    "UsePhilipsFloatNotDisplayScaling": 1,
    "acq_id": "seq",
    "dataset": "ds003495",
    "modality": "bold",
    "session_id": "post",
    "subject_id": "08",
    "task_id": "emomatching"
  },
  "dummy_trs": 0,
  "dvars_nstd": 20.124874246412215,
  "dvars_std": 1.1905133016030538,
  "dvars_vstd": 1.0112467227480912,
  "efc": 0.46663355245816246,
  "fber": 107743.203125,
  "fd_mean": 0.14180711132309096,
  "fd_num": 22,
  "fd_perc": 16.666666666666668,
  "fwhm_avg": 1.9024885941767888,
  "fwhm_x": 1.8855033333333333,
  "fwhm_y": 2.0949533333333332,
  "fwhm_z": 1.7270091158637007,
  "gcor": 0.0322048,
  "gsr_x": -0.008887224830687046,
  "gsr_y": 0.021481730043888092,
  "provenance": {
    "md5sum": "f0e8d687f3d0822933757f9d246ef545",
    "settings": {
      "fd_thres": 0.2,
      "testing": false
    },
    "software": "mriqc",
    "version": "22.0.6",
    "webapi_port": null,
    "webapi_url": "https://mriqc.nimh.nih.gov/api/v1"
  },
  "size_t": 132,
  "size_x": 80,
  "size_y": 80,
  "size_z": 36,
  "snr": 5.945062119956645,
  "spacing_tr": 2.0,
  "spacing_x": 3.0,
  "spacing_y": 3.0,
  "spacing_z": 3.299999952316284,
  "summary_bg_k": 63.35106524572947,
  "summary_bg_mad": 237.7495044738895,
  "summary_bg_mean": 1945.0419921875,
  "summary_bg_median": 187.54933166503906,
  "summary_bg_n": 148361.0,
  "summary_bg_p05": 12.488694190979004,
  "summary_bg_p95": 10487.994140625,
  "summary_bg_stdv": 4960.87060546875,
  "summary_fg_k": 3.4775571197274084,
  "summary_fg_mad": 8841.110305258782,
  "summary_fg_mean": 64834.4296875,
  "summary_fg_median": 63528.56640625,
  "summary_fg_n": 40613.0,
  "summary_fg_p05": 50485.00078125,
  "summary_fg_p95": 82227.4171875,
  "summary_fg_stdv": 10685.806640625,
  "tsnr": 81.82051086425781
}