{
  "aor": 0.0005598744113029827,
  "aqi": 0.014271653579277862,
  "bids_meta": {
    "AcquisitionNumber": 3,
    "BidsifyVersion": "0.3.7",
    "ConversionSoftware": "dcm2niix",
    "ConversionSoftwareVersion": "v1.0.20190902",
    "EchoTime": 0.02763,
    "EffectiveEchoSpacing": 0.0006333282667071997,
    "ImageComments": "Upgrade_2017",
    "ImageOrientationPatientDICOM": [
      0.999977,
      0.0023856,
      0.00634385,
      -0.00139623,
      0.988439,
      -0.151615
    ],
    "InstitutionName": "Spinoza Centre for Neuroimaging, location REC",
    "MagneticFieldStrength": 3,
    "Manufacturer": "Philips",
    "ParallelAcquisitionTechnique": "SENSE",
    "PatientPosition": "HFS",
    "PhaseEncodingDirection": "j",
    "PhilipsRescaleIntercept": 0,
    "PhilipsRescaleSlope": 0.75775,
    "PhilipsScaleSlope": 0.0404088,
    "ProtocolName": "task-rest_acq-multiband_bold",
    "ReconMatrixPE": 80,
    "RepetitionTime": 0.763994,
    "SeriesDescription": "ImageMRSERIES",
    "SeriesNumber": 3,
    "TaskName": "restingstate",
    "TotalReadoutTime": 0.024699802401580786,
    "UsePhilipsFloatNotDisplayScaling": 1,
    "acq_id": "mb3",
    "dataset": "ds003495",
    "modality": "bold",
    "session_id": "post",
    "subject_id": "08",
    "task_id": "restingstate"
  },
  "dummy_trs": 0,
  "dvars_nstd": 21.005045974638367,
  "dvars_std": 1.138955925770439,
  "dvars_vstd": 1.0046902894025156,
  "efc": 0.4687919937415445,
  "fber": 581703.125,
  "fd_mean": 0.08927332185222528,
  "fd_num": 17,
  "fd_perc": 2.6687598116169546,
  "fwhm_avg": 1.9115956648881365,
  "fwhm_x": 1.8676566666666667,
  "fwhm_y": 2.1392333333333333,
  "fwhm_z": 1.727896994664409,
  "gcor": 0.0480178,
  "gsr_x": -0.009507008828222752,
  "gsr_y": 0.020411377772688866,
  "provenance": {
    "md5sum": "9ee23cde2c5472efed53e8cbebef340b",
    "settings": {
      "fd_thres": 0.2,
      "testing": false
    },
    "software": "mriqc",
    "version": "22.0.6",
    "webapi_port": null,
    "webapi_url": "https://mriqc.nimh.nih.gov/api/v1"
  },
  "size_t": 637,
  "size_x": 80,
  "size_y": 80,
  "size_z": 36,
  "snr": 9.625517010548029,
  "spacing_tr": 0.7639937400817871,
  "spacing_x": 3.0,
  "spacing_y": 3.0,
  "spacing_z": 3.299999952316284,
  "summary_bg_k": 34.07714742711556,
  "summary_bg_mad": 92.28602962361319,
  "summary_bg_mean": 1501.619140625,
  "summary_bg_median": 62.82598114013672,
  "summary_bg_n": 148730.0,
  "summary_bg_p05": 0.3126827612519267,
  "summary_bg_p95": 8075.072778320307,
  "summary_bg_stdv": 3732.510986328125,
  "summary_fg_k": 6.355749888209296,
  "summary_fg_mad": 4390.923378211485,
  "summary_fg_mean": 50264.625,
  "summary_fg_median": 50567.96484375,
  "summary_fg_n": 40081.0,
  "summary_fg_p05": 42058.95703125,
  "summary_fg_p95": 57854.7890625,
  "summary_fg_stdv": 5253.466796875,
  "tsnr": 66.3092041015625
}