{
  "aor": 0.0014202916666666667,
  "aqi": 0.008442118041666667,
  "bids_meta": {
    "AcquisitionNumber": 10,
    "BidsifyVersion": "0.3.7",
    "ConversionSoftware": "dcm2niix",
    "ConversionSoftwareVersion": "v1.0.20190902",
    "EchoTime": 0.02763,
    "EffectiveEchoSpacing": 0.0006621159151938905,
    "ImageComments": "Upgrade_2017",
    "ImageOrientationPatientDICOM": [
      0.999977,
      0.0023856,
      0.00634385,
      -0.00139623,
      0.988439,
      -0.151615
    ],
    "InstitutionName": "Spinoza Centre for Neuroimaging, location REC",
    "MagneticFieldStrength": 3,
    "Manufacturer": "Philips",
    "ParallelAcquisitionTechnique": "SENSE",
    "PatientPosition": "HFS",
    "PhaseEncodingDirection": "j",
    "PhilipsRescaleIntercept": 0,
    "PhilipsRescaleSlope": 0.78974,
    "PhilipsScaleSlope": 0.0209064,
    "ProtocolName": "task-rest_acq-sequential_bold",
    "ReconMatrixPE": 80,
    "RepetitionTime": 2,
    "SeriesDescription": "ImageMRSERIES",
    "SeriesNumber": 10,
    "TaskName": "restingstate",
    "TotalReadoutTime": 0.025822520692561732,
    "UsePhilipsFloatNotDisplayScaling": 1,
    "acq_id": "seq",
    "dataset": "ds003495",
    "modality": "bold",
    "session_id": "post",
    "subject_id": "08",
    "task_id": "restingstate"
  },
  "dummy_trs": 0,
  "dvars_nstd": 20.61487270891215,
  "dvars_std": 1.1599290107531381,
  "dvars_vstd": 0.9967957175732219,
  "efc": 0.4676346104949332,
  "fber": 104710.4921875,
  "fd_mean": 0.16930820304232538,
  "fd_num": 69,
  "fd_perc": 28.75,
  "fwhm_avg": 1.9167948568416424,
  "fwhm_x": 1.8999833333333334,
  "fwhm_y": 2.11538,
  "fwhm_z": 1.7350212371915938,
  "gcor": 0.0707625,
  "gsr_x": -0.008915555663406849,
  "gsr_y": 0.021838711574673653,
  "provenance": {
    "md5sum": "8b67222cb27c484757d4cd8e8a5bb04c",
    "settings": {
      "fd_thres": 0.2,
      "testing": false
    },
    "software": "mriqc",
    "version": "22.0.6",
    "webapi_port": null,
    "webapi_url": "https://mriqc.nimh.nih.gov/api/v1"
  },
  "size_t": 240,
  "size_x": 80,
  "size_y": 80,
  "size_z": 36,
  "snr": 5.944612808576028,
  "spacing_tr": 2.0,
  "spacing_x": 3.0,
  "spacing_y": 3.0,
  "spacing_z": 3.299999952316284,
  "summary_bg_k": 59.5928087615555,
  "summary_bg_mad": 243.38491880630488,
  "summary_bg_mean": 2014.2978515625,
  "summary_bg_median": 191.6051025390625,
  "summary_bg_n": 148403.0,
  "summary_bg_p05": 12.833496475219727,
  "summary_bg_p95": 10981.014160156239,
  "summary_bg_stdv": 5094.7001953125,
  "summary_fg_k": 3.3106787003204214,
  "summary_fg_mad": 8874.984291102686,
  "summary_fg_mean": 65220.1328125,
  "summary_fg_median": 63932.0625,
  "summary_fg_n": 40571.0,
  "summary_fg_p05": 50664.50390625,
  "summary_fg_p95": 82710.01953125,
  "summary_fg_stdv": 10754.4892578125,
  "tsnr": 69.42509460449219
}