{
  "bids_meta": {
    "AcquisitionNumber": 2,
    "BidsifyVersion": "0.3.7",
    "ConversionSoftware": "dcm2niix",
    "ConversionSoftwareVersion": "v1.0.20190902",
    "EchoTime": 0.00375,
    "ImageComments": "Upgrade2017",
    "ImageOrientationPatientDICOM": [
      0.998221,
      -0.0402258,
      -0.0440119,
      0.0376499,
      0.997614,
      -0.05787
    ],
    "InstitutionName": "Spinoza Centre for Neuroimaging, location REC",
    "MagneticFieldStrength": 3,
    "Manufacturer": "Philips",
    "ParallelAcquisitionTechnique": "SENSE",
    "PatientPosition": "HFS",
    "PhilipsRescaleIntercept": 0,
    "PhilipsRescaleSlope": 12.3631,
    "PhilipsScaleSlope": 0.00549551,
    "ProtocolName": "WIPT1wSENSE",
    "ReconMatrixPE": 240,
    "RepetitionTime": 0.00819,
    "SeriesDescription": "ImageMRSERIES",
    "SeriesNumber": 2,
    "UsePhilipsFloatNotDisplayScaling": 1,
    "dataset": "ds003495",
    "modality": "T1w",
    "session_id": "pre",
    "subject_id": "22"
  },
  "cjv": 0.3509466448940652,
  "cnr": 3.768661379391397,
  "efc": 0.7524962697890648,
  "fber": -1.0,
  "fwhm_avg": 3.8527434810859056,
  "fwhm_x": 3.7677102245730296,
  "fwhm_y": 4.1216,
  "fwhm_z": 3.6689202186846863,
  "icvs_csf": 0.23512138205058544,
  "icvs_gm": 0.4132686435852229,
  "icvs_wm": 0.3516099743641916,
  "inu_med": 0.6249772012233734,
  "inu_range": 0.19509700536727892,
  "provenance": {
    "md5sum": "30326d29bea02da6f87c3461583915d8",
    "settings": {
      "testing": false
    },
    "software": "mriqc",
    "version": "22.0.6",
    "warnings": {
      "large_rot_frame": true,
      "small_air_mask": true
    },
    "webapi_port": null,
    "webapi_url": "https://mriqc.nimh.nih.gov/api/v1"
  },
  "qi_1": 0.0,
  "qi_2": 0.00031273438222846985,
  "rpve_csf": 23.133898872600966,
  "rpve_gm": 13.369693852674619,
  "rpve_wm": 19.04989900761374,
  "size_x": 240,
  "size_y": 240,
  "size_z": 220,
  "snr_csf": 1.549776588392418,
  "snr_gm": 6.522948158548254,
  "snr_total": 9.242098234833401,
  "snr_wm": 19.65356995755953,
  "snrd_csf": 7.947267740010367,
  "snrd_gm": 29.12557505582491,
  "snrd_total": 28.5277855547417,
  "snrd_wm": 48.510513868389836,
  "spacing_x": 0.9999999403953552,
  "spacing_y": 1.0,
  "spacing_z": 0.9999999403953552,
  "summary_bg_k": 842.7661432967709,
  "summary_bg_mad": 0.0,
  "summary_bg_mean": 3.34177023058163,
  "summary_bg_median": 0.0,
  "summary_bg_n": 42760.0,
  "summary_bg_p05": 0.0,
  "summary_bg_p95": 16.079517018049955,
  "summary_bg_stdv": 13.504749130641203,
  "summary_csf_k": 0.2568185583646527,
  "summary_csf_mad": 108.31229964562415,
  "summary_csf_mean": 182.162158425659,
  "summary_csf_median": 163.82215536013246,
  "summary_csf_n": 24599.0,
  "summary_csf_p05": 37.95538863539696,
  "summary_csf_p95": 372.3707002468406,
  "summary_csf_stdv": 105.70480074308954,
  "summary_gm_k": -0.04882956480115341,
  "summary_gm_mad": 91.69783581517578,
  "summary_gm_mean": 600.1349074127572,
  "summary_gm_median": 600.3842625971884,
  "summary_gm_n": 25266.0,
  "summary_gm_p05": 446.17439528089017,
  "summary_gm_p95": 751.8676964538172,
  "summary_gm_stdv": 92.04003567379085,
  "summary_wm_k": 0.4694343345061598,
  "summary_wm_mad": 48.53842402573518,
  "summary_wm_mean": 999.6339196087654,
  "summary_wm_median": 999.9785082787275,
  "summary_wm_n": 218718.0,
  "summary_wm_p05": 915.7166867889464,
  "summary_wm_p95": 1082.1149997487664,
  "summary_wm_stdv": 50.880131418155614,
  "tpm_overlap_csf": 0.16635617225542967,
  "tpm_overlap_gm": 0.45777254529101796,
  "tpm_overlap_wm": 0.5197077831114546,
  "wm2max": 0.7647222997488139
}