{
  "aor": 0.000926125,
  "aqi": 0.010155018291666668,
  "bids_meta": {
    "AcquisitionNumber": 10,
    "BidsifyVersion": "0.3.7",
    "ConversionSoftware": "dcm2niix",
    "ConversionSoftwareVersion": "v1.0.20190902",
    "EchoTime": 0.02763,
    "EffectiveEchoSpacing": 0.0006621159151938905,
    "ImageComments": "Upgrade_2017",
    "ImageOrientationPatientDICOM": [
      0.999743,
      0.0226453,
      0.000610611,
      -0.0211162,
      0.94132,
      -0.336855
    ],
    "InstitutionName": "Spinoza Centre for Neuroimaging, location REC",
    "MagneticFieldStrength": 3,
    "Manufacturer": "Philips",
    "ParallelAcquisitionTechnique": "SENSE",
    "PatientPosition": "HFS",
    "PhaseEncodingDirection": "j",
    "PhilipsRescaleIntercept": 0,
    "PhilipsRescaleSlope": 0.8083,
    "PhilipsScaleSlope": 0.0225552,
    "ProtocolName": "task-rest_acq-sequential_bold",
    "ReconMatrixPE": 80,
    "RepetitionTime": 2,
    "SeriesDescription": "ImageMRSERIES",
    "SeriesNumber": 10,
    "TaskName": "restingstate",
    "TotalReadoutTime": 0.025822520692561732,
    "UsePhilipsFloatNotDisplayScaling": 1,
    "acq_id": "seq",
    "dataset": "ds003495",
    "modality": "bold",
    "session_id": "post",
    "subject_id": "19",
    "task_id": "restingstate"
  },
  "dummy_trs": 0,
  "dvars_nstd": 20.782245751464426,
  "dvars_std": 1.1609561268200836,
  "dvars_vstd": 0.9406992614225937,
  "efc": 0.45004437885926274,
  "fber": 151166.8125,
  "fd_mean": 0.09249628060787714,
  "fd_num": 8,
  "fd_perc": 3.3333333333333335,
  "fwhm_avg": 1.9436528369897552,
  "fwhm_x": 1.9277633333333333,
  "fwhm_y": 2.09548,
  "fwhm_z": 1.8077151776359324,
  "gcor": 0.0218357,
  "gsr_x": -0.017931649461388588,
  "gsr_y": 0.019983893260359764,
  "provenance": {
    "md5sum": "9a2fcd686927f390be929c1349bf59c3",
    "settings": {
      "fd_thres": 0.2,
      "testing": false
    },
    "software": "mriqc",
    "version": "22.0.6",
    "webapi_port": null,
    "webapi_url": "https://mriqc.nimh.nih.gov/api/v1"
  },
  "size_t": 240,
  "size_x": 80,
  "size_y": 80,
  "size_z": 36,
  "snr": 6.5471741830609185,
  "spacing_tr": 2.0,
  "spacing_x": 3.0,
  "spacing_y": 3.0,
  "spacing_z": 3.299999952316284,
  "summary_bg_k": 95.12955554231249,
  "summary_bg_mad": 184.60425746751082,
  "summary_bg_mean": 1460.850830078125,
  "summary_bg_median": 161.32337951660156,
  "summary_bg_n": 150579.0,
  "summary_bg_p05": 11.813788509368898,
  "summary_bg_p95": 7425.353271484379,
  "summary_bg_stdv": 4288.85400390625,
  "summary_fg_k": 1.7744165583187712,
  "summary_fg_mad": 8792.696972268168,
  "summary_fg_mean": 64609.484375,
  "summary_fg_median": 63643.6640625,
  "summary_fg_n": 39034.0,
  "summary_fg_p05": 50683.4443359375,
  "summary_fg_p95": 81027.97734375,
  "summary_fg_stdv": 9720.6591796875,
  "tsnr": 67.7279281616211
}