{
  "aor": 0.002552296296296296,
  "aqi": 0.003950276592592593,
  "bids_meta": {
    "AcquisitionNumber": 8,
    "BidsifyVersion": "0.3.7",
    "ConversionSoftware": "dcm2niix",
    "ConversionSoftwareVersion": "v1.0.20190902",
    "EchoTime": 0.02763,
    "EffectiveEchoSpacing": 0.0006621159151938905,
    "ImageComments": "Upgrade_2017",
    "ImageOrientationPatientDICOM": [
      0.999743,
      0.0226453,
      0.000610611,
      -0.0211162,
      0.94132,
      -0.336855
    ],
    "InstitutionName": "Spinoza Centre for Neuroimaging, location REC",
    "MagneticFieldStrength": 3,
    "Manufacturer": "Philips",
    "ParallelAcquisitionTechnique": "SENSE",
    "PatientPosition": "HFS",
    "PhaseEncodingDirection": "j",
    "PhilipsRescaleIntercept": 0,
    "PhilipsRescaleSlope": 0.83907,
    "PhilipsScaleSlope": 0.0223827,
    "ProtocolName": "task-harriri_acq-sequential_bold",
    "ReconMatrixPE": 80,
    "RepetitionTime": 2,
    "SeriesDescription": "ImageMRSERIES",
    "SeriesNumber": 8,
    "TaskName": "emomatching",
    "TotalReadoutTime": 0.025822520692561732,
    "UsePhilipsFloatNotDisplayScaling": 1,
    "acq_id": "seq",
    "dataset": "ds003495",
    "modality": "bold",
    "session_id": "post",
    "subject_id": "19",
    "task_id": "emomatching"
  },
  "dummy_trs": 0,
  "dvars_nstd": 20.96426148179106,
  "dvars_std": 1.2808486547761193,
  "dvars_vstd": 1.0268369596268652,
  "efc": 0.449701863939678,
  "fber": 163598.890625,
  "fd_mean": 0.08551869051578079,
  "fd_num": 2,
  "fd_perc": 1.4814814814814814,
  "fwhm_avg": 1.9212496045398335,
  "fwhm_x": 1.8982633333333334,
  "fwhm_y": 2.0840733333333334,
  "fwhm_z": 1.7814121469528335,
  "gcor": 0.0249306,
  "gsr_x": -0.017993886023759842,
  "gsr_y": 0.01948656141757965,
  "provenance": {
    "md5sum": "0a2e79cb17474fb87d0d808cb4773962",
    "settings": {
      "fd_thres": 0.2,
      "testing": false
    },
    "software": "mriqc",
    "version": "22.0.6",
    "webapi_port": null,
    "webapi_url": "https://mriqc.nimh.nih.gov/api/v1"
  },
  "size_t": 135,
  "size_x": 80,
  "size_y": 80,
  "size_z": 36,
  "snr": 6.5079281015832215,
  "spacing_tr": 2.0,
  "spacing_x": 3.0,
  "spacing_y": 3.0,
  "spacing_z": 3.299999952316284,
  "summary_bg_k": 91.88373373594152,
  "summary_bg_mad": 178.21500338632228,
  "summary_bg_mean": 1434.82958984375,
  "summary_bg_median": 154.6204833984375,
  "summary_bg_n": 150525.0,
  "summary_bg_p05": 9.069868469238285,
  "summary_bg_p95": 7304.545898437497,
  "summary_bg_stdv": 4224.85546875,
  "summary_fg_k": 1.9770113278420203,
  "summary_fg_mad": 8787.887202180398,
  "summary_fg_mean": 64356.04296875,
  "summary_fg_median": 63426.7109375,
  "summary_fg_n": 39043.0,
  "summary_fg_p05": 50445.54453125,
  "summary_fg_p95": 80680.01484375,
  "summary_fg_stdv": 9745.943359375,
  "tsnr": 95.81387329101562
}