{
  "aor": 0.0005812735849056604,
  "aqi": 0.012265785959119495,
  "bids_meta": {
    "AcquisitionNumber": 3,
    "BidsifyVersion": "0.3.7",
    "ConversionSoftware": "dcm2niix",
    "ConversionSoftwareVersion": "v1.0.20190902",
    "EchoTime": 0.02763,
    "EffectiveEchoSpacing": 0.0006333282667071997,
    "ImageComments": "Upgrade_2017",
    "ImageOrientationPatientDICOM": [
      0.999743,
      0.0226453,
      0.000610611,
      -0.0211162,
      0.94132,
      -0.336855
    ],
    "InstitutionName": "Spinoza Centre for Neuroimaging, location REC",
    "MagneticFieldStrength": 3,
    "Manufacturer": "Philips",
    "ParallelAcquisitionTechnique": "SENSE",
    "PatientPosition": "HFS",
    "PhaseEncodingDirection": "j",
    "PhilipsRescaleIntercept": 0,
    "PhilipsRescaleSlope": 0.76777,
    "PhilipsScaleSlope": 0.0397543,
    "ProtocolName": "task-rest_acq-multiband_bold",
    "ReconMatrixPE": 80,
    "RepetitionTime": 0.763994,
    "SeriesDescription": "ImageMRSERIES",
    "SeriesNumber": 3,
    "TaskName": "restingstate",
    "TotalReadoutTime": 0.024699802401580786,
    "UsePhilipsFloatNotDisplayScaling": 1,
    "acq_id": "mb3",
    "dataset": "ds003495",
    "modality": "bold",
    "session_id": "post",
    "subject_id": "19",
    "task_id": "restingstate"
  },
  "dummy_trs": 1,
  "dvars_nstd": 24.626575716236214,
  "dvars_std": 1.3025178735905512,
  "dvars_vstd": 1.0018836668346456,
  "efc": 0.44760945409539327,
  "fber": 1582549.375,
  "fd_mean": 0.07951216592933064,
  "fd_num": 4,
  "fd_perc": 0.6289308176100629,
  "fwhm_avg": 2.0335217261575216,
  "fwhm_x": 1.9998533333333333,
  "fwhm_y": 2.2350966666666667,
  "fwhm_z": 1.865615178472565,
  "gcor": 0.0292242,
  "gsr_x": -0.018386701121926308,
  "gsr_y": 0.019546162337064743,
  "provenance": {
    "md5sum": "7a663f0c335c91c7deae721364611df5",
    "settings": {
      "fd_thres": 0.2,
      "testing": false
    },
    "software": "mriqc",
    "version": "22.0.6",
    "webapi_port": null,
    "webapi_url": "https://mriqc.nimh.nih.gov/api/v1"
  },
  "size_t": 636,
  "size_x": 80,
  "size_y": 80,
  "size_z": 36,
  "snr": 10.121945117703119,
  "spacing_tr": 0.7639937400817871,
  "spacing_x": 3.0,
  "spacing_y": 3.0,
  "spacing_z": 3.299999952316284,
  "summary_bg_k": 60.524857556482644,
  "summary_bg_mad": 56.401618592854746,
  "summary_bg_mean": 1075.51025390625,
  "summary_bg_median": 38.96886444091797,
  "summary_bg_n": 151171.0,
  "summary_bg_p05": 0.23774350434541702,
  "summary_bg_p95": 5620.9501953125,
  "summary_bg_stdv": 3155.20458984375,
  "summary_fg_k": 4.506582891847196,
  "summary_fg_mad": 4157.341136110403,
  "summary_fg_mean": 50651.11328125,
  "summary_fg_median": 50984.078125,
  "summary_fg_n": 38280.0,
  "summary_fg_p05": 42163.3923828125,
  "summary_fg_p95": 58041.8853515625,
  "summary_fg_stdv": 5036.91845703125,
  "tsnr": 75.30262756347656
}