{
  "bids_meta": {
    "AcquisitionNumber": 2,
    "BidsifyVersion": "0.3.7",
    "ConversionSoftware": "dcm2niix",
    "ConversionSoftwareVersion": "v1.0.20190902",
    "EchoTime": 0.00379,
    "ImageComments": "Upgrade_2017",
    "ImageOrientationPatientDICOM": [
      0.999101,
      0.0421411,
      -0.00467056,
      -0.0423988,
      0.992559,
      -0.114148
    ],
    "InstitutionName": "Spinoza Centre for Neuroimaging, location REC",
    "InversionTime": 0.9,
    "MagneticFieldStrength": 3,
    "Manufacturer": "Philips",
    "ParallelAcquisitionTechnique": "SENSE",
    "PatientPosition": "HFS",
    "PhilipsRescaleIntercept": 0,
    "PhilipsRescaleSlope": 4.37192,
    "PhilipsScaleSlope": 0.00515075,
    "ProtocolName": "T1w",
    "ReconMatrixPE": 240,
    "RepetitionTime": 0.008237,
    "SeriesDescription": "ImageMRSERIES",
    "SeriesNumber": 2,
    "UsePhilipsFloatNotDisplayScaling": 1,
    "dataset": "ds003495",
    "modality": "T1w",
    "session_id": "post",
    "subject_id": "12"
  },
  "cjv": 0.24633448674282443,
  "cnr": 5.22230968007388,
  "efc": 0.7095550560992524,
  "fber": 16783.758854303887,
  "fwhm_avg": 3.9248934912792937,
  "fwhm_x": 3.825,
  "fwhm_y": 4.099960244376674,
  "fwhm_z": 3.849720229461207,
  "icvs_csf": 0.23006743918495676,
  "icvs_gm": 0.47281682982506656,
  "icvs_wm": 0.2971157309899767,
  "inu_med": 0.674981951713562,
  "inu_range": 0.26353172957897186,
  "provenance": {
    "md5sum": "c1fc32d54c4500dd4044867882272267",
    "settings": {
      "testing": false
    },
    "software": "mriqc",
    "version": "22.0.6",
    "warnings": {
      "large_rot_frame": true,
      "small_air_mask": false
    },
    "webapi_port": null,
    "webapi_url": "https://mriqc.nimh.nih.gov/api/v1"
  },
  "qi_1": 0.0,
  "qi_2": 0.00010622076389704966,
  "rpve_csf": 27.614292729337386,
  "rpve_gm": 14.180642912199168,
  "rpve_wm": 24.531380785716788,
  "size_x": 240,
  "size_y": 240,
  "size_z": 220,
  "snr_csf": 1.510375553134505,
  "snr_gm": 9.407929185250332,
  "snr_total": 10.494835184960595,
  "snr_wm": 20.56620081649695,
  "snrd_csf": 15.513769376130352,
  "snrd_gm": 63.753782921419955,
  "snrd_total": 62.68124590464199,
  "snrd_wm": 108.77618541637565,
  "spacing_x": 1.0,
  "spacing_y": 0.9999999403953552,
  "spacing_z": 0.9999999403953552,
  "summary_bg_k": 93.11008728866189,
  "summary_bg_mad": 0.0,
  "summary_bg_mean": 2.5261839836307036,
  "summary_bg_median": 0.0,
  "summary_bg_n": 373955.0,
  "summary_bg_p05": 0.0,
  "summary_bg_p95": 12.187299843877554,
  "summary_bg_stdv": 6.02279270261587,
  "summary_csf_k": 1.7464971715180777,
  "summary_csf_mad": 85.15068948603431,
  "summary_csf_mean": 157.738895261818,
  "summary_csf_median": 142.62101295031607,
  "summary_csf_n": 36388.0,
  "summary_csf_p05": 35.90442677689717,
  "summary_csf_p95": 341.4738326499239,
  "summary_csf_stdv": 94.42621930351075,
  "summary_gm_k": 0.3237925819951606,
  "summary_gm_mad": 59.9310157744275,
  "summary_gm_mean": 588.3077016218488,
  "summary_gm_median": 586.1005716416985,
  "summary_gm_n": 40668.0,
  "summary_gm_p05": 488.808172796946,
  "summary_gm_p95": 692.6938045778312,
  "summary_gm_stdv": 62.29780795947773,
  "summary_wm_k": 1.308750277125335,
  "summary_wm_mad": 42.02669339323601,
  "summary_wm_mean": 997.8630885387612,
  "summary_wm_median": 1000.0000240318477,
  "summary_wm_n": 140951.0,
  "summary_wm_p05": 912.5919200908393,
  "summary_wm_p95": 1072.3590330239385,
  "summary_wm_stdv": 48.62329633051541,
  "tpm_overlap_csf": 0.16678657307791125,
  "tpm_overlap_gm": 0.49311382405123116,
  "tpm_overlap_wm": 0.5060979879306539,
  "wm2max": 0.7397525208986931
}