{
  "aor": 0.000783563579277865,
  "aqi": 0.00971369962323391,
  "bids_meta": {
    "AcquisitionNumber": 10,
    "BidsifyVersion": "0.3.7",
    "ConversionSoftware": "dcm2niix",
    "ConversionSoftwareVersion": "v1.0.20190902",
    "EchoTime": 0.02763,
    "EffectiveEchoSpacing": 0.0006333282667071997,
    "ImageComments": "Upgrade_2017",
    "ImageOrientationPatientDICOM": [
      0.999101,
      0.0421411,
      -0.00467056,
      -0.0423988,
      0.992559,
      -0.114148
    ],
    "InstitutionName": "Spinoza Centre for Neuroimaging, location REC",
    "MagneticFieldStrength": 3,
    "Manufacturer": "Philips",
    "ParallelAcquisitionTechnique": "SENSE",
    "PatientPosition": "HFS",
    "PhaseEncodingDirection": "j",
    "PhilipsRescaleIntercept": 0,
    "PhilipsRescaleSlope": 0.79463,
    "PhilipsScaleSlope": 0.035296,
    "ProtocolName": "task-rest_acq-multiband_bold",
    "ReconMatrixPE": 80,
    "RepetitionTime": 0.763994,
    "SeriesDescription": "ImageMRSERIES",
    "SeriesNumber": 10,
    "TaskName": "restingstate",
    "TotalReadoutTime": 0.024699802401580786,
    "UsePhilipsFloatNotDisplayScaling": 1,
    "acq_id": "mb3",
    "dataset": "ds003495",
    "modality": "bold",
    "session_id": "post",
    "subject_id": "12",
    "task_id": "restingstate"
  },
  "dummy_trs": 0,
  "dvars_nstd": 17.614997372169814,
  "dvars_std": 1.1392563842610068,
  "dvars_vstd": 1.0088732379245275,
  "efc": 0.4076227423830047,
  "fber": 1237357.375,
  "fd_mean": 0.09181711207105751,
  "fd_num": 13,
  "fd_perc": 2.0408163265306123,
  "fwhm_avg": 1.9753028942584903,
  "fwhm_x": 1.9123866666666667,
  "fwhm_y": 2.21773,
  "fwhm_z": 1.795792016108804,
  "gcor": 0.0342812,
  "gsr_x": -0.02180919609963894,
  "gsr_y": 0.01314639300107956,
  "provenance": {
    "md5sum": "a0b8fadaa53c4d0703800fb74229f863",
    "settings": {
      "fd_thres": 0.2,
      "testing": false
    },
    "software": "mriqc",
    "version": "22.0.6",
    "webapi_port": null,
    "webapi_url": "https://mriqc.nimh.nih.gov/api/v1"
  },
  "size_t": 637,
  "size_x": 80,
  "size_y": 80,
  "size_z": 36,
  "snr": 10.689980228374203,
  "spacing_tr": 0.7639937400817871,
  "spacing_x": 3.0,
  "spacing_y": 3.0,
  "spacing_z": 3.300159454345703,
  "summary_bg_k": 37.83681363739986,
  "summary_bg_mad": 68.4501907321839,
  "summary_bg_mean": 1274.3350830078125,
  "summary_bg_median": 47.14772033691406,
  "summary_bg_n": 161124.0,
  "summary_bg_p05": 0.2432873293757439,
  "summary_bg_p95": 7025.676342773441,
  "summary_bg_stdv": 3743.05615234375,
  "summary_fg_k": 4.993935432776091,
  "summary_fg_mad": 4079.1773046961025,
  "summary_fg_mean": 54222.46484375,
  "summary_fg_median": 54484.86328125,
  "summary_fg_n": 29933.0,
  "summary_fg_p05": 45501.67734375,
  "summary_fg_p95": 61732.13515625,
  "summary_fg_stdv": 5096.73095703125,
  "tsnr": 85.587890625
}