{
  "aor": 0.002612824427480916,
  "aqi": 0.0033848060305343513,
  "bids_meta": {
    "AcquisitionNumber": 8,
    "BidsifyVersion": "0.3.7",
    "ConversionSoftware": "dcm2niix",
    "ConversionSoftwareVersion": "v1.0.20190902",
    "EchoTime": 0.02763,
    "EffectiveEchoSpacing": 0.0006621159151938905,
    "ImageComments": "Upgrade_2017",
    "ImageOrientationPatientDICOM": [
      0.999101,
      0.0421411,
      -0.00467056,
      -0.0423988,
      0.992559,
      -0.114148
    ],
    "InstitutionName": "Spinoza Centre for Neuroimaging, location REC",
    "MagneticFieldStrength": 3,
    "Manufacturer": "Philips",
    "ParallelAcquisitionTechnique": "SENSE",
    "PatientPosition": "HFS",
    "PhaseEncodingDirection": "j",
    "PhilipsRescaleIntercept": 0,
    "PhilipsRescaleSlope": 0.81197,
    "PhilipsScaleSlope": 0.0196877,
    "ProtocolName": "task-harriri_acq-sequential_bold",
    "ReconMatrixPE": 80,
    "RepetitionTime": 2,
    "SeriesDescription": "ImageMRSERIES",
    "SeriesNumber": 8,
    "TaskName": "emomatching",
    "TotalReadoutTime": 0.025822520692561732,
    "UsePhilipsFloatNotDisplayScaling": 1,
    "acq_id": "seq",
    "dataset": "ds003495",
    "modality": "bold",
    "session_id": "post",
    "subject_id": "12",
    "task_id": "emomatching"
  },
  "dummy_trs": 0,
  "dvars_nstd": 18.677099917384623,
  "dvars_std": 1.2291974199230766,
  "dvars_vstd": 1.0268662351538458,
  "efc": 0.40536741654269387,
  "fber": 110768.7421875,
  "fd_mean": 0.11431875556496819,
  "fd_num": 4,
  "fd_perc": 3.053435114503817,
  "fwhm_avg": 1.8779938878517781,
  "fwhm_x": 1.8103366666666665,
  "fwhm_y": 2.0958133333333335,
  "fwhm_z": 1.7278316635553341,
  "gcor": 0.0239696,
  "gsr_x": -0.0189033355563879,
  "gsr_y": 0.012703951448202133,
  "provenance": {
    "md5sum": "36ec654f7f56c01e99d8fd3b25b32e82",
    "settings": {
      "fd_thres": 0.2,
      "testing": false
    },
    "software": "mriqc",
    "version": "22.0.6",
    "webapi_port": null,
    "webapi_url": "https://mriqc.nimh.nih.gov/api/v1"
  },
  "size_t": 131,
  "size_x": 80,
  "size_y": 80,
  "size_z": 36,
  "snr": 6.689864918654758,
  "spacing_tr": 2.0,
  "spacing_x": 3.0,
  "spacing_y": 3.0,
  "spacing_z": 3.300159454345703,
  "summary_bg_k": 57.54110151299459,
  "summary_bg_mad": 237.92036252526987,
  "summary_bg_mean": 1670.7828369140625,
  "summary_bg_median": 214.4872589111328,
  "summary_bg_n": 160909.0,
  "summary_bg_p05": 19.606870651245117,
  "summary_bg_p95": 8905.617578125004,
  "summary_bg_stdv": 4881.68701171875,
  "summary_fg_k": 2.1896889904966583,
  "summary_fg_mad": 9729.61180743251,
  "summary_fg_mean": 73912.9453125,
  "summary_fg_median": 72995.828125,
  "summary_fg_n": 30179.0,
  "summary_fg_p05": 58838.11796875,
  "summary_fg_p95": 92453.90078125,
  "summary_fg_stdv": 10911.224609375,
  "tsnr": 102.6463623046875
}