{
  "aor": 0.00023127158555729985,
  "aqi": 0.03277707441130298,
  "bids_meta": {
    "AcquisitionNumber": 10,
    "BidsifyVersion": "0.3.7",
    "ConversionSoftware": "dcm2niix",
    "ConversionSoftwareVersion": "v1.0.20190902",
    "EchoTime": 0.02763,
    "EffectiveEchoSpacing": 0.0006333282667071997,
    "ImageComments": "Upgrade2017",
    "ImageOrientationPatientDICOM": [
      0.999928,
      -0.0119579,
      -0.000773023,
      0.0116934,
      0.987833,
      -0.155075
    ],
    "InstitutionName": "Spinoza Centre for Neuroimaging, location REC",
    "MagneticFieldStrength": 3,
    "Manufacturer": "Philips",
    "ParallelAcquisitionTechnique": "SENSE",
    "PatientPosition": "HFS",
    "PhaseEncodingDirection": "j",
    "PhilipsRescaleIntercept": 0,
    "PhilipsRescaleSlope": 0.78877,
    "PhilipsScaleSlope": 0.105099,
    "ProtocolName": "WIPtask-rest_acq-multiband_boldSENSE",
    "ReconMatrixPE": 80,
    "RepetitionTime": 0.762233,
    "SeriesDescription": "ImageMRSERIES",
    "SeriesNumber": 10,
    "TaskName": "restingstate",
    "TotalReadoutTime": 0.024699802401580786,
    "UsePhilipsFloatNotDisplayScaling": 1,
    "acq_id": "mb3",
    "dataset": "ds003495",
    "modality": "bold",
    "session_id": "pre",
    "subject_id": "09",
    "task_id": "restingstate"
  },
  "dummy_trs": 0,
  "dvars_nstd": 52.17280324894655,
  "dvars_std": 1.1385318847327046,
  "dvars_vstd": 1.0010232802201267,
  "efc": 0.4873883912732796,
  "fber": 136717.21875,
  "fd_mean": 0.12947125073350496,
  "fd_num": 83,
  "fd_perc": 13.029827315541601,
  "fwhm_avg": 1.7422297905131459,
  "fwhm_x": 1.7665066666666667,
  "fwhm_y": 1.8983766666666666,
  "fwhm_z": 1.561806038206105,
  "gcor": 0.00843741,
  "gsr_x": -0.00023736922594252974,
  "gsr_y": 0.012229730375111103,
  "provenance": {
    "md5sum": "a9458427ac66ddb7e02a0d67be27164c",
    "settings": {
      "fd_thres": 0.2,
      "testing": false
    },
    "software": "mriqc",
    "version": "22.0.6",
    "webapi_port": null,
    "webapi_url": "https://mriqc.nimh.nih.gov/api/v1"
  },
  "size_t": 637,
  "size_x": 80,
  "size_y": 80,
  "size_z": 36,
  "snr": 6.988870284071325,
  "spacing_tr": 0.7622327208518982,
  "spacing_x": 3.0,
  "spacing_y": 3.0,
  "spacing_z": 3.299884796142578,
  "summary_bg_k": 14.111184094021276,
  "summary_bg_mad": 54.7320268252294,
  "summary_bg_mean": 756.8999633789062,
  "summary_bg_median": 47.868873596191406,
  "summary_bg_n": 147557.0,
  "summary_bg_p05": 4.377701187133789,
  "summary_bg_p95": 4888.379199218725,
  "summary_bg_stdv": 1810.37451171875,
  "summary_fg_k": 3.8551538830066647,
  "summary_fg_mad": 2265.9634785861253,
  "summary_fg_mean": 18029.158203125,
  "summary_fg_median": 18138.89453125,
  "summary_fg_n": 40879.0,
  "summary_fg_p05": 14039.3578125,
  "summary_fg_p95": 21886.9658203125,
  "summary_fg_stdv": 2595.365478515625,
  "tsnr": 31.67572021484375
}