{
  "aor": 0.00013436420722135007,
  "aqi": 0.02237657174254317,
  "bids_meta": {
    "AcquisitionNumber": 4,
    "BidsifyVersion": "0.3.7",
    "ConversionSoftware": "dcm2niix",
    "ConversionSoftwareVersion": "v1.0.20190902",
    "EchoTime": 0.02763,
    "EffectiveEchoSpacing": 0.0006333282667071997,
    "ImageComments": "Upgrade2017",
    "ImageOrientationPatientDICOM": [
      0.999378,
      0.0298598,
      -0.0187771,
      -0.0314067,
      0.995594,
      -0.0883481
    ],
    "InstitutionName": "Spinoza Centre for Neuroimaging, location REC",
    "MagneticFieldStrength": 3,
    "Manufacturer": "Philips",
    "ParallelAcquisitionTechnique": "SENSE",
    "PatientPosition": "HFS",
    "PhaseEncodingDirection": "j",
    "PhilipsRescaleIntercept": 0,
    "PhilipsRescaleSlope": 0.77485,
    "PhilipsScaleSlope": 0.0913715,
    "ProtocolName": "WIPtask-rest_acq-multiband_boldSENSE",
    "ReconMatrixPE": 80,
    "RepetitionTime": 0.761525,
    "SeriesDescription": "ImageMRSERIES",
    "SeriesNumber": 4,
    "TaskName": "restingstate",
    "TotalReadoutTime": 0.024699802401580786,
    "UsePhilipsFloatNotDisplayScaling": 1,
    "acq_id": "mb3",
    "dataset": "ds003495",
    "modality": "bold",
    "session_id": "pre",
    "subject_id": "02",
    "task_id": "restingstate"
  },
  "dummy_trs": 0,
  "dvars_nstd": 38.27604686683957,
  "dvars_std": 1.12124068740566,
  "dvars_vstd": 0.9984774830345915,
  "efc": 0.40967564870258927,
  "fber": 417760.78125,
  "fd_mean": 0.08924722686146529,
  "fd_num": 7,
  "fd_perc": 1.098901098901099,
  "fwhm_avg": 1.889001018600607,
  "fwhm_x": 1.84607,
  "fwhm_y": 2.0562633333333333,
  "fwhm_z": 1.7646697224684877,
  "gcor": 0.00994627,
  "gsr_x": -0.022175928577780724,
  "gsr_y": 0.011953206732869148,
  "provenance": {
    "md5sum": "3ad7b511add785db5585a73d6afecf88",
    "settings": {
      "fd_thres": 0.2,
      "testing": false
    },
    "software": "mriqc",
    "version": "22.0.6",
    "webapi_port": null,
    "webapi_url": "https://mriqc.nimh.nih.gov/api/v1"
  },
  "size_t": 637,
  "size_x": 80,
  "size_y": 80,
  "size_z": 36,
  "snr": 7.890747000107643,
  "spacing_tr": 0.7615251541137695,
  "spacing_x": 3.0,
  "spacing_y": 3.0,
  "spacing_z": 3.299999952316284,
  "summary_bg_k": 62.87812302430923,
  "summary_bg_mad": 36.16387609510515,
  "summary_bg_mean": 376.3406982421875,
  "summary_bg_median": 31.272817611694336,
  "summary_bg_n": 158578.0,
  "summary_bg_p05": 0.8795128881931307,
  "summary_bg_p95": 2111.1964843749943,
  "summary_bg_stdv": 1151.600341796875,
  "summary_fg_k": 1.3133549737973125,
  "summary_fg_mad": 2476.3163554589814,
  "summary_fg_mean": 20611.630859375,
  "summary_fg_median": 20625.337890625,
  "summary_fg_n": 32229.0,
  "summary_fg_p05": 16426.16484375,
  "summary_fg_p95": 24798.9359375,
  "summary_fg_stdv": 2613.8232421875,
  "tsnr": 41.46485900878906
}