{
  "aor": 0.0005749166666666666,
  "aqi": 0.00388752525,
  "bids_meta": {
    "AcquisitionNumber": 11,
    "BidsifyVersion": "0.3.7",
    "ConversionSoftware": "dcm2niix",
    "ConversionSoftwareVersion": "v1.0.20190902",
    "EchoTime": 0.02763,
    "EffectiveEchoSpacing": 0.0006621159151938905,
    "ImageComments": "Upgrade2017",
    "ImageOrientationPatientDICOM": [
      0.999378,
      0.0298598,
      -0.0187771,
      -0.0314067,
      0.995594,
      -0.0883481
    ],
    "InstitutionName": "Spinoza Centre for Neuroimaging, location REC",
    "MagneticFieldStrength": 3,
    "Manufacturer": "Philips",
    "ParallelAcquisitionTechnique": "SENSE",
    "PatientPosition": "HFS",
    "PhaseEncodingDirection": "j",
    "PhilipsRescaleIntercept": 0,
    "PhilipsRescaleSlope": 0.87326,
    "PhilipsScaleSlope": 0.0532483,
    "ProtocolName": "WIPtask-rest_acq-sequential_boldSENSE",
    "ReconMatrixPE": 80,
    "RepetitionTime": 2,
    "SeriesDescription": "ImageMRSERIES",
    "SeriesNumber": 11,
    "TaskName": "restingstate",
    "TotalReadoutTime": 0.025822520692561732,
    "UsePhilipsFloatNotDisplayScaling": 1,
    "acq_id": "seq",
    "dataset": "ds003495",
    "modality": "bold",
    "session_id": "pre",
    "subject_id": "02",
    "task_id": "restingstate"
  },
  "dummy_trs": 0,
  "dvars_nstd": 20.899496792803333,
  "dvars_std": 1.3727230416317981,
  "dvars_vstd": 0.9964504290794975,
  "efc": 0.4058944734754764,
  "fber": 250771.046875,
  "fd_mean": 0.08987857308766282,
  "fd_num": 3,
  "fd_perc": 1.25,
  "fwhm_avg": 1.796418291164672,
  "fwhm_x": 1.7564399999999998,
  "fwhm_y": 1.9020299999999999,
  "fwhm_z": 1.7307848734940163,
  "gcor": 0.0298304,
  "gsr_x": -0.019254297018051147,
  "gsr_y": 0.011949966661632061,
  "provenance": {
    "md5sum": "95b6746cc9b354acfefb017e683989df",
    "settings": {
      "fd_thres": 0.2,
      "testing": false
    },
    "software": "mriqc",
    "version": "22.0.6",
    "webapi_port": null,
    "webapi_url": "https://mriqc.nimh.nih.gov/api/v1"
  },
  "size_t": 240,
  "size_x": 80,
  "size_y": 80,
  "size_z": 36,
  "snr": 6.439143084370715,
  "spacing_tr": 2.0,
  "spacing_x": 3.0,
  "spacing_y": 3.0,
  "spacing_z": 3.299999952316284,
  "summary_bg_k": 128.11034089569347,
  "summary_bg_mad": 54.516986612399734,
  "summary_bg_mean": 461.28485107421875,
  "summary_bg_median": 54.10413360595703,
  "summary_bg_n": 158115.0,
  "summary_bg_p05": 2.779384279251099,
  "summary_bg_p95": 2397.579150390623,
  "summary_bg_stdv": 1601.5589599609375,
  "summary_fg_k": 1.2250327432094048,
  "summary_fg_mad": 3981.201042854038,
  "summary_fg_mean": 27859.20703125,
  "summary_fg_median": 27566.9296875,
  "summary_fg_n": 32779.0,
  "summary_fg_p05": 21391.5697265625,
  "summary_fg_p95": 35090.99765625,
  "summary_fg_stdv": 4281.08349609375,
  "tsnr": 99.9374771118164
}