{
  "bids_meta": {
    "AcquisitionNumber": 2,
    "BidsifyVersion": "0.3.7",
    "ConversionSoftware": "dcm2niix",
    "ConversionSoftwareVersion": "v1.0.20190902",
    "EchoTime": 0.00373,
    "ImageComments": "Upgrade_2017",
    "ImageOrientationPatientDICOM": [
      0.999295,
      -0.0124464,
      -0.0354136,
      0.0129071,
      0.999835,
      0.0128078
    ],
    "InstitutionName": "Spinoza Centre for Neuroimaging, location REC",
    "InversionTime": 0.9,
    "MagneticFieldStrength": 3,
    "Manufacturer": "Philips",
    "ParallelAcquisitionTechnique": "SENSE",
    "PatientPosition": "HFS",
    "PhilipsRescaleIntercept": 0,
    "PhilipsRescaleSlope": 4.34115,
    "PhilipsScaleSlope": 0.00525326,
    "ProtocolName": "T1w",
    "ReconMatrixPE": 240,
    "RepetitionTime": 0.008175,
    "SeriesDescription": "ImageMRSERIES",
    "SeriesNumber": 2,
    "UsePhilipsFloatNotDisplayScaling": 1,
    "dataset": "ds003495",
    "modality": "T1w",
    "session_id": "post",
    "subject_id": "22"
  },
  "cjv": 0.3010850505917806,
  "cnr": 4.265212486887745,
  "efc": 0.682822056815602,
  "fber": -1.0,
  "fwhm_avg": 4.38654,
  "fwhm_x": 4.24873,
  "fwhm_y": 4.71432,
  "fwhm_z": 4.19657,
  "icvs_csf": 0.24636079230128802,
  "icvs_gm": 0.408800692171056,
  "icvs_wm": 0.34483851552765593,
  "inu_med": 0.5419804751873016,
  "inu_range": 0.18378812968730923,
  "provenance": {
    "md5sum": "efa7c158472f59251b56af325fb1a103",
    "settings": {
      "testing": false
    },
    "software": "mriqc",
    "version": "22.0.6",
    "warnings": {
      "large_rot_frame": true,
      "small_air_mask": false
    },
    "webapi_port": null,
    "webapi_url": "https://mriqc.nimh.nih.gov/api/v1"
  },
  "qi_1": 0.018160187312965127,
  "qi_2": 7.494286015190808e-05,
  "rpve_csf": 21.935971341082322,
  "rpve_gm": 13.27237332177512,
  "rpve_wm": 19.40249917233202,
  "size_x": 240,
  "size_y": 240,
  "size_z": 220,
  "snr_csf": 1.4747532861473807,
  "snr_gm": 7.894409214555335,
  "snr_total": 12.103507449916725,
  "snr_wm": 26.94135984904746,
  "snrd_csf": 20.99053994226868,
  "snrd_gm": 87.36816002088986,
  "snrd_total": 82.63987968364911,
  "snrd_wm": 139.5609390877888,
  "spacing_x": 1.0,
  "spacing_y": 1.0,
  "spacing_z": 1.0,
  "summary_bg_k": 45.701251139335,
  "summary_bg_mad": 0.0,
  "summary_bg_mean": 1.5976608849449643,
  "summary_bg_median": 0.0,
  "summary_bg_n": 370855.0,
  "summary_bg_p05": 0.0,
  "summary_bg_p95": 10.430306732654572,
  "summary_bg_stdv": 4.694267703990964,
  "summary_csf_k": 0.4967102017661822,
  "summary_csf_mad": 99.37793037150519,
  "summary_csf_mean": 168.95579454632394,
  "summary_csf_median": 150.40412002801895,
  "summary_csf_n": 48012.0,
  "summary_csf_p05": 33.54856234788895,
  "summary_csf_p95": 358.74949701279394,
  "summary_csf_stdv": 101.98489138123423,
  "summary_gm_k": 0.1750494017381765,
  "summary_gm_mad": 77.48733877064147,
  "summary_gm_mean": 625.9239736856399,
  "summary_gm_median": 626.0215917527676,
  "summary_gm_n": 37611.0,
  "summary_gm_p05": 494.7397007346153,
  "summary_gm_p95": 756.8406661301851,
  "summary_gm_stdv": 79.29830496026821,
  "summary_wm_k": 0.7126928831776249,
  "summary_wm_mad": 35.1119733781438,
  "summary_wm_mean": 999.8586927195147,
  "summary_wm_median": 1000.0000138878822,
  "summary_wm_n": 221261.0,
  "summary_wm_p05": 938.7276059389114,
  "summary_wm_p95": 1059.1502382159233,
  "summary_wm_stdv": 37.11756792209575,
  "tpm_overlap_csf": 0.16924195552139415,
  "tpm_overlap_gm": 0.4687350253763446,
  "tpm_overlap_wm": 0.5240443072907398,
  "wm2max": 0.7820406433729409
}