{
  "aor": 0.00039097331240188385,
  "aqi": 0.024088684929356355,
  "bids_meta": {
    "AcquisitionNumber": 10,
    "BidsifyVersion": "0.3.7",
    "ConversionSoftware": "dcm2niix",
    "ConversionSoftwareVersion": "v1.0.20190902",
    "EchoTime": 0.02763,
    "EffectiveEchoSpacing": 0.0006333282667071997,
    "ImageComments": "Upgrade2017",
    "ImageOrientationPatientDICOM": [
      0.998907,
      -0.0417622,
      -0.0209899,
      0.0404695,
      0.997459,
      -0.058636
    ],
    "InstitutionName": "Spinoza Centre for Neuroimaging, location REC",
    "MagneticFieldStrength": 3,
    "Manufacturer": "Philips",
    "ParallelAcquisitionTechnique": "SENSE",
    "PatientPosition": "HFS",
    "PhaseEncodingDirection": "j",
    "PhilipsRescaleIntercept": 0,
    "PhilipsRescaleSlope": 0.7685,
    "PhilipsScaleSlope": 0.0866712,
    "ProtocolName": "WIPtask-rest_acq-multiband_boldSENSE",
    "ReconMatrixPE": 80,
    "RepetitionTime": 0.760833,
    "SeriesDescription": "ImageMRSERIES",
    "SeriesNumber": 10,
    "TaskName": "restingstate",
    "TotalReadoutTime": 0.024699802401580786,
    "UsePhilipsFloatNotDisplayScaling": 1,
    "acq_id": "mb3",
    "dataset": "ds003495",
    "modality": "bold",
    "session_id": "pre",
    "subject_id": "21",
    "task_id": "restingstate"
  },
  "dummy_trs": 0,
  "dvars_nstd": 44.68694548935534,
  "dvars_std": 1.1459224600628937,
  "dvars_vstd": 1.0074034606761,
  "efc": 0.4433153509333833,
  "fber": 201890.921875,
  "fd_mean": 0.08759758012090912,
  "fd_num": 10,
  "fd_perc": 1.5698587127158556,
  "fwhm_avg": 1.9909773187977333,
  "fwhm_x": 1.9264333333333334,
  "fwhm_y": 2.193353333333333,
  "fwhm_z": 1.8531452897265335,
  "gcor": 0.0081679,
  "gsr_x": -0.02336135320365429,
  "gsr_y": 0.024982720613479614,
  "provenance": {
    "md5sum": "a52153d1a098f776c067801cc71e087c",
    "settings": {
      "fd_thres": 0.2,
      "testing": false
    },
    "software": "mriqc",
    "version": "22.0.6",
    "webapi_port": null,
    "webapi_url": "https://mriqc.nimh.nih.gov/api/v1"
  },
  "size_t": 637,
  "size_x": 80,
  "size_y": 80,
  "size_z": 36,
  "snr": 6.954485767895752,
  "spacing_tr": 0.7608333230018616,
  "spacing_x": 3.0,
  "spacing_y": 3.0,
  "spacing_z": 3.300124406814575,
  "summary_bg_k": 37.54628460151668,
  "summary_bg_mad": 47.71749081226253,
  "summary_bg_mean": 441.69097900390625,
  "summary_bg_median": 42.40279006958008,
  "summary_bg_n": 151973.0,
  "summary_bg_p05": 2.7459391117095953,
  "summary_bg_p95": 2394.2561035156245,
  "summary_bg_stdv": 1150.5108642578125,
  "summary_fg_k": 1.5484648070238674,
  "summary_fg_mad": 2624.3260986144232,
  "summary_fg_mean": 19782.140625,
  "summary_fg_median": 19630.134765625,
  "summary_fg_n": 37034.0,
  "summary_fg_p05": 15641.705712890625,
  "summary_fg_p95": 24564.58515625,
  "summary_fg_stdv": 2822.619873046875,
  "tsnr": 35.749549865722656
}