{
  "aor": 0.005718592592592593,
  "aqi": 0.007083061333333333,
  "bids_meta": {
    "AcquisitionNumber": 8,
    "BidsifyVersion": "0.3.7",
    "ConversionSoftware": "dcm2niix",
    "ConversionSoftwareVersion": "v1.0.20190902",
    "EchoTime": 0.02763,
    "EffectiveEchoSpacing": 0.0006621159151938905,
    "ImageComments": "Upgrade2017",
    "ImageOrientationPatientDICOM": [
      0.998907,
      -0.0417622,
      -0.0209899,
      0.0404695,
      0.997459,
      -0.058636
    ],
    "InstitutionName": "Spinoza Centre for Neuroimaging, location REC",
    "MagneticFieldStrength": 3,
    "Manufacturer": "Philips",
    "ParallelAcquisitionTechnique": "SENSE",
    "PatientPosition": "HFS",
    "PhaseEncodingDirection": "j",
    "PhilipsRescaleIntercept": 0,
    "PhilipsRescaleSlope": 0.74872,
    "PhilipsScaleSlope": 0.0525489,
    "ProtocolName": "WIPtask-harriri_acq-sequential_boldSENSE",
    "ReconMatrixPE": 80,
    "RepetitionTime": 2,
    "SeriesDescription": "ImageMRSERIES",
    "SeriesNumber": 8,
    "TaskName": "emomatching",
    "TotalReadoutTime": 0.025822520692561732,
    "UsePhilipsFloatNotDisplayScaling": 1,
    "acq_id": "seq",
    "dataset": "ds003495",
    "modality": "bold",
    "session_id": "pre",
    "subject_id": "21",
    "task_id": "emomatching"
  },
  "dummy_trs": 0,
  "dvars_nstd": 17.9606298544776,
  "dvars_std": 1.1608139008208949,
  "dvars_vstd": 0.9752410952985081,
  "efc": 0.4363568400710027,
  "fber": 190311.46875,
  "fd_mean": 0.11296381265031538,
  "fd_num": 7,
  "fd_perc": 5.185185185185185,
  "fwhm_avg": 1.930146014181678,
  "fwhm_x": 1.8528066666666667,
  "fwhm_y": 2.10124,
  "fwhm_z": 1.8363913758783676,
  "gcor": 0.0198904,
  "gsr_x": -0.019871052354574203,
  "gsr_y": 0.019144076853990555,
  "provenance": {
    "md5sum": "4dc9daa807db19011cd29c063964ab4b",
    "settings": {
      "fd_thres": 0.2,
      "testing": false
    },
    "software": "mriqc",
    "version": "22.0.6",
    "webapi_port": null,
    "webapi_url": "https://mriqc.nimh.nih.gov/api/v1"
  },
  "size_t": 135,
  "size_x": 80,
  "size_y": 80,
  "size_z": 36,
  "snr": 5.165942288031283,
  "spacing_tr": 2.0,
  "spacing_x": 3.0,
  "spacing_y": 3.0,
  "spacing_z": 3.300124406814575,
  "summary_bg_k": 64.17456162037,
  "summary_bg_mad": 63.70723674336709,
  "summary_bg_mean": 539.38427734375,
  "summary_bg_median": 60.42589569091797,
  "summary_bg_n": 151598.0,
  "summary_bg_p05": 5.540017366409302,
  "summary_bg_p95": 2839.0523803710935,
  "summary_bg_stdv": 1545.6055908203125,
  "summary_fg_k": 1.996054783752542,
  "summary_fg_mad": 4658.950060525702,
  "summary_fg_mean": 27614.0859375,
  "summary_fg_median": 26958.357421875,
  "summary_fg_n": 37782.0,
  "summary_fg_p05": 20387.61962890625,
  "summary_fg_p95": 36615.8021484375,
  "summary_fg_stdv": 5218.4091796875,
  "tsnr": 69.0188217163086
}