{
  "aor": 0.0009626666666666667,
  "aqi": 0.009282616958333333,
  "bids_meta": {
    "AcquisitionNumber": 3,
    "BidsifyVersion": "0.3.7",
    "ConversionSoftware": "dcm2niix",
    "ConversionSoftwareVersion": "v1.0.20190902",
    "EchoTime": 0.02763,
    "EffectiveEchoSpacing": 0.0006621159151938905,
    "ImageComments": "Upgrade2017",
    "ImageOrientationPatientDICOM": [
      0.998907,
      -0.0417622,
      -0.0209899,
      0.0404695,
      0.997459,
      -0.058636
    ],
    "InstitutionName": "Spinoza Centre for Neuroimaging, location REC",
    "MagneticFieldStrength": 3,
    "Manufacturer": "Philips",
    "ParallelAcquisitionTechnique": "SENSE",
    "PatientPosition": "HFS",
    "PhaseEncodingDirection": "j",
    "PhilipsRescaleIntercept": 0,
    "PhilipsRescaleSlope": 0.74432,
    "PhilipsScaleSlope": 0.0517981,
    "ProtocolName": "WIPtask-rest_acq-sequential_boldSENSE",
    "ReconMatrixPE": 80,
    "RepetitionTime": 2,
    "SeriesDescription": "ImageMRSERIES",
    "SeriesNumber": 3,
    "TaskName": "restingstate",
    "TotalReadoutTime": 0.025822520692561732,
    "UsePhilipsFloatNotDisplayScaling": 1,
    "acq_id": "seq",
    "dataset": "ds003495",
    "modality": "bold",
    "session_id": "pre",
    "subject_id": "21",
    "task_id": "restingstate"
  },
  "dummy_trs": 0,
  "dvars_nstd": 18.48502893744769,
  "dvars_std": 1.1170852782008365,
  "dvars_vstd": 0.9379585026359837,
  "efc": 0.43300225347975513,
  "fber": 198493.3125,
  "fd_mean": 0.1038565883614059,
  "fd_num": 18,
  "fd_perc": 7.5,
  "fwhm_avg": 1.939855938581756,
  "fwhm_x": 1.8699833333333336,
  "fwhm_y": 2.1232533333333334,
  "fwhm_z": 1.8263311490786012,
  "gcor": 0.0230938,
  "gsr_x": -0.018972821533679962,
  "gsr_y": 0.020088504999876022,
  "provenance": {
    "md5sum": "f5be5c8aea1506689590efae91fdd422",
    "settings": {
      "fd_thres": 0.2,
      "testing": false
    },
    "software": "mriqc",
    "version": "22.0.6",
    "webapi_port": null,
    "webapi_url": "https://mriqc.nimh.nih.gov/api/v1"
  },
  "size_t": 240,
  "size_x": 80,
  "size_y": 80,
  "size_z": 36,
  "snr": 4.958816769130831,
  "spacing_tr": 2.0,
  "spacing_x": 3.0,
  "spacing_y": 3.0,
  "spacing_z": 3.300124406814575,
  "summary_bg_k": 82.42320239738129,
  "summary_bg_mad": 63.03124316916235,
  "summary_bg_mean": 512.796630859375,
  "summary_bg_median": 58.830013275146484,
  "summary_bg_n": 151773.0,
  "summary_bg_p05": 5.178246307373048,
  "summary_bg_p95": 2696.143554687499,
  "summary_bg_stdv": 1507.470703125,
  "summary_fg_k": 2.371807622090956,
  "summary_fg_mad": 4686.925490277621,
  "summary_fg_mean": 27560.8984375,
  "summary_fg_median": 26827.873046875,
  "summary_fg_n": 37560.0,
  "summary_fg_p05": 20248.0779296875,
  "summary_fg_p95": 36954.584765625,
  "summary_fg_stdv": 5410.06396484375,
  "tsnr": 59.21025466918945
}