{
  "bids_meta": {
    "AcquisitionNumber": 2,
    "BidsifyVersion": "0.3.7",
    "ConversionSoftware": "dcm2niix",
    "ConversionSoftwareVersion": "v1.0.20190902",
    "EchoTime": 0.00375,
    "ImageComments": "Upgrade2017",
    "ImageOrientationPatientDICOM": [
      0.997296,
      0.0734754,
      0.00168657,
      -0.0734118,
      0.996998,
      -0.0246224
    ],
    "InstitutionName": "Spinoza Centre for Neuroimaging, location REC",
    "MagneticFieldStrength": 3,
    "Manufacturer": "Philips",
    "ParallelAcquisitionTechnique": "SENSE",
    "PatientPosition": "HFS",
    "PhilipsRescaleIntercept": 0,
    "PhilipsRescaleSlope": 11.5827,
    "PhilipsScaleSlope": 0.0049585,
    "ProtocolName": "WIPT1wSENSE",
    "ReconMatrixPE": 240,
    "RepetitionTime": 0.008149,
    "SeriesDescription": "ImageMRSERIES",
    "SeriesNumber": 2,
    "UsePhilipsFloatNotDisplayScaling": 1,
    "dataset": "ds003495",
    "modality": "T1w",
    "session_id": "pre",
    "subject_id": "07"
  },
  "cjv": 0.35304362483948604,
  "cnr": 3.715158029694589,
  "efc": 0.7558315639927369,
  "fber": -1.0,
  "fwhm_avg": 3.5125166666666665,
  "fwhm_x": 3.48109,
  "fwhm_y": 3.6324,
  "fwhm_z": 3.42406,
  "icvs_csf": 0.2227016289578048,
  "icvs_gm": 0.4346377091556948,
  "icvs_wm": 0.34266066188650046,
  "inu_med": 0.622825562953949,
  "inu_range": 0.18284974098205575,
  "provenance": {
    "md5sum": "9d03a790c64201d609465299c8c9caac",
    "settings": {
      "testing": false
    },
    "software": "mriqc",
    "version": "22.0.6",
    "warnings": {
      "large_rot_frame": true,
      "small_air_mask": true
    },
    "webapi_port": null,
    "webapi_url": "https://mriqc.nimh.nih.gov/api/v1"
  },
  "qi_1": 0.0,
  "qi_2": 6.892294543529491e-05,
  "rpve_csf": 27.539927672728943,
  "rpve_gm": 14.73407934797442,
  "rpve_wm": 22.213909651227944,
  "size_x": 240,
  "size_y": 240,
  "size_z": 220,
  "snr_csf": 1.5052511690863302,
  "snr_gm": 6.460950372787732,
  "snr_total": 9.213728859114898,
  "snr_wm": 19.67498503547063,
  "snrd_csf": 16.313814862368698,
  "snrd_gm": 54.024022065326584,
  "snrd_total": 53.268716433888244,
  "snrd_wm": 89.46831237396944,
  "spacing_x": 1.0,
  "spacing_y": 1.0,
  "spacing_z": 1.0,
  "summary_bg_k": 675.0974108406701,
  "summary_bg_mad": 0.0,
  "summary_bg_mean": 1.3777846677371601,
  "summary_bg_median": 0.0,
  "summary_bg_n": 98759.0,
  "summary_bg_p05": 0.0,
  "summary_bg_p95": 10.376591190695763,
  "summary_bg_stdv": 7.322391411498197,
  "summary_csf_k": 0.7585417449354241,
  "summary_csf_mad": 121.64072197306095,
  "summary_csf_mean": 202.77864248296703,
  "summary_csf_median": 182.33781215175986,
  "summary_csf_n": 12642.0,
  "summary_csf_p05": 38.65170297017321,
  "summary_csf_p95": 425.01704097865087,
  "summary_csf_stdv": 121.12968530758768,
  "summary_gm_k": -0.047666762012742225,
  "summary_gm_mad": 92.40392464995385,
  "summary_gm_mean": 605.7562966363432,
  "summary_gm_median": 603.8208763636649,
  "summary_gm_n": 19363.0,
  "summary_gm_p05": 453.2591763030738,
  "summary_gm_p95": 764.1919725880026,
  "summary_gm_stdv": 93.45456151066661,
  "summary_wm_k": 0.8787984350215043,
  "summary_wm_mad": 47.456830437507165,
  "summary_wm_mean": 998.4932951943213,
  "summary_wm_median": 999.9780230931938,
  "summary_wm_n": 171732.0,
  "summary_wm_p05": 913.8435224890709,
  "summary_wm_p95": 1078.2421430908144,
  "summary_wm_stdv": 50.824694902530766,
  "tpm_overlap_csf": 0.16116353609243328,
  "tpm_overlap_gm": 0.4745964246589351,
  "tpm_overlap_wm": 0.5141202941139664,
  "wm2max": 0.7524565694585766
}