{
  "aor": 0.0032689922480620155,
  "aqi": 0.0025421555813953485,
  "bids_meta": {
    "AcquisitionNumber": 8,
    "BidsifyVersion": "0.3.7",
    "ConversionSoftware": "dcm2niix",
    "ConversionSoftwareVersion": "v1.0.20190902",
    "EchoTime": 0.02763,
    "EffectiveEchoSpacing": 0.0006621159151938905,
    "ImageComments": "Upgrade_2017",
    "ImageOrientationPatientDICOM": [
      0.997456,
      0.0684443,
      0.0199293,
      -0.069574,
      0.995589,
      0.0629498
    ],
    "InstitutionName": "Spinoza Centre for Neuroimaging, location REC",
    "MagneticFieldStrength": 3,
    "Manufacturer": "Philips",
    "ParallelAcquisitionTechnique": "SENSE",
    "PatientPosition": "HFS",
    "PhaseEncodingDirection": "j",
    "PhilipsRescaleIntercept": 0,
    "PhilipsRescaleSlope": 0.80928,
    "PhilipsScaleSlope": 0.0180507,
    "ProtocolName": "task-harriri_acq-sequential_bold",
    "ReconMatrixPE": 80,
    "RepetitionTime": 2,
    "SeriesDescription": "ImageMRSERIES",
    "SeriesNumber": 8,
    "TaskName": "emomatching",
    "TotalReadoutTime": 0.025822520692561732,
    "UsePhilipsFloatNotDisplayScaling": 1,
    "acq_id": "seq",
    "dataset": "ds003495",
    "modality": "bold",
    "session_id": "post",
    "subject_id": "17",
    "task_id": "emomatching"
  },
  "dummy_trs": 0,
  "dvars_nstd": 16.33964946921875,
  "dvars_std": 1.251661374765624,
  "dvars_vstd": 1.0316537787500004,
  "efc": 0.4476321923077337,
  "fber": 150002.453125,
  "fd_mean": 0.07181015322914881,
  "fd_num": 0,
  "fd_perc": 0.0,
  "fwhm_avg": 1.8848459681648417,
  "fwhm_x": 1.86919,
  "fwhm_y": 2.0062933333333333,
  "fwhm_z": 1.7790545711611916,
  "gcor": 0.0166138,
  "gsr_x": -0.0066793132573366165,
  "gsr_y": 0.007168402895331383,
  "provenance": {
    "md5sum": "971f40ed0768f887b9915f561e596c45",
    "settings": {
      "fd_thres": 0.2,
      "testing": false
    },
    "software": "mriqc",
    "version": "22.0.6",
    "webapi_port": null,
    "webapi_url": "https://mriqc.nimh.nih.gov/api/v1"
  },
  "size_t": 129,
  "size_x": 80,
  "size_y": 80,
  "size_z": 36,
  "snr": 5.93808668493832,
  "spacing_tr": 2.0,
  "spacing_x": 3.0,
  "spacing_y": 3.0,
  "spacing_z": 3.299999952316284,
  "summary_bg_k": 71.97239454529713,
  "summary_bg_mad": 222.5170199771286,
  "summary_bg_mean": 1761.8052978515625,
  "summary_bg_median": 189.8260498046875,
  "summary_bg_n": 150496.0,
  "summary_bg_p05": 6.1676119565963745,
  "summary_bg_p95": 9430.39794921875,
  "summary_bg_stdv": 5197.80224609375,
  "summary_fg_k": 1.3549393914452184,
  "summary_fg_mad": 12327.594207447606,
  "summary_fg_mean": 77409.109375,
  "summary_fg_median": 75965.2421875,
  "summary_fg_n": 38722.0,
  "summary_fg_p05": 59597.7216796875,
  "summary_fg_p95": 99032.38359375,
  "summary_fg_stdv": 12792.716796875,
  "tsnr": 115.00529479980469
}