{
  "aor": 0.0001647409733124019,
  "aqi": 0.022279383202511775,
  "bids_meta": {
    "AcquisitionNumber": 10,
    "BidsifyVersion": "0.3.7",
    "ConversionSoftware": "dcm2niix",
    "ConversionSoftwareVersion": "v1.0.20190902",
    "EchoTime": 0.02763,
    "EffectiveEchoSpacing": 0.0006333282667071997,
    "ImageComments": "Upgrade2017",
    "ImageOrientationPatientDICOM": [
      0.994672,
      -0.0786821,
      0.0666093,
      0.0898221,
      0.97855,
      -0.185398
    ],
    "InstitutionName": "Spinoza Centre for Neuroimaging, location REC",
    "MagneticFieldStrength": 3,
    "Manufacturer": "Philips",
    "ParallelAcquisitionTechnique": "SENSE",
    "PatientPosition": "HFS",
    "PhaseEncodingDirection": "j",
    "PhilipsRescaleIntercept": 0,
    "PhilipsRescaleSlope": 0.76239,
    "PhilipsScaleSlope": 0.101105,
    "ProtocolName": "WIPtask-rest_acq-multiband_boldSENSE",
    "ReconMatrixPE": 80,
    "RepetitionTime": 0.763789,
    "SeriesDescription": "ImageMRSERIES",
    "SeriesNumber": 10,
    "TaskName": "restingstate",
    "TotalReadoutTime": 0.024699802401580786,
    "UsePhilipsFloatNotDisplayScaling": 1,
    "acq_id": "mb3",
    "dataset": "ds003495",
    "modality": "bold",
    "session_id": "pre",
    "subject_id": "05",
    "task_id": "restingstate"
  },
  "dummy_trs": 0,
  "dvars_nstd": 46.73555083839624,
  "dvars_std": 1.1375608812893085,
  "dvars_vstd": 1.002285130330188,
  "efc": 0.4304027650233131,
  "fber": 200221.28125,
  "fd_mean": 0.14476389323556313,
  "fd_num": 120,
  "fd_perc": 18.838304552590266,
  "fwhm_avg": 1.833422758128952,
  "fwhm_x": 1.784819858155262,
  "fwhm_y": 2.0320233333333335,
  "fwhm_z": 1.6834250828982602,
  "gcor": 0.00497689,
  "gsr_x": -0.01602299138903618,
  "gsr_y": 0.015305398032069206,
  "provenance": {
    "md5sum": "2f5a19d0d58dd675d39f6da131e82686",
    "settings": {
      "fd_thres": 0.2,
      "testing": false
    },
    "software": "mriqc",
    "version": "22.0.6",
    "webapi_port": null,
    "webapi_url": "https://mriqc.nimh.nih.gov/api/v1"
  },
  "size_t": 637,
  "size_x": 80,
  "size_y": 80,
  "size_z": 36,
  "snr": 6.754802568964696,
  "spacing_tr": 0.7637892961502075,
  "spacing_x": 3.000000238418579,
  "spacing_y": 3.0,
  "spacing_z": 3.2998082637786865,
  "summary_bg_k": 37.65197214312813,
  "summary_bg_mad": 44.05854810934828,
  "summary_bg_mean": 484.8032531738281,
  "summary_bg_median": 40.18672180175781,
  "summary_bg_n": 156487.0,
  "summary_bg_p05": 3.5130788803100588,
  "summary_bg_p95": 2475.6342285156225,
  "summary_bg_stdv": 1294.5516357421875,
  "summary_fg_k": 2.628489555451371,
  "summary_fg_mad": 2485.8823250465466,
  "summary_fg_mean": 18573.9375,
  "summary_fg_median": 18529.02734375,
  "summary_fg_n": 33204.0,
  "summary_fg_p05": 14473.8283203125,
  "summary_fg_p95": 23008.806640625,
  "summary_fg_stdv": 2743.048095703125,
  "tsnr": 36.7573356628418
}