{
  "aor": 0.0014274814814814814,
  "aqi": 0.004013921629629631,
  "bids_meta": {
    "AcquisitionNumber": 8,
    "BidsifyVersion": "0.3.7",
    "ConversionSoftware": "dcm2niix",
    "ConversionSoftwareVersion": "v1.0.20190902",
    "EchoTime": 0.02763,
    "EffectiveEchoSpacing": 0.0006621159151938905,
    "ImageComments": "Upgrade2017",
    "ImageOrientationPatientDICOM": [
      0.994672,
      -0.0786821,
      0.0666093,
      0.0898221,
      0.97855,
      -0.185398
    ],
    "InstitutionName": "Spinoza Centre for Neuroimaging, location REC",
    "MagneticFieldStrength": 3,
    "Manufacturer": "Philips",
    "ParallelAcquisitionTechnique": "SENSE",
    "PatientPosition": "HFS",
    "PhaseEncodingDirection": "j",
    "PhilipsRescaleIntercept": 0,
    "PhilipsRescaleSlope": 0.84103,
    "PhilipsScaleSlope": 0.058927,
    "ProtocolName": "WIPtask-harriri_acq-sequential_boldSENSE",
    "ReconMatrixPE": 80,
    "RepetitionTime": 2,
    "SeriesDescription": "ImageMRSERIES",
    "SeriesNumber": 8,
    "TaskName": "emomatching",
    "TotalReadoutTime": 0.025822520692561732,
    "UsePhilipsFloatNotDisplayScaling": 1,
    "acq_id": "seq",
    "dataset": "ds003495",
    "modality": "bold",
    "session_id": "pre",
    "subject_id": "05",
    "task_id": "emomatching"
  },
  "dummy_trs": 0,
  "dvars_nstd": 19.355530482313426,
  "dvars_std": 1.207307939104478,
  "dvars_vstd": 1.004799286044776,
  "efc": 0.4257997599512651,
  "fber": 139522.375,
  "fd_mean": 0.08985098281449543,
  "fd_num": 7,
  "fd_perc": 5.185185185185185,
  "fwhm_avg": 1.797568536633212,
  "fwhm_x": 1.7392865284405923,
  "fwhm_y": 1.9794066666666668,
  "fwhm_z": 1.6740124147923772,
  "gcor": 0.0291493,
  "gsr_x": -0.012794303707778454,
  "gsr_y": 0.014244882389903069,
  "provenance": {
    "md5sum": "7191014d3cddb614e7a07e187670bad4",
    "settings": {
      "fd_thres": 0.2,
      "testing": false
    },
    "software": "mriqc",
    "version": "22.0.6",
    "webapi_port": null,
    "webapi_url": "https://mriqc.nimh.nih.gov/api/v1"
  },
  "size_t": 135,
  "size_x": 80,
  "size_y": 80,
  "size_z": 36,
  "snr": 5.5179436082733275,
  "spacing_tr": 2.0,
  "spacing_x": 3.000000238418579,
  "spacing_y": 3.0,
  "spacing_z": 3.2998082637786865,
  "summary_bg_k": 71.09119719339051,
  "summary_bg_mad": 65.0337181950797,
  "summary_bg_mean": 568.1024780273438,
  "summary_bg_median": 60.91040802001953,
  "summary_bg_n": 155861.0,
  "summary_bg_p05": 5.668467044830322,
  "summary_bg_p95": 2887.227294921875,
  "summary_bg_stdv": 1688.0216064453125,
  "summary_fg_k": 1.7748969953278566,
  "summary_fg_mad": 3814.0419862787185,
  "summary_fg_mean": 23675.046875,
  "summary_fg_median": 23307.45703125,
  "summary_fg_n": 34056.0,
  "summary_fg_p05": 17676.490234375,
  "summary_fg_p95": 30780.9208984375,
  "summary_fg_stdv": 4223.876953125,
  "tsnr": 81.93859100341797
}