{
  "aor": 0.0007682916666666667,
  "aqi": 0.004995021875,
  "bids_meta": {
    "AcquisitionNumber": 3,
    "BidsifyVersion": "0.3.7",
    "ConversionSoftware": "dcm2niix",
    "ConversionSoftwareVersion": "v1.0.20190902",
    "EchoTime": 0.02763,
    "EffectiveEchoSpacing": 0.0006621159151938905,
    "ImageComments": "Upgrade2017",
    "ImageOrientationPatientDICOM": [
      0.994672,
      -0.0786821,
      0.0666093,
      0.0898221,
      0.97855,
      -0.185398
    ],
    "InstitutionName": "Spinoza Centre for Neuroimaging, location REC",
    "MagneticFieldStrength": 3,
    "Manufacturer": "Philips",
    "ParallelAcquisitionTechnique": "SENSE",
    "PatientPosition": "HFS",
    "PhaseEncodingDirection": "j",
    "PhilipsRescaleIntercept": 0,
    "PhilipsRescaleSlope": 0.76459,
    "PhilipsScaleSlope": 0.0641844,
    "ProtocolName": "WIPtask-rest_acq-sequential_boldSENSE",
    "ReconMatrixPE": 80,
    "RepetitionTime": 2,
    "SeriesDescription": "ImageMRSERIES",
    "SeriesNumber": 3,
    "TaskName": "restingstate",
    "TotalReadoutTime": 0.025822520692561732,
    "UsePhilipsFloatNotDisplayScaling": 1,
    "acq_id": "seq",
    "dataset": "ds003495",
    "modality": "bold",
    "session_id": "pre",
    "subject_id": "05",
    "task_id": "restingstate"
  },
  "dummy_trs": 0,
  "dvars_nstd": 19.004599064309616,
  "dvars_std": 1.131475270585774,
  "dvars_vstd": 0.9868747986192468,
  "efc": 0.42221618473248035,
  "fber": 141530.625,
  "fd_mean": 0.10555617264549588,
  "fd_num": 7,
  "fd_perc": 2.9166666666666665,
  "fwhm_avg": 1.803649984859096,
  "fwhm_x": 1.753139860672962,
  "fwhm_y": 1.9768033333333335,
  "fwhm_z": 1.6810067605709922,
  "gcor": 0.0162272,
  "gsr_x": -0.01165148988366127,
  "gsr_y": 0.015711044892668724,
  "provenance": {
    "md5sum": "b17216663433a41fc0af1bad622d2b74",
    "settings": {
      "fd_thres": 0.2,
      "testing": false
    },
    "software": "mriqc",
    "version": "22.0.6",
    "webapi_port": null,
    "webapi_url": "https://mriqc.nimh.nih.gov/api/v1"
  },
  "size_t": 240,
  "size_x": 80,
  "size_y": 80,
  "size_z": 36,
  "snr": 5.5307957203667675,
  "spacing_tr": 2.0,
  "spacing_x": 3.000000238418579,
  "spacing_y": 3.0,
  "spacing_z": 3.2998082637786865,
  "summary_bg_k": 80.15011207193018,
  "summary_bg_mad": 61.193406362053196,
  "summary_bg_mean": 535.8211059570312,
  "summary_bg_median": 59.745323181152344,
  "summary_bg_n": 155964.0,
  "summary_bg_p05": 6.569914031028747,
  "summary_bg_p95": 2697.214257812501,
  "summary_bg_stdv": 1628.5780029296875,
  "summary_fg_k": 1.822891300733641,
  "summary_fg_mad": 3768.412876008988,
  "summary_fg_mean": 23511.845703125,
  "summary_fg_median": 23104.65234375,
  "summary_fg_n": 33784.0,
  "summary_fg_p05": 17575.88955078125,
  "summary_fg_p95": 30617.60029296875,
  "summary_fg_stdv": 4177.3935546875,
  "tsnr": 77.76864624023438
}