{
  "aor": 0.00294362962962963,
  "aqi": 0.003217380518518518,
  "bids_meta": {
    "AcquisitionNumber": 8,
    "BidsifyVersion": "0.3.7",
    "ConversionSoftware": "dcm2niix",
    "ConversionSoftwareVersion": "v1.0.20190902",
    "EchoTime": 0.02763,
    "EffectiveEchoSpacing": 0.0006621159151938905,
    "ImageComments": "Upgrade_2017",
    "ImageOrientationPatientDICOM": [
      0.999357,
      0.0342361,
      0.0106186,
      -0.0314061,
      0.979088,
      -0.200998
    ],
    "InstitutionName": "Spinoza Centre for Neuroimaging, location REC",
    "MagneticFieldStrength": 3,
    "Manufacturer": "Philips",
    "ParallelAcquisitionTechnique": "SENSE",
    "PatientPosition": "HFS",
    "PhaseEncodingDirection": "j",
    "PhilipsRescaleIntercept": 0,
    "PhilipsRescaleSlope": 0.84371,
    "PhilipsScaleSlope": 0.0198743,
    "ProtocolName": "task-harriri_acq-sequential_bold",
    "ReconMatrixPE": 80,
    "RepetitionTime": 2,
    "SeriesDescription": "ImageMRSERIES",
    "SeriesNumber": 8,
    "TaskName": "emomatching",
    "TotalReadoutTime": 0.025822520692561732,
    "UsePhilipsFloatNotDisplayScaling": 1,
    "acq_id": "seq",
    "dataset": "ds003495",
    "modality": "bold",
    "session_id": "post",
    "subject_id": "04",
    "task_id": "emomatching"
  },
  "dummy_trs": 0,
  "dvars_nstd": 18.792259650820895,
  "dvars_std": 1.1859945754477614,
  "dvars_vstd": 1.034979165149254,
  "efc": 0.44677444267808686,
  "fber": 102316.0703125,
  "fd_mean": 0.10704571362356756,
  "fd_num": 2,
  "fd_perc": 1.4814814814814814,
  "fwhm_avg": 1.9206346494342934,
  "fwhm_x": 1.8402933333333333,
  "fwhm_y": 2.1426233333333333,
  "fwhm_z": 1.7789872816362131,
  "gcor": 0.0392207,
  "gsr_x": -0.02156173810362816,
  "gsr_y": 0.022417975589632988,
  "provenance": {
    "md5sum": "56cf594ea6eb0fb54a703ed1feafd6e6",
    "settings": {
      "fd_thres": 0.2,
      "testing": false
    },
    "software": "mriqc",
    "version": "22.0.6",
    "webapi_port": null,
    "webapi_url": "https://mriqc.nimh.nih.gov/api/v1"
  },
  "size_t": 135,
  "size_x": 80,
  "size_y": 80,
  "size_z": 36,
  "snr": 5.799915506501943,
  "spacing_tr": 2.0,
  "spacing_x": 3.0,
  "spacing_y": 3.0,
  "spacing_z": 3.299866199493408,
  "summary_bg_k": 46.86636415526725,
  "summary_bg_mad": 238.8444523399708,
  "summary_bg_mean": 1788.7825927734375,
  "summary_bg_median": 199.91664123535156,
  "summary_bg_n": 151882.0,
  "summary_bg_p05": 8.99303708076477,
  "summary_bg_p95": 10428.39057617187,
  "summary_bg_stdv": 4793.40087890625,
  "summary_fg_k": 1.6717259991456945,
  "summary_fg_mad": 10353.78444571591,
  "summary_fg_mean": 66815.8203125,
  "summary_fg_median": 65787.8828125,
  "summary_fg_n": 37146.0,
  "summary_fg_p05": 50353.603515625,
  "summary_fg_p95": 85748.900390625,
  "summary_fg_stdv": 11342.7509765625,
  "tsnr": 92.72010040283203
}