{
  "aor": 0.0026418333333333333,
  "aqi": 0.0038637403333333328,
  "bids_meta": {
    "AcquisitionNumber": 3,
    "BidsifyVersion": "0.3.7",
    "ConversionSoftware": "dcm2niix",
    "ConversionSoftwareVersion": "v1.0.20190902",
    "EchoTime": 0.02763,
    "EffectiveEchoSpacing": 0.0006621159151938905,
    "ImageComments": "Upgrade_2017",
    "ImageOrientationPatientDICOM": [
      0.999357,
      0.0342361,
      0.0106186,
      -0.0314061,
      0.979088,
      -0.200998
    ],
    "InstitutionName": "Spinoza Centre for Neuroimaging, location REC",
    "MagneticFieldStrength": 3,
    "Manufacturer": "Philips",
    "ParallelAcquisitionTechnique": "SENSE",
    "PatientPosition": "HFS",
    "PhaseEncodingDirection": "j",
    "PhilipsRescaleIntercept": 0,
    "PhilipsRescaleSlope": 0.81197,
    "PhilipsScaleSlope": 0.0204158,
    "ProtocolName": "task-rest_acq-sequential_bold",
    "ReconMatrixPE": 80,
    "RepetitionTime": 2,
    "SeriesDescription": "ImageMRSERIES",
    "SeriesNumber": 3,
    "TaskName": "restingstate",
    "TotalReadoutTime": 0.025822520692561732,
    "UsePhilipsFloatNotDisplayScaling": 1,
    "acq_id": "seq",
    "dataset": "ds003495",
    "modality": "bold",
    "session_id": "post",
    "subject_id": "04",
    "task_id": "restingstate"
  },
  "dummy_trs": 0,
  "dvars_nstd": 20.340291937112973,
  "dvars_std": 1.2264874459414226,
  "dvars_vstd": 1.0231273096652715,
  "efc": 0.44481191251407287,
  "fber": 103285.546875,
  "fd_mean": 0.10620465243350395,
  "fd_num": 6,
  "fd_perc": 2.5,
  "fwhm_avg": 1.9385459935183806,
  "fwhm_x": 1.8666733333333332,
  "fwhm_y": 2.1602133333333335,
  "fwhm_z": 1.7887513138884743,
  "gcor": 0.0517817,
  "gsr_x": -0.02098008245229721,
  "gsr_y": 0.020901169627904892,
  "provenance": {
    "md5sum": "18a219c8dc613e940c3fb3dd5721e105",
    "settings": {
      "fd_thres": 0.2,
      "testing": false
    },
    "software": "mriqc",
    "version": "22.0.6",
    "webapi_port": null,
    "webapi_url": "https://mriqc.nimh.nih.gov/api/v1"
  },
  "size_t": 240,
  "size_x": 80,
  "size_y": 80,
  "size_z": 36,
  "snr": 5.748835685777164,
  "spacing_tr": 2.0,
  "spacing_x": 3.0,
  "spacing_y": 3.0,
  "spacing_z": 3.299866199493408,
  "summary_bg_k": 48.74491125448157,
  "summary_bg_mad": 239.30850359931486,
  "summary_bg_mean": 1741.1761474609375,
  "summary_bg_median": 201.41763305664062,
  "summary_bg_n": 151945.0,
  "summary_bg_p05": 10.174746131896974,
  "summary_bg_p95": 9881.9708984375,
  "summary_bg_stdv": 4705.67822265625,
  "summary_fg_k": 1.5888491929872046,
  "summary_fg_mad": 10559.486816411187,
  "summary_fg_mean": 67650.453125,
  "summary_fg_median": 66599.8359375,
  "summary_fg_n": 37023.0,
  "summary_fg_p05": 50820.03984375,
  "summary_fg_p95": 87298.484375,
  "summary_fg_stdv": 11584.76953125,
  "tsnr": 84.67402648925781
}