{
  "bids_meta": {
    "AcquisitionNumber": 2,
    "BidsifyVersion": "0.3.7",
    "ConversionSoftware": "dcm2niix",
    "ConversionSoftwareVersion": "v1.0.20190902",
    "EchoTime": 0.00376,
    "ImageComments": "Upgrade_2017",
    "ImageOrientationPatientDICOM": [
      0.999834,
      0.00275281,
      -0.0180369,
      -0.00471164,
      0.993978,
      -0.109477
    ],
    "InstitutionName": "Spinoza Centre for Neuroimaging, location REC",
    "InversionTime": 0.9,
    "MagneticFieldStrength": 3,
    "Manufacturer": "Philips",
    "ParallelAcquisitionTechnique": "SENSE",
    "PatientPosition": "HFS",
    "PhilipsRescaleIntercept": 0,
    "PhilipsRescaleSlope": 4.30794,
    "PhilipsScaleSlope": 0.00550532,
    "ProtocolName": "T1w",
    "ReconMatrixPE": 240,
    "RepetitionTime": 0.00821,
    "SeriesDescription": "ImageMRSERIES",
    "SeriesNumber": 2,
    "UsePhilipsFloatNotDisplayScaling": 1,
    "dataset": "ds003495",
    "modality": "T1w",
    "session_id": "post",
    "subject_id": "05"
  },
  "cjv": 0.3001801141787716,
  "cnr": 4.323238578720941,
  "efc": 0.6761491499728755,
  "fber": -1.0,
  "fwhm_avg": 4.403479830935816,
  "fwhm_x": 4.3461,
  "fwhm_y": 4.6097,
  "fwhm_z": 4.254639492807449,
  "icvs_csf": 0.24134472336183568,
  "icvs_gm": 0.41694809478446904,
  "icvs_wm": 0.34170718185369525,
  "inu_med": 0.5583254396915436,
  "inu_range": 0.1792454868555069,
  "provenance": {
    "md5sum": "03141e484f04bbce361ee39cb20e9165",
    "settings": {
      "testing": false
    },
    "software": "mriqc",
    "version": "22.0.6",
    "warnings": {
      "large_rot_frame": true,
      "small_air_mask": false
    },
    "webapi_port": null,
    "webapi_url": "https://mriqc.nimh.nih.gov/api/v1"
  },
  "qi_1": 0.0,
  "qi_2": 3.8778640018007715e-05,
  "rpve_csf": 24.126396719041033,
  "rpve_gm": 14.008802318014679,
  "rpve_wm": 20.749456679223414,
  "size_x": 240,
  "size_y": 240,
  "size_z": 220,
  "snr_csf": 1.3941239708465136,
  "snr_gm": 7.919168003983035,
  "snr_total": 12.180565187117347,
  "snr_wm": 27.22840358652249,
  "snrd_csf": 13.100619766898827,
  "snrd_gm": 56.07009479004981,
  "snrd_total": 53.045955373055826,
  "snrd_wm": 89.96715156221885,
  "spacing_x": 1.0,
  "spacing_y": 1.0,
  "spacing_z": 1.0000001192092896,
  "summary_bg_k": 257.25309495824087,
  "summary_bg_mad": 0.0,
  "summary_bg_mean": 3.139568773812341,
  "summary_bg_median": 0.0,
  "summary_bg_n": 497708.0,
  "summary_bg_p05": 0.0,
  "summary_bg_p95": 16.297247171401978,
  "summary_bg_stdv": 7.281789672106304,
  "summary_csf_k": 0.3998304502976202,
  "summary_csf_mad": 106.30114146845867,
  "summary_csf_mean": 165.3999943168663,
  "summary_csf_median": 145.6123605966568,
  "summary_csf_n": 44182.0,
  "summary_csf_p05": 33.480214297771454,
  "summary_csf_p95": 362.5019274193793,
  "summary_csf_stdv": 104.44602902078351,
  "summary_gm_k": 0.10552594521643677,
  "summary_gm_mad": 78.82305147182497,
  "summary_gm_mean": 623.7446381069707,
  "summary_gm_median": 623.2147033140063,
  "summary_gm_n": 37714.0,
  "summary_gm_p05": 496.13603277504444,
  "summary_gm_p95": 754.1905416548252,
  "summary_gm_stdv": 78.6959489389606,
  "summary_wm_k": 0.6075191794926891,
  "summary_wm_mad": 34.273746662467836,
  "summary_wm_mean": 999.4423343138226,
  "summary_wm_median": 999.9778291583061,
  "summary_wm_n": 206095.0,
  "summary_wm_p05": 938.2652912959456,
  "summary_wm_p95": 1058.5017751827836,
  "summary_wm_stdv": 36.72545105209435,
  "tpm_overlap_csf": 0.1514960556587106,
  "tpm_overlap_gm": 0.4818326664548077,
  "tpm_overlap_wm": 0.5265257133555384,
  "wm2max": 0.7278118847377608
}