{
  "aor": 0.0013058333333333333,
  "aqi": 0.002858623181818182,
  "bids_meta": {
    "AcquisitionNumber": 8,
    "BidsifyVersion": "0.3.7",
    "ConversionSoftware": "dcm2niix",
    "ConversionSoftwareVersion": "v1.0.20190902",
    "EchoTime": 0.02763,
    "EffectiveEchoSpacing": 0.0006621159151938905,
    "ImageComments": "Upgrade2017",
    "ImageOrientationPatientDICOM": [
      0.99907,
      -0.0390374,
      -0.0182967,
      0.0331426,
      0.966858,
      -0.253153
    ],
    "InstitutionName": "Spinoza Centre for Neuroimaging, location REC",
    "MagneticFieldStrength": 3,
    "Manufacturer": "Philips",
    "ParallelAcquisitionTechnique": "SENSE",
    "PatientPosition": "HFS",
    "PhaseEncodingDirection": "j",
    "PhilipsRescaleIntercept": 0,
    "PhilipsRescaleSlope": 0.7939,
    "PhilipsScaleSlope": 0.0564342,
    "ProtocolName": "WIPtask-harriri_acq-sequential_boldSENSE",
    "ReconMatrixPE": 80,
    "RepetitionTime": 2,
    "SeriesDescription": "ImageMRSERIES",
    "SeriesNumber": 8,
    "TaskName": "emomatching",
    "TotalReadoutTime": 0.025822520692561732,
    "UsePhilipsFloatNotDisplayScaling": 1,
    "acq_id": "seq",
    "dataset": "ds003495",
    "modality": "bold",
    "session_id": "pre",
    "subject_id": "11",
    "task_id": "emomatching"
  },
  "dummy_trs": 0,
  "dvars_nstd": 20.43819640778627,
  "dvars_std": 1.319939005038169,
  "dvars_vstd": 0.9944222566412215,
  "efc": 0.4238490520099716,
  "fber": 145008.90625,
  "fd_mean": 0.08873192088608803,
  "fd_num": 0,
  "fd_perc": 0.0,
  "fwhm_avg": 1.825933461829185,
  "fwhm_x": 1.7984433333333334,
  "fwhm_y": 1.9483666666666668,
  "fwhm_z": 1.7309903854875546,
  "gcor": 0.0429566,
  "gsr_x": -0.01770263910293579,
  "gsr_y": 0.012378135696053505,
  "provenance": {
    "md5sum": "15324816f6116cf35e705fccbfe01a50",
    "settings": {
      "fd_thres": 0.2,
      "testing": false
    },
    "software": "mriqc",
    "version": "22.0.6",
    "webapi_port": null,
    "webapi_url": "https://mriqc.nimh.nih.gov/api/v1"
  },
  "size_t": 132,
  "size_x": 80,
  "size_y": 80,
  "size_z": 36,
  "snr": 5.688716588357146,
  "spacing_tr": 2.0,
  "spacing_x": 3.0,
  "spacing_y": 3.0,
  "spacing_z": 3.300116539001465,
  "summary_bg_k": 42.06598806509917,
  "summary_bg_mad": 73.78284377394506,
  "summary_bg_mean": 693.8794555664062,
  "summary_bg_median": 70.85994720458984,
  "summary_bg_n": 156599.0,
  "summary_bg_p05": 6.8230101585388185,
  "summary_bg_p95": 3426.9283691406317,
  "summary_bg_stdv": 2030.6005859375,
  "summary_fg_k": 0.5756122000687687,
  "summary_fg_mad": 5046.0308592689,
  "summary_fg_mean": 27892.126953125,
  "summary_fg_median": 27711.3046875,
  "summary_fg_n": 32851.0,
  "summary_fg_p05": 20480.53125,
  "summary_fg_p95": 35824.865234375,
  "summary_fg_stdv": 4871.201171875,
  "tsnr": 89.06244659423828
}