{
  "aor": 0.000246043956043956,
  "aqi": 0.015389377394034537,
  "bids_meta": {
    "AcquisitionNumber": 10,
    "BidsifyVersion": "0.3.7",
    "ConversionSoftware": "dcm2niix",
    "ConversionSoftwareVersion": "v1.0.20190902",
    "EchoTime": 0.02763,
    "EffectiveEchoSpacing": 0.0006333282667071997,
    "ImageComments": "Upgrade2017",
    "ImageOrientationPatientDICOM": [
      0.99907,
      -0.0390374,
      -0.0182967,
      0.0331426,
      0.966858,
      -0.253153
    ],
    "InstitutionName": "Spinoza Centre for Neuroimaging, location REC",
    "MagneticFieldStrength": 3,
    "Manufacturer": "Philips",
    "ParallelAcquisitionTechnique": "SENSE",
    "PatientPosition": "HFS",
    "PhaseEncodingDirection": "j",
    "PhilipsRescaleIntercept": 0,
    "PhilipsRescaleSlope": 0.79878,
    "PhilipsScaleSlope": 0.0864681,
    "ProtocolName": "WIPtask-rest_acq-multiband_boldSENSE",
    "ReconMatrixPE": 80,
    "RepetitionTime": 0.762987,
    "SeriesDescription": "ImageMRSERIES",
    "SeriesNumber": 10,
    "TaskName": "restingstate",
    "TotalReadoutTime": 0.024699802401580786,
    "UsePhilipsFloatNotDisplayScaling": 1,
    "acq_id": "mb3",
    "dataset": "ds003495",
    "modality": "bold",
    "session_id": "pre",
    "subject_id": "11",
    "task_id": "restingstate"
  },
  "dummy_trs": 0,
  "dvars_nstd": 36.85739770926103,
  "dvars_std": 1.1133926434119499,
  "dvars_vstd": 1.0053277797169815,
  "efc": 0.43056942952898236,
  "fber": 165978.5,
  "fd_mean": 0.07986465826082603,
  "fd_num": 2,
  "fd_perc": 0.3139717425431711,
  "fwhm_avg": 1.8804987846880763,
  "fwhm_x": 1.87676,
  "fwhm_y": 2.03114,
  "fwhm_z": 1.7335963540642285,
  "gcor": 0.0126271,
  "gsr_x": -0.021562747657299042,
  "gsr_y": 0.01423126831650734,
  "provenance": {
    "md5sum": "08276e01dcf146dc2abcd847bffc53e6",
    "settings": {
      "fd_thres": 0.2,
      "testing": false
    },
    "software": "mriqc",
    "version": "22.0.6",
    "webapi_port": null,
    "webapi_url": "https://mriqc.nimh.nih.gov/api/v1"
  },
  "size_t": 637,
  "size_x": 80,
  "size_y": 80,
  "size_z": 36,
  "snr": 6.8155400247980396,
  "spacing_tr": 0.7629874348640442,
  "spacing_x": 3.0,
  "spacing_y": 3.0,
  "spacing_z": 3.300116539001465,
  "summary_bg_k": 29.067208679854595,
  "summary_bg_mad": 55.404350570963786,
  "summary_bg_mean": 554.4840698242188,
  "summary_bg_median": 47.43954086303711,
  "summary_bg_n": 157086.0,
  "summary_bg_p05": 3.0204861760139465,
  "summary_bg_p95": 2799.5151977539062,
  "summary_bg_stdv": 1470.20556640625,
  "summary_fg_k": 1.2260397338089932,
  "summary_fg_mad": 2753.694725008869,
  "summary_fg_mean": 19845.4140625,
  "summary_fg_median": 19862.291015625,
  "summary_fg_n": 32402.0,
  "summary_fg_p05": 15100.30546875,
  "summary_fg_p95": 24470.885546874997,
  "summary_fg_stdv": 2914.22021484375,
  "tsnr": 40.08332824707031
}