{
  "aor": 0.0007598333333333332,
  "aqi": 0.002758048208333333,
  "bids_meta": {
    "AcquisitionNumber": 3,
    "BidsifyVersion": "0.3.7",
    "ConversionSoftware": "dcm2niix",
    "ConversionSoftwareVersion": "v1.0.20190902",
    "EchoTime": 0.02763,
    "EffectiveEchoSpacing": 0.0006621159151938905,
    "ImageComments": "Upgrade2017",
    "ImageOrientationPatientDICOM": [
      0.99907,
      -0.0390374,
      -0.0182967,
      0.0331426,
      0.966858,
      -0.253153
    ],
    "InstitutionName": "Spinoza Centre for Neuroimaging, location REC",
    "MagneticFieldStrength": 3,
    "Manufacturer": "Philips",
    "ParallelAcquisitionTechnique": "SENSE",
    "PatientPosition": "HFS",
    "PhaseEncodingDirection": "j",
    "PhilipsRescaleIntercept": 0,
    "PhilipsRescaleSlope": 0.76703,
    "PhilipsScaleSlope": 0.0553107,
    "ProtocolName": "WIPtask-rest_acq-sequential_boldSENSE",
    "ReconMatrixPE": 80,
    "RepetitionTime": 2,
    "SeriesDescription": "ImageMRSERIES",
    "SeriesNumber": 3,
    "TaskName": "restingstate",
    "TotalReadoutTime": 0.025822520692561732,
    "UsePhilipsFloatNotDisplayScaling": 1,
    "acq_id": "seq",
    "dataset": "ds003495",
    "modality": "bold",
    "session_id": "pre",
    "subject_id": "11",
    "task_id": "restingstate"
  },
  "dummy_trs": 0,
  "dvars_nstd": 20.296359289916325,
  "dvars_std": 1.3414716004184095,
  "dvars_vstd": 0.9945065668619243,
  "efc": 0.4230398682360302,
  "fber": 136128.046875,
  "fd_mean": 0.0816479591786262,
  "fd_num": 3,
  "fd_perc": 1.25,
  "fwhm_avg": 1.8272414809358406,
  "fwhm_x": 1.7947866666666668,
  "fwhm_y": 1.9592866666666666,
  "fwhm_z": 1.7276511094741887,
  "gcor": 0.0346026,
  "gsr_x": -0.01727229170501232,
  "gsr_y": 0.012273838743567467,
  "provenance": {
    "md5sum": "1f21e7abbdba09bfdf24a4762c4c7249",
    "settings": {
      "fd_thres": 0.2,
      "testing": false
    },
    "software": "mriqc",
    "version": "22.0.6",
    "webapi_port": null,
    "webapi_url": "https://mriqc.nimh.nih.gov/api/v1"
  },
  "size_t": 240,
  "size_x": 80,
  "size_y": 80,
  "size_z": 36,
  "snr": 5.609339941393077,
  "spacing_tr": 2.0,
  "spacing_x": 3.0,
  "spacing_y": 3.0,
  "spacing_z": 3.300116539001465,
  "summary_bg_k": 46.645486806500095,
  "summary_bg_mad": 82.33189972131157,
  "summary_bg_mean": 695.5809326171875,
  "summary_bg_median": 74.53327941894531,
  "summary_bg_n": 156619.0,
  "summary_bg_p05": 6.054293251037598,
  "summary_bg_p95": 3402.7672363281285,
  "summary_bg_stdv": 2061.1416015625,
  "summary_fg_k": 0.6658172352218483,
  "summary_fg_mad": 5177.171658627653,
  "summary_fg_mean": 28466.5078125,
  "summary_fg_median": 28232.703125,
  "summary_fg_n": 32861.0,
  "summary_fg_p05": 20841.986328125,
  "summary_fg_p95": 36644.4765625,
  "summary_fg_stdv": 5033.0830078125,
  "tsnr": 90.0023422241211
}