{
  "aor": 0.002369875,
  "aqi": 0.0033156668333333334,
  "bids_meta": {
    "AcquisitionNumber": 3,
    "BidsifyVersion": "0.3.7",
    "ConversionSoftware": "dcm2niix",
    "ConversionSoftwareVersion": "v1.0.20190902",
    "EchoTime": 0.02763,
    "EffectiveEchoSpacing": 0.0006621159151938905,
    "ImageComments": "Upgrade_2017",
    "ImageOrientationPatientDICOM": [
      0.999417,
      0.0341247,
      0.000456849,
      -0.0340272,
      0.99741,
      -0.0633653
    ],
    "InstitutionName": "Spinoza Centre for Neuroimaging, location REC",
    "MagneticFieldStrength": 3,
    "Manufacturer": "Philips",
    "ParallelAcquisitionTechnique": "SENSE",
    "PatientPosition": "HFS",
    "PhaseEncodingDirection": "j",
    "PhilipsRescaleIntercept": 0,
    "PhilipsRescaleSlope": 0.78706,
    "PhilipsScaleSlope": 0.0193355,
    "ProtocolName": "task-rest_acq-sequential_bold",
    "ReconMatrixPE": 80,
    "RepetitionTime": 2,
    "SeriesDescription": "ImageMRSERIES",
    "SeriesNumber": 3,
    "TaskName": "restingstate",
    "TotalReadoutTime": 0.025822520692561732,
    "UsePhilipsFloatNotDisplayScaling": 1,
    "acq_id": "seq",
    "dataset": "ds003495",
    "modality": "bold",
    "session_id": "post",
    "subject_id": "18",
    "task_id": "restingstate"
  },
  "dummy_trs": 0,
  "dvars_nstd": 15.713797389874486,
  "dvars_std": 1.1392304816736405,
  "dvars_vstd": 1.010159529205021,
  "efc": 0.40839019824190836,
  "fber": 203682.8125,
  "fd_mean": 0.1195407040988014,
  "fd_num": 32,
  "fd_perc": 13.333333333333334,
  "fwhm_avg": 1.9482110186051023,
  "fwhm_x": 1.9147833333333333,
  "fwhm_y": 2.1642466666666667,
  "fwhm_z": 1.7656030558153073,
  "gcor": 0.185706,
  "gsr_x": -0.012095463462173939,
  "gsr_y": 0.014462316408753395,
  "provenance": {
    "md5sum": "14671014b323461a105779ff5e32c61b",
    "settings": {
      "fd_thres": 0.2,
      "testing": false
    },
    "software": "mriqc",
    "version": "22.0.6",
    "webapi_port": null,
    "webapi_url": "https://mriqc.nimh.nih.gov/api/v1"
  },
  "size_t": 240,
  "size_x": 80,
  "size_y": 80,
  "size_z": 36,
  "snr": 6.100870312707611,
  "spacing_tr": 2.0,
  "spacing_x": 3.0,
  "spacing_y": 3.0,
  "spacing_z": 3.299999952316284,
  "summary_bg_k": 145.3294548510457,
  "summary_bg_mad": 181.8466334032177,
  "summary_bg_mean": 1297.193359375,
  "summary_bg_median": 156.20599365234375,
  "summary_bg_n": 157833.0,
  "summary_bg_p05": 6.7317142486572275,
  "summary_bg_p95": 6102.5458984375,
  "summary_bg_stdv": 4383.919921875,
  "summary_fg_k": 1.320039665371409,
  "summary_fg_mad": 11268.025891483965,
  "summary_fg_mean": 73088.9140625,
  "summary_fg_median": 72429.5703125,
  "summary_fg_n": 32791.0,
  "summary_fg_p05": 55051.05859375,
  "summary_fg_p95": 92278.41015625,
  "summary_fg_stdv": 11871.8251953125,
  "tsnr": 86.42127227783203
}