{
  "aor": 0.00019521193092621663,
  "aqi": 0.019273019152276298,
  "bids_meta": {
    "AcquisitionNumber": 10,
    "BidsifyVersion": "0.3.7",
    "ConversionSoftware": "dcm2niix",
    "ConversionSoftwareVersion": "v1.0.20190902",
    "EchoTime": 0.02763,
    "EffectiveEchoSpacing": 0.0006333282667071997,
    "ImageComments": "Upgrade2017",
    "ImageOrientationPatientDICOM": [
      0.997514,
      0.0704134,
      0.00282706,
      -0.0694031,
      0.988573,
      -0.133813
    ],
    "InstitutionName": "Spinoza Centre for Neuroimaging, location REC",
    "MagneticFieldStrength": 3,
    "Manufacturer": "Philips",
    "ParallelAcquisitionTechnique": "SENSE",
    "PatientPosition": "HFS",
    "PhaseEncodingDirection": "j",
    "PhilipsRescaleIntercept": 0,
    "PhilipsRescaleSlope": 0.75702,
    "PhilipsScaleSlope": 0.0974117,
    "ProtocolName": "WIPtask-rest_acq-multiband_boldSENSE",
    "ReconMatrixPE": 80,
    "RepetitionTime": 0.762233,
    "SeriesDescription": "ImageMRSERIES",
    "SeriesNumber": 10,
    "TaskName": "restingstate",
    "TotalReadoutTime": 0.024699802401580786,
    "UsePhilipsFloatNotDisplayScaling": 1,
    "acq_id": "mb3",
    "dataset": "ds003495",
    "modality": "bold",
    "session_id": "pre",
    "subject_id": "07",
    "task_id": "restingstate"
  },
  "dummy_trs": 0,
  "dvars_nstd": 45.09954833383646,
  "dvars_std": 1.1518511488207541,
  "dvars_vstd": 1.0014351299842756,
  "efc": 0.4199087092964756,
  "fber": 184665.75,
  "fd_mean": 0.12215819237111218,
  "fd_num": 49,
  "fd_perc": 7.6923076923076925,
  "fwhm_avg": 1.812887684789955,
  "fwhm_x": 1.74029,
  "fwhm_y": 2.0328033333333333,
  "fwhm_z": 1.6655697210365314,
  "gcor": 0.00887939,
  "gsr_x": -0.03124438226222992,
  "gsr_y": 0.015790700912475586,
  "provenance": {
    "md5sum": "eea34f5676d34e931c165c2b62cf7022",
    "settings": {
      "fd_thres": 0.2,
      "testing": false
    },
    "software": "mriqc",
    "version": "22.0.6",
    "webapi_port": null,
    "webapi_url": "https://mriqc.nimh.nih.gov/api/v1"
  },
  "size_t": 637,
  "size_x": 80,
  "size_y": 80,
  "size_z": 36,
  "snr": 6.849881493471186,
  "spacing_tr": 0.7622327208518982,
  "spacing_x": 3.0,
  "spacing_y": 3.0,
  "spacing_z": 3.299999952316284,
  "summary_bg_k": 32.75592093726849,
  "summary_bg_mad": 49.19364767801062,
  "summary_bg_mean": 537.9190063476562,
  "summary_bg_median": 43.306884765625,
  "summary_bg_n": 160052.0,
  "summary_bg_p05": 2.3999163031578066,
  "summary_bg_p95": 2906.5392944335854,
  "summary_bg_stdv": 1445.82568359375,
  "summary_fg_k": 1.9832222159311668,
  "summary_fg_mad": 2557.9897843124004,
  "summary_fg_mean": 18976.578125,
  "summary_fg_median": 19075.607421875,
  "summary_fg_n": 30153.0,
  "summary_fg_p05": 14551.8998046875,
  "summary_fg_p95": 23312.966406249998,
  "summary_fg_stdv": 2784.76220703125,
  "tsnr": 37.36163330078125
}