{
  "aor": 0.003531127819548872,
  "aqi": 0.014484229624060149,
  "bids_meta": {
    "AcquisitionNumber": 8,
    "BidsifyVersion": "0.3.7",
    "ConversionSoftware": "dcm2niix",
    "ConversionSoftwareVersion": "v1.0.20190902",
    "EchoTime": 0.02763,
    "EffectiveEchoSpacing": 0.0006621159151938905,
    "ImageComments": "Upgrade2017",
    "ImageOrientationPatientDICOM": [
      0.999887,
      0.0139568,
      0.0055129,
      -0.0125656,
      0.979547,
      -0.200821
    ],
    "InstitutionName": "Spinoza Centre for Neuroimaging, location REC",
    "MagneticFieldStrength": 3,
    "Manufacturer": "Philips",
    "ParallelAcquisitionTechnique": "SENSE",
    "PatientPosition": "HFS",
    "PhaseEncodingDirection": "j",
    "PhilipsRescaleIntercept": 0,
    "PhilipsRescaleSlope": 0.77729,
    "PhilipsScaleSlope": 0.0202737,
    "ProtocolName": "task-harriri_acq-sequential_bold",
    "ReconMatrixPE": 80,
    "RepetitionTime": 2,
    "SeriesDescription": "ImageMRSERIES",
    "SeriesNumber": 8,
    "TaskName": "emomatching",
    "TotalReadoutTime": 0.025822520692561732,
    "UsePhilipsFloatNotDisplayScaling": 1,
    "acq_id": "seq",
    "dataset": "ds003495",
    "modality": "bold",
    "session_id": "post",
    "subject_id": "16",
    "task_id": "emomatching"
  },
  "dummy_trs": 0,
  "dvars_nstd": 20.05717741363635,
  "dvars_std": 1.0454862927272723,
  "dvars_vstd": 0.9189306829545458,
  "efc": 0.4164054180919146,
  "fber": 120008.21875,
  "fd_mean": 0.15234257838249957,
  "fd_num": 20,
  "fd_perc": 15.037593984962406,
  "fwhm_avg": 1.9195437479653599,
  "fwhm_x": 1.8573733333333333,
  "fwhm_y": 2.1681866666666667,
  "fwhm_z": 1.7330712438960791,
  "gcor": 0.0169078,
  "gsr_x": -0.01845496892929077,
  "gsr_y": 0.014352111145853996,
  "provenance": {
    "md5sum": "5c8e5f93f0d9ff2892495566c660e5f2",
    "settings": {
      "fd_thres": 0.2,
      "testing": false
    },
    "software": "mriqc",
    "version": "22.0.6",
    "webapi_port": null,
    "webapi_url": "https://mriqc.nimh.nih.gov/api/v1"
  },
  "size_t": 133,
  "size_x": 80,
  "size_y": 80,
  "size_z": 36,
  "snr": 6.274332403314609,
  "spacing_tr": 2.0,
  "spacing_x": 3.0,
  "spacing_y": 3.0,
  "spacing_z": 3.2998297214508057,
  "summary_bg_k": 70.71049987393698,
  "summary_bg_mad": 218.72272415934685,
  "summary_bg_mean": 1242.3016357421875,
  "summary_bg_median": 199.9130859375,
  "summary_bg_n": 156282.0,
  "summary_bg_p05": 21.75358419418335,
  "summary_bg_p95": 6405.317553710935,
  "summary_bg_stdv": 3610.801513671875,
  "summary_fg_k": 1.3473830692753106,
  "summary_fg_mad": 10821.559924191717,
  "summary_fg_mean": 71378.4453125,
  "summary_fg_median": 70443.6875,
  "summary_fg_n": 33646.0,
  "summary_fg_p05": 54710.5966796875,
  "summary_fg_p95": 89694.41015625,
  "summary_fg_stdv": 11227.11328125,
  "tsnr": 53.921531677246094
}