{
  "bids_meta": {
    "AcquisitionNumber": 2,
    "BidsifyVersion": "0.3.7",
    "ConversionSoftware": "dcm2niix",
    "ConversionSoftwareVersion": "v1.0.20190902",
    "EchoTime": 0.00381,
    "ImageComments": "Upgrade_2017",
    "ImageOrientationPatientDICOM": [
      0.999052,
      0.0367066,
      0.0234221,
      -0.0329674,
      0.989054,
      -0.143825
    ],
    "InstitutionName": "Spinoza Centre for Neuroimaging, location REC",
    "MagneticFieldStrength": 3,
    "Manufacturer": "Philips",
    "ParallelAcquisitionTechnique": "SENSE",
    "PatientPosition": "HFS",
    "PhilipsRescaleIntercept": 0,
    "PhilipsRescaleSlope": 12.2242,
    "PhilipsScaleSlope": 0.00499157,
    "ProtocolName": "WIPT1wSENSE",
    "ReconMatrixPE": 240,
    "RepetitionTime": 0.00828,
    "SeriesDescription": "ImageMRSERIES",
    "SeriesNumber": 2,
    "UsePhilipsFloatNotDisplayScaling": 1,
    "dataset": "ds003495",
    "modality": "T1w",
    "session_id": "pre",
    "subject_id": "01"
  },
  "cjv": 0.3325860896964208,
  "cnr": 4.021200509232462,
  "efc": 0.7393506669954133,
  "fber": -1.0,
  "fwhm_avg": 3.72607,
  "fwhm_x": 3.72566,
  "fwhm_y": 3.85781,
  "fwhm_z": 3.59474,
  "icvs_csf": 0.22552513125291598,
  "icvs_gm": 0.43755693290701636,
  "icvs_wm": 0.33691793584006763,
  "inu_med": 0.7031998038291931,
  "inu_range": 0.23271413147449493,
  "provenance": {
    "md5sum": "7fc4c57f7cb4abb59b56cf3e0487f01c",
    "settings": {
      "testing": false
    },
    "software": "mriqc",
    "version": "22.0.6",
    "warnings": {
      "large_rot_frame": true,
      "small_air_mask": true
    },
    "webapi_port": null,
    "webapi_url": "https://mriqc.nimh.nih.gov/api/v1"
  },
  "qi_1": 0.0,
  "qi_2": 0.00017528989127435875,
  "rpve_csf": 28.50668434677142,
  "rpve_gm": 15.12353063283562,
  "rpve_wm": 22.49488333577239,
  "size_x": 240,
  "size_y": 240,
  "size_z": 220,
  "snr_csf": 1.432992784293495,
  "snr_gm": 7.238040322711459,
  "snr_total": 8.752295419060998,
  "snr_wm": 17.58585315017804,
  "snrd_csf": 8.972266368162083,
  "snrd_gm": 35.041808832095384,
  "snrd_total": 34.289467268243584,
  "snrd_wm": 58.854326604473286,
  "spacing_x": 1.0,
  "spacing_y": 1.0,
  "spacing_z": 1.0,
  "summary_bg_k": 21.886513233233277,
  "summary_bg_mad": 0.0,
  "summary_bg_mean": 5.567219988805411,
  "summary_bg_median": 0.0,
  "summary_bg_n": 179081.0,
  "summary_bg_p05": 0.0,
  "summary_bg_p95": 31.922210976481438,
  "summary_bg_stdv": 11.131491096173004,
  "summary_csf_k": 1.2299939443948942,
  "summary_csf_mad": 102.65521783397644,
  "summary_csf_mean": 170.62697607363003,
  "summary_csf_median": 152.44871631264687,
  "summary_csf_n": 20304.0,
  "summary_csf_p05": 33.440057560801506,
  "summary_csf_p95": 368.0706817917525,
  "summary_csf_stdv": 106.38222591387678,
  "summary_gm_k": 0.06684854549472474,
  "summary_gm_mad": 80.59111466876999,
  "summary_gm_mean": 597.4944949711853,
  "summary_gm_median": 595.3990390524268,
  "summary_gm_n": 24300.0,
  "summary_gm_p05": 463.4637821633369,
  "summary_gm_p95": 734.6851795166731,
  "summary_gm_stdv": 82.25800926379917,
  "summary_wm_k": 0.5748385432438279,
  "summary_wm_mad": 53.973543200943254,
  "summary_wm_mean": 997.5330023171355,
  "summary_wm_median": 1000.000019185245,
  "summary_wm_n": 169636.0,
  "summary_wm_p05": 900.8182314410806,
  "summary_wm_p95": 1086.042947433889,
  "summary_wm_stdv": 56.863722399681194,
  "tpm_overlap_csf": 0.14165024855079442,
  "tpm_overlap_gm": 0.459291167489323,
  "tpm_overlap_wm": 0.4871177901383519,
  "wm2max": 0.6907991742848717
}