{
  "aor": 0.0034705185185185186,
  "aqi": 0.004471710370370371,
  "bids_meta": {
    "AcquisitionNumber": 8,
    "BidsifyVersion": "0.3.7",
    "ConversionSoftware": "dcm2niix",
    "ConversionSoftwareVersion": "v1.0.20190902",
    "EchoTime": 0.02763,
    "EffectiveEchoSpacing": 0.0006621159151938905,
    "ImageComments": "Upgrade2017",
    "ImageOrientationPatientDICOM": [
      0.992498,
      -0.0967933,
      0.0746911,
      0.094343,
      0.9949,
      0.0356731
    ],
    "InstitutionName": "Spinoza Centre for Neuroimaging, location REC",
    "MagneticFieldStrength": 3,
    "Manufacturer": "Philips",
    "ParallelAcquisitionTechnique": "SENSE",
    "PatientPosition": "HFS",
    "PhaseEncodingDirection": "j",
    "PhilipsRescaleIntercept": 0,
    "PhilipsRescaleSlope": 0.79121,
    "PhilipsScaleSlope": 0.0572055,
    "ProtocolName": "WIPtask-harriri_acq-sequential_boldSENSE",
    "ReconMatrixPE": 80,
    "RepetitionTime": 2,
    "SeriesDescription": "ImageMRSERIES",
    "SeriesNumber": 8,
    "TaskName": "emomatching",
    "TotalReadoutTime": 0.025822520692561732,
    "UsePhilipsFloatNotDisplayScaling": 1,
    "acq_id": "seq",
    "dataset": "ds003495",
    "modality": "bold",
    "session_id": "pre",
    "subject_id": "06",
    "task_id": "emomatching"
  },
  "dummy_trs": 0,
  "dvars_nstd": 19.23795005477611,
  "dvars_std": 1.2128187427611934,
  "dvars_vstd": 1.017107460298508,
  "efc": 0.4259347886832433,
  "fber": 231761.03125,
  "fd_mean": 0.1203253038906458,
  "fd_num": 14,
  "fd_perc": 10.37037037037037,
  "fwhm_avg": 1.8201121914106964,
  "fwhm_x": 1.7739900000000002,
  "fwhm_y": 1.9610666666666667,
  "fwhm_z": 1.7252799075654224,
  "gcor": 0.0131242,
  "gsr_x": -0.017490271478891373,
  "gsr_y": 0.020656444132328033,
  "provenance": {
    "md5sum": "d278852de1f0b8a17b0c947b264b5d9e",
    "settings": {
      "fd_thres": 0.2,
      "testing": false
    },
    "software": "mriqc",
    "version": "22.0.6",
    "webapi_port": null,
    "webapi_url": "https://mriqc.nimh.nih.gov/api/v1"
  },
  "size_t": 135,
  "size_x": 80,
  "size_y": 80,
  "size_z": 36,
  "snr": 5.449275972067486,
  "spacing_tr": 2.0,
  "spacing_x": 3.0,
  "spacing_y": 3.0,
  "spacing_z": 3.299881935119629,
  "summary_bg_k": 112.49850880789505,
  "summary_bg_mad": 57.891282544718436,
  "summary_bg_mean": 545.380615234375,
  "summary_bg_median": 52.09752655029297,
  "summary_bg_n": 154882.0,
  "summary_bg_p05": 3.6525206208229064,
  "summary_bg_p95": 2793.445751953119,
  "summary_bg_stdv": 1708.58203125,
  "summary_fg_k": 1.429591959048902,
  "summary_fg_mad": 4395.902547185549,
  "summary_fg_mean": 25959.99609375,
  "summary_fg_median": 25505.2578125,
  "summary_fg_n": 35360.0,
  "summary_fg_p05": 19292.55986328125,
  "summary_fg_p95": 33901.428515625,
  "summary_fg_stdv": 4680.41943359375,
  "tsnr": 81.58074951171875
}