{
  "aor": 0.00013805337519623233,
  "aqi": 0.02249655541601256,
  "bids_meta": {
    "AcquisitionNumber": 3,
    "BidsifyVersion": "0.3.7",
    "ConversionSoftware": "dcm2niix",
    "ConversionSoftwareVersion": "v1.0.20190902",
    "EchoTime": 0.02763,
    "EffectiveEchoSpacing": 0.0006333282667071997,
    "ImageComments": "Upgrade2017",
    "ImageOrientationPatientDICOM": [
      0.992498,
      -0.0967933,
      0.0746911,
      0.094343,
      0.9949,
      0.0356731
    ],
    "InstitutionName": "Spinoza Centre for Neuroimaging, location REC",
    "MagneticFieldStrength": 3,
    "Manufacturer": "Philips",
    "ParallelAcquisitionTechnique": "SENSE",
    "PatientPosition": "HFS",
    "PhaseEncodingDirection": "j",
    "PhilipsRescaleIntercept": 0,
    "PhilipsRescaleSlope": 0.76093,
    "PhilipsScaleSlope": 0.0907675,
    "ProtocolName": "WIPtask-rest_acq-multiband_boldSENSE",
    "ReconMatrixPE": 80,
    "RepetitionTime": 0.762233,
    "SeriesDescription": "ImageMRSERIES",
    "SeriesNumber": 3,
    "TaskName": "restingstate",
    "TotalReadoutTime": 0.024699802401580786,
    "UsePhilipsFloatNotDisplayScaling": 1,
    "acq_id": "mb3",
    "dataset": "ds003495",
    "modality": "bold",
    "session_id": "pre",
    "subject_id": "06",
    "task_id": "restingstate"
  },
  "dummy_trs": 0,
  "dvars_nstd": 39.3602553732704,
  "dvars_std": 1.1133513385691816,
  "dvars_vstd": 0.9800611533647805,
  "efc": 0.43147039000055876,
  "fber": 167101.453125,
  "fd_mean": 0.093920618137782,
  "fd_num": 8,
  "fd_perc": 1.2558869701726845,
  "fwhm_avg": 1.8977975132200207,
  "fwhm_x": 1.8614266666666666,
  "fwhm_y": 2.066996666666667,
  "fwhm_z": 1.7649692063267284,
  "gcor": 0.00611399,
  "gsr_x": -0.020308341830968857,
  "gsr_y": 0.022822311148047447,
  "provenance": {
    "md5sum": "93c60b84ead176aa6709cb499de99c7a",
    "settings": {
      "fd_thres": 0.2,
      "testing": false
    },
    "software": "mriqc",
    "version": "22.0.6",
    "webapi_port": null,
    "webapi_url": "https://mriqc.nimh.nih.gov/api/v1"
  },
  "size_t": 637,
  "size_x": 80,
  "size_y": 80,
  "size_z": 36,
  "snr": 7.070473530794121,
  "spacing_tr": 0.7622327208518982,
  "spacing_x": 3.0,
  "spacing_y": 3.0,
  "spacing_z": 3.299881935119629,
  "summary_bg_k": 52.69095389801415,
  "summary_bg_mad": 53.4000268450946,
  "summary_bg_mean": 468.47064208984375,
  "summary_bg_median": 47.900779724121094,
  "summary_bg_n": 155609.0,
  "summary_bg_p05": 3.5891068935394297,
  "summary_bg_p95": 2449.1651855468776,
  "summary_bg_stdv": 1266.342529296875,
  "summary_fg_k": 1.594412800753072,
  "summary_fg_mad": 2649.882164785168,
  "summary_fg_mean": 20035.0703125,
  "summary_fg_median": 19986.2734375,
  "summary_fg_n": 34601.0,
  "summary_fg_p05": 15760.9990234375,
  "summary_fg_p95": 24697.60546875,
  "summary_fg_stdv": 2826.6826171875,
  "tsnr": 37.301841735839844
}