{
  "aor": 0.0010120833333333334,
  "aqi": 0.010263836541666665,
  "bids_meta": {
    "AcquisitionNumber": 10,
    "BidsifyVersion": "0.3.7",
    "ConversionSoftware": "dcm2niix",
    "ConversionSoftwareVersion": "v1.0.20190902",
    "EchoTime": 0.02763,
    "EffectiveEchoSpacing": 0.0006621159151938905,
    "ImageComments": "Upgrade2017",
    "ImageOrientationPatientDICOM": [
      0.992498,
      -0.0967933,
      0.0746911,
      0.094343,
      0.9949,
      0.0356731
    ],
    "InstitutionName": "Spinoza Centre for Neuroimaging, location REC",
    "MagneticFieldStrength": 3,
    "Manufacturer": "Philips",
    "ParallelAcquisitionTechnique": "SENSE",
    "PatientPosition": "HFS",
    "PhaseEncodingDirection": "j",
    "PhilipsRescaleIntercept": 0,
    "PhilipsRescaleSlope": 0.81099,
    "PhilipsScaleSlope": 0.0549525,
    "ProtocolName": "WIPtask-rest_acq-sequential_boldSENSE",
    "ReconMatrixPE": 80,
    "RepetitionTime": 2,
    "SeriesDescription": "ImageMRSERIES",
    "SeriesNumber": 10,
    "TaskName": "restingstate",
    "TotalReadoutTime": 0.025822520692561732,
    "UsePhilipsFloatNotDisplayScaling": 1,
    "acq_id": "seq",
    "dataset": "ds003495",
    "modality": "bold",
    "session_id": "pre",
    "subject_id": "06",
    "task_id": "restingstate"
  },
  "dummy_trs": 0,
  "dvars_nstd": 20.849587540209214,
  "dvars_std": 1.0742015226778239,
  "dvars_vstd": 0.9303819822175726,
  "efc": 0.42636566133012926,
  "fber": 231981.359375,
  "fd_mean": 0.17235262306706153,
  "fd_num": 62,
  "fd_perc": 25.833333333333332,
  "fwhm_avg": 1.847880139734663,
  "fwhm_x": 1.8091,
  "fwhm_y": 1.97802,
  "fwhm_z": 1.7565204192039887,
  "gcor": 0.0223835,
  "gsr_x": -0.017219167202711105,
  "gsr_y": 0.019954420626163483,
  "provenance": {
    "md5sum": "d5a59e5ab90f20671ee10c565717e265",
    "settings": {
      "fd_thres": 0.2,
      "testing": false
    },
    "software": "mriqc",
    "version": "22.0.6",
    "webapi_port": null,
    "webapi_url": "https://mriqc.nimh.nih.gov/api/v1"
  },
  "size_t": 240,
  "size_x": 80,
  "size_y": 80,
  "size_z": 36,
  "snr": 5.471888334898627,
  "spacing_tr": 2.0,
  "spacing_x": 3.0,
  "spacing_y": 3.0,
  "spacing_z": 3.299881935119629,
  "summary_bg_k": 116.91760424972433,
  "summary_bg_mad": 59.12530991092388,
  "summary_bg_mean": 554.4489135742188,
  "summary_bg_median": 53.021087646484375,
  "summary_bg_n": 154729.0,
  "summary_bg_p05": 4.214626598358155,
  "summary_bg_p95": 2872.458691406251,
  "summary_bg_stdv": 1718.97119140625,
  "summary_fg_k": 1.354554124216678,
  "summary_fg_mad": 4435.284168614604,
  "summary_fg_mean": 26442.26171875,
  "summary_fg_median": 25957.296875,
  "summary_fg_n": 35470.0,
  "summary_fg_p05": 19663.49111328125,
  "summary_fg_p95": 34504.077343749996,
  "summary_fg_stdv": 4743.68798828125,
  "tsnr": 59.543907165527344
}