{
  "aor": 0.000269433962264151,
  "aqi": 0.027608168710691824,
  "bids_meta": {
    "AcquisitionNumber": 3,
    "BidsifyVersion": "0.3.7",
    "ConversionSoftware": "dcm2niix",
    "ConversionSoftwareVersion": "v1.0.20190902",
    "EchoTime": 0.02763,
    "EffectiveEchoSpacing": 0.0006333282667071997,
    "ImageComments": "Upgrade2017",
    "ImageOrientationPatientDICOM": [
      0.998021,
      0.0498332,
      0.038345,
      -0.0348517,
      0.945991,
      -0.322313
    ],
    "InstitutionName": "Spinoza Centre for Neuroimaging, location REC",
    "MagneticFieldStrength": 3,
    "Manufacturer": "Philips",
    "ParallelAcquisitionTechnique": "SENSE",
    "PatientPosition": "HFS",
    "PhaseEncodingDirection": "j",
    "PhilipsRescaleIntercept": 0,
    "PhilipsRescaleSlope": 0.78388,
    "PhilipsScaleSlope": 0.0952036,
    "ProtocolName": "WIPtask-rest_acq-multiband_boldSENSE",
    "ReconMatrixPE": 80,
    "RepetitionTime": 0.764623,
    "SeriesDescription": "ImageMRSERIES",
    "SeriesNumber": 3,
    "TaskName": "restingstate",
    "TotalReadoutTime": 0.024699802401580786,
    "UsePhilipsFloatNotDisplayScaling": 1,
    "acq_id": "mb3",
    "dataset": "ds003495",
    "modality": "bold",
    "session_id": "pre",
    "subject_id": "10",
    "task_id": "restingstate"
  },
  "dummy_trs": 1,
  "dvars_nstd": 51.5504339084252,
  "dvars_std": 1.1196897986299226,
  "dvars_vstd": 1.00250141855118,
  "efc": 0.43296872285503574,
  "fber": 230209.796875,
  "fd_mean": 0.11603666877242962,
  "fd_num": 38,
  "fd_perc": 5.9748427672955975,
  "fwhm_avg": 1.7243303656559796,
  "fwhm_x": 1.6984433333333333,
  "fwhm_y": 1.8869166666666668,
  "fwhm_z": 1.5876310969679386,
  "gcor": 0.0117572,
  "gsr_x": -0.015371803194284439,
  "gsr_y": 0.010002966970205307,
  "provenance": {
    "md5sum": "918a0265fc9814f2efb08ddae06ae897",
    "settings": {
      "fd_thres": 0.2,
      "testing": false
    },
    "software": "mriqc",
    "version": "22.0.6",
    "webapi_port": null,
    "webapi_url": "https://mriqc.nimh.nih.gov/api/v1"
  },
  "size_t": 636,
  "size_x": 80,
  "size_y": 80,
  "size_z": 36,
  "snr": 7.075877812530722,
  "spacing_tr": 0.7646226286888123,
  "spacing_x": 3.0,
  "spacing_y": 3.0,
  "spacing_z": 3.3001747131347656,
  "summary_bg_k": 35.08537956693789,
  "summary_bg_mad": 39.842646900332646,
  "summary_bg_mean": 524.9390869140625,
  "summary_bg_median": 36.637996673583984,
  "summary_bg_n": 157032.0,
  "summary_bg_p05": 2.4390913605690003,
  "summary_bg_p95": 2837.542199707019,
  "summary_bg_stdv": 1463.8466796875,
  "summary_fg_k": 2.2335447977507146,
  "summary_fg_mad": 2383.2005385852017,
  "summary_fg_mean": 17907.68359375,
  "summary_fg_median": 17974.912109375,
  "summary_fg_n": 32853.0,
  "summary_fg_p05": 13891.555078125,
  "summary_fg_p95": 21816.102734375,
  "summary_fg_stdv": 2540.269775390625,
  "tsnr": 30.94900894165039
}