{
  "aor": 0.0005991811023622047,
  "aqi": 0.010757020267716536,
  "bids_meta": {
    "AcquisitionNumber": 3,
    "BidsifyVersion": "0.3.7",
    "ConversionSoftware": "dcm2niix",
    "ConversionSoftwareVersion": "v1.0.20190902",
    "EchoTime": 0.02763,
    "EffectiveEchoSpacing": 0.0006333282667071997,
    "ImageComments": "Upgrade_2017",
    "ImageOrientationPatientDICOM": [
      0.999843,
      0.00369506,
      -0.0173303,
      -0.00820194,
      0.963446,
      -0.267778
    ],
    "InstitutionName": "Spinoza Centre for Neuroimaging, location REC",
    "MagneticFieldStrength": 3,
    "Manufacturer": "Philips",
    "ParallelAcquisitionTechnique": "SENSE",
    "PatientPosition": "HFS",
    "PhaseEncodingDirection": "j",
    "PhilipsRescaleIntercept": 0,
    "PhilipsRescaleSlope": 0.79463,
    "PhilipsScaleSlope": 0.0441462,
    "ProtocolName": "task-rest_acq-multiband_bold",
    "ReconMatrixPE": 80,
    "RepetitionTime": 0.763994,
    "SeriesDescription": "ImageMRSERIES",
    "SeriesNumber": 3,
    "TaskName": "restingstate",
    "TotalReadoutTime": 0.024699802401580786,
    "UsePhilipsFloatNotDisplayScaling": 1,
    "acq_id": "mb3",
    "dataset": "ds003495",
    "modality": "bold",
    "session_id": "post",
    "subject_id": "05",
    "task_id": "restingstate"
  },
  "dummy_trs": 2,
  "dvars_nstd": 22.45542078282335,
  "dvars_std": 1.1593933867981079,
  "dvars_vstd": 1.0096624284858056,
  "efc": 0.4249871572069899,
  "fber": 1252707.75,
  "fd_mean": 0.171575051542525,
  "fd_num": 230,
  "fd_perc": 36.22047244094488,
  "fwhm_avg": 1.908352842998272,
  "fwhm_x": 1.8411099999999998,
  "fwhm_y": 2.16996,
  "fwhm_z": 1.7139885289948156,
  "gcor": 0.0291105,
  "gsr_x": -0.015000410377979279,
  "gsr_y": 0.01437161024659872,
  "provenance": {
    "md5sum": "25a173d6d969703d47613a83bef1ca87",
    "settings": {
      "fd_thres": 0.2,
      "testing": false
    },
    "software": "mriqc",
    "version": "22.0.6",
    "webapi_port": null,
    "webapi_url": "https://mriqc.nimh.nih.gov/api/v1"
  },
  "size_t": 635,
  "size_x": 80,
  "size_y": 80,
  "size_z": 36,
  "snr": 9.330595046411023,
  "spacing_tr": 0.7639937400817871,
  "spacing_x": 3.0,
  "spacing_y": 3.0,
  "spacing_z": 3.2998878955841064,
  "summary_bg_k": 58.66681285232328,
  "summary_bg_mad": 57.430924178409114,
  "summary_bg_mean": 1033.89599609375,
  "summary_bg_median": 40.59769058227539,
  "summary_bg_n": 156164.0,
  "summary_bg_p05": 0.6735126584768295,
  "summary_bg_p95": 4793.6507080078145,
  "summary_bg_stdv": 3223.60302734375,
  "summary_fg_k": 6.125171429419204,
  "summary_fg_mad": 4002.197817632132,
  "summary_fg_mean": 45565.109375,
  "summary_fg_median": 45967.1171875,
  "summary_fg_n": 33413.0,
  "summary_fg_p05": 37596.07421875,
  "summary_fg_p95": 52613.92578125,
  "summary_fg_stdv": 4926.419921875,
  "tsnr": 72.28433227539062
}