{
  "aor": 0.0007075,
  "aqi": 0.002964129625,
  "bids_meta": {
    "AcquisitionNumber": 10,
    "BidsifyVersion": "0.3.7",
    "ConversionSoftware": "dcm2niix",
    "ConversionSoftwareVersion": "v1.0.20190902",
    "EchoTime": 0.02763,
    "EffectiveEchoSpacing": 0.0006621159151938905,
    "ImageComments": "Upgrade2017",
    "ImageOrientationPatientDICOM": [
      0.999474,
      -0.0241529,
      0.0216577,
      0.0247757,
      0.999273,
      -0.028964
    ],
    "InstitutionName": "Spinoza Centre for Neuroimaging, location REC",
    "MagneticFieldStrength": 3,
    "Manufacturer": "Philips",
    "ParallelAcquisitionTechnique": "SENSE",
    "PatientPosition": "HFS",
    "PhaseEncodingDirection": "j",
    "PhilipsRescaleIntercept": 0,
    "PhilipsRescaleSlope": 0.81538,
    "PhilipsScaleSlope": 0.0481107,
    "ProtocolName": "WIPtask-rest_acq-sequential_boldSENSE",
    "ReconMatrixPE": 80,
    "RepetitionTime": 2,
    "SeriesDescription": "ImageMRSERIES",
    "SeriesNumber": 10,
    "TaskName": "restingstate",
    "TotalReadoutTime": 0.025822520692561732,
    "UsePhilipsFloatNotDisplayScaling": 1,
    "acq_id": "seq",
    "dataset": "ds003495",
    "modality": "bold",
    "session_id": "pre",
    "subject_id": "14",
    "task_id": "restingstate"
  },
  "dummy_trs": 0,
  "dvars_nstd": 17.81262750527198,
  "dvars_std": 1.1739441335983267,
  "dvars_vstd": 0.9984271303347277,
  "efc": 0.4439386745368898,
  "fber": 211392.078125,
  "fd_mean": 0.08428307000026722,
  "fd_num": 3,
  "fd_perc": 1.25,
  "fwhm_avg": 1.836272985501617,
  "fwhm_x": 1.76725,
  "fwhm_y": 2.0321966666666667,
  "fwhm_z": 1.7093722898381845,
  "gcor": 0.0167898,
  "gsr_x": -0.018609022721648216,
  "gsr_y": 0.023817390203475952,
  "provenance": {
    "md5sum": "c8a46b5ae1107217f91746573b193462",
    "settings": {
      "fd_thres": 0.2,
      "testing": false
    },
    "software": "mriqc",
    "version": "22.0.6",
    "webapi_port": null,
    "webapi_url": "https://mriqc.nimh.nih.gov/api/v1"
  },
  "size_t": 240,
  "size_x": 80,
  "size_y": 80,
  "size_z": 36,
  "snr": 5.6472129351070315,
  "spacing_tr": 2.0,
  "spacing_x": 3.0,
  "spacing_y": 3.0,
  "spacing_z": 3.2998838424682617,
  "summary_bg_k": 68.37041627413471,
  "summary_bg_mad": 62.89031921084533,
  "summary_bg_mean": 787.3779296875,
  "summary_bg_median": 59.889320373535156,
  "summary_bg_n": 152434.0,
  "summary_bg_p05": 3.4733111977577216,
  "summary_bg_p95": 4687.617358398437,
  "summary_bg_stdv": 2367.482421875,
  "summary_fg_k": 2.3287418396754047,
  "summary_fg_mad": 4438.486821063172,
  "summary_fg_mean": 28611.546875,
  "summary_fg_median": 28185.767578125,
  "summary_fg_n": 36924.0,
  "summary_fg_p05": 21299.54892578125,
  "summary_fg_p95": 36629.4080078125,
  "summary_fg_stdv": 4991.02587890625,
  "tsnr": 95.62940979003906
}