{
  "aor": 0.004066749999999999,
  "aqi": 0.0037975117916666666,
  "bids_meta": {
    "AcquisitionNumber": 10,
    "BidsifyVersion": "0.3.7",
    "ConversionSoftware": "dcm2niix",
    "ConversionSoftwareVersion": "v1.0.20190902",
    "EchoTime": 0.02763,
    "EffectiveEchoSpacing": 0.0006621159151938905,
    "ImageComments": "upgrade2017",
    "ImageOrientationPatientDICOM": [
      0.999832,
      0.0165041,
      -0.00799571,
      -0.0176267,
      0.985181,
      -0.170611
    ],
    "InstitutionName": "Spinoza Centre for Neuroimaging, location REC",
    "MagneticFieldStrength": 3,
    "Manufacturer": "Philips",
    "ParallelAcquisitionTechnique": "SENSE",
    "PatientPosition": "HFS",
    "PhaseEncodingDirection": "j",
    "PhilipsRescaleIntercept": 0,
    "PhilipsRescaleSlope": 0.76947,
    "PhilipsScaleSlope": 0.0568704,
    "ProtocolName": "WIPtask-rest_acq-sequential_boldSENSE",
    "ReconMatrixPE": 80,
    "RepetitionTime": 2,
    "SeriesDescription": "ImageMRSERIES",
    "SeriesNumber": 10,
    "TaskName": "restingstate",
    "TotalReadoutTime": 0.025822520692561732,
    "UsePhilipsFloatNotDisplayScaling": 1,
    "acq_id": "seq",
    "dataset": "ds003495",
    "modality": "bold",
    "session_id": "pre",
    "subject_id": "18",
    "task_id": "restingstate"
  },
  "dummy_trs": 0,
  "dvars_nstd": 18.236722942217582,
  "dvars_std": 1.2152098006276142,
  "dvars_vstd": 1.0468532669456068,
  "efc": 0.41300572580770906,
  "fber": 208977.875,
  "fd_mean": 0.1307221352785481,
  "fd_num": 27,
  "fd_perc": 11.25,
  "fwhm_avg": 1.8565510862515584,
  "fwhm_x": 1.8268833333333332,
  "fwhm_y": 1.9991899999999998,
  "fwhm_z": 1.7435799254213427,
  "gcor": 0.0788726,
  "gsr_x": -0.012419718317687511,
  "gsr_y": 0.014413166791200638,
  "provenance": {
    "md5sum": "ca912dbef09d07b10502f172cd4eab87",
    "settings": {
      "fd_thres": 0.2,
      "testing": false
    },
    "software": "mriqc",
    "version": "22.0.6",
    "webapi_port": null,
    "webapi_url": "https://mriqc.nimh.nih.gov/api/v1"
  },
  "size_t": 240,
  "size_x": 80,
  "size_y": 80,
  "size_z": 36,
  "snr": 5.581243041104462,
  "spacing_tr": 2.0,
  "spacing_x": 3.0,
  "spacing_y": 3.0,
  "spacing_z": 3.299877405166626,
  "summary_bg_k": 114.25515692016619,
  "summary_bg_mad": 53.58911597653537,
  "summary_bg_mean": 492.4037170410156,
  "summary_bg_median": 54.42176055908203,
  "summary_bg_n": 156944.0,
  "summary_bg_p05": 3.3761951684951788,
  "summary_bg_p95": 2674.372106933596,
  "summary_bg_stdv": 1635.311767578125,
  "summary_fg_k": 1.197132839262176,
  "summary_fg_mad": 4391.792090448891,
  "summary_fg_mean": 25888.67578125,
  "summary_fg_median": 25583.203125,
  "summary_fg_n": 33486.0,
  "summary_fg_p05": 18944.259765625,
  "summary_fg_p95": 33310.669921875,
  "summary_fg_stdv": 4583.7138671875,
  "tsnr": 83.31190490722656
}