{
  "bids_meta": {
    "AcquisitionNumber": 2,
    "BidsifyVersion": "0.3.7",
    "ConversionSoftware": "dcm2niix",
    "ConversionSoftwareVersion": "v1.0.20190902",
    "EchoTime": 0.00385,
    "ImageComments": "Upgrade_2017",
    "ImageOrientationPatientDICOM": [
      0.99812,
      0.0597356,
      0.0137116,
      -0.0559783,
      0.979619,
      -0.192907
    ],
    "InstitutionName": "Spinoza Centre for Neuroimaging, location REC",
    "InversionTime": 0.9,
    "MagneticFieldStrength": 3,
    "Manufacturer": "Philips",
    "ParallelAcquisitionTechnique": "SENSE",
    "PatientPosition": "HFS",
    "PhilipsRescaleIntercept": 0,
    "PhilipsRescaleSlope": 3.51306,
    "PhilipsScaleSlope": 0.00518922,
    "ProtocolName": "T1w",
    "ReconMatrixPE": 240,
    "RepetitionTime": 0.008339,
    "SeriesDescription": "ImageMRSERIES",
    "SeriesNumber": 2,
    "UsePhilipsFloatNotDisplayScaling": 1,
    "dataset": "ds003495",
    "modality": "T1w",
    "session_id": "post",
    "subject_id": "01"
  },
  "cjv": 0.2753616282322584,
  "cnr": 4.775743030223545,
  "efc": 0.6810890323270696,
  "fber": 21328.7769140625,
  "fwhm_avg": 4.269216666666668,
  "fwhm_x": 4.23974,
  "fwhm_y": 4.42595,
  "fwhm_z": 4.14196,
  "icvs_csf": 0.23392744192768788,
  "icvs_gm": 0.4424617159341723,
  "icvs_wm": 0.32361084213813984,
  "inu_med": 0.5729751586914062,
  "inu_range": 0.18489165306091304,
  "provenance": {
    "md5sum": "47b16ff80f55c126df507a5e1e6adba2",
    "settings": {
      "testing": false
    },
    "software": "mriqc",
    "version": "22.0.6",
    "warnings": {
      "large_rot_frame": true,
      "small_air_mask": false
    },
    "webapi_port": null,
    "webapi_url": "https://mriqc.nimh.nih.gov/api/v1"
  },
  "qi_1": 0.0,
  "qi_2": 4.408209103622372e-05,
  "rpve_csf": 27.460967385946777,
  "rpve_gm": 15.060049243553616,
  "rpve_wm": 23.852982688487373,
  "size_x": 240,
  "size_y": 240,
  "size_z": 220,
  "snr_csf": 1.3018380465139747,
  "snr_gm": 8.88756033827272,
  "snr_total": 11.780361065012643,
  "snr_wm": 25.151684810251236,
  "snrd_csf": 7.982049273076419,
  "snrd_gm": 39.89409728647759,
  "snrd_total": 37.561778799843886,
  "snrd_wm": 64.80918983997766,
  "spacing_x": 1.0,
  "spacing_y": 1.0,
  "spacing_z": 1.0,
  "summary_bg_k": 810.8102702876904,
  "summary_bg_mad": 0.0,
  "summary_bg_mean": 5.080022661089351,
  "summary_bg_median": 0.0,
  "summary_bg_n": 427663.0,
  "summary_bg_p05": 0.0,
  "summary_bg_p95": 20.74980203807354,
  "summary_bg_stdv": 10.108696150407994,
  "summary_csf_k": 2.214698075948906,
  "summary_csf_mad": 84.19716403465735,
  "summary_csf_mean": 144.5791231284208,
  "summary_csf_median": 123.1623075120151,
  "summary_csf_n": 39992.0,
  "summary_csf_p05": 34.38668067008257,
  "summary_csf_p95": 331.7986221639436,
  "summary_csf_stdv": 94.60529133817701,
  "summary_gm_k": 0.20069559085900357,
  "summary_gm_mad": 68.91606725134298,
  "summary_gm_mean": 617.1889430091118,
  "summary_gm_median": 615.5623587146401,
  "summary_gm_n": 42065.0,
  "summary_gm_p05": 506.1773760929704,
  "summary_gm_p95": 731.0907325074077,
  "summary_gm_stdv": 69.26029398874235,
  "summary_wm_k": 0.8329810635816042,
  "summary_wm_mad": 36.94331090471603,
  "summary_wm_mean": 997.8855552698305,
  "summary_wm_median": 1000.0000119768083,
  "summary_wm_n": 168076.0,
  "summary_wm_p05": 929.3464829847217,
  "summary_wm_p95": 1058.942135233432,
  "summary_wm_stdv": 39.75865015293367,
  "tpm_overlap_csf": 0.1466310304530388,
  "tpm_overlap_gm": 0.4691719698528778,
  "tpm_overlap_wm": 0.4926844423292028,
  "wm2max": 0.7088719389803292
}