{
  "bids_meta": {
    "AcquisitionNumber": 2,
    "BidsifyVersion": "0.3.7",
    "ConversionSoftware": "dcm2niix",
    "ConversionSoftwareVersion": "v1.0.20190902",
    "EchoTime": 0.00379,
    "ImageComments": "Upgrade2017",
    "ImageOrientationPatientDICOM": [
      0.999841,
      -0.0174182,
      0.00392989,
      0.0178014,
      0.989548,
      -0.1431
    ],
    "InstitutionName": "Spinoza Centre for Neuroimaging, location REC",
    "MagneticFieldStrength": 3,
    "Manufacturer": "Philips",
    "ParallelAcquisitionTechnique": "SENSE",
    "PatientPosition": "HFS",
    "PhilipsRescaleIntercept": 0,
    "PhilipsRescaleSlope": 12.5482,
    "PhilipsScaleSlope": 0.00486891,
    "ProtocolName": "WIPT1wSENSE",
    "ReconMatrixPE": 240,
    "RepetitionTime": 0.008253,
    "SeriesDescription": "ImageMRSERIES",
    "SeriesNumber": 2,
    "UsePhilipsFloatNotDisplayScaling": 1,
    "dataset": "ds003495",
    "modality": "T1w",
    "session_id": "pre",
    "subject_id": "08"
  },
  "cjv": 0.3457755375494819,
  "cnr": 3.863386644098184,
  "efc": 0.756401758177654,
  "fber": -1.0,
  "fwhm_avg": 3.706636666666667,
  "fwhm_x": 3.70047,
  "fwhm_y": 3.84569,
  "fwhm_z": 3.57375,
  "icvs_csf": 0.2173275616866638,
  "icvs_gm": 0.4261885517804343,
  "icvs_wm": 0.3564838865329019,
  "inu_med": 0.6911173462867737,
  "inu_range": 0.26142427921295164,
  "provenance": {
    "md5sum": "8ce924ce305916dd74bad4deb744f927",
    "settings": {
      "testing": false
    },
    "software": "mriqc",
    "version": "22.0.6",
    "warnings": {
      "large_rot_frame": true,
      "small_air_mask": true
    },
    "webapi_port": null,
    "webapi_url": "https://mriqc.nimh.nih.gov/api/v1"
  },
  "qi_1": 0.0,
  "qi_2": 0.00010277881100757328,
  "rpve_csf": 22.55857936559209,
  "rpve_gm": 11.979359511840945,
  "rpve_wm": 16.9802058184859,
  "size_x": 240,
  "size_y": 240,
  "size_z": 220,
  "snr_csf": 1.4400397265192058,
  "snr_gm": 6.394442391232266,
  "snr_total": 8.153458325219802,
  "snr_wm": 16.625892857907935,
  "snrd_csf": 21.065220027866534,
  "snrd_gm": 74.20265612406563,
  "snrd_total": 74.44656702223934,
  "snrd_wm": 128.07182491478585,
  "spacing_x": 1.0,
  "spacing_y": 1.0,
  "spacing_z": 1.0,
  "summary_bg_k": 85.40849102954445,
  "summary_bg_mad": 0.0,
  "summary_bg_mean": 1.0361483052495721,
  "summary_bg_median": 0.0,
  "summary_bg_n": 157127.0,
  "summary_bg_p05": 0.0,
  "summary_bg_p95": 10.579576453194022,
  "summary_bg_stdv": 5.115382543442729,
  "summary_csf_k": 0.8540713498027377,
  "summary_csf_mad": 111.41231608050843,
  "summary_csf_mean": 186.0192595810608,
  "summary_csf_median": 164.47973094508052,
  "summary_csf_n": 18279.0,
  "summary_csf_p05": 34.084635442681616,
  "summary_csf_p95": 399.87651750650247,
  "summary_csf_stdv": 114.21575996131257,
  "summary_gm_k": 0.008874028064289607,
  "summary_gm_mad": 88.90731537739026,
  "summary_gm_mean": 581.6683053873229,
  "summary_gm_median": 579.3831205442548,
  "summary_gm_n": 29810.0,
  "summary_gm_p05": 434.064043566864,
  "summary_gm_p95": 735.268458718434,
  "summary_gm_stdv": 90.60577405856611,
  "summary_wm_k": 0.602056965783242,
  "summary_wm_mad": 56.53170033079922,
  "summary_wm_mean": 998.3471369236606,
  "summary_wm_median": 999.9999656192958,
  "summary_wm_n": 239107.0,
  "summary_wm_p05": 897.8356346525252,
  "summary_wm_p95": 1094.271980971098,
  "summary_wm_stdv": 60.14701785038406,
  "tpm_overlap_csf": 0.15715705731039362,
  "tpm_overlap_gm": 0.45902213154051036,
  "tpm_overlap_wm": 0.5119922285097122,
  "wm2max": 0.7301104728236854
}