{
  "aor": 0.0009442386185243328,
  "aqi": 0.011571917676609107,
  "bids_meta": {
    "AcquisitionNumber": 10,
    "BidsifyVersion": "0.3.7",
    "ConversionSoftware": "dcm2niix",
    "ConversionSoftwareVersion": "v1.0.20190902",
    "EchoTime": 0.02763,
    "EffectiveEchoSpacing": 0.0006333282667071997,
    "ImageComments": "Upgrade_2017",
    "ImageOrientationPatientDICOM": [
      0.998206,
      0.0462715,
      0.0379867,
      -0.0441063,
      0.997457,
      -0.0559845
    ],
    "InstitutionName": "Spinoza Centre for Neuroimaging, location REC",
    "MagneticFieldStrength": 3,
    "Manufacturer": "Philips",
    "ParallelAcquisitionTechnique": "SENSE",
    "PatientPosition": "HFS",
    "PhaseEncodingDirection": "j",
    "PhilipsRescaleIntercept": 0,
    "PhilipsRescaleSlope": 0.77338,
    "PhilipsScaleSlope": 0.0396464,
    "ProtocolName": "task-rest_acq-multiband_bold",
    "ReconMatrixPE": 80,
    "RepetitionTime": 0.763994,
    "SeriesDescription": "ImageMRSERIES",
    "SeriesNumber": 10,
    "TaskName": "restingstate",
    "TotalReadoutTime": 0.024699802401580786,
    "UsePhilipsFloatNotDisplayScaling": 1,
    "acq_id": "mb3",
    "dataset": "ds003495",
    "modality": "bold",
    "session_id": "post",
    "subject_id": "20",
    "task_id": "restingstate"
  },
  "dummy_trs": 0,
  "dvars_nstd": 19.212698972500007,
  "dvars_std": 1.0955401277201242,
  "dvars_vstd": 1.0178798608018869,
  "efc": 0.45712852658330694,
  "fber": 546277.625,
  "fd_mean": 0.11515291558249705,
  "fd_num": 57,
  "fd_perc": 8.948194662480377,
  "fwhm_avg": 2.079017163669099,
  "fwhm_x": 2.0316466666666666,
  "fwhm_y": 2.365013333333333,
  "fwhm_z": 1.8403914910072974,
  "gcor": 0.0557312,
  "gsr_x": -0.01386340893805027,
  "gsr_y": 0.020893311128020287,
  "provenance": {
    "md5sum": "52ed7654cd5413637eae2fdce249ee44",
    "settings": {
      "fd_thres": 0.2,
      "testing": false
    },
    "software": "mriqc",
    "version": "22.0.6",
    "webapi_port": null,
    "webapi_url": "https://mriqc.nimh.nih.gov/api/v1"
  },
  "size_t": 637,
  "size_x": 80,
  "size_y": 80,
  "size_z": 36,
  "snr": 8.708430378615402,
  "spacing_tr": 0.7639937400817871,
  "spacing_x": 3.0,
  "spacing_y": 3.0,
  "spacing_z": 3.300123929977417,
  "summary_bg_k": 34.68844765520017,
  "summary_bg_mad": 91.1406983653909,
  "summary_bg_mean": 1448.4307861328125,
  "summary_bg_median": 64.59366607666016,
  "summary_bg_n": 150817.0,
  "summary_bg_p05": 1.3369211435317994,
  "summary_bg_p95": 8110.927441406238,
  "summary_bg_stdv": 3896.697509765625,
  "summary_fg_k": 2.5582565778561692,
  "summary_fg_mad": 5376.051742551839,
  "summary_fg_mean": 49601.34765625,
  "summary_fg_median": 49936.7109375,
  "summary_fg_n": 38212.0,
  "summary_fg_p05": 40230.6408203125,
  "summary_fg_p95": 58203.6189453125,
  "summary_fg_stdv": 5734.22021484375,
  "tsnr": 62.867759704589844
}