{
  "aor": 0.006770916666666667,
  "aqi": 0.011775517708333334,
  "bids_meta": {
    "AcquisitionNumber": 3,
    "BidsifyVersion": "0.3.7",
    "ConversionSoftware": "dcm2niix",
    "ConversionSoftwareVersion": "v1.0.20190902",
    "EchoTime": 0.02763,
    "EffectiveEchoSpacing": 0.0006621159151938905,
    "ImageComments": "Upgrade_2017",
    "ImageOrientationPatientDICOM": [
      0.998206,
      0.0462715,
      0.0379867,
      -0.0441063,
      0.997457,
      -0.0559845
    ],
    "InstitutionName": "Spinoza Centre for Neuroimaging, location REC",
    "MagneticFieldStrength": 3,
    "Manufacturer": "Philips",
    "ParallelAcquisitionTechnique": "SENSE",
    "PatientPosition": "HFS",
    "PhaseEncodingDirection": "j",
    "PhilipsRescaleIntercept": 0,
    "PhilipsRescaleSlope": 0.74945,
    "PhilipsScaleSlope": 0.0219118,
    "ProtocolName": "task-rest_acq-sequential_bold",
    "ReconMatrixPE": 80,
    "RepetitionTime": 2,
    "SeriesDescription": "ImageMRSERIES",
    "SeriesNumber": 3,
    "TaskName": "restingstate",
    "TotalReadoutTime": 0.025822520692561732,
    "UsePhilipsFloatNotDisplayScaling": 1,
    "acq_id": "seq",
    "dataset": "ds003495",
    "modality": "bold",
    "session_id": "post",
    "subject_id": "20",
    "task_id": "restingstate"
  },
  "dummy_trs": 0,
  "dvars_nstd": 20.427572386025105,
  "dvars_std": 1.1538120016317999,
  "dvars_vstd": 1.0407938253138072,
  "efc": 0.4538544299683514,
  "fber": 59462.50390625,
  "fd_mean": 0.16533340643225186,
  "fd_num": 67,
  "fd_perc": 27.916666666666668,
  "fwhm_avg": 1.9874618608137797,
  "fwhm_x": 1.9791400000000001,
  "fwhm_y": 2.2275933333333335,
  "fwhm_z": 1.7556522491080049,
  "gcor": 0.0202029,
  "gsr_x": -0.011452805250883102,
  "gsr_y": 0.020314937457442284,
  "provenance": {
    "md5sum": "8451ec409970448619e37fc1ba835e50",
    "settings": {
      "fd_thres": 0.2,
      "testing": false
    },
    "software": "mriqc",
    "version": "22.0.6",
    "webapi_port": null,
    "webapi_url": "https://mriqc.nimh.nih.gov/api/v1"
  },
  "size_t": 240,
  "size_x": 80,
  "size_y": 80,
  "size_z": 36,
  "snr": 5.993030951364384,
  "spacing_tr": 2.0,
  "spacing_x": 3.0,
  "spacing_y": 3.0,
  "spacing_z": 3.300123929977417,
  "summary_bg_k": 67.4622109906959,
  "summary_bg_mad": 303.0985352360507,
  "summary_bg_mean": 1889.5880126953125,
  "summary_bg_median": 265.86480712890625,
  "summary_bg_n": 150604.0,
  "summary_bg_p05": 24.905633163452148,
  "summary_bg_p95": 10157.315527343766,
  "summary_bg_stdv": 5268.65771484375,
  "summary_fg_k": 1.4037221351032665,
  "summary_fg_mad": 10264.275232481092,
  "summary_fg_mean": 67153.625,
  "summary_fg_median": 66397.28125,
  "summary_fg_n": 38601.0,
  "summary_fg_p05": 50583.421875,
  "summary_fg_p95": 85628.078125,
  "summary_fg_stdv": 11078.9384765625,
  "tsnr": 59.84634017944336
}