{
  "bids_meta": {
    "AcquisitionNumber": 2,
    "BidsifyVersion": "0.3.7",
    "ConversionSoftware": "dcm2niix",
    "ConversionSoftwareVersion": "v1.0.20190902",
    "EchoTime": 0.00373,
    "ImageComments": "Upgrade2017",
    "ImageOrientationPatientDICOM": [
      0.999823,
      0.0186703,
      0.00212662,
      -0.0186739,
      0.999824,
      0.00170591
    ],
    "InstitutionName": "Spinoza Centre for Neuroimaging, location REC",
    "InversionTime": 0.9,
    "MagneticFieldStrength": 3,
    "Manufacturer": "Philips",
    "ParallelAcquisitionTechnique": "SENSE",
    "PatientPosition": "HFS",
    "PhilipsRescaleIntercept": 0,
    "PhilipsRescaleSlope": 3.72869,
    "PhilipsScaleSlope": 0.00494667,
    "ProtocolName": "T1w",
    "ReconMatrixPE": 240,
    "RepetitionTime": 0.008145,
    "SeriesDescription": "ImageMRSERIES",
    "SeriesNumber": 2,
    "UsePhilipsFloatNotDisplayScaling": 1,
    "dataset": "ds003495",
    "modality": "T1w",
    "session_id": "post",
    "subject_id": "16"
  },
  "cjv": 0.2718739286719784,
  "cnr": 4.696500403213977,
  "efc": 0.6881114803673092,
  "fber": -1.0,
  "fwhm_avg": 4.12793,
  "fwhm_x": 4.07479,
  "fwhm_y": 4.37332,
  "fwhm_z": 3.93568,
  "icvs_csf": 0.22179974973967032,
  "icvs_gm": 0.4314845097374995,
  "icvs_wm": 0.34671574052283016,
  "inu_med": 0.5465494990348816,
  "inu_range": 0.18761602342128753,
  "provenance": {
    "md5sum": "4d03ef0296b48cbe678e2d86ad6deda9",
    "settings": {
      "testing": false
    },
    "software": "mriqc",
    "version": "22.0.6",
    "warnings": {
      "large_rot_frame": true,
      "small_air_mask": false
    },
    "webapi_port": null,
    "webapi_url": "https://mriqc.nimh.nih.gov/api/v1"
  },
  "qi_1": 0.01169721796309434,
  "qi_2": 5.476946877661882e-05,
  "rpve_csf": 25.202437884867187,
  "rpve_gm": 13.892301999753323,
  "rpve_wm": 21.257502558888152,
  "size_x": 240,
  "size_y": 240,
  "size_z": 220,
  "snr_csf": 1.5071950604449158,
  "snr_gm": 8.200257916328008,
  "snr_total": 12.890137993841451,
  "snr_wm": 28.96296100475143,
  "snrd_csf": 19.673540712362186,
  "snrd_gm": 74.40384808012277,
  "snrd_total": 71.84165674304992,
  "snrd_wm": 121.4475814366648,
  "spacing_x": 1.0,
  "spacing_y": 1.0,
  "spacing_z": 1.0,
  "summary_bg_k": 1913.1295292251812,
  "summary_bg_mad": 0.0,
  "summary_bg_mean": 1.7425633620534424,
  "summary_bg_median": 0.0,
  "summary_bg_n": 317279.0,
  "summary_bg_p05": 0.0,
  "summary_bg_p95": 11.072122612968087,
  "summary_bg_stdv": 5.394396288605871,
  "summary_csf_k": 4.026651068643091,
  "summary_csf_mad": 95.36487533176876,
  "summary_csf_mean": 182.05787159736568,
  "summary_csf_median": 161.99202944990247,
  "summary_csf_n": 26460.0,
  "summary_csf_p05": 42.675090143922716,
  "summary_csf_p95": 378.5859826207161,
  "summary_csf_stdv": 107.47710936584893,
  "summary_gm_k": 0.21128850029353874,
  "summary_gm_mad": 73.57120680773757,
  "summary_gm_mean": 613.6720866254003,
  "summary_gm_median": 612.6416452229023,
  "summary_gm_n": 36066.0,
  "summary_gm_p05": 493.36738219251856,
  "summary_gm_p95": 738.7144760461524,
  "summary_gm_stdv": 74.70901014022543,
  "summary_wm_k": 1.022495056590249,
  "summary_wm_mad": 31.741423672903498,
  "summary_wm_mean": 999.983645794295,
  "summary_wm_median": 999.9999733828008,
  "summary_wm_n": 196666.0,
  "summary_wm_p05": 943.2879449240863,
  "summary_wm_p95": 1055.1946231536567,
  "summary_wm_stdv": 34.52676785478133,
  "tpm_overlap_csf": 0.1502928182346326,
  "tpm_overlap_gm": 0.4695382744505549,
  "tpm_overlap_wm": 0.5103828438573831,
  "wm2max": 0.795751264055543
}