{
  "aor": 0.0021735,
  "aqi": 0.00904570529166667,
  "bids_meta": {
    "AcquisitionNumber": 10,
    "BidsifyVersion": "0.3.7",
    "ConversionSoftware": "dcm2niix",
    "ConversionSoftwareVersion": "v1.0.20190902",
    "EchoTime": 0.02763,
    "EffectiveEchoSpacing": 0.0006621159151938905,
    "ImageComments": "Upgrade_2017",
    "ImageOrientationPatientDICOM": [
      0.999157,
      0.0394638,
      -0.0112767,
      -0.040829,
      0.927648,
      -0.371217
    ],
    "InstitutionName": "Spinoza Centre for Neuroimaging, location REC",
    "MagneticFieldStrength": 3,
    "Manufacturer": "Philips",
    "ParallelAcquisitionTechnique": "SENSE",
    "PatientPosition": "HFS",
    "PhaseEncodingDirection": "j",
    "PhilipsRescaleIntercept": 0,
    "PhilipsRescaleSlope": 0.75702,
    "PhilipsScaleSlope": 0.0203319,
    "ProtocolName": "task-rest_acq-sequential_bold",
    "ReconMatrixPE": 80,
    "RepetitionTime": 2,
    "SeriesDescription": "ImageMRSERIES",
    "SeriesNumber": 10,
    "TaskName": "restingstate",
    "TotalReadoutTime": 0.025822520692561732,
    "UsePhilipsFloatNotDisplayScaling": 1,
    "acq_id": "seq",
    "dataset": "ds003495",
    "modality": "bold",
    "session_id": "post",
    "subject_id": "13",
    "task_id": "restingstate"
  },
  "dummy_trs": 0,
  "dvars_nstd": 20.483459760125506,
  "dvars_std": 1.1554736592887023,
  "dvars_vstd": 0.9996410431380752,
  "efc": 0.4384916781013575,
  "fber": 141131.859375,
  "fd_mean": 0.14242431795542004,
  "fd_num": 42,
  "fd_perc": 17.5,
  "fwhm_avg": 1.9841158673475772,
  "fwhm_x": 1.9509033333333334,
  "fwhm_y": 2.1823533333333334,
  "fwhm_z": 1.8190909353760651,
  "gcor": 0.0361764,
  "gsr_x": -0.01864135079085827,
  "gsr_y": 0.021287163719534874,
  "provenance": {
    "md5sum": "b7367e6aaebe0dbac20aa9f97fa928c2",
    "settings": {
      "fd_thres": 0.2,
      "testing": false
    },
    "software": "mriqc",
    "version": "22.0.6",
    "webapi_port": null,
    "webapi_url": "https://mriqc.nimh.nih.gov/api/v1"
  },
  "size_t": 240,
  "size_x": 80,
  "size_y": 80,
  "size_z": 36,
  "snr": 6.675674794004967,
  "spacing_tr": 2.0,
  "spacing_x": 3.0,
  "spacing_y": 3.0,
  "spacing_z": 3.299999952316284,
  "summary_bg_k": 53.68985892079991,
  "summary_bg_mad": 208.3256271467049,
  "summary_bg_mean": 1896.490966796875,
  "summary_bg_median": 176.7945556640625,
  "summary_bg_n": 154709.0,
  "summary_bg_p05": 17.625974273681642,
  "summary_bg_p95": 11042.799023437505,
  "summary_bg_stdv": 5156.28857421875,
  "summary_fg_k": 3.145156578625257,
  "summary_fg_mad": 8806.439999863924,
  "summary_fg_mean": 68437.7109375,
  "summary_fg_median": 67354.421875,
  "summary_fg_n": 34708.0,
  "summary_fg_p05": 54474.3357421875,
  "summary_fg_p95": 85128.419921875,
  "summary_fg_stdv": 10089.384765625,
  "tsnr": 72.47425842285156
}