{
  "aor": 0.0006286185243328101,
  "aqi": 0.018826817017268446,
  "bids_meta": {
    "AcquisitionNumber": 3,
    "BidsifyVersion": "0.3.7",
    "ConversionSoftware": "dcm2niix",
    "ConversionSoftwareVersion": "v1.0.20190902",
    "EchoTime": 0.02763,
    "EffectiveEchoSpacing": 0.0006333282667071997,
    "ImageComments": "Upgrade_2017",
    "ImageOrientationPatientDICOM": [
      0.999157,
      0.0394638,
      -0.0112767,
      -0.040829,
      0.927648,
      -0.371217
    ],
    "InstitutionName": "Spinoza Centre for Neuroimaging, location REC",
    "MagneticFieldStrength": 3,
    "Manufacturer": "Philips",
    "ParallelAcquisitionTechnique": "SENSE",
    "PatientPosition": "HFS",
    "PhaseEncodingDirection": "j",
    "PhilipsRescaleIntercept": 0,
    "PhilipsRescaleSlope": 0.79731,
    "PhilipsScaleSlope": 0.0371672,
    "ProtocolName": "task-rest_acq-multiband_bold",
    "ReconMatrixPE": 80,
    "RepetitionTime": 0.763994,
    "SeriesDescription": "ImageMRSERIES",
    "SeriesNumber": 3,
    "TaskName": "restingstate",
    "TotalReadoutTime": 0.024699802401580786,
    "UsePhilipsFloatNotDisplayScaling": 1,
    "acq_id": "mb3",
    "dataset": "ds003495",
    "modality": "bold",
    "session_id": "post",
    "subject_id": "13",
    "task_id": "restingstate"
  },
  "dummy_trs": 0,
  "dvars_nstd": 20.991648026352184,
  "dvars_std": 1.13953774058176,
  "dvars_vstd": 0.9794202706289313,
  "efc": 0.43976135186760656,
  "fber": 1103725.375,
  "fd_mean": 0.11294264722158197,
  "fd_num": 30,
  "fd_perc": 4.7095761381475665,
  "fwhm_avg": 2.048874150313059,
  "fwhm_x": 2.0093666666666667,
  "fwhm_y": 2.28968,
  "fwhm_z": 1.847575784272509,
  "gcor": 0.0285937,
  "gsr_x": -0.019135914742946625,
  "gsr_y": 0.019244886934757233,
  "provenance": {
    "md5sum": "a9a5a38ca0d55910d62b66c8cc07f9ea",
    "settings": {
      "fd_thres": 0.2,
      "testing": false
    },
    "software": "mriqc",
    "version": "22.0.6",
    "webapi_port": null,
    "webapi_url": "https://mriqc.nimh.nih.gov/api/v1"
  },
  "size_t": 637,
  "size_x": 80,
  "size_y": 80,
  "size_z": 36,
  "snr": 9.99175220220727,
  "spacing_tr": 0.7639937400817871,
  "spacing_x": 3.0,
  "spacing_y": 3.0,
  "spacing_z": 3.299999952316284,
  "summary_bg_k": 33.30698774210123,
  "summary_bg_mad": 70.79261172182109,
  "summary_bg_mean": 1457.0635986328125,
  "summary_bg_median": 48.810447692871094,
  "summary_bg_n": 154867.0,
  "summary_bg_p05": 0.5163305699825287,
  "summary_bg_p95": 8531.85400390623,
  "summary_bg_stdv": 3905.869873046875,
  "summary_fg_k": 5.187381612352638,
  "summary_fg_mad": 4412.89890211039,
  "summary_fg_mean": 52824.15625,
  "summary_fg_median": 53153.91015625,
  "summary_fg_n": 34326.0,
  "summary_fg_p05": 43998.6533203125,
  "summary_fg_p95": 60689.6943359375,
  "summary_fg_stdv": 5319.701171875,
  "tsnr": 63.80745315551758
}