{
  "aor": 0.0018203030303030304,
  "aqi": 0.006096330378787878,
  "bids_meta": {
    "AcquisitionNumber": 8,
    "BidsifyVersion": "0.3.7",
    "ConversionSoftware": "dcm2niix",
    "ConversionSoftwareVersion": "v1.0.20190902",
    "EchoTime": 0.02763,
    "EffectiveEchoSpacing": 0.0006621159151938905,
    "ImageComments": "Upgrade_2017",
    "ImageOrientationPatientDICOM": [
      0.999157,
      0.0394638,
      -0.0112767,
      -0.040829,
      0.927648,
      -0.371217
    ],
    "InstitutionName": "Spinoza Centre for Neuroimaging, location REC",
    "MagneticFieldStrength": 3,
    "Manufacturer": "Philips",
    "ParallelAcquisitionTechnique": "SENSE",
    "PatientPosition": "HFS",
    "PhaseEncodingDirection": "j",
    "PhilipsRescaleIntercept": 0,
    "PhilipsRescaleSlope": 0.76777,
    "PhilipsScaleSlope": 0.0197093,
    "ProtocolName": "task-harriri_acq-sequential_bold",
    "ReconMatrixPE": 80,
    "RepetitionTime": 2,
    "SeriesDescription": "ImageMRSERIES",
    "SeriesNumber": 8,
    "TaskName": "emomatching",
    "TotalReadoutTime": 0.025822520692561732,
    "UsePhilipsFloatNotDisplayScaling": 1,
    "acq_id": "seq",
    "dataset": "ds003495",
    "modality": "bold",
    "session_id": "post",
    "subject_id": "13",
    "task_id": "emomatching"
  },
  "dummy_trs": 0,
  "dvars_nstd": 19.583078114885495,
  "dvars_std": 1.1840589446564884,
  "dvars_vstd": 0.9818696505343518,
  "efc": 0.43738652683526735,
  "fber": 147652.03125,
  "fd_mean": 0.09826672701705029,
  "fd_num": 1,
  "fd_perc": 0.7575757575757576,
  "fwhm_avg": 1.9799533421397293,
  "fwhm_x": 1.93577,
  "fwhm_y": 2.1757233333333335,
  "fwhm_z": 1.828366693085854,
  "gcor": 0.0137961,
  "gsr_x": -0.018247239291667938,
  "gsr_y": 0.021664466708898544,
  "provenance": {
    "md5sum": "e98ef8da3fbb5fd0e8af42d625bdc08a",
    "settings": {
      "fd_thres": 0.2,
      "testing": false
    },
    "software": "mriqc",
    "version": "22.0.6",
    "webapi_port": null,
    "webapi_url": "https://mriqc.nimh.nih.gov/api/v1"
  },
  "size_t": 132,
  "size_x": 80,
  "size_y": 80,
  "size_z": 36,
  "snr": 6.540773752331885,
  "spacing_tr": 2.0,
  "spacing_x": 3.0,
  "spacing_y": 3.0,
  "spacing_z": 3.299999952316284,
  "summary_bg_k": 57.872242307798615,
  "summary_bg_mad": 205.70642298901583,
  "summary_bg_mean": 1853.6053466796875,
  "summary_bg_median": 174.33877563476562,
  "summary_bg_n": 154636.0,
  "summary_bg_p05": 16.788870334625244,
  "summary_bg_p95": 10723.191650390625,
  "summary_bg_stdv": 5095.666015625,
  "summary_fg_k": 3.4193244749228464,
  "summary_fg_mad": 8925.288521063387,
  "summary_fg_mean": 68915.421875,
  "summary_fg_median": 67824.859375,
  "summary_fg_n": 34724.0,
  "summary_fg_p05": 54641.5361328125,
  "summary_fg_p95": 85822.1671875,
  "summary_fg_stdv": 10369.3974609375,
  "tsnr": 84.19552612304688
}