{
  "aor": 0.0006588383045525903,
  "aqi": 0.018456289481946626,
  "bids_meta": {
    "AcquisitionNumber": 3,
    "BidsifyVersion": "0.3.7",
    "ConversionSoftware": "dcm2niix",
    "ConversionSoftwareVersion": "v1.0.20190902",
    "EchoTime": 0.02763,
    "EffectiveEchoSpacing": 0.0006333282667071997,
    "ImageComments": "upgrade2017",
    "ImageOrientationPatientDICOM": [
      0.999832,
      0.0165041,
      -0.00799571,
      -0.0176267,
      0.985181,
      -0.170611
    ],
    "InstitutionName": "Spinoza Centre for Neuroimaging, location REC",
    "MagneticFieldStrength": 3,
    "Manufacturer": "Philips",
    "ParallelAcquisitionTechnique": "SENSE",
    "PatientPosition": "HFS",
    "PhaseEncodingDirection": "j",
    "PhilipsRescaleIntercept": 0,
    "PhilipsRescaleSlope": 0.77582,
    "PhilipsScaleSlope": 0.086726,
    "ProtocolName": "WIPtask-rest_acq-multiband_boldSENSE",
    "ReconMatrixPE": 80,
    "RepetitionTime": 0.762233,
    "SeriesDescription": "ImageMRSERIES",
    "SeriesNumber": 3,
    "TaskName": "restingstate",
    "TotalReadoutTime": 0.024699802401580786,
    "UsePhilipsFloatNotDisplayScaling": 1,
    "acq_id": "mb3",
    "dataset": "ds003495",
    "modality": "bold",
    "session_id": "pre",
    "subject_id": "18",
    "task_id": "restingstate"
  },
  "dummy_trs": 0,
  "dvars_nstd": 40.53302103915097,
  "dvars_std": 1.149863728113208,
  "dvars_vstd": 1.0114216587578617,
  "efc": 0.41386112746977727,
  "fber": 243353.953125,
  "fd_mean": 0.09498039769002811,
  "fd_num": 18,
  "fd_perc": 2.82574568288854,
  "fwhm_avg": 1.9320343545076886,
  "fwhm_x": 1.8913333333333335,
  "fwhm_y": 2.117503333333333,
  "fwhm_z": 1.7872663968563993,
  "gcor": 0.0414284,
  "gsr_x": -0.014174138195812702,
  "gsr_y": 0.014159103855490685,
  "provenance": {
    "md5sum": "97ab5e90330c63bd831d2713040bb4a5",
    "settings": {
      "fd_thres": 0.2,
      "testing": false
    },
    "software": "mriqc",
    "version": "22.0.6",
    "webapi_port": null,
    "webapi_url": "https://mriqc.nimh.nih.gov/api/v1"
  },
  "size_t": 637,
  "size_x": 80,
  "size_y": 80,
  "size_z": 36,
  "snr": 7.149639237796484,
  "spacing_tr": 0.7622327208518982,
  "spacing_x": 3.0,
  "spacing_y": 3.0,
  "spacing_z": 3.299877405166626,
  "summary_bg_k": 64.40693610838994,
  "summary_bg_mad": 43.44492253122421,
  "summary_bg_mean": 402.2460021972656,
  "summary_bg_median": 40.635597229003906,
  "summary_bg_n": 157940.0,
  "summary_bg_p05": 2.021543490886689,
  "summary_bg_p95": 2176.250390624998,
  "summary_bg_stdv": 1200.5758056640625,
  "summary_fg_k": 1.0736611326531156,
  "summary_fg_mad": 2752.784025013322,
  "summary_fg_mean": 20571.0703125,
  "summary_fg_median": 20578.76171875,
  "summary_fg_n": 32554.0,
  "summary_fg_p05": 15919.529931640625,
  "summary_fg_p95": 25173.76484375,
  "summary_fg_stdv": 2878.24951171875,
  "tsnr": 39.990989685058594
}