{
  "aor": 0.0007653333333333333,
  "aqi": 0.0033337192592592588,
  "bids_meta": {
    "AcquisitionNumber": 8,
    "BidsifyVersion": "0.3.7",
    "ConversionSoftware": "dcm2niix",
    "ConversionSoftwareVersion": "v1.0.20190902",
    "EchoTime": 0.02763,
    "EffectiveEchoSpacing": 0.0006621159151938905,
    "ImageComments": "upgrade2017",
    "ImageOrientationPatientDICOM": [
      0.999832,
      0.0165041,
      -0.00799571,
      -0.0176267,
      0.985181,
      -0.170611
    ],
    "InstitutionName": "Spinoza Centre for Neuroimaging, location REC",
    "MagneticFieldStrength": 3,
    "Manufacturer": "Philips",
    "ParallelAcquisitionTechnique": "SENSE",
    "PatientPosition": "HFS",
    "PhaseEncodingDirection": "j",
    "PhilipsRescaleIntercept": 0,
    "PhilipsRescaleSlope": 0.75092,
    "PhilipsScaleSlope": 0.0578191,
    "ProtocolName": "WIPtask-harriri_acq-sequential_boldSENSE",
    "ReconMatrixPE": 80,
    "RepetitionTime": 2,
    "SeriesDescription": "ImageMRSERIES",
    "SeriesNumber": 8,
    "TaskName": "emomatching",
    "TotalReadoutTime": 0.025822520692561732,
    "UsePhilipsFloatNotDisplayScaling": 1,
    "acq_id": "seq",
    "dataset": "ds003495",
    "modality": "bold",
    "session_id": "pre",
    "subject_id": "18",
    "task_id": "emomatching"
  },
  "dummy_trs": 0,
  "dvars_nstd": 17.395071356865667,
  "dvars_std": 1.1430245473880596,
  "dvars_vstd": 0.9919470078358207,
  "efc": 0.4122127306523361,
  "fber": 212593.3125,
  "fd_mean": 0.1043227441971909,
  "fd_num": 7,
  "fd_perc": 5.185185185185185,
  "fwhm_avg": 1.8695654750410184,
  "fwhm_x": 1.8393433333333336,
  "fwhm_y": 2.0057966666666665,
  "fwhm_z": 1.7635564251230555,
  "gcor": 0.0280282,
  "gsr_x": -0.012355179525911808,
  "gsr_y": 0.014156477525830269,
  "provenance": {
    "md5sum": "f475c773a7092f0e53e08a3f0f9f2c7d",
    "settings": {
      "fd_thres": 0.2,
      "testing": false
    },
    "software": "mriqc",
    "version": "22.0.6",
    "webapi_port": null,
    "webapi_url": "https://mriqc.nimh.nih.gov/api/v1"
  },
  "size_t": 135,
  "size_x": 80,
  "size_y": 80,
  "size_z": 36,
  "snr": 5.5688937599737125,
  "spacing_tr": 2.0,
  "spacing_x": 3.0,
  "spacing_y": 3.0,
  "spacing_z": 3.299877405166626,
  "summary_bg_k": 110.73817539141822,
  "summary_bg_mad": 53.79956095047901,
  "summary_bg_mean": 494.1806945800781,
  "summary_bg_median": 55.08192443847656,
  "summary_bg_n": 157018.0,
  "summary_bg_p05": 3.427881801128388,
  "summary_bg_p95": 2662.5929687499943,
  "summary_bg_stdv": 1636.910888671875,
  "summary_fg_k": 1.0412807086533675,
  "summary_fg_mad": 4532.846344290172,
  "summary_fg_mean": 26377.986328125,
  "summary_fg_median": 26103.94921875,
  "summary_fg_n": 33418.0,
  "summary_fg_p05": 19265.53232421875,
  "summary_fg_p95": 33985.2251953125,
  "summary_fg_stdv": 4687.38671875,
  "tsnr": 88.90489196777344
}