{
  "bids_meta": {
    "AcquisitionNumber": 2,
    "BidsifyVersion": "0.3.7",
    "ConversionSoftware": "dcm2niix",
    "ConversionSoftwareVersion": "v1.0.20190902",
    "EchoTime": 0.00378,
    "ImageComments": "Upgrade2017",
    "ImageOrientationPatientDICOM": [
      0.998491,
      0.0438761,
      0.0330392,
      -0.0402781,
      0.993902,
      -0.102645
    ],
    "InstitutionName": "Spinoza Centre for Neuroimaging, location REC",
    "MagneticFieldStrength": 3,
    "Manufacturer": "Philips",
    "ParallelAcquisitionTechnique": "SENSE",
    "PatientPosition": "HFS",
    "PhilipsRescaleIntercept": 0,
    "PhilipsRescaleSlope": 12.9314,
    "PhilipsScaleSlope": 0.0052013,
    "ProtocolName": "WIPT1wSENSE",
    "ReconMatrixPE": 240,
    "RepetitionTime": 0.008242,
    "SeriesDescription": "ImageMRSERIES",
    "SeriesNumber": 2,
    "UsePhilipsFloatNotDisplayScaling": 1,
    "dataset": "ds003495",
    "modality": "T1w",
    "session_id": "pre",
    "subject_id": "10"
  },
  "cjv": 0.3272235698410248,
  "cnr": 4.005672225814412,
  "efc": 0.7670152906112202,
  "fber": -1.0,
  "fwhm_avg": 3.6117468800441634,
  "fwhm_x": 3.59167,
  "fwhm_y": 3.74750022336842,
  "fwhm_z": 3.496070416764071,
  "icvs_csf": 0.2042271040775612,
  "icvs_gm": 0.46103158671384054,
  "icvs_wm": 0.33474130920859824,
  "inu_med": 0.7029833793640137,
  "inu_range": 0.2605886578559875,
  "provenance": {
    "md5sum": "c38a49329d41165c974ef730189ca0ed",
    "settings": {
      "testing": false
    },
    "software": "mriqc",
    "version": "22.0.6",
    "warnings": {
      "large_rot_frame": true,
      "small_air_mask": true
    },
    "webapi_port": null,
    "webapi_url": "https://mriqc.nimh.nih.gov/api/v1"
  },
  "qi_1": 0.0,
  "qi_2": 0.00011614531709232137,
  "rpve_csf": 28.136181560511975,
  "rpve_gm": 13.543241178405706,
  "rpve_wm": 21.328161210432498,
  "size_x": 240,
  "size_y": 240,
  "size_z": 220,
  "snr_csf": 1.4087434014078166,
  "snr_gm": 7.034058727827796,
  "snr_total": 8.624878575447076,
  "snr_wm": 17.43183359710561,
  "snrd_csf": 6.6133272106422645,
  "snrd_gm": 24.814729522532613,
  "snrd_total": 24.52459736425821,
  "snrd_wm": 42.14573535959974,
  "spacing_x": 1.0,
  "spacing_y": 0.9999999403953552,
  "spacing_z": 0.9999998807907104,
  "summary_bg_k": 72.79930813350008,
  "summary_bg_mad": 0.0,
  "summary_bg_mean": 4.618937430940583,
  "summary_bg_median": 0.0,
  "summary_bg_n": 123053.0,
  "summary_bg_p05": 0.0,
  "summary_bg_p95": 24.477447541430593,
  "summary_bg_stdv": 15.544547721559635,
  "summary_csf_k": 0.9955540555439244,
  "summary_csf_mad": 105.05287159565277,
  "summary_csf_mean": 178.59828960467067,
  "summary_csf_median": 156.9156902655959,
  "summary_csf_n": 14191.0,
  "summary_csf_p05": 32.49074880499393,
  "summary_csf_p95": 387.9137881565839,
  "summary_csf_stdv": 111.38306756710806,
  "summary_gm_k": 0.08405977863945235,
  "summary_gm_mad": 81.51420770601287,
  "summary_gm_mean": 590.7171974897411,
  "summary_gm_median": 588.7838734965771,
  "summary_gm_n": 30717.0,
  "summary_gm_p05": 454.4104372691363,
  "summary_gm_p95": 731.8981837388128,
  "summary_gm_stdv": 83.70335139263165,
  "summary_wm_k": 0.7589023630976701,
  "summary_wm_mad": 53.04539846625939,
  "summary_wm_mean": 998.0678048095283,
  "summary_wm_median": 999.9999916926026,
  "summary_wm_n": 168999.0,
  "summary_wm_p05": 901.44013652578,
  "summary_wm_p95": 1088.58384934254,
  "summary_wm_stdv": 57.36614152035633,
  "tpm_overlap_csf": 0.15089198494548478,
  "tpm_overlap_gm": 0.46803790661944983,
  "tpm_overlap_wm": 0.4993145791020585,
  "wm2max": 0.6823974963539363
}