{
  "aor": 0.0015617083333333331,
  "aqi": 0.00814559575,
  "bids_meta": {
    "AcquisitionNumber": 3,
    "BidsifyVersion": "0.3.7",
    "ConversionSoftware": "dcm2niix",
    "ConversionSoftwareVersion": "v1.0.20190902",
    "EchoTime": 0.02763,
    "EffectiveEchoSpacing": 0.0006621159151938905,
    "ImageComments": "Upgrade_2017",
    "ImageOrientationPatientDICOM": [
      0.99762,
      0.0107983,
      0.0680945,
      0.0074872,
      0.96485,
      -0.262696
    ],
    "InstitutionName": "Spinoza Centre for Neuroimaging, location REC",
    "MagneticFieldStrength": 3,
    "Manufacturer": "Philips",
    "ParallelAcquisitionTechnique": "SENSE",
    "PatientPosition": "HFS",
    "PhaseEncodingDirection": "j",
    "PhilipsRescaleIntercept": 0,
    "PhilipsRescaleSlope": 0.75775,
    "PhilipsScaleSlope": 0.0225534,
    "ProtocolName": "task-rest_acq-sequential_bold",
    "ReconMatrixPE": 80,
    "RepetitionTime": 2,
    "SeriesDescription": "ImageMRSERIES",
    "SeriesNumber": 3,
    "TaskName": "restingstate",
    "TotalReadoutTime": 0.025822520692561732,
    "UsePhilipsFloatNotDisplayScaling": 1,
    "acq_id": "seq",
    "dataset": "ds003495",
    "modality": "bold",
    "session_id": "post",
    "subject_id": "03",
    "task_id": "restingstate"
  },
  "dummy_trs": 0,
  "dvars_nstd": 20.253577105020927,
  "dvars_std": 1.0789617127615068,
  "dvars_vstd": 0.9546153055648534,
  "efc": 0.39998122010972403,
  "fber": 195601.71875,
  "fd_mean": 0.19493310551644183,
  "fd_num": 89,
  "fd_perc": 37.083333333333336,
  "fwhm_avg": 1.831123102759366,
  "fwhm_x": 1.7750533333333334,
  "fwhm_y": 1.9994733333333334,
  "fwhm_z": 1.718842641611431,
  "gcor": 0.0234561,
  "gsr_x": -0.02007010579109192,
  "gsr_y": 0.015368901193141937,
  "provenance": {
    "md5sum": "77b389e24ff98d0e467fe20b9984edfd",
    "settings": {
      "fd_thres": 0.2,
      "testing": false
    },
    "software": "mriqc",
    "version": "22.0.6",
    "webapi_port": null,
    "webapi_url": "https://mriqc.nimh.nih.gov/api/v1"
  },
  "size_t": 240,
  "size_x": 80,
  "size_y": 80,
  "size_z": 36,
  "snr": 6.5851537368123685,
  "spacing_tr": 2.0,
  "spacing_x": 3.0,
  "spacing_y": 3.0,
  "spacing_z": 3.2998483180999756,
  "summary_bg_k": 101.39811049671879,
  "summary_bg_mad": 176.91931569082462,
  "summary_bg_mean": 1328.4229736328125,
  "summary_bg_median": 154.8446044921875,
  "summary_bg_n": 160207.0,
  "summary_bg_p05": 12.090455436706543,
  "summary_bg_p95": 6349.444775390613,
  "summary_bg_stdv": 4113.32177734375,
  "summary_fg_k": 1.0321409461124489,
  "summary_fg_mad": 10311.284147354567,
  "summary_fg_mean": 70098.7578125,
  "summary_fg_median": 69331.53125,
  "summary_fg_n": 29850.0,
  "summary_fg_p05": 54693.719140625,
  "summary_fg_p95": 87721.9625,
  "summary_fg_stdv": 10528.2841796875,
  "tsnr": 68.80863952636719
}