{
  "bids_meta": {
    "AcquisitionNumber": 2,
    "BidsifyVersion": "0.3.7",
    "ConversionSoftware": "dcm2niix",
    "ConversionSoftwareVersion": "v1.0.20190902",
    "EchoTime": 0.00385,
    "ImageComments": "Upgrade_2017",
    "ImageOrientationPatientDICOM": [
      0.997601,
      0.0668766,
      0.0179046,
      -0.0690592,
      0.979513,
      0.189167
    ],
    "InstitutionName": "Spinoza Centre for Neuroimaging, location REC",
    "InversionTime": 0.9,
    "MagneticFieldStrength": 3,
    "Manufacturer": "Philips",
    "ParallelAcquisitionTechnique": "SENSE",
    "PatientPosition": "HFS",
    "PhilipsRescaleIntercept": 0,
    "PhilipsRescaleSlope": 4.00586,
    "PhilipsScaleSlope": 0.00495969,
    "ProtocolName": "T1w",
    "ReconMatrixPE": 240,
    "RepetitionTime": 0.008345,
    "SeriesDescription": "ImageMRSERIES",
    "SeriesNumber": 2,
    "UsePhilipsFloatNotDisplayScaling": 1,
    "dataset": "ds003495",
    "modality": "T1w",
    "session_id": "post",
    "subject_id": "17"
  },
  "cjv": 0.2818753317228547,
  "cnr": 4.574025400932838,
  "efc": 0.6874065785295319,
  "fber": -1.0,
  "fwhm_avg": 4.27200008533975,
  "fwhm_x": 4.29529025601925,
  "fwhm_y": 4.32898,
  "fwhm_z": 4.19173,
  "icvs_csf": 0.25828248166376494,
  "icvs_gm": 0.41635471976600863,
  "icvs_wm": 0.32536279857022643,
  "inu_med": 0.5676589012145996,
  "inu_range": 0.2019708752632141,
  "provenance": {
    "md5sum": "6dd7c1813d3ec5addc2d1cb73fd1153a",
    "settings": {
      "testing": false
    },
    "software": "mriqc",
    "version": "22.0.6",
    "warnings": {
      "large_rot_frame": true,
      "small_air_mask": false
    },
    "webapi_port": null,
    "webapi_url": "https://mriqc.nimh.nih.gov/api/v1"
  },
  "qi_1": 0.010086821197477272,
  "qi_2": 6.207606436092736e-05,
  "rpve_csf": 20.399494822335026,
  "rpve_gm": 12.51769842726331,
  "rpve_wm": 19.69070877318039,
  "size_x": 240,
  "size_y": 240,
  "size_z": 220,
  "snr_csf": 1.674577936919415,
  "snr_gm": 8.064320811815026,
  "snr_total": 13.085157829995714,
  "snr_wm": 29.516574741252693,
  "snrd_csf": 13.775448255173295,
  "snrd_gm": 54.71171636318719,
  "snrd_total": 52.425378729345006,
  "snrd_wm": 88.78897156967453,
  "spacing_x": 0.9999999403953552,
  "spacing_y": 1.0,
  "spacing_z": 1.0,
  "summary_bg_k": 1456.6579653379636,
  "summary_bg_mad": 0.0,
  "summary_bg_mean": 2.2560378526077787,
  "summary_bg_median": 0.0,
  "summary_bg_n": 376476.0,
  "summary_bg_p05": 0.0,
  "summary_bg_p95": 12.82279952429235,
  "summary_bg_stdv": 7.378413686927468,
  "summary_csf_k": 0.6609951334469351,
  "summary_csf_mad": 92.5097193739604,
  "summary_csf_mean": 166.4892323841132,
  "summary_csf_median": 155.14472398348153,
  "summary_csf_n": 48554.0,
  "summary_csf_p05": 40.14093764126301,
  "summary_csf_p95": 338.9679178595543,
  "summary_csf_stdv": 92.64610676129149,
  "summary_gm_k": 0.07840857734085649,
  "summary_gm_mad": 77.30083055622566,
  "summary_gm_mean": 616.3639924600725,
  "summary_gm_median": 616.185693314299,
  "summary_gm_n": 39071.0,
  "summary_gm_p05": 489.9089936511591,
  "summary_gm_p95": 738.7939572874457,
  "summary_gm_stdv": 76.40789871604352,
  "summary_wm_k": 0.9305577356238839,
  "summary_wm_mad": 30.880656860357043,
  "summary_wm_mean": 998.6321673409091,
  "summary_wm_median": 999.977658206597,
  "summary_wm_n": 199905.0,
  "summary_wm_p05": 940.658272581175,
  "summary_wm_p95": 1051.1796542201191,
  "summary_wm_stdv": 33.87842816577594,
  "tpm_overlap_csf": 0.15848906436907084,
  "tpm_overlap_gm": 0.4716987158996839,
  "tpm_overlap_wm": 0.5188132019195308,
  "wm2max": 0.8350745773965375
}