{
  "aor": 0.0012040833333333335,
  "aqi": 0.004545512,
  "bids_meta": {
    "AcquisitionNumber": 10,
    "BidsifyVersion": "0.3.7",
    "ConversionSoftware": "dcm2niix",
    "ConversionSoftwareVersion": "v1.0.20190902",
    "EchoTime": 0.02763,
    "EffectiveEchoSpacing": 0.0006621159151938905,
    "ImageComments": "Upgrade2017",
    "ImageOrientationPatientDICOM": [
      0.999887,
      0.0139568,
      0.0055129,
      -0.0125656,
      0.979547,
      -0.200821
    ],
    "InstitutionName": "Spinoza Centre for Neuroimaging, location REC",
    "MagneticFieldStrength": 3,
    "Manufacturer": "Philips",
    "ParallelAcquisitionTechnique": "SENSE",
    "PatientPosition": "HFS",
    "PhaseEncodingDirection": "j",
    "PhilipsRescaleIntercept": 0,
    "PhilipsRescaleSlope": 0.77827,
    "PhilipsScaleSlope": 0.0206205,
    "ProtocolName": "task-rest_acq-sequential_bold",
    "ReconMatrixPE": 80,
    "RepetitionTime": 2,
    "SeriesDescription": "ImageMRSERIES",
    "SeriesNumber": 10,
    "TaskName": "restingstate",
    "TotalReadoutTime": 0.025822520692561732,
    "UsePhilipsFloatNotDisplayScaling": 1,
    "acq_id": "seq",
    "dataset": "ds003495",
    "modality": "bold",
    "session_id": "post",
    "subject_id": "16",
    "task_id": "restingstate"
  },
  "dummy_trs": 0,
  "dvars_nstd": 21.134424105815892,
  "dvars_std": 1.2201295658159,
  "dvars_vstd": 0.9890343935983263,
  "efc": 0.4164001042705524,
  "fber": 114455.2265625,
  "fd_mean": 0.13230889669881482,
  "fd_num": 30,
  "fd_perc": 12.5,
  "fwhm_avg": 1.8759200980914281,
  "fwhm_x": 1.80726,
  "fwhm_y": 2.09996,
  "fwhm_z": 1.7205402942742847,
  "gcor": 0.0168426,
  "gsr_x": -0.01845107041299343,
  "gsr_y": 0.01350521668791771,
  "provenance": {
    "md5sum": "5a2f889257a70d49f079834bbb6c83d2",
    "settings": {
      "fd_thres": 0.2,
      "testing": false
    },
    "software": "mriqc",
    "version": "22.0.6",
    "webapi_port": null,
    "webapi_url": "https://mriqc.nimh.nih.gov/api/v1"
  },
  "size_t": 240,
  "size_x": 80,
  "size_y": 80,
  "size_z": 36,
  "snr": 6.285355243580474,
  "spacing_tr": 2.0,
  "spacing_x": 3.0,
  "spacing_y": 3.0,
  "spacing_z": 3.2998297214508057,
  "summary_bg_k": 75.53032561162063,
  "summary_bg_mad": 222.19444269084823,
  "summary_bg_mean": 1243.2742919921875,
  "summary_bg_median": 202.2369384765625,
  "summary_bg_n": 156281.0,
  "summary_bg_p05": 19.269275665283203,
  "summary_bg_p95": 6303.177734375,
  "summary_bg_stdv": 3657.361572265625,
  "summary_fg_k": 1.6076805078676912,
  "summary_fg_mad": 10680.585302305532,
  "summary_fg_mean": 71251.140625,
  "summary_fg_median": 70315.4453125,
  "summary_fg_n": 33570.0,
  "summary_fg_p05": 54735.938671875,
  "summary_fg_p95": 89372.051171875,
  "summary_fg_stdv": 11187.0205078125,
  "tsnr": 85.34541320800781
}