{
  "aor": 0.001285117739403454,
  "aqi": 0.01635794448979592,
  "bids_meta": {
    "AcquisitionNumber": 3,
    "BidsifyVersion": "0.3.7",
    "ConversionSoftware": "dcm2niix",
    "ConversionSoftwareVersion": "v1.0.20190902",
    "EchoTime": 0.02763,
    "EffectiveEchoSpacing": 0.0006333282667071997,
    "ImageComments": "Upgrade2017",
    "ImageOrientationPatientDICOM": [
      0.999887,
      0.0139568,
      0.0055129,
      -0.0125656,
      0.979547,
      -0.200821
    ],
    "InstitutionName": "Spinoza Centre for Neuroimaging, location REC",
    "MagneticFieldStrength": 3,
    "Manufacturer": "Philips",
    "ParallelAcquisitionTechnique": "SENSE",
    "PatientPosition": "HFS",
    "PhaseEncodingDirection": "j",
    "PhilipsRescaleIntercept": 0,
    "PhilipsRescaleSlope": 0.83077,
    "PhilipsScaleSlope": 0.0339775,
    "ProtocolName": "task-rest_acq-multiband_bold",
    "ReconMatrixPE": 80,
    "RepetitionTime": 0.763994,
    "SeriesDescription": "ImageMRSERIES",
    "SeriesNumber": 3,
    "TaskName": "restingstate",
    "TotalReadoutTime": 0.024699802401580786,
    "UsePhilipsFloatNotDisplayScaling": 1,
    "acq_id": "mb3",
    "dataset": "ds003495",
    "modality": "bold",
    "session_id": "post",
    "subject_id": "16",
    "task_id": "restingstate"
  },
  "dummy_trs": 0,
  "dvars_nstd": 19.31848074492138,
  "dvars_std": 1.1276684799528296,
  "dvars_vstd": 0.9873546477987424,
  "efc": 0.4170350441347111,
  "fber": 1062590.125,
  "fd_mean": 0.09466947669013842,
  "fd_num": 13,
  "fd_perc": 2.0408163265306123,
  "fwhm_avg": 1.926653373374709,
  "fwhm_x": 1.8474266666666666,
  "fwhm_y": 2.19775,
  "fwhm_z": 1.734783453457461,
  "gcor": 0.00850254,
  "gsr_x": -0.020612003281712532,
  "gsr_y": 0.013396439142525196,
  "provenance": {
    "md5sum": "574b4af228dc6d0d3feaa5df97fa9a43",
    "settings": {
      "fd_thres": 0.2,
      "testing": false
    },
    "software": "mriqc",
    "version": "22.0.6",
    "webapi_port": null,
    "webapi_url": "https://mriqc.nimh.nih.gov/api/v1"
  },
  "size_t": 637,
  "size_x": 80,
  "size_y": 80,
  "size_z": 36,
  "snr": 9.671322648519954,
  "spacing_tr": 0.7639937400817871,
  "spacing_x": 3.0,
  "spacing_y": 3.0,
  "spacing_z": 3.2998297214508057,
  "summary_bg_k": 61.41365163562149,
  "summary_bg_mad": 75.04418382616933,
  "summary_bg_mean": 950.911865234375,
  "summary_bg_median": 53.05117416381836,
  "summary_bg_n": 156211.0,
  "summary_bg_p05": 0.6562003195285797,
  "summary_bg_p95": 5145.7314453125,
  "summary_bg_stdv": 2910.9833984375,
  "summary_fg_k": 3.637161264127861,
  "summary_fg_mad": 5226.818562995385,
  "summary_fg_mean": 56544.7265625,
  "summary_fg_median": 56809.8515625,
  "summary_fg_n": 33534.0,
  "summary_fg_p05": 46767.178125,
  "summary_fg_p95": 65390.14238281249,
  "summary_fg_stdv": 5873.96435546875,
  "tsnr": 63.069210052490234
}