{
  "aor": 0.0009324213836477985,
  "aqi": 0.016098559795597482,
  "bids_meta": {
    "AcquisitionNumber": 3,
    "BidsifyVersion": "0.3.7",
    "ConversionSoftware": "dcm2niix",
    "ConversionSoftwareVersion": "v1.0.20190902",
    "EchoTime": 0.02763,
    "EffectiveEchoSpacing": 0.0006333282667071997,
    "ImageComments": "Upgrade_2017",
    "ImageOrientationPatientDICOM": [
      0.999676,
      -0.0111996,
      -0.0228672,
      0.010469,
      0.999439,
      -0.0318264
    ],
    "InstitutionName": "Spinoza Centre for Neuroimaging, location REC",
    "MagneticFieldStrength": 3,
    "Manufacturer": "Philips",
    "ParallelAcquisitionTechnique": "SENSE",
    "PatientPosition": "HFS",
    "PhaseEncodingDirection": "j",
    "PhilipsRescaleIntercept": 0,
    "PhilipsRescaleSlope": 0.78388,
    "PhilipsScaleSlope": 0.0374336,
    "ProtocolName": "task-rest_acq-multiband_bold",
    "ReconMatrixPE": 80,
    "RepetitionTime": 0.763994,
    "SeriesDescription": "ImageMRSERIES",
    "SeriesNumber": 3,
    "TaskName": "restingstate",
    "TotalReadoutTime": 0.024699802401580786,
    "UsePhilipsFloatNotDisplayScaling": 1,
    "acq_id": "mb3",
    "dataset": "ds003495",
    "modality": "bold",
    "session_id": "post",
    "subject_id": "21",
    "task_id": "restingstate"
  },
  "dummy_trs": 1,
  "dvars_nstd": 23.327851516283477,
  "dvars_std": 1.2746846574960629,
  "dvars_vstd": 0.988013082913386,
  "efc": 0.43548982214828236,
  "fber": 1348087.25,
  "fd_mean": 0.10771721263729374,
  "fd_num": 39,
  "fd_perc": 6.132075471698113,
  "fwhm_avg": 2.021474183039399,
  "fwhm_x": 1.91144,
  "fwhm_y": 2.3220066666666668,
  "fwhm_z": 1.830975882451531,
  "gcor": 0.0314164,
  "gsr_x": -0.020305756479501724,
  "gsr_y": 0.019887764006853104,
  "provenance": {
    "md5sum": "bee1f19982aa6e5025481415512b5f38",
    "settings": {
      "fd_thres": 0.2,
      "testing": false
    },
    "software": "mriqc",
    "version": "22.0.6",
    "webapi_port": null,
    "webapi_url": "https://mriqc.nimh.nih.gov/api/v1"
  },
  "size_t": 636,
  "size_x": 80,
  "size_y": 80,
  "size_z": 36,
  "snr": 9.510675456016228,
  "spacing_tr": 0.7639937400817871,
  "spacing_x": 3.0,
  "spacing_y": 3.0,
  "spacing_z": 3.300251007080078,
  "summary_bg_k": 54.27582332986728,
  "summary_bg_mad": 61.59783262945164,
  "summary_bg_mean": 997.345947265625,
  "summary_bg_median": 42.87042999267578,
  "summary_bg_n": 152553.0,
  "summary_bg_p05": 0.5175288081169129,
  "summary_bg_p95": 5105.441308593747,
  "summary_bg_stdv": 2856.47119140625,
  "summary_fg_k": 3.0360376793179427,
  "summary_fg_mad": 5147.528301379916,
  "summary_fg_mean": 53285.8359375,
  "summary_fg_median": 53645.9765625,
  "summary_fg_n": 36826.0,
  "summary_fg_p05": 43876.2294921875,
  "summary_fg_p95": 61804.9833984375,
  "summary_fg_stdv": 5640.52978515625,
  "tsnr": 63.25309371948242
}