{
  "aor": 0.00093025,
  "aqi": 0.00584164325,
  "bids_meta": {
    "AcquisitionNumber": 3,
    "BidsifyVersion": "0.3.7",
    "ConversionSoftware": "dcm2niix",
    "ConversionSoftwareVersion": "v1.0.20190902",
    "EchoTime": 0.02763,
    "EffectiveEchoSpacing": 0.0006621159151938905,
    "ImageComments": "Upgrade_2017",
    "ImageOrientationPatientDICOM": [
      0.998934,
      0.03743,
      0.0270186,
      -0.0273793,
      0.951621,
      -0.306052
    ],
    "InstitutionName": "Spinoza Centre for Neuroimaging, location REC",
    "MagneticFieldStrength": 3,
    "Manufacturer": "Philips",
    "ParallelAcquisitionTechnique": "SENSE",
    "PatientPosition": "HFS",
    "PhaseEncodingDirection": "j",
    "PhilipsRescaleIntercept": 0,
    "PhilipsRescaleSlope": 0.92845,
    "PhilipsScaleSlope": 0.0501738,
    "ProtocolName": "WIPtask-rest_acq-sequential_boldSENSE",
    "ReconMatrixPE": 80,
    "RepetitionTime": 2,
    "SeriesDescription": "ImageMRSERIES",
    "SeriesNumber": 3,
    "TaskName": "restingstate",
    "TotalReadoutTime": 0.025822520692561732,
    "UsePhilipsFloatNotDisplayScaling": 1,
    "acq_id": "seq",
    "dataset": "ds003495",
    "modality": "bold",
    "session_id": "pre",
    "subject_id": "01",
    "task_id": "restingstate"
  },
  "dummy_trs": 0,
  "dvars_nstd": 30.613254108033455,
  "dvars_std": 1.3605695796652715,
  "dvars_vstd": 0.9903570662343096,
  "efc": 0.41686244792147475,
  "fber": 131373.34375,
  "fd_mean": 0.25849999307830923,
  "fd_num": 185,
  "fd_perc": 77.08333333333333,
  "fwhm_avg": 1.7551375817139652,
  "fwhm_x": 1.7131633333333334,
  "fwhm_y": 1.87726,
  "fwhm_z": 1.674989411808562,
  "gcor": 0.0527682,
  "gsr_x": -0.016253557056188583,
  "gsr_y": 0.011798267252743244,
  "provenance": {
    "md5sum": "079f667038059f5284217dae8831e920",
    "settings": {
      "fd_thres": 0.2,
      "testing": false
    },
    "software": "mriqc",
    "version": "22.0.6",
    "webapi_port": null,
    "webapi_url": "https://mriqc.nimh.nih.gov/api/v1"
  },
  "size_t": 240,
  "size_x": 80,
  "size_y": 80,
  "size_z": 36,
  "snr": 5.425266034729548,
  "spacing_tr": 2.0,
  "spacing_x": 3.0,
  "spacing_y": 3.0,
  "spacing_z": 3.3002119064331055,
  "summary_bg_k": 62.35783858486539,
  "summary_bg_mad": 63.012935737440465,
  "summary_bg_mean": 604.6380004882812,
  "summary_bg_median": 64.70052337646484,
  "summary_bg_n": 157947.0,
  "summary_bg_p05": 8.172129917144776,
  "summary_bg_p95": 2996.290234374997,
  "summary_bg_stdv": 1859.2159423828125,
  "summary_fg_k": 2.2583449214827507,
  "summary_fg_mad": 3938.175173589066,
  "summary_fg_mean": 24513.484375,
  "summary_fg_median": 23985.046875,
  "summary_fg_n": 32218.0,
  "summary_fg_p05": 18375.1140625,
  "summary_fg_p95": 31897.4421875,
  "summary_fg_stdv": 4420.92138671875,
  "tsnr": 68.4955825805664
}