{
  "aor": 0.0002065463108320251,
  "aqi": 0.031562208634222925,
  "bids_meta": {
    "AcquisitionNumber": 10,
    "BidsifyVersion": "0.3.7",
    "ConversionSoftware": "dcm2niix",
    "ConversionSoftwareVersion": "v1.0.20190902",
    "EchoTime": 0.02763,
    "EffectiveEchoSpacing": 0.0006333282667071997,
    "ImageComments": "Upgrade_2017",
    "ImageOrientationPatientDICOM": [
      0.998934,
      0.03743,
      0.0270186,
      -0.0273793,
      0.951621,
      -0.306052
    ],
    "InstitutionName": "Spinoza Centre for Neuroimaging, location REC",
    "MagneticFieldStrength": 3,
    "Manufacturer": "Philips",
    "ParallelAcquisitionTechnique": "SENSE",
    "PatientPosition": "HFS",
    "PhaseEncodingDirection": "j",
    "PhilipsRescaleIntercept": 0,
    "PhilipsRescaleSlope": 0.86325,
    "PhilipsScaleSlope": 0.0894467,
    "ProtocolName": "WIPtask-rest_acq-multiband_boldSENSE",
    "ReconMatrixPE": 80,
    "RepetitionTime": 0.763789,
    "SeriesDescription": "ImageMRSERIES",
    "SeriesNumber": 10,
    "TaskName": "restingstate",
    "TotalReadoutTime": 0.024699802401580786,
    "UsePhilipsFloatNotDisplayScaling": 1,
    "acq_id": "mb3",
    "dataset": "ds003495",
    "modality": "bold",
    "session_id": "pre",
    "subject_id": "01",
    "task_id": "restingstate"
  },
  "dummy_trs": 0,
  "dvars_nstd": 54.935001343223284,
  "dvars_std": 1.1086697820440266,
  "dvars_vstd": 1.002821291745283,
  "efc": 0.4296572647208904,
  "fber": 159266.015625,
  "fd_mean": 0.14707564508280888,
  "fd_num": 150,
  "fd_perc": 23.547880690737834,
  "fwhm_avg": 1.7192908950034431,
  "fwhm_x": 1.7006633333333332,
  "fwhm_y": 1.8662266666666667,
  "fwhm_z": 1.5909826850103295,
  "gcor": 0.00406247,
  "gsr_x": -0.022159572690725327,
  "gsr_y": 0.01284797117114067,
  "provenance": {
    "md5sum": "b10c2a1f50dac0d9ea66d0ff79873ce7",
    "settings": {
      "fd_thres": 0.2,
      "testing": false
    },
    "software": "mriqc",
    "version": "22.0.6",
    "webapi_port": null,
    "webapi_url": "https://mriqc.nimh.nih.gov/api/v1"
  },
  "size_t": 637,
  "size_x": 80,
  "size_y": 80,
  "size_z": 36,
  "snr": 6.922689407996708,
  "spacing_tr": 0.7637892961502075,
  "spacing_x": 3.0,
  "spacing_y": 3.0,
  "spacing_z": 3.3002119064331055,
  "summary_bg_k": 31.098946206617903,
  "summary_bg_mad": 47.47894206425183,
  "summary_bg_mean": 548.6817626953125,
  "summary_bg_median": 44.23360061645508,
  "summary_bg_n": 158404.0,
  "summary_bg_p05": 4.580830502510071,
  "summary_bg_p95": 2851.9274658203126,
  "summary_bg_stdv": 1472.3216552734375,
  "summary_fg_k": 1.4699226476654728,
  "summary_fg_mad": 2394.031932331921,
  "summary_fg_mean": 18184.048828125,
  "summary_fg_median": 18154.85546875,
  "summary_fg_n": 31660.0,
  "summary_fg_p05": 14081.41171875,
  "summary_fg_p95": 22458.33857421875,
  "summary_fg_stdv": 2622.473388671875,
  "tsnr": 28.791114807128906
}