{
  "aor": 0.002416,
  "aqi": 0.006158776740740741,
  "bids_meta": {
    "AcquisitionNumber": 8,
    "BidsifyVersion": "0.3.7",
    "ConversionSoftware": "dcm2niix",
    "ConversionSoftwareVersion": "v1.0.20190902",
    "EchoTime": 0.02763,
    "EffectiveEchoSpacing": 0.0006621159151938905,
    "ImageComments": "Upgrade_2017",
    "ImageOrientationPatientDICOM": [
      0.998934,
      0.03743,
      0.0270186,
      -0.0273793,
      0.951621,
      -0.306052
    ],
    "InstitutionName": "Spinoza Centre for Neuroimaging, location REC",
    "MagneticFieldStrength": 3,
    "Manufacturer": "Philips",
    "ParallelAcquisitionTechnique": "SENSE",
    "PatientPosition": "HFS",
    "PhaseEncodingDirection": "j",
    "PhilipsRescaleIntercept": 0,
    "PhilipsRescaleSlope": 0.86813,
    "PhilipsScaleSlope": 0.0546477,
    "ProtocolName": "WIPtask-harriri_acq-sequential_boldSENSE",
    "ReconMatrixPE": 80,
    "RepetitionTime": 2,
    "SeriesDescription": "ImageMRSERIES",
    "SeriesNumber": 8,
    "TaskName": "emomatching",
    "TotalReadoutTime": 0.025822520692561732,
    "UsePhilipsFloatNotDisplayScaling": 1,
    "acq_id": "seq",
    "dataset": "ds003495",
    "modality": "bold",
    "session_id": "pre",
    "subject_id": "01",
    "task_id": "emomatching"
  },
  "dummy_trs": 0,
  "dvars_nstd": 27.733202493059704,
  "dvars_std": 1.300154708283583,
  "dvars_vstd": 1.0181022684328367,
  "efc": 0.4201180079502832,
  "fber": 116891.3828125,
  "fd_mean": 0.223014812738737,
  "fd_num": 68,
  "fd_perc": 50.370370370370374,
  "fwhm_avg": 1.7472392226910338,
  "fwhm_x": 1.7082499999999998,
  "fwhm_y": 1.8643566666666667,
  "fwhm_z": 1.6691110014064348,
  "gcor": 0.0198853,
  "gsr_x": -0.016958113759756088,
  "gsr_y": 0.011947552673518658,
  "provenance": {
    "md5sum": "4918cf3f67ba18738b8f8cc98b60e0b3",
    "settings": {
      "fd_thres": 0.2,
      "testing": false
    },
    "software": "mriqc",
    "version": "22.0.6",
    "webapi_port": null,
    "webapi_url": "https://mriqc.nimh.nih.gov/api/v1"
  },
  "size_t": 135,
  "size_x": 80,
  "size_y": 80,
  "size_z": 36,
  "snr": 5.4180979966494265,
  "spacing_tr": 2.0,
  "spacing_x": 3.0,
  "spacing_y": 3.0,
  "spacing_z": 3.3002119064331055,
  "summary_bg_k": 55.186788062789574,
  "summary_bg_mad": 70.8948167275044,
  "summary_bg_mean": 631.0103149414062,
  "summary_bg_median": 67.44989013671875,
  "summary_bg_n": 157810.0,
  "summary_bg_p05": 6.493947911262513,
  "summary_bg_p95": 3174.3592895507627,
  "summary_bg_stdv": 1899.8909912109375,
  "summary_fg_k": 2.202926209998224,
  "summary_fg_mad": 3901.6559589822627,
  "summary_fg_mean": 24111.958984375,
  "summary_fg_median": 23598.44921875,
  "summary_fg_n": 32309.0,
  "summary_fg_p05": 18048.842578125,
  "summary_fg_p95": 31429.807421875,
  "summary_fg_stdv": 4355.41845703125,
  "tsnr": 67.498291015625
}