{
  "aor": 0.00033095761381475667,
  "aqi": 0.022284129513343798,
  "bids_meta": {
    "AcquisitionNumber": 3,
    "BidsifyVersion": "0.3.7",
    "ConversionSoftware": "dcm2niix",
    "ConversionSoftwareVersion": "v1.0.20190902",
    "EchoTime": 0.02763,
    "EffectiveEchoSpacing": 0.0006333282667071997,
    "ImageComments": "Upgrade2017",
    "ImageOrientationPatientDICOM": [
      0.998051,
      0.0426934,
      -0.0455045,
      -0.044274,
      0.99843,
      -0.034312
    ],
    "InstitutionName": "Spinoza Centre for Neuroimaging, location REC",
    "MagneticFieldStrength": 3,
    "Manufacturer": "Philips",
    "ParallelAcquisitionTechnique": "SENSE",
    "PatientPosition": "HFS",
    "PhaseEncodingDirection": "j",
    "PhilipsRescaleIntercept": 0,
    "PhilipsRescaleSlope": 0.76777,
    "PhilipsScaleSlope": 0.0877736,
    "ProtocolName": "WIPtask-rest_acq-multiband_boldSENSE",
    "ReconMatrixPE": 80,
    "RepetitionTime": 0.761525,
    "SeriesDescription": "ImageMRSERIES",
    "SeriesNumber": 3,
    "TaskName": "restingstate",
    "TotalReadoutTime": 0.024699802401580786,
    "UsePhilipsFloatNotDisplayScaling": 1,
    "acq_id": "mb3",
    "dataset": "ds003495",
    "modality": "bold",
    "session_id": "pre",
    "subject_id": "24",
    "task_id": "restingstate"
  },
  "dummy_trs": 0,
  "dvars_nstd": 40.021389001509405,
  "dvars_std": 1.1289413373270438,
  "dvars_vstd": 1.0021644609905667,
  "efc": 0.45813057323800555,
  "fber": 149469.453125,
  "fd_mean": 0.1242953844309891,
  "fd_num": 73,
  "fd_perc": 11.459968602825745,
  "fwhm_avg": 1.8284393436769435,
  "fwhm_x": 1.7722366666666665,
  "fwhm_y": 1.95706,
  "fwhm_z": 1.7560213643641644,
  "gcor": 0.00732038,
  "gsr_x": -0.018804457038640976,
  "gsr_y": 0.027485284954309464,
  "provenance": {
    "md5sum": "24a43de07fe18aaa411ea4fa572331de",
    "settings": {
      "fd_thres": 0.2,
      "testing": false
    },
    "software": "mriqc",
    "version": "22.0.6",
    "webapi_port": null,
    "webapi_url": "https://mriqc.nimh.nih.gov/api/v1"
  },
  "size_t": 637,
  "size_x": 80,
  "size_y": 80,
  "size_z": 36,
  "snr": 7.269753996115195,
  "spacing_tr": 0.7615251541137695,
  "spacing_x": 3.0,
  "spacing_y": 3.0,
  "spacing_z": 3.299999713897705,
  "summary_bg_k": 24.938677439612054,
  "summary_bg_mad": 61.70218131407529,
  "summary_bg_mean": 651.8974609375,
  "summary_bg_median": 50.81733322143555,
  "summary_bg_n": 152025.0,
  "summary_bg_p05": 2.8676087856292725,
  "summary_bg_p95": 3482.1569335937425,
  "summary_bg_stdv": 1622.73046875,
  "summary_fg_k": 1.991502864585911,
  "summary_fg_mad": 2581.4884503342228,
  "summary_fg_mean": 20237.607421875,
  "summary_fg_median": 20195.712890625,
  "summary_fg_n": 37314.0,
  "summary_fg_p05": 16009.45146484375,
  "summary_fg_p95": 24711.4498046875,
  "summary_fg_stdv": 2778.009033203125,
  "tsnr": 38.3249626159668
}