{
  "aor": 0.0009637916666666666,
  "aqi": 0.005263814416666667,
  "bids_meta": {
    "AcquisitionNumber": 10,
    "BidsifyVersion": "0.3.7",
    "ConversionSoftware": "dcm2niix",
    "ConversionSoftwareVersion": "v1.0.20190902",
    "EchoTime": 0.02763,
    "EffectiveEchoSpacing": 0.0006621159151938905,
    "ImageComments": "Upgrade2017",
    "ImageOrientationPatientDICOM": [
      0.998051,
      0.0426934,
      -0.0455045,
      -0.044274,
      0.99843,
      -0.034312
    ],
    "InstitutionName": "Spinoza Centre for Neuroimaging, location REC",
    "MagneticFieldStrength": 3,
    "Manufacturer": "Philips",
    "ParallelAcquisitionTechnique": "SENSE",
    "PatientPosition": "HFS",
    "PhaseEncodingDirection": "j",
    "PhilipsRescaleIntercept": 0,
    "PhilipsRescaleSlope": 0.77021,
    "PhilipsScaleSlope": 0.0511038,
    "ProtocolName": "WIPtask-rest_acq-sequential_boldSENSE",
    "ReconMatrixPE": 80,
    "RepetitionTime": 2,
    "SeriesDescription": "ImageMRSERIES",
    "SeriesNumber": 10,
    "TaskName": "restingstate",
    "TotalReadoutTime": 0.025822520692561732,
    "UsePhilipsFloatNotDisplayScaling": 1,
    "acq_id": "seq",
    "dataset": "ds003495",
    "modality": "bold",
    "session_id": "pre",
    "subject_id": "24",
    "task_id": "restingstate"
  },
  "dummy_trs": 0,
  "dvars_nstd": 21.77745246895398,
  "dvars_std": 1.254371512175733,
  "dvars_vstd": 0.9852284776150628,
  "efc": 0.45223639195977783,
  "fber": 153782.171875,
  "fd_mean": 0.10053748855541382,
  "fd_num": 9,
  "fd_perc": 3.75,
  "fwhm_avg": 1.8470327787244682,
  "fwhm_x": 1.7771933333333332,
  "fwhm_y": 1.9835200000000002,
  "fwhm_z": 1.7803850028400714,
  "gcor": 0.0140947,
  "gsr_x": -0.014880754053592682,
  "gsr_y": 0.024546202272176743,
  "provenance": {
    "md5sum": "de6fb2a33395550cc0053027f4ed2935",
    "settings": {
      "fd_thres": 0.2,
      "testing": false
    },
    "software": "mriqc",
    "version": "22.0.6",
    "webapi_port": null,
    "webapi_url": "https://mriqc.nimh.nih.gov/api/v1"
  },
  "size_t": 240,
  "size_x": 80,
  "size_y": 80,
  "size_z": 36,
  "snr": 5.346985683612441,
  "spacing_tr": 2.0,
  "spacing_x": 3.0,
  "spacing_y": 3.0,
  "spacing_z": 3.299999713897705,
  "summary_bg_k": 43.66696526570693,
  "summary_bg_mad": 80.9814000163815,
  "summary_bg_mean": 831.497314453125,
  "summary_bg_median": 67.73643493652344,
  "summary_bg_n": 151355.0,
  "summary_bg_p05": 3.93967719078064,
  "summary_bg_p95": 4526.833007812499,
  "summary_bg_stdv": 2271.25537109375,
  "summary_fg_k": 2.1969018849864677,
  "summary_fg_mad": 4545.087947568946,
  "summary_fg_mean": 27704.66015625,
  "summary_fg_median": 27153.828125,
  "summary_fg_n": 38021.0,
  "summary_fg_p05": 20565.31640625,
  "summary_fg_p95": 36073.34765625,
  "summary_fg_stdv": 5078.2763671875,
  "tsnr": 78.94239044189453
}