{
  "bids_meta": {
    "AcquisitionNumber": 2,
    "BidsifyVersion": "0.3.7",
    "ConversionSoftware": "dcm2niix",
    "ConversionSoftwareVersion": "v1.0.20190902",
    "EchoTime": 0.00373,
    "ImageComments": "Upgrade2017",
    "ImageOrientationPatientDICOM": [
      0.99892,
      -0.0401465,
      -0.0233937,
      0.0399461,
      0.999161,
      -0.00897034
    ],
    "InstitutionName": "Spinoza Centre for Neuroimaging, location REC",
    "MagneticFieldStrength": 3,
    "Manufacturer": "Philips",
    "ParallelAcquisitionTechnique": "SENSE",
    "PatientPosition": "HFS",
    "PhilipsRescaleIntercept": 0,
    "PhilipsRescaleSlope": 10.8464,
    "PhilipsScaleSlope": 0.00489275,
    "ProtocolName": "WIPT1wSENSE",
    "ReconMatrixPE": 240,
    "RepetitionTime": 0.008142,
    "SeriesDescription": "ImageMRSERIES",
    "SeriesNumber": 2,
    "UsePhilipsFloatNotDisplayScaling": 1,
    "dataset": "ds003495",
    "modality": "T1w",
    "session_id": "pre",
    "subject_id": "11"
  },
  "cjv": 0.2827567076033393,
  "cnr": 4.563863592815113,
  "efc": 0.7439105920346228,
  "fber": 1881.4356200822988,
  "fwhm_avg": 3.728783333333334,
  "fwhm_x": 3.74249,
  "fwhm_y": 3.89512,
  "fwhm_z": 3.54874,
  "icvs_csf": 0.1987077855015523,
  "icvs_gm": 0.47074543932202945,
  "icvs_wm": 0.3305467751764183,
  "inu_med": 0.6400954723358154,
  "inu_range": 0.21589512526988985,
  "provenance": {
    "md5sum": "98160a988b4b6e7571e5cd8e31a08b01",
    "settings": {
      "testing": false
    },
    "software": "mriqc",
    "version": "22.0.6",
    "warnings": {
      "large_rot_frame": true,
      "small_air_mask": true
    },
    "webapi_port": null,
    "webapi_url": "https://mriqc.nimh.nih.gov/api/v1"
  },
  "qi_1": 0.0,
  "qi_2": 9.09083921796623e-05,
  "rpve_csf": 28.494121774558625,
  "rpve_gm": 13.333046093016865,
  "rpve_wm": 21.43252915931695,
  "size_x": 240,
  "size_y": 240,
  "size_z": 220,
  "snr_csf": 1.5644550882073873,
  "snr_gm": 6.79706783652649,
  "snr_total": 8.959860285537587,
  "snr_wm": 18.518057931878882,
  "snrd_csf": 11.773040770932525,
  "snrd_gm": 38.74646592753528,
  "snrd_total": 40.21383521013634,
  "snrd_wm": 70.1219989319412,
  "spacing_x": 1.0,
  "spacing_y": 1.0,
  "spacing_z": 1.0,
  "summary_bg_k": 787.6173955139116,
  "summary_bg_mad": 0.0,
  "summary_bg_mean": 2.3792424137320793,
  "summary_bg_median": 0.0,
  "summary_bg_n": 117154.0,
  "summary_bg_p05": 0.0,
  "summary_bg_p95": 15.735622867941856,
  "summary_bg_stdv": 9.342808477797295,
  "summary_csf_k": 0.8501856530350325,
  "summary_csf_mad": 107.79074444503713,
  "summary_csf_mean": 183.43120914044286,
  "summary_csf_median": 167.89368614554405,
  "summary_csf_n": 14341.0,
  "summary_csf_p05": 33.98800455033779,
  "summary_csf_p95": 378.9250887930393,
  "summary_csf_stdv": 107.3139354932744,
  "summary_gm_k": 0.13554423361910484,
  "summary_gm_mad": 77.52145742520787,
  "summary_gm_mean": 556.2863115877944,
  "summary_gm_median": 552.5579258799553,
  "summary_gm_n": 36454.0,
  "summary_gm_p05": 426.50829516351223,
  "summary_gm_p95": 696.7740862257779,
  "summary_gm_stdv": 81.2924573182252,
  "summary_wm_k": 0.8861892007504397,
  "summary_wm_mad": 48.995792929562334,
  "summary_wm_mean": 997.0989317287497,
  "summary_wm_median": 1000.0000093132257,
  "summary_wm_n": 174945.0,
  "summary_wm_p05": 903.7751466035843,
  "summary_wm_p95": 1080.3951647132635,
  "summary_wm_stdv": 54.00118926869317,
  "tpm_overlap_csf": 0.14331077569048062,
  "tpm_overlap_gm": 0.4907273949091436,
  "tpm_overlap_wm": 0.5120901866970361,
  "wm2max": 0.719532215208083
}