{
  "bids_meta": {
    "AcquisitionNumber": 2,
    "BidsifyVersion": "0.3.7",
    "ConversionSoftware": "dcm2niix",
    "ConversionSoftwareVersion": "v1.0.20190902",
    "EchoTime": 0.00375,
    "ImageComments": "Upgrade_2017",
    "ImageOrientationPatientDICOM": [
      0.997715,
      0.013019,
      0.0662904,
      -0.00888108,
      0.998016,
      -0.0623379
    ],
    "InstitutionName": "Spinoza Centre for Neuroimaging, location REC",
    "InversionTime": 0.9,
    "MagneticFieldStrength": 3,
    "Manufacturer": "Philips",
    "ParallelAcquisitionTechnique": "SENSE",
    "PatientPosition": "HFS",
    "PhilipsRescaleIntercept": 0,
    "PhilipsRescaleSlope": 3.7851,
    "PhilipsScaleSlope": 0.00517363,
    "ProtocolName": "T1w",
    "ReconMatrixPE": 240,
    "RepetitionTime": 0.008206,
    "SeriesDescription": "ImageMRSERIES",
    "SeriesNumber": 2,
    "UsePhilipsFloatNotDisplayScaling": 1,
    "dataset": "ds003495",
    "modality": "T1w",
    "session_id": "post",
    "subject_id": "03"
  },
  "cjv": 0.2736225991315193,
  "cnr": 4.593560112884513,
  "efc": 0.6887074236396815,
  "fber": 16610.93996763145,
  "fwhm_avg": 4.154356508419533,
  "fwhm_x": 4.1257,
  "fwhm_y": 4.35495,
  "fwhm_z": 3.9824195252585977,
  "icvs_csf": 0.2487632874298862,
  "icvs_gm": 0.43437087070953045,
  "icvs_wm": 0.3168658418605833,
  "inu_med": 0.6108561456203461,
  "inu_range": 0.20008474588394165,
  "provenance": {
    "md5sum": "da363427cebb48c6d65b8af74a465560",
    "settings": {
      "testing": false
    },
    "software": "mriqc",
    "version": "22.0.6",
    "warnings": {
      "large_rot_frame": true,
      "small_air_mask": false
    },
    "webapi_port": null,
    "webapi_url": "https://mriqc.nimh.nih.gov/api/v1"
  },
  "qi_1": 0.0,
  "qi_2": 0.0001336173461119732,
  "rpve_csf": 24.87967386079743,
  "rpve_gm": 14.564741171499707,
  "rpve_wm": 23.830103014837917,
  "size_x": 240,
  "size_y": 240,
  "size_z": 220,
  "snr_csf": 1.5432853969433962,
  "snr_gm": 8.250060525109168,
  "snr_total": 11.97883082747218,
  "snr_wm": 26.143146560363977,
  "snrd_csf": 15.696174519008512,
  "snrd_gm": 60.362672589368394,
  "snrd_total": 58.10860741773566,
  "snrd_wm": 98.26697514483007,
  "spacing_x": 1.0,
  "spacing_y": 1.0,
  "spacing_z": 1.0000001192092896,
  "summary_bg_k": 587.0164583770031,
  "summary_bg_mad": 0.0,
  "summary_bg_mean": 2.849206533143851,
  "summary_bg_median": 0.0,
  "summary_bg_n": 310940.0,
  "summary_bg_p05": 0.0,
  "summary_bg_p95": 15.99373134225607,
  "summary_bg_stdv": 6.666902995386027,
  "summary_csf_k": 0.5738704696198043,
  "summary_csf_mad": 105.23632858249452,
  "summary_csf_mean": 176.6423774503607,
  "summary_csf_median": 159.72990192100406,
  "summary_csf_n": 32282.0,
  "summary_csf_p05": 39.50036818534136,
  "summary_csf_p95": 368.1070192459969,
  "summary_csf_stdv": 103.49830837537225,
  "summary_gm_k": 0.39546416166139675,
  "summary_gm_mad": 71.23952762808476,
  "summary_gm_mean": 614.4275387554109,
  "summary_gm_median": 614.2722075823694,
  "summary_gm_n": 32220.0,
  "summary_gm_p05": 490.8727347312495,
  "summary_gm_p95": 735.8971598090603,
  "summary_gm_stdv": 74.45553558926733,
  "summary_wm_k": 1.2000775062550444,
  "summary_wm_mad": 34.3043097067612,
  "summary_wm_mean": 998.5169157890047,
  "summary_wm_median": 999.9999861717224,
  "summary_wm_n": 160870.0,
  "summary_wm_p05": 933.3160361351446,
  "summary_wm_p95": 1057.2686063237488,
  "summary_wm_stdv": 38.25082324188696,
  "tpm_overlap_csf": 0.1478739908032351,
  "tpm_overlap_gm": 0.47587015429088686,
  "tpm_overlap_wm": 0.5126836684721746,
  "wm2max": 0.737858788448338
}