{
  "bids_meta": {
    "AcquisitionNumber": 2,
    "BidsifyVersion": "0.3.7",
    "ConversionSoftware": "dcm2niix",
    "ConversionSoftwareVersion": "v1.0.20190902",
    "EchoTime": 0.00383,
    "ImageComments": "Upgrade2017",
    "ImageOrientationPatientDICOM": [
      0.995023,
      -0.0793287,
      0.0602999,
      0.0863533,
      0.988446,
      -0.124568
    ],
    "InstitutionName": "Spinoza Centre for Neuroimaging, location REC",
    "MagneticFieldStrength": 3,
    "Manufacturer": "Philips",
    "ParallelAcquisitionTechnique": "SENSE",
    "PatientPosition": "HFS",
    "PhilipsRescaleIntercept": 0,
    "PhilipsRescaleSlope": 11.9614,
    "PhilipsScaleSlope": 0.00533294,
    "ProtocolName": "WIPT1wSENSE",
    "ReconMatrixPE": 240,
    "RepetitionTime": 0.008315,
    "SeriesDescription": "ImageMRSERIES",
    "SeriesNumber": 2,
    "UsePhilipsFloatNotDisplayScaling": 1,
    "dataset": "ds003495",
    "modality": "T1w",
    "session_id": "pre",
    "subject_id": "05"
  },
  "cjv": 0.3580400287518532,
  "cnr": 3.784653128528097,
  "efc": 0.7482436043651871,
  "fber": 2980.03322688335,
  "fwhm_avg": 3.865970149907478,
  "fwhm_x": 3.8305902283209696,
  "fwhm_y": 4.05282,
  "fwhm_z": 3.714500221401466,
  "icvs_csf": 0.21989486218306503,
  "icvs_gm": 0.42541786631675693,
  "icvs_wm": 0.35468727150017804,
  "inu_med": 0.6389941573143005,
  "inu_range": 0.2116247177124022,
  "provenance": {
    "md5sum": "6a721085f47e06ca3299071bb3b71b99",
    "settings": {
      "testing": false
    },
    "software": "mriqc",
    "version": "22.0.6",
    "warnings": {
      "large_rot_frame": true,
      "small_air_mask": true
    },
    "webapi_port": null,
    "webapi_url": "https://mriqc.nimh.nih.gov/api/v1"
  },
  "qi_1": 0.0,
  "qi_2": 0.00011081550742402306,
  "rpve_csf": 26.347150063843593,
  "rpve_gm": 13.99797790910433,
  "rpve_wm": 19.956326186075756,
  "size_x": 240,
  "size_y": 240,
  "size_z": 220,
  "snr_csf": 1.5569451457898844,
  "snr_gm": 6.5369663620420555,
  "snr_total": 8.922634265782726,
  "snr_wm": 18.673991289516238,
  "snrd_csf": 11.993178620733486,
  "snrd_gm": 41.476733004899046,
  "snrd_total": 40.96258430350508,
  "snrd_wm": 69.41784128488271,
  "spacing_x": 0.9999999403953552,
  "spacing_y": 1.0,
  "spacing_z": 0.9999999403953552,
  "summary_bg_k": 125.21373678921512,
  "summary_bg_mad": 0.0,
  "summary_bg_mean": 3.2220569295027257,
  "summary_bg_median": 0.0,
  "summary_bg_n": 117730.0,
  "summary_bg_p05": 0.0,
  "summary_bg_p95": 21.324204582720995,
  "summary_bg_stdv": 9.437368653249443,
  "summary_csf_k": 0.48135975630934524,
  "summary_csf_mad": 111.76494183822005,
  "summary_csf_mean": 188.72498610458976,
  "summary_csf_median": 172.76409609988332,
  "summary_csf_n": 17289.0,
  "summary_csf_p05": 36.13255567699671,
  "summary_csf_p95": 392.78155551329246,
  "summary_csf_stdv": 110.96029949156879,
  "summary_gm_k": -0.14115170709730052,
  "summary_gm_mad": 92.85546815232351,
  "summary_gm_mean": 599.0016220674026,
  "summary_gm_median": 597.4804939851165,
  "summary_gm_n": 28287.0,
  "summary_gm_p05": 451.7979139465839,
  "summary_gm_p95": 751.5607382208109,
  "summary_gm_stdv": 91.39865493529928,
  "summary_wm_k": 0.4155937974758652,
  "summary_wm_mad": 51.25462604335114,
  "summary_wm_mean": 998.5117524933028,
  "summary_wm_median": 999.9776524677873,
  "summary_wm_n": 206839.0,
  "summary_wm_p05": 908.7288525849581,
  "summary_wm_p95": 1083.775287475437,
  "summary_wm_stdv": 53.549089730013606,
  "tpm_overlap_csf": 0.1475609156487276,
  "tpm_overlap_gm": 0.4688506342865678,
  "tpm_overlap_wm": 0.519728726255859,
  "wm2max": 0.7179577804196253
}