{
  "bids_meta": {
    "AcquisitionNumber": 2,
    "BidsifyVersion": "0.3.7",
    "ConversionSoftware": "dcm2niix",
    "ConversionSoftwareVersion": "v1.0.20190902",
    "EchoTime": 0.00379,
    "ImageComments": "Upgrade_2017",
    "ImageOrientationPatientDICOM": [
      0.996819,
      0.0792529,
      -0.00847102,
      -0.0796768,
      0.993623,
      -0.0797776
    ],
    "InstitutionName": "Spinoza Centre for Neuroimaging, location REC",
    "InversionTime": 0.9,
    "MagneticFieldStrength": 3,
    "Manufacturer": "Philips",
    "ParallelAcquisitionTechnique": "SENSE",
    "PatientPosition": "HFS",
    "PhilipsRescaleIntercept": 0,
    "PhilipsRescaleSlope": 3.00513,
    "PhilipsScaleSlope": 0.00503693,
    "ProtocolName": "T1w",
    "ReconMatrixPE": 240,
    "RepetitionTime": 0.008228,
    "SeriesDescription": "ImageMRSERIES",
    "SeriesNumber": 2,
    "UsePhilipsFloatNotDisplayScaling": 1,
    "dataset": "ds003495",
    "modality": "T1w",
    "session_id": "post",
    "subject_id": "10"
  },
  "cjv": 0.2774989466132934,
  "cnr": 4.698412807897703,
  "efc": 0.7210824786920633,
  "fber": -1.0,
  "fwhm_avg": 4.109463333333333,
  "fwhm_x": 4.06835,
  "fwhm_y": 4.29178,
  "fwhm_z": 3.96826,
  "icvs_csf": 0.20816120827854553,
  "icvs_gm": 0.46372917557641663,
  "icvs_wm": 0.32810961614503786,
  "inu_med": 0.5963667929172516,
  "inu_range": 0.22324570864439014,
  "provenance": {
    "md5sum": "ac123c0ec895d6846671c2037de8f7a0",
    "settings": {
      "testing": false
    },
    "software": "mriqc",
    "version": "22.0.6",
    "warnings": {
      "large_rot_frame": true,
      "small_air_mask": false
    },
    "webapi_port": null,
    "webapi_url": "https://mriqc.nimh.nih.gov/api/v1"
  },
  "qi_1": 0.0,
  "qi_2": 8.591185771027377e-05,
  "rpve_csf": 27.267299434930283,
  "rpve_gm": 13.510289185905226,
  "rpve_wm": 22.03712493376169,
  "size_x": 240,
  "size_y": 240,
  "size_z": 220,
  "snr_csf": 1.4491005909129349,
  "snr_gm": 8.768093625384857,
  "snr_total": 11.118106082070279,
  "snr_wm": 23.137124029913043,
  "snrd_csf": 16.211036855392873,
  "snrd_gm": 65.29525538777884,
  "snrd_total": 62.68477401743946,
  "snrd_wm": 106.54802980914667,
  "spacing_x": 1.0,
  "spacing_y": 1.0,
  "spacing_z": 1.0,
  "summary_bg_k": 135.32688987049548,
  "summary_bg_mad": 0.0,
  "summary_bg_mean": 2.7026515664706503,
  "summary_bg_median": 0.0,
  "summary_bg_n": 320868.0,
  "summary_bg_p05": 0.0,
  "summary_bg_p95": 14.965785801410675,
  "summary_bg_stdv": 6.148591299028345,
  "summary_csf_k": 1.8911221502206503,
  "summary_csf_mad": 88.64374714430483,
  "summary_csf_mean": 175.21503462000607,
  "summary_csf_median": 152.14395072124898,
  "summary_csf_n": 25284.0,
  "summary_csf_p05": 45.12258263463155,
  "summary_csf_p95": 381.69399784002445,
  "summary_csf_stdv": 104.989910945706,
  "summary_gm_k": 0.2122885658382856,
  "summary_gm_mad": 68.97352083274438,
  "summary_gm_mean": 614.8625918300116,
  "summary_gm_median": 612.8095449209213,
  "summary_gm_n": 44932.0,
  "summary_gm_p05": 502.68302242830396,
  "summary_gm_p95": 730.4300369649194,
  "summary_gm_stdv": 69.890075513013,
  "summary_wm_k": 1.0017882129474067,
  "summary_wm_mad": 38.46459839032412,
  "summary_wm_mean": 999.0824518679574,
  "summary_wm_median": 999.9754081945866,
  "summary_wm_n": 172311.0,
  "summary_wm_p05": 926.5741363856941,
  "summary_wm_p95": 1068.0106581207365,
  "summary_wm_stdv": 43.21939516937803,
  "tpm_overlap_csf": 0.16005567178823865,
  "tpm_overlap_gm": 0.48173306376353153,
  "tpm_overlap_wm": 0.5040902782280577,
  "wm2max": 0.7035972219816762
}