{
  "bids_meta": {
    "AcquisitionNumber": 2,
    "BidsifyVersion": "0.3.7",
    "ConversionSoftware": "dcm2niix",
    "ConversionSoftwareVersion": "v1.0.20190902",
    "EchoTime": 0.00376,
    "ImageComments": "Upgrade2017",
    "ImageOrientationPatientDICOM": [
      0.997529,
      0.0591715,
      -0.0378672,
      -0.0571678,
      0.997011,
      0.0519731
    ],
    "InstitutionName": "Spinoza Centre for Neuroimaging, location REC",
    "MagneticFieldStrength": 3,
    "Manufacturer": "Philips",
    "ParallelAcquisitionTechnique": "SENSE",
    "PatientPosition": "HFS",
    "PhilipsRescaleIntercept": 0,
    "PhilipsRescaleSlope": 11.8173,
    "PhilipsScaleSlope": 0.00492575,
    "ProtocolName": "WIPT1wSENSE",
    "ReconMatrixPE": 240,
    "RepetitionTime": 0.008193,
    "SeriesDescription": "ImageMRSERIES",
    "SeriesNumber": 2,
    "UsePhilipsFloatNotDisplayScaling": 1,
    "dataset": "ds003495",
    "modality": "T1w",
    "session_id": "pre",
    "subject_id": "15"
  },
  "cjv": 0.33513809695101754,
  "cnr": 4.039115274983537,
  "efc": 0.7475814980890341,
  "fber": -1.0,
  "fwhm_avg": 3.9076800749898,
  "fwhm_x": 3.82818,
  "fwhm_y": 4.1205,
  "fwhm_z": 3.7743602249694006,
  "icvs_csf": 0.22149377642166357,
  "icvs_gm": 0.43251364189892477,
  "icvs_wm": 0.34599258167941166,
  "inu_med": 0.7213965654373169,
  "inu_range": 0.2878036171197892,
  "provenance": {
    "md5sum": "2df33edeab5d89200c4df189f59c505b",
    "settings": {
      "testing": false
    },
    "software": "mriqc",
    "version": "22.0.6",
    "warnings": {
      "large_rot_frame": true,
      "small_air_mask": true
    },
    "webapi_port": null,
    "webapi_url": "https://mriqc.nimh.nih.gov/api/v1"
  },
  "qi_1": 0.0,
  "qi_2": 0.00017352780277585613,
  "rpve_csf": 24.194290099415507,
  "rpve_gm": 12.799500096765374,
  "rpve_wm": 18.72131093916343,
  "size_x": 240,
  "size_y": 240,
  "size_z": 220,
  "snr_csf": 1.518033701155377,
  "snr_gm": 6.744390345876445,
  "snr_total": 8.326276999625803,
  "snr_wm": 16.71640695184558,
  "snrd_csf": 17.399682230425984,
  "snrd_gm": 64.48037244507252,
  "snrd_total": 64.51403985656326,
  "snrd_wm": 111.66206489419123,
  "spacing_x": 1.0,
  "spacing_y": 1.0,
  "spacing_z": 0.9999999403953552,
  "summary_bg_k": 58.98351904344454,
  "summary_bg_mad": 0.0,
  "summary_bg_mean": 1.4728201165302746,
  "summary_bg_median": 0.0,
  "summary_bg_n": 89937.0,
  "summary_bg_p05": 0.0,
  "summary_bg_p95": 11.807847753167152,
  "summary_bg_stdv": 5.8671350683253705,
  "summary_csf_k": 0.8882857466923153,
  "summary_csf_mad": 99.89125580301916,
  "summary_csf_mean": 173.81162355528446,
  "summary_csf_median": 155.82447531819344,
  "summary_csf_n": 18225.0,
  "summary_csf_p05": 39.12480236887932,
  "summary_csf_p95": 366.4050943166017,
  "summary_csf_stdv": 102.64607440602646,
  "summary_gm_k": -0.029267403471202158,
  "summary_gm_mad": 85.82819076253605,
  "summary_gm_mean": 578.8011457014022,
  "summary_gm_median": 577.4599829763174,
  "summary_gm_n": 28553.0,
  "summary_gm_p05": 437.9904769062996,
  "summary_gm_p95": 720.7138675808906,
  "summary_gm_stdv": 85.61928376059156,
  "summary_wm_k": 0.6874507650231401,
  "summary_wm_mad": 55.78107499305025,
  "summary_wm_mean": 998.5772423901273,
  "summary_wm_median": 1000.0000255554914,
  "summary_wm_n": 214372.0,
  "summary_wm_p05": 898.8387957364321,
  "summary_wm_p95": 1093.8271884471178,
  "summary_wm_stdv": 59.82132978930324,
  "tpm_overlap_csf": 0.15351110145387814,
  "tpm_overlap_gm": 0.46524423683821586,
  "tpm_overlap_wm": 0.515539466628771,
  "wm2max": 0.664797654275971
}