{
  "aor": 0.0001878806907378336,
  "aqi": 0.03247625227629513,
  "bids_meta": {
    "AcquisitionNumber": 3,
    "BidsifyVersion": "0.3.7",
    "ConversionSoftware": "dcm2niix",
    "ConversionSoftwareVersion": "v1.0.20190902",
    "EchoTime": 0.02763,
    "EffectiveEchoSpacing": 0.0006333282667071997,
    "ImageComments": "Upgrade2017",
    "ImageOrientationPatientDICOM": [
      0.998221,
      -0.0413567,
      -0.042951,
      0.0376499,
      0.995772,
      -0.0837908
    ],
    "InstitutionName": "Spinoza Centre for Neuroimaging, location REC",
    "MagneticFieldStrength": 3,
    "Manufacturer": "Philips",
    "ParallelAcquisitionTechnique": "SENSE",
    "PatientPosition": "HFS",
    "PhaseEncodingDirection": "j",
    "PhilipsRescaleIntercept": 0,
    "PhilipsRescaleSlope": 0.74872,
    "PhilipsScaleSlope": 0.0939559,
    "ProtocolName": "WIPtask-rest_acq-multiband_boldSENSE",
    "ReconMatrixPE": 80,
    "RepetitionTime": 0.760833,
    "SeriesDescription": "ImageMRSERIES",
    "SeriesNumber": 3,
    "TaskName": "restingstate",
    "TotalReadoutTime": 0.024699802401580786,
    "UsePhilipsFloatNotDisplayScaling": 1,
    "acq_id": "mb3",
    "dataset": "ds003495",
    "modality": "bold",
    "session_id": "pre",
    "subject_id": "22",
    "task_id": "restingstate"
  },
  "dummy_trs": 0,
  "dvars_nstd": 51.73843176242136,
  "dvars_std": 1.0989640255031443,
  "dvars_vstd": 0.9900334749528289,
  "efc": 0.44986210242881625,
  "fber": 213547.28125,
  "fd_mean": 0.17119959006352414,
  "fd_num": 212,
  "fd_perc": 33.28100470957614,
  "fwhm_avg": 1.888194553733837,
  "fwhm_x": 1.8417866666666667,
  "fwhm_y": 2.1038666666666668,
  "fwhm_z": 1.7189303278681773,
  "gcor": 0.0101386,
  "gsr_x": -0.0234440378844738,
  "gsr_y": 0.025106757879257202,
  "provenance": {
    "md5sum": "ae033ed1fee133b672bfd4d47820af5b",
    "settings": {
      "fd_thres": 0.2,
      "testing": false
    },
    "software": "mriqc",
    "version": "22.0.6",
    "webapi_port": null,
    "webapi_url": "https://mriqc.nimh.nih.gov/api/v1"
  },
  "size_t": 637,
  "size_x": 80,
  "size_y": 80,
  "size_z": 36,
  "snr": 6.6758642627263995,
  "spacing_tr": 0.7608333230018616,
  "spacing_x": 3.0,
  "spacing_y": 3.0,
  "spacing_z": 3.299999952316284,
  "summary_bg_k": 31.80888358280115,
  "summary_bg_mad": 44.69026761732599,
  "summary_bg_mean": 510.62603759765625,
  "summary_bg_median": 39.37940216064453,
  "summary_bg_n": 151905.0,
  "summary_bg_p05": 2.6663159847259523,
  "summary_bg_p95": 2878.515576171874,
  "summary_bg_stdv": 1362.757080078125,
  "summary_fg_k": 0.5412315730812689,
  "summary_fg_mad": 2691.5441558374123,
  "summary_fg_mean": 18771.470703125,
  "summary_fg_median": 18756.65625,
  "summary_fg_n": 37024.0,
  "summary_fg_p05": 14196.2162109375,
  "summary_fg_p95": 23350.235546875,
  "summary_fg_stdv": 2809.584228515625,
  "tsnr": 27.487655639648438
}