{
  "aor": 0.0016063333333333333,
  "aqi": 0.010281289125,
  "bids_meta": {
    "AcquisitionNumber": 10,
    "BidsifyVersion": "0.3.7",
    "ConversionSoftware": "dcm2niix",
    "ConversionSoftwareVersion": "v1.0.20190902",
    "EchoTime": 0.02763,
    "EffectiveEchoSpacing": 0.0006621159151938905,
    "ImageComments": "Upgrade_2017",
    "ImageOrientationPatientDICOM": [
      0.99996,
      0.00209866,
      0.00864835,
      -0.00174526,
      0.999171,
      -0.0406701
    ],
    "InstitutionName": "Spinoza Centre for Neuroimaging, location REC",
    "MagneticFieldStrength": 3,
    "Manufacturer": "Philips",
    "ParallelAcquisitionTechnique": "SENSE",
    "PatientPosition": "HFS",
    "PhaseEncodingDirection": "j",
    "PhilipsRescaleIntercept": 0,
    "PhilipsRescaleSlope": 0.74652,
    "PhilipsScaleSlope": 0.0221757,
    "ProtocolName": "task-rest_acq-sequential_bold",
    "ReconMatrixPE": 80,
    "RepetitionTime": 2,
    "SeriesDescription": "ImageMRSERIES",
    "SeriesNumber": 10,
    "TaskName": "restingstate",
    "TotalReadoutTime": 0.025822520692561732,
    "UsePhilipsFloatNotDisplayScaling": 1,
    "acq_id": "seq",
    "dataset": "ds003495",
    "modality": "bold",
    "session_id": "post",
    "subject_id": "06",
    "task_id": "restingstate"
  },
  "dummy_trs": 0,
  "dvars_nstd": 17.601515354686203,
  "dvars_std": 1.0772637194142254,
  "dvars_vstd": 0.9502903185774054,
  "efc": 0.42512416317482377,
  "fber": 103451.8515625,
  "fd_mean": 0.1509336395116299,
  "fd_num": 32,
  "fd_perc": 13.333333333333334,
  "fwhm_avg": 1.804258795920332,
  "fwhm_x": 1.7591133333333333,
  "fwhm_y": 1.9840933333333333,
  "fwhm_z": 1.6695697210943297,
  "gcor": 0.0298393,
  "gsr_x": -0.015569210983812809,
  "gsr_y": 0.017648955807089806,
  "provenance": {
    "md5sum": "4059015a596cdfa0d2623ca0069f85d3",
    "settings": {
      "fd_thres": 0.2,
      "testing": false
    },
    "software": "mriqc",
    "version": "22.0.6",
    "webapi_port": null,
    "webapi_url": "https://mriqc.nimh.nih.gov/api/v1"
  },
  "size_t": 240,
  "size_x": 80,
  "size_y": 80,
  "size_z": 36,
  "snr": 6.435473230353625,
  "spacing_tr": 2.0,
  "spacing_x": 3.0,
  "spacing_y": 3.0,
  "spacing_z": 3.299999952316284,
  "summary_bg_k": 117.43538738592511,
  "summary_bg_mad": 239.93381239556666,
  "summary_bg_mean": 1319.4957275390625,
  "summary_bg_median": 204.99954223632812,
  "summary_bg_n": 155123.0,
  "summary_bg_p05": 17.132634162902832,
  "summary_bg_p95": 5986.268701171872,
  "summary_bg_stdv": 4015.2568359375,
  "summary_fg_k": 1.8051505638195753,
  "summary_fg_mad": 9949.453917645293,
  "summary_fg_mean": 67846.4375,
  "summary_fg_median": 66836.4921875,
  "summary_fg_n": 35259.0,
  "summary_fg_p05": 53487.56484375,
  "summary_fg_p95": 84829.5546875,
  "summary_fg_stdv": 10385.490234375,
  "tsnr": 63.00869369506836
}