{
  "aor": 0.0050099281867145426,
  "aqi": 0.00713494118491921,
  "bids_meta": {
    "AcquisitionNumber": 3,
    "BidsifyVersion": "0.3.7",
    "ConversionSoftware": "dcm2niix",
    "ConversionSoftwareVersion": "v1.0.20190902",
    "EchoTime": 0.02763,
    "EffectiveEchoSpacing": 0.0006333282667071997,
    "ImageComments": "Upgrade_2017",
    "ImageOrientationPatientDICOM": [
      0.99996,
      0.00209866,
      0.00864835,
      -0.00174526,
      0.999171,
      -0.0406701
    ],
    "InstitutionName": "Spinoza Centre for Neuroimaging, location REC",
    "MagneticFieldStrength": 3,
    "Manufacturer": "Philips",
    "ParallelAcquisitionTechnique": "SENSE",
    "PatientPosition": "HFS",
    "PhaseEncodingDirection": "j",
    "PhilipsRescaleIntercept": 0,
    "PhilipsRescaleSlope": 0.737,
    "PhilipsScaleSlope": 0.0228314,
    "ProtocolName": "task-rest_acq-multiband_bold",
    "ReconMatrixPE": 80,
    "RepetitionTime": 1.98568,
    "SeriesDescription": "ImageMRSERIES",
    "SeriesNumber": 3,
    "TaskName": "restingstate",
    "TotalReadoutTime": 0.024699802401580786,
    "UsePhilipsFloatNotDisplayScaling": 1,
    "acq_id": "mb3",
    "dataset": "ds003495",
    "modality": "bold",
    "session_id": "post",
    "subject_id": "06",
    "task_id": "restingstate"
  },
  "dummy_trs": 0,
  "dvars_nstd": 16.564160412032365,
  "dvars_std": 1.165025628039568,
  "dvars_vstd": 1.0413288566007188,
  "efc": 0.42476385313253784,
  "fber": 103414.53125,
  "fd_mean": 0.13343940618089006,
  "fd_num": 51,
  "fd_perc": 9.156193895870736,
  "fwhm_avg": 1.817124149463261,
  "fwhm_x": 1.7730833333333333,
  "fwhm_y": 2.007146666666667,
  "fwhm_z": 1.6711424483897823,
  "gcor": 0.0189518,
  "gsr_x": -0.01617899350821972,
  "gsr_y": 0.01865566149353981,
  "provenance": {
    "md5sum": "1b9b0461e419b3fa9cdebc83f0f6977f",
    "settings": {
      "fd_thres": 0.2,
      "testing": false
    },
    "software": "mriqc",
    "version": "22.0.6",
    "webapi_port": null,
    "webapi_url": "https://mriqc.nimh.nih.gov/api/v1"
  },
  "size_t": 557,
  "size_x": 80,
  "size_y": 80,
  "size_z": 36,
  "snr": 6.357583637155159,
  "spacing_tr": 1.9856834411621094,
  "spacing_x": 3.0,
  "spacing_y": 3.0,
  "spacing_z": 3.299999952316284,
  "summary_bg_k": 132.2054123383177,
  "summary_bg_mad": 242.56634698778413,
  "summary_bg_mean": 1321.3868408203125,
  "summary_bg_median": 205.76365661621094,
  "summary_bg_n": 155138.0,
  "summary_bg_p05": 15.089247655868531,
  "summary_bg_p95": 6028.971289062499,
  "summary_bg_stdv": 4069.05224609375,
  "summary_fg_k": 1.8688207824081164,
  "summary_fg_mad": 9954.052301088626,
  "summary_fg_mean": 68068.03125,
  "summary_fg_median": 67045.5703125,
  "summary_fg_n": 35218.0,
  "summary_fg_p05": 53504.5173828125,
  "summary_fg_p95": 85549.135546875,
  "summary_fg_stdv": 10545.61328125,
  "tsnr": 73.99563598632812
}