{
  "aor": 0.0024762790697674415,
  "aqi": 0.0037428808527131784,
  "bids_meta": {
    "AcquisitionNumber": 8,
    "BidsifyVersion": "0.3.7",
    "ConversionSoftware": "dcm2niix",
    "ConversionSoftwareVersion": "v1.0.20190902",
    "EchoTime": 0.02763,
    "EffectiveEchoSpacing": 0.0006621159151938905,
    "ImageComments": "Upgrade_2017",
    "ImageOrientationPatientDICOM": [
      0.998978,
      0.0451565,
      0.00187993,
      -0.0439657,
      0.98059,
      -0.191076
    ],
    "InstitutionName": "Spinoza Centre for Neuroimaging, location REC",
    "MagneticFieldStrength": 3,
    "Manufacturer": "Philips",
    "ParallelAcquisitionTechnique": "SENSE",
    "PatientPosition": "HFS",
    "PhaseEncodingDirection": "j",
    "PhilipsRescaleIntercept": 0,
    "PhilipsRescaleSlope": 0.82882,
    "PhilipsScaleSlope": 0.0216201,
    "ProtocolName": "task-harriri_acq-sequential_bold",
    "ReconMatrixPE": 80,
    "RepetitionTime": 2,
    "SeriesDescription": "ImageMRSERIES",
    "SeriesNumber": 8,
    "TaskName": "emomatching",
    "TotalReadoutTime": 0.025822520692561732,
    "UsePhilipsFloatNotDisplayScaling": 1,
    "acq_id": "seq",
    "dataset": "ds003495",
    "modality": "bold",
    "session_id": "post",
    "subject_id": "07",
    "task_id": "emomatching"
  },
  "dummy_trs": 0,
  "dvars_nstd": 18.65993713632814,
  "dvars_std": 1.1733770909375003,
  "dvars_vstd": 1.0239571139843753,
  "efc": 0.41127317288916004,
  "fber": 200570.6875,
  "fd_mean": 0.12794117759674017,
  "fd_num": 20,
  "fd_perc": 15.503875968992247,
  "fwhm_avg": 1.9020295035859398,
  "fwhm_x": 1.8346733333333332,
  "fwhm_y": 2.0783333333333336,
  "fwhm_z": 1.793081844091153,
  "gcor": 0.0392815,
  "gsr_x": -0.026791296899318695,
  "gsr_y": 0.018841875717043877,
  "provenance": {
    "md5sum": "28a76db636cf17c16ccdb047ad26b2a6",
    "settings": {
      "fd_thres": 0.2,
      "testing": false
    },
    "software": "mriqc",
    "version": "22.0.6",
    "webapi_port": null,
    "webapi_url": "https://mriqc.nimh.nih.gov/api/v1"
  },
  "size_t": 129,
  "size_x": 80,
  "size_y": 80,
  "size_z": 36,
  "snr": 6.224043808601249,
  "spacing_tr": 2.0,
  "spacing_x": 3.0,
  "spacing_y": 3.0,
  "spacing_z": 3.299999952316284,
  "summary_bg_k": 74.55482325201184,
  "summary_bg_mad": 159.86672352553666,
  "summary_bg_mean": 1514.443115234375,
  "summary_bg_median": 141.6676025390625,
  "summary_bg_n": 159404.0,
  "summary_bg_p05": 9.496916151046753,
  "summary_bg_p95": 7826.983056640627,
  "summary_bg_stdv": 4447.60986328125,
  "summary_fg_k": 1.497400231511711,
  "summary_fg_mad": 9133.194525134219,
  "summary_fg_mean": 65016.84375,
  "summary_fg_median": 64330.515625,
  "summary_fg_n": 30879.0,
  "summary_fg_p05": 48844.62890625,
  "summary_fg_p95": 82196.47968749999,
  "summary_fg_stdv": 10335.6396484375,
  "tsnr": 95.06417083740234
}