{
  "aor": 0.0007657456828885401,
  "aqi": 0.008752650298273157,
  "bids_meta": {
    "AcquisitionNumber": 3,
    "BidsifyVersion": "0.3.7",
    "ConversionSoftware": "dcm2niix",
    "ConversionSoftwareVersion": "v1.0.20190902",
    "EchoTime": 0.02763,
    "EffectiveEchoSpacing": 0.0006333282667071997,
    "ImageComments": "Upgrade_2017",
    "ImageOrientationPatientDICOM": [
      0.998978,
      0.0451565,
      0.00187993,
      -0.0439657,
      0.98059,
      -0.191076
    ],
    "InstitutionName": "Spinoza Centre for Neuroimaging, location REC",
    "MagneticFieldStrength": 3,
    "Manufacturer": "Philips",
    "ParallelAcquisitionTechnique": "SENSE",
    "PatientPosition": "HFS",
    "PhaseEncodingDirection": "j",
    "PhilipsRescaleIntercept": 0,
    "PhilipsRescaleSlope": 0.7939,
    "PhilipsScaleSlope": 0.0391128,
    "ProtocolName": "task-rest_acq-multiband_bold",
    "ReconMatrixPE": 80,
    "RepetitionTime": 0.763994,
    "SeriesDescription": "ImageMRSERIES",
    "SeriesNumber": 3,
    "TaskName": "restingstate",
    "TotalReadoutTime": 0.024699802401580786,
    "UsePhilipsFloatNotDisplayScaling": 1,
    "acq_id": "mb3",
    "dataset": "ds003495",
    "modality": "bold",
    "session_id": "post",
    "subject_id": "07",
    "task_id": "restingstate"
  },
  "dummy_trs": 0,
  "dvars_nstd": 24.662123464166655,
  "dvars_std": 1.2881062289779883,
  "dvars_vstd": 1.0090224225943394,
  "efc": 0.4115175262869925,
  "fber": 2082674.5,
  "fd_mean": 0.10518497651180535,
  "fd_num": 9,
  "fd_perc": 1.41287284144427,
  "fwhm_avg": 2.020972231328046,
  "fwhm_x": 1.9043466666666669,
  "fwhm_y": 2.2680366666666667,
  "fwhm_z": 1.8905333606508048,
  "gcor": 0.0165226,
  "gsr_x": -0.02773856744170189,
  "gsr_y": 0.016718104481697083,
  "provenance": {
    "md5sum": "45344817fa139d2bfe2c9c5b39355fba",
    "settings": {
      "fd_thres": 0.2,
      "testing": false
    },
    "software": "mriqc",
    "version": "22.0.6",
    "webapi_port": null,
    "webapi_url": "https://mriqc.nimh.nih.gov/api/v1"
  },
  "size_t": 637,
  "size_x": 80,
  "size_y": 80,
  "size_z": 36,
  "snr": 8.759140341817242,
  "spacing_tr": 0.7639937400817871,
  "spacing_x": 3.0,
  "spacing_y": 3.0,
  "spacing_z": 3.299999952316284,
  "summary_bg_k": 45.84577483571788,
  "summary_bg_mad": 50.58083002615803,
  "summary_bg_mean": 1157.784912109375,
  "summary_bg_median": 34.866127014160156,
  "summary_bg_n": 159584.0,
  "summary_bg_p05": 0.2033975832164288,
  "summary_bg_p95": 6104.134985351574,
  "summary_bg_stdv": 3375.694580078125,
  "summary_fg_k": 2.9614227422146504,
  "summary_fg_mad": 4815.712079473004,
  "summary_fg_mean": 50910.17578125,
  "summary_fg_median": 51572.0078125,
  "summary_fg_n": 30500.0,
  "summary_fg_p05": 40039.72578125,
  "summary_fg_p95": 59092.0853515625,
  "summary_fg_stdv": 5887.69677734375,
  "tsnr": 77.60775756835938
}