{
  "bids_meta": {
    "AcquisitionNumber": 2,
    "BidsifyVersion": "0.3.7",
    "ConversionSoftware": "dcm2niix",
    "ConversionSoftwareVersion": "v1.0.20190902",
    "EchoTime": 0.00378,
    "ImageComments": "Upgrade_2017",
    "ImageOrientationPatientDICOM": [
      0.999196,
      0.0400834,
      0.000944331,
      -0.0399572,
      0.993548,
      0.106138
    ],
    "InstitutionName": "Spinoza Centre for Neuroimaging, location REC",
    "InversionTime": 0.9,
    "MagneticFieldStrength": 3,
    "Manufacturer": "Philips",
    "ParallelAcquisitionTechnique": "SENSE",
    "PatientPosition": "HFS",
    "PhilipsRescaleIntercept": 0,
    "PhilipsRescaleSlope": 4.04884,
    "PhilipsScaleSlope": 0.00503177,
    "ProtocolName": "T1w",
    "ReconMatrixPE": 240,
    "RepetitionTime": 0.008224,
    "SeriesDescription": "ImageMRSERIES",
    "SeriesNumber": 2,
    "UsePhilipsFloatNotDisplayScaling": 1,
    "dataset": "ds003495",
    "modality": "T1w",
    "session_id": "post",
    "subject_id": "18"
  },
  "cjv": 0.27737110288987205,
  "cnr": 4.638012429373821,
  "efc": 0.6727599766025748,
  "fber": -1.0,
  "fwhm_avg": 4.232399661312144,
  "fwhm_x": 4.17384,
  "fwhm_y": 4.421339472935262,
  "fwhm_z": 4.102019511001169,
  "icvs_csf": 0.22290479125569834,
  "icvs_gm": 0.4406819100815538,
  "icvs_wm": 0.3364132986627479,
  "inu_med": 0.5191087126731873,
  "inu_range": 0.1661611944437027,
  "provenance": {
    "md5sum": "5e5802e557d4f5cca6438bd328e8d17a",
    "settings": {
      "testing": false
    },
    "software": "mriqc",
    "version": "22.0.6",
    "warnings": {
      "large_rot_frame": true,
      "small_air_mask": false
    },
    "webapi_port": null,
    "webapi_url": "https://mriqc.nimh.nih.gov/api/v1"
  },
  "qi_1": 0.0064438525646533205,
  "qi_2": 4.7486638247926785e-05,
  "rpve_csf": 26.306174940977442,
  "rpve_gm": 14.08164468915591,
  "rpve_wm": 21.923005072115885,
  "size_x": 240,
  "size_y": 240,
  "size_z": 220,
  "snr_csf": 1.5079442849080562,
  "snr_gm": 8.465098231246182,
  "snr_total": 12.143094787190636,
  "snr_wm": 26.456241845417672,
  "snrd_csf": 23.118160228054048,
  "snrd_gm": 92.51268969563421,
  "snrd_total": 88.43327611802609,
  "snrd_wm": 149.66897843039004,
  "spacing_x": 1.0,
  "spacing_y": 1.0000001192092896,
  "spacing_z": 1.0000001192092896,
  "summary_bg_k": 15.502629358697085,
  "summary_bg_mad": 0.0,
  "summary_bg_mean": 1.7098734690269042,
  "summary_bg_median": 0.0,
  "summary_bg_n": 345383.0,
  "summary_bg_p05": 0.0,
  "summary_bg_p95": 10.547206331044436,
  "summary_bg_stdv": 4.37723586955395,
  "summary_csf_k": 0.6318896391210398,
  "summary_csf_mad": 98.36959912144837,
  "summary_csf_mean": 171.06820053785577,
  "summary_csf_median": 154.46194134280086,
  "summary_csf_n": 30458.0,
  "summary_csf_p05": 34.55603731758893,
  "summary_csf_p95": 364.9444883208721,
  "summary_csf_stdv": 102.43044601393319,
  "summary_gm_k": 0.2373425356915586,
  "summary_gm_mad": 71.60764634416306,
  "summary_gm_mean": 618.5833673149449,
  "summary_gm_median": 618.1153477728367,
  "summary_gm_n": 41353.0,
  "summary_gm_p05": 499.1972687803209,
  "summary_gm_p95": 738.3936373069882,
  "summary_gm_stdv": 73.01839354921238,
  "summary_wm_k": 1.0007374163824885,
  "summary_wm_mad": 34.316129688477034,
  "summary_wm_mean": 999.1266514675989,
  "summary_wm_median": 1000.0000319704413,
  "summary_wm_n": 179399.0,
  "summary_wm_p05": 935.2874579887837,
  "summary_wm_p95": 1058.4667867273092,
  "summary_wm_stdv": 37.79815934273113,
  "tpm_overlap_csf": 0.1473540200727645,
  "tpm_overlap_gm": 0.48347708885074375,
  "tpm_overlap_wm": 0.5188052719603761,
  "wm2max": 0.7928364260586412
}