{
  "aor": 0.0007262222222222222,
  "aqi": 0.002650326444444444,
  "bids_meta": {
    "AcquisitionNumber": 8,
    "BidsifyVersion": "0.3.7",
    "ConversionSoftware": "dcm2niix",
    "ConversionSoftwareVersion": "v1.0.20190902",
    "EchoTime": 0.02763,
    "EffectiveEchoSpacing": 0.0006621159151938905,
    "ImageComments": "Upgrade2017",
    "ImageOrientationPatientDICOM": [
      0.998021,
      0.0498332,
      0.038345,
      -0.0348517,
      0.945991,
      -0.322313
    ],
    "InstitutionName": "Spinoza Centre for Neuroimaging, location REC",
    "MagneticFieldStrength": 3,
    "Manufacturer": "Philips",
    "ParallelAcquisitionTechnique": "SENSE",
    "PatientPosition": "HFS",
    "PhaseEncodingDirection": "j",
    "PhilipsRescaleIntercept": 0,
    "PhilipsRescaleSlope": 0.74799,
    "PhilipsScaleSlope": 0.066861,
    "ProtocolName": "WIPtask-harriri_acq-sequential_boldSENSE",
    "ReconMatrixPE": 80,
    "RepetitionTime": 2,
    "SeriesDescription": "ImageMRSERIES",
    "SeriesNumber": 8,
    "TaskName": "emomatching",
    "TotalReadoutTime": 0.025822520692561732,
    "UsePhilipsFloatNotDisplayScaling": 1,
    "acq_id": "seq",
    "dataset": "ds003495",
    "modality": "bold",
    "session_id": "pre",
    "subject_id": "10",
    "task_id": "emomatching"
  },
  "dummy_trs": 0,
  "dvars_nstd": 21.670931673731342,
  "dvars_std": 1.2384434214179108,
  "dvars_vstd": 1.0082519427611936,
  "efc": 0.42789307602865034,
  "fber": 170391.8125,
  "fd_mean": 0.1404744713723113,
  "fd_num": 16,
  "fd_perc": 11.851851851851851,
  "fwhm_avg": 1.6923796304524645,
  "fwhm_x": 1.6453499999999999,
  "fwhm_y": 1.8368399999999998,
  "fwhm_z": 1.594948891357394,
  "gcor": 0.0269592,
  "gsr_x": -0.013033218681812286,
  "gsr_y": 0.011712424457073212,
  "provenance": {
    "md5sum": "b47a8cc5fe40e8bf4256caae36bb9ec5",
    "settings": {
      "fd_thres": 0.2,
      "testing": false
    },
    "software": "mriqc",
    "version": "22.0.6",
    "webapi_port": null,
    "webapi_url": "https://mriqc.nimh.nih.gov/api/v1"
  },
  "size_t": 135,
  "size_x": 80,
  "size_y": 80,
  "size_z": 36,
  "snr": 5.619929416641741,
  "spacing_tr": 2.0,
  "spacing_x": 3.0,
  "spacing_y": 3.0,
  "spacing_z": 3.3001747131347656,
  "summary_bg_k": 57.75831901088936,
  "summary_bg_mad": 50.7426298896243,
  "summary_bg_mean": 605.872802734375,
  "summary_bg_median": 51.6646614074707,
  "summary_bg_n": 156455.0,
  "summary_bg_p05": 4.564665269851685,
  "summary_bg_p95": 3400.2688476562457,
  "summary_bg_stdv": 1844.591064453125,
  "summary_fg_k": 2.8718507780277003,
  "summary_fg_mad": 3698.959332628408,
  "summary_fg_mean": 22133.2109375,
  "summary_fg_median": 21846.830078125,
  "summary_fg_n": 33379.0,
  "summary_fg_p05": 16707.6619140625,
  "summary_fg_p95": 28232.7912109375,
  "summary_fg_stdv": 3887.326904296875,
  "tsnr": 91.77500915527344
}