{
  "aor": 0.0005574166666666667,
  "aqi": 0.00351205575,
  "bids_meta": {
    "AcquisitionNumber": 10,
    "BidsifyVersion": "0.3.7",
    "ConversionSoftware": "dcm2niix",
    "ConversionSoftwareVersion": "v1.0.20190902",
    "EchoTime": 0.02763,
    "EffectiveEchoSpacing": 0.0006621159151938905,
    "ImageComments": "Upgrade2017",
    "ImageOrientationPatientDICOM": [
      0.998021,
      0.0498332,
      0.038345,
      -0.0348517,
      0.945991,
      -0.322313
    ],
    "InstitutionName": "Spinoza Centre for Neuroimaging, location REC",
    "MagneticFieldStrength": 3,
    "Manufacturer": "Philips",
    "ParallelAcquisitionTechnique": "SENSE",
    "PatientPosition": "HFS",
    "PhaseEncodingDirection": "j",
    "PhilipsRescaleIntercept": 0,
    "PhilipsRescaleSlope": 0.74042,
    "PhilipsScaleSlope": 0.0677228,
    "ProtocolName": "WIPtask-rest_acq-sequential_boldSENSE",
    "ReconMatrixPE": 80,
    "RepetitionTime": 2,
    "SeriesDescription": "ImageMRSERIES",
    "SeriesNumber": 10,
    "TaskName": "restingstate",
    "TotalReadoutTime": 0.025822520692561732,
    "UsePhilipsFloatNotDisplayScaling": 1,
    "acq_id": "seq",
    "dataset": "ds003495",
    "modality": "bold",
    "session_id": "pre",
    "subject_id": "10",
    "task_id": "restingstate"
  },
  "dummy_trs": 0,
  "dvars_nstd": 20.837718021799162,
  "dvars_std": 1.1777153245188288,
  "dvars_vstd": 0.9970357258995806,
  "efc": 0.42871824245909196,
  "fber": 169499.265625,
  "fd_mean": 0.14655130499551047,
  "fd_num": 43,
  "fd_perc": 17.916666666666668,
  "fwhm_avg": 1.682000045406622,
  "fwhm_x": 1.6357733333333335,
  "fwhm_y": 1.82162,
  "fwhm_z": 1.5886068028865326,
  "gcor": 0.0365441,
  "gsr_x": -0.013089900836348534,
  "gsr_y": 0.012266724370419979,
  "provenance": {
    "md5sum": "62c9862760f20eb1e20b292520c123ef",
    "settings": {
      "fd_thres": 0.2,
      "testing": false
    },
    "software": "mriqc",
    "version": "22.0.6",
    "webapi_port": null,
    "webapi_url": "https://mriqc.nimh.nih.gov/api/v1"
  },
  "size_t": 240,
  "size_x": 80,
  "size_y": 80,
  "size_z": 36,
  "snr": 5.68180646450056,
  "spacing_tr": 2.0,
  "spacing_x": 3.0,
  "spacing_y": 3.0,
  "spacing_z": 3.3001747131347656,
  "summary_bg_k": 58.754054049596874,
  "summary_bg_mad": 50.78981663034523,
  "summary_bg_mean": 612.813232421875,
  "summary_bg_median": 51.54338836669922,
  "summary_bg_n": 156478.0,
  "summary_bg_p05": 4.666730880737305,
  "summary_bg_p95": 3486.447546386718,
  "summary_bg_stdv": 1856.988037109375,
  "summary_fg_k": 2.860691330803143,
  "summary_fg_mad": 3642.14555230208,
  "summary_fg_mean": 22010.60546875,
  "summary_fg_median": 21745.82421875,
  "summary_fg_n": 33351.0,
  "summary_fg_p05": 16659.9658203125,
  "summary_fg_p95": 27987.357421875,
  "summary_fg_stdv": 3827.215576171875,
  "tsnr": 85.10699462890625
}