{
  "aor": 0.0017898333333333332,
  "aqi": 0.003393788625,
  "bids_meta": {
    "AcquisitionNumber": 3,
    "BidsifyVersion": "0.3.7",
    "ConversionSoftware": "dcm2niix",
    "ConversionSoftwareVersion": "v1.0.20190902",
    "EchoTime": 0.02763,
    "EffectiveEchoSpacing": 0.0006621159151938905,
    "ImageComments": "Upgrade_2017",
    "ImageOrientationPatientDICOM": [
      0.997446,
      0.0694763,
      0.0165547,
      -0.068174,
      0.995263,
      -0.0693055
    ],
    "InstitutionName": "Spinoza Centre for Neuroimaging, location REC",
    "MagneticFieldStrength": 3,
    "Manufacturer": "Philips",
    "ParallelAcquisitionTechnique": "SENSE",
    "PatientPosition": "HFS",
    "PhaseEncodingDirection": "j",
    "PhilipsRescaleIntercept": 0,
    "PhilipsRescaleSlope": 0.7939,
    "PhilipsScaleSlope": 0.0205324,
    "ProtocolName": "task-rest_acq-sequential_bold",
    "ReconMatrixPE": 80,
    "RepetitionTime": 2,
    "SeriesDescription": "ImageMRSERIES",
    "SeriesNumber": 3,
    "TaskName": "restingstate",
    "TotalReadoutTime": 0.025822520692561732,
    "UsePhilipsFloatNotDisplayScaling": 1,
    "acq_id": "seq",
    "dataset": "ds003495",
    "modality": "bold",
    "session_id": "post",
    "subject_id": "14",
    "task_id": "restingstate"
  },
  "dummy_trs": 0,
  "dvars_nstd": 17.27796583707112,
  "dvars_std": 1.2069197243514647,
  "dvars_vstd": 1.0143024144769874,
  "efc": 0.44287681649755656,
  "fber": 79906.1328125,
  "fd_mean": 0.06733080342975756,
  "fd_num": 0,
  "fd_perc": 0.0,
  "fwhm_avg": 1.9117346548940386,
  "fwhm_x": 1.8486066666666667,
  "fwhm_y": 2.136503333333333,
  "fwhm_z": 1.750093964682116,
  "gcor": 0.0163395,
  "gsr_x": -0.014956924133002758,
  "gsr_y": 0.018657488748431206,
  "provenance": {
    "md5sum": "912e5748ae63b10041957c01df78f2e1",
    "settings": {
      "fd_thres": 0.2,
      "testing": false
    },
    "software": "mriqc",
    "version": "22.0.6",
    "webapi_port": null,
    "webapi_url": "https://mriqc.nimh.nih.gov/api/v1"
  },
  "size_t": 240,
  "size_x": 80,
  "size_y": 80,
  "size_z": 36,
  "snr": 6.670311230527578,
  "spacing_tr": 2.0,
  "spacing_x": 3.0,
  "spacing_y": 3.0,
  "spacing_z": 3.299999952316284,
  "summary_bg_k": 83.25170885897293,
  "summary_bg_mad": 268.2878728646577,
  "summary_bg_mean": 1680.9793701171875,
  "summary_bg_median": 236.1289825439453,
  "summary_bg_n": 152371.0,
  "summary_bg_p05": 18.864965438842773,
  "summary_bg_p95": 9206.21728515625,
  "summary_bg_stdv": 4876.9365234375,
  "summary_fg_k": 2.491113504752475,
  "summary_fg_mad": 9223.271297030808,
  "summary_fg_mean": 69516.1015625,
  "summary_fg_median": 68715.7421875,
  "summary_fg_n": 37134.0,
  "summary_fg_p05": 54372.42890625,
  "summary_fg_p95": 85809.29921874999,
  "summary_fg_stdv": 10301.5908203125,
  "tsnr": 104.28105926513672
}