{
  "aor": 0.0008069182389937107,
  "aqi": 0.009412760440251572,
  "bids_meta": {
    "AcquisitionNumber": 3,
    "BidsifyVersion": "0.3.7",
    "ConversionSoftware": "dcm2niix",
    "ConversionSoftwareVersion": "v1.0.20190902",
    "EchoTime": 0.02763,
    "EffectiveEchoSpacing": 0.0006333282667071997,
    "ImageComments": "Upgrade_2017",
    "ImageOrientationPatientDICOM": [
      0.999326,
      -0.0135421,
      -0.0341134,
      0.0123841,
      0.999348,
      -0.0339294
    ],
    "InstitutionName": "Spinoza Centre for Neuroimaging, location REC",
    "MagneticFieldStrength": 3,
    "Manufacturer": "Philips",
    "ParallelAcquisitionTechnique": "SENSE",
    "PatientPosition": "HFS",
    "PhaseEncodingDirection": "j",
    "PhilipsRescaleIntercept": 0,
    "PhilipsRescaleSlope": 0.77167,
    "PhilipsScaleSlope": 0.0399318,
    "ProtocolName": "task-rest_acq-multiband_bold",
    "ReconMatrixPE": 80,
    "RepetitionTime": 0.763994,
    "SeriesDescription": "ImageMRSERIES",
    "SeriesNumber": 3,
    "TaskName": "restingstate",
    "TotalReadoutTime": 0.024699802401580786,
    "UsePhilipsFloatNotDisplayScaling": 1,
    "acq_id": "mb3",
    "dataset": "ds003495",
    "modality": "bold",
    "session_id": "post",
    "subject_id": "22",
    "task_id": "restingstate"
  },
  "dummy_trs": 1,
  "dvars_nstd": 19.835197559968513,
  "dvars_std": 1.0899893330236239,
  "dvars_vstd": 1.0046140717165353,
  "efc": 0.43998370851654445,
  "fber": 1396664.75,
  "fd_mean": 0.19271643235091357,
  "fd_num": 294,
  "fd_perc": 46.22641509433962,
  "fwhm_avg": 2.0793352895503205,
  "fwhm_x": 2.023866827509151,
  "fwhm_y": 2.361936666666667,
  "fwhm_z": 1.8522023744751444,
  "gcor": 0.0265717,
  "gsr_x": -0.017385084182024002,
  "gsr_y": 0.01812518760561943,
  "provenance": {
    "md5sum": "db651ec44e01890826d040608332c27a",
    "settings": {
      "fd_thres": 0.2,
      "testing": false
    },
    "software": "mriqc",
    "version": "22.0.6",
    "webapi_port": null,
    "webapi_url": "https://mriqc.nimh.nih.gov/api/v1"
  },
  "size_t": 636,
  "size_x": 80,
  "size_y": 80,
  "size_z": 36,
  "snr": 8.924215615391274,
  "spacing_tr": 0.7639937400817871,
  "spacing_x": 2.999999761581421,
  "spacing_y": 3.0,
  "spacing_z": 3.3001091480255127,
  "summary_bg_k": 44.56704887137274,
  "summary_bg_mad": 57.15700278374351,
  "summary_bg_mean": 1028.9666748046875,
  "summary_bg_median": 39.53070068359375,
  "summary_bg_n": 151589.0,
  "summary_bg_p05": 0.37307237386703496,
  "summary_bg_p95": 5420.031347656259,
  "summary_bg_stdv": 3180.29931640625,
  "summary_fg_k": 1.431155349341478,
  "summary_fg_mad": 5264.784183477468,
  "summary_fg_mean": 50460.07421875,
  "summary_fg_median": 50494.125,
  "summary_fg_n": 37252.0,
  "summary_fg_p05": 41278.5404296875,
  "summary_fg_p95": 59545.2361328125,
  "summary_fg_stdv": 5658.0263671875,
  "tsnr": 70.26940155029297
}