{
  "aor": 0.0010154166666666666,
  "aqi": 0.004122018,
  "bids_meta": {
    "AcquisitionNumber": 3,
    "BidsifyVersion": "0.3.7",
    "ConversionSoftware": "dcm2niix",
    "ConversionSoftwareVersion": "v1.0.20190902",
    "EchoTime": 0.02763,
    "EffectiveEchoSpacing": 0.0006621159151938905,
    "ImageComments": "Upgrade_2017",
    "ImageOrientationPatientDICOM": [
      0.998519,
      0.0543534,
      -0.00225023,
      -0.053204,
      0.967104,
      -0.248753
    ],
    "InstitutionName": "Spinoza Centre for Neuroimaging, location REC",
    "MagneticFieldStrength": 3,
    "Manufacturer": "Philips",
    "ParallelAcquisitionTechnique": "SENSE",
    "PatientPosition": "HFS",
    "PhaseEncodingDirection": "j",
    "PhilipsRescaleIntercept": 0,
    "PhilipsRescaleSlope": 0.77411,
    "PhilipsScaleSlope": 0.0197224,
    "ProtocolName": "task-rest_acq-sequential_bold",
    "ReconMatrixPE": 80,
    "RepetitionTime": 2,
    "SeriesDescription": "ImageMRSERIES",
    "SeriesNumber": 3,
    "TaskName": "restingstate",
    "TotalReadoutTime": 0.025822520692561732,
    "UsePhilipsFloatNotDisplayScaling": 1,
    "acq_id": "seq",
    "dataset": "ds003495",
    "modality": "bold",
    "session_id": "post",
    "subject_id": "24",
    "task_id": "restingstate"
  },
  "dummy_trs": 0,
  "dvars_nstd": 20.182854105899573,
  "dvars_std": 1.2389652767364019,
  "dvars_vstd": 0.9926309513389118,
  "efc": 0.445382180288785,
  "fber": 127520.4140625,
  "fd_mean": 0.07689516406425555,
  "fd_num": 0,
  "fd_perc": 0.0,
  "fwhm_avg": 1.817782836519019,
  "fwhm_x": 1.765,
  "fwhm_y": 1.9783666666666668,
  "fwhm_z": 1.7099818428903906,
  "gcor": 0.113572,
  "gsr_x": -0.014625385403633118,
  "gsr_y": 0.021307146176695824,
  "provenance": {
    "md5sum": "0c7cd6f5323d396c919acebbe1a35b58",
    "settings": {
      "fd_thres": 0.2,
      "testing": false
    },
    "software": "mriqc",
    "version": "22.0.6",
    "webapi_port": null,
    "webapi_url": "https://mriqc.nimh.nih.gov/api/v1"
  },
  "size_t": 240,
  "size_x": 80,
  "size_y": 80,
  "size_z": 36,
  "snr": 6.3333276745777685,
  "spacing_tr": 2.0,
  "spacing_x": 3.0,
  "spacing_y": 3.0,
  "spacing_z": 3.299999952316284,
  "summary_bg_k": 63.781272980023175,
  "summary_bg_mad": 236.59338195991825,
  "summary_bg_mean": 1884.98388671875,
  "summary_bg_median": 193.0966796875,
  "summary_bg_n": 152357.0,
  "summary_bg_p05": 12.21223316192627,
  "summary_bg_p95": 9265.404882812449,
  "summary_bg_stdv": 5360.900390625,
  "summary_fg_k": 2.993660644091915,
  "summary_fg_mad": 9843.659245666578,
  "summary_fg_mean": 70777.5078125,
  "summary_fg_median": 69613.453125,
  "summary_fg_n": 37204.0,
  "summary_fg_p05": 56195.6966796875,
  "summary_fg_p95": 88857.01562499999,
  "summary_fg_stdv": 10991.4599609375,
  "tsnr": 86.45176696777344
}