{
  "aor": 0.0006916954474097332,
  "aqi": 0.015629327786499215,
  "bids_meta": {
    "AcquisitionNumber": 10,
    "BidsifyVersion": "0.3.7",
    "ConversionSoftware": "dcm2niix",
    "ConversionSoftwareVersion": "v1.0.20190902",
    "EchoTime": 0.02763,
    "EffectiveEchoSpacing": 0.0006333282667071997,
    "ImageComments": "Upgrade_2017",
    "ImageOrientationPatientDICOM": [
      0.998519,
      0.0543534,
      -0.00225023,
      -0.053204,
      0.967104,
      -0.248753
    ],
    "InstitutionName": "Spinoza Centre for Neuroimaging, location REC",
    "MagneticFieldStrength": 3,
    "Manufacturer": "Philips",
    "ParallelAcquisitionTechnique": "SENSE",
    "PatientPosition": "HFS",
    "PhaseEncodingDirection": "j",
    "PhilipsRescaleIntercept": 0,
    "PhilipsRescaleSlope": 0.77338,
    "PhilipsScaleSlope": 0.0385478,
    "ProtocolName": "task-rest_acq-multiband_bold",
    "ReconMatrixPE": 80,
    "RepetitionTime": 0.763994,
    "SeriesDescription": "ImageMRSERIES",
    "SeriesNumber": 10,
    "TaskName": "restingstate",
    "TotalReadoutTime": 0.024699802401580786,
    "UsePhilipsFloatNotDisplayScaling": 1,
    "acq_id": "mb3",
    "dataset": "ds003495",
    "modality": "bold",
    "session_id": "post",
    "subject_id": "24",
    "task_id": "restingstate"
  },
  "dummy_trs": 0,
  "dvars_nstd": 21.84470601968552,
  "dvars_std": 1.139383449937107,
  "dvars_vstd": 0.9999752518081751,
  "efc": 0.4534165958035569,
  "fber": 534600.8125,
  "fd_mean": 0.16556994863169175,
  "fd_num": 184,
  "fd_perc": 28.885400313971743,
  "fwhm_avg": 1.8357440484419356,
  "fwhm_x": 1.78958,
  "fwhm_y": 2.0488399999999998,
  "fwhm_z": 1.6688121453258074,
  "gcor": 0.0372953,
  "gsr_x": -0.017968708649277687,
  "gsr_y": 0.025531446561217308,
  "provenance": {
    "md5sum": "924a3739e9855617e2d661e38a1e3116",
    "settings": {
      "fd_thres": 0.2,
      "testing": false
    },
    "software": "mriqc",
    "version": "22.0.6",
    "webapi_port": null,
    "webapi_url": "https://mriqc.nimh.nih.gov/api/v1"
  },
  "size_t": 637,
  "size_x": 80,
  "size_y": 80,
  "size_z": 36,
  "snr": 9.838368013989363,
  "spacing_tr": 0.7639937400817871,
  "spacing_x": 3.0,
  "spacing_y": 3.0,
  "spacing_z": 3.299999952316284,
  "summary_bg_k": 34.82831817050873,
  "summary_bg_mad": 99.67913595287153,
  "summary_bg_mean": 1523.3470458984375,
  "summary_bg_median": 68.13721466064453,
  "summary_bg_n": 152669.0,
  "summary_bg_p05": 0.37973939776420595,
  "summary_bg_p95": 7637.425878906251,
  "summary_bg_stdv": 3990.74609375,
  "summary_fg_k": 6.252210502832206,
  "summary_fg_mad": 4287.5408305453,
  "summary_fg_mean": 50833.08984375,
  "summary_fg_median": 51028.09375,
  "summary_fg_n": 36877.0,
  "summary_fg_p05": 42858.223437500004,
  "summary_fg_p95": 58595.05703125,
  "summary_fg_stdv": 5186.57177734375,
  "tsnr": 66.1218490600586
}