{
  "bids_meta": {
    "AcquisitionNumber": 2,
    "BidsifyVersion": "0.3.7",
    "ConversionSoftware": "dcm2niix",
    "ConversionSoftwareVersion": "v1.0.20190902",
    "EchoTime": 0.00374,
    "ImageComments": "Upgrade2017",
    "ImageOrientationPatientDICOM": [
      0.999737,
      0.0224246,
      0.00485183,
      -0.022338,
      0.999602,
      -0.0172161
    ],
    "InstitutionName": "Spinoza Centre for Neuroimaging, location REC",
    "MagneticFieldStrength": 3,
    "Manufacturer": "Philips",
    "ParallelAcquisitionTechnique": "SENSE",
    "PatientPosition": "HFS",
    "PhilipsRescaleIntercept": 0,
    "PhilipsRescaleSlope": 13.0801,
    "PhilipsScaleSlope": 0.0047699,
    "ProtocolName": "WIPT1wSENSE",
    "ReconMatrixPE": 240,
    "RepetitionTime": 0.008171,
    "SeriesDescription": "ImageMRSERIES",
    "SeriesNumber": 2,
    "UsePhilipsFloatNotDisplayScaling": 1,
    "dataset": "ds003495",
    "modality": "T1w",
    "session_id": "pre",
    "subject_id": "20"
  },
  "cjv": 0.34234934402720185,
  "cnr": 3.9229047613201447,
  "efc": 0.7586710792571657,
  "fber": -1.0,
  "fwhm_avg": 3.6289767415136147,
  "fwhm_x": 3.60211,
  "fwhm_y": 3.7671702245408434,
  "fwhm_z": 3.51765,
  "icvs_csf": 0.22147667867599966,
  "icvs_gm": 0.4376982724325331,
  "icvs_wm": 0.34082504889146725,
  "inu_med": 0.6350767016410828,
  "inu_range": 0.20914382934570308,
  "provenance": {
    "md5sum": "500e7bb3214d976e82d88b78a41b87b6",
    "settings": {
      "testing": false
    },
    "software": "mriqc",
    "version": "22.0.6",
    "warnings": {
      "large_rot_frame": true,
      "small_air_mask": true
    },
    "webapi_port": null,
    "webapi_url": "https://mriqc.nimh.nih.gov/api/v1"
  },
  "qi_1": 0.0,
  "qi_2": 0.0001978870486367628,
  "rpve_csf": 22.69946253259841,
  "rpve_gm": 12.189647284224122,
  "rpve_wm": 18.64726020807647,
  "size_x": 240,
  "size_y": 240,
  "size_z": 220,
  "snr_csf": 1.612823980794877,
  "snr_gm": 6.44119494202602,
  "snr_total": 9.008398960884504,
  "snr_wm": 18.971177959832616,
  "snrd_csf": 20.657813379490246,
  "snrd_gm": 70.79253363547811,
  "snrd_total": 70.70795807343494,
  "snrd_wm": 120.67352720533646,
  "spacing_x": 1.0,
  "spacing_y": 0.9999999403953552,
  "spacing_z": 1.0,
  "summary_bg_k": 21.205211475704857,
  "summary_bg_mad": 0.0,
  "summary_bg_mean": 1.622566661672167,
  "summary_bg_median": 0.0,
  "summary_bg_n": 104388.0,
  "summary_bg_p05": 0.0,
  "summary_bg_p95": 10.789953736588359,
  "summary_bg_stdv": 5.42887293565267,
  "summary_csf_k": 0.7325157934719497,
  "summary_csf_mad": 106.4482399296912,
  "summary_csf_mean": 187.42211715821975,
  "summary_csf_median": 171.1836557481438,
  "summary_csf_n": 19150.0,
  "summary_csf_p05": 38.60816422663629,
  "summary_csf_p95": 382.14342467663806,
  "summary_csf_stdv": 106.13631008777554,
  "summary_gm_k": -0.041927427522767236,
  "summary_gm_mad": 90.94773194314728,
  "summary_gm_mean": 587.6385968313111,
  "summary_gm_median": 586.6315318457782,
  "summary_gm_n": 33648.0,
  "summary_gm_p05": 437.59038608362897,
  "summary_gm_p95": 739.3301715618929,
  "summary_gm_stdv": 91.07360045428474,
  "summary_wm_k": 0.43170656645984007,
  "summary_wm_mad": 50.56077301246153,
  "summary_wm_mean": 997.9179376124587,
  "summary_wm_median": 999.9768687784672,
  "summary_wm_n": 219534.0,
  "summary_wm_p05": 907.9965565185994,
  "summary_wm_p95": 1079.996967865433,
  "summary_wm_stdv": 52.71020035731287,
  "tpm_overlap_csf": 0.16637982086170658,
  "tpm_overlap_gm": 0.4764184854811476,
  "tpm_overlap_wm": 0.5215427545981844,
  "wm2max": 0.8108816951054507
}