{
  "bids_meta": {
    "AcquisitionNumber": 2,
    "BidsifyVersion": "0.3.7",
    "ConversionSoftware": "dcm2niix",
    "ConversionSoftwareVersion": "v1.0.20190902",
    "EchoTime": 0.00373,
    "ImageComments": "Upgrade_2017",
    "ImageOrientationPatientDICOM": [
      0.99877,
      0.0495534,
      0.00193615,
      -0.0495469,
      0.998767,
      -0.0032415
    ],
    "InstitutionName": "Spinoza Centre for Neuroimaging, location REC",
    "InversionTime": 0.9,
    "MagneticFieldStrength": 3,
    "Manufacturer": "Philips",
    "ParallelAcquisitionTechnique": "SENSE",
    "PatientPosition": "HFS",
    "PhilipsRescaleIntercept": 0,
    "PhilipsRescaleSlope": 3.68156,
    "PhilipsScaleSlope": 0.00522408,
    "ProtocolName": "T1w",
    "ReconMatrixPE": 240,
    "RepetitionTime": 0.008123,
    "SeriesDescription": "ImageMRSERIES",
    "SeriesNumber": 2,
    "UsePhilipsFloatNotDisplayScaling": 1,
    "dataset": "ds003495",
    "modality": "T1w",
    "session_id": "post",
    "subject_id": "07"
  },
  "cjv": 0.30796109747121997,
  "cnr": 4.0647347344698,
  "efc": 0.688605209718432,
  "fber": -1.0,
  "fwhm_avg": 3.8657566666666674,
  "fwhm_x": 3.81068,
  "fwhm_y": 3.99026,
  "fwhm_z": 3.79633,
  "icvs_csf": 0.23481796117262027,
  "icvs_gm": 0.4299241939766428,
  "icvs_wm": 0.33525784485073695,
  "inu_med": 0.5600268244743347,
  "inu_range": 0.16962683200836187,
  "provenance": {
    "md5sum": "96a94388c7c41aa33232f233895d2712",
    "settings": {
      "testing": false
    },
    "software": "mriqc",
    "version": "22.0.6",
    "warnings": {
      "large_rot_frame": true,
      "small_air_mask": false
    },
    "webapi_port": null,
    "webapi_url": "https://mriqc.nimh.nih.gov/api/v1"
  },
  "qi_1": 9.058076504514157e-06,
  "qi_2": 3.131033382065632e-05,
  "rpve_csf": 25.855404377761793,
  "rpve_gm": 14.642069662590108,
  "rpve_wm": 22.67943538232395,
  "size_x": 240,
  "size_y": 240,
  "size_z": 220,
  "snr_csf": 1.525240053322417,
  "snr_gm": 7.747234377704892,
  "snr_total": 12.220348431852122,
  "snr_wm": 27.38857086452905,
  "snrd_csf": 15.46612566376424,
  "snrd_gm": 56.73477942521345,
  "snrd_total": 53.878632697292964,
  "snrd_wm": 89.43499300290118,
  "spacing_x": 1.0,
  "spacing_y": 1.0,
  "spacing_z": 1.0,
  "summary_bg_k": 295.9808790438347,
  "summary_bg_mad": 0.0,
  "summary_bg_mean": 2.936351547261087,
  "summary_bg_median": 0.0,
  "summary_bg_n": 424548.0,
  "summary_bg_p05": 0.0,
  "summary_bg_p95": 15.69222367554903,
  "summary_bg_stdv": 7.325280194565699,
  "summary_csf_k": 0.7898778398762696,
  "summary_csf_mad": 110.85440872385458,
  "summary_csf_mean": 192.53342004979137,
  "summary_csf_median": 172.9314750507474,
  "summary_csf_n": 26611.0,
  "summary_csf_p05": 42.07236881554127,
  "summary_csf_p95": 402.9482255503535,
  "summary_csf_stdv": 113.37771086955854,
  "summary_gm_k": 0.1257385058303928,
  "summary_gm_mad": 79.59897125507547,
  "summary_gm_mean": 636.0870090796035,
  "summary_gm_median": 634.3688979372382,
  "summary_gm_n": 26520.0,
  "summary_gm_p05": 500.9498986478895,
  "summary_gm_p95": 773.1114784475416,
  "summary_gm_stdv": 81.88172794308717,
  "summary_wm_k": 1.1428081536596881,
  "summary_wm_mad": 33.00117618883981,
  "summary_wm_mean": 1000.2216222458048,
  "summary_wm_median": 999.9999739676714,
  "summary_wm_n": 173575.0,
  "summary_wm_p05": 941.1484742090106,
  "summary_wm_p95": 1059.8930931910872,
  "summary_wm_stdv": 36.511474012670355,
  "tpm_overlap_csf": 0.16002973168944312,
  "tpm_overlap_gm": 0.4826698977667852,
  "tpm_overlap_wm": 0.5206193011870401,
  "wm2max": 0.7782535837672467
}