{
  "bids_meta": {
    "AcquisitionNumber": 2,
    "BidsifyVersion": "0.3.7",
    "ConversionSoftware": "dcm2niix",
    "ConversionSoftwareVersion": "v1.0.20190902",
    "EchoTime": 0.00389,
    "ImageComments": "Upgrade_2017",
    "ImageOrientationPatientDICOM": [
      0.998525,
      0.054231,
      -0.00248574,
      -0.0528548,
      0.960694,
      -0.27253
    ],
    "InstitutionName": "Spinoza Centre for Neuroimaging, location REC",
    "InversionTime": 0.9,
    "MagneticFieldStrength": 3,
    "Manufacturer": "Philips",
    "ParallelAcquisitionTechnique": "SENSE",
    "PatientPosition": "HFS",
    "PhilipsRescaleIntercept": 0,
    "PhilipsRescaleSlope": 4.09451,
    "PhilipsScaleSlope": 0.00478861,
    "ProtocolName": "T1w",
    "ReconMatrixPE": 240,
    "RepetitionTime": 0.0084,
    "SeriesDescription": "ImageMRSERIES",
    "SeriesNumber": 2,
    "UsePhilipsFloatNotDisplayScaling": 1,
    "dataset": "ds003495",
    "modality": "T1w",
    "session_id": "post",
    "subject_id": "24"
  },
  "cjv": 0.28305817228786645,
  "cnr": 4.6150747269530195,
  "efc": 0.6926169836268493,
  "fber": -1.0,
  "fwhm_avg": 4.172890167767615,
  "fwhm_x": 4.07465,
  "fwhm_y": 4.3811802611386925,
  "fwhm_z": 4.062840242164149,
  "icvs_csf": 0.22648360179794658,
  "icvs_gm": 0.43542546388695746,
  "icvs_wm": 0.33809093431509596,
  "inu_med": 0.5737174153327942,
  "inu_range": 0.20379187762737272,
  "provenance": {
    "md5sum": "ce322e71fc5db9076b2a61e026ae2b55",
    "settings": {
      "testing": false
    },
    "software": "mriqc",
    "version": "22.0.6",
    "warnings": {
      "large_rot_frame": true,
      "small_air_mask": false
    },
    "webapi_port": null,
    "webapi_url": "https://mriqc.nimh.nih.gov/api/v1"
  },
  "qi_1": 0.03451506059024758,
  "qi_2": 5.718459022611941e-05,
  "rpve_csf": 22.72823914738005,
  "rpve_gm": 12.502628773889414,
  "rpve_wm": 19.154380469409322,
  "size_x": 240,
  "size_y": 240,
  "size_z": 220,
  "snr_csf": 1.5870824910925618,
  "snr_gm": 9.065329512047272,
  "snr_total": 11.509554490393837,
  "snr_wm": 23.876251468041676,
  "snrd_csf": 21.27095328390546,
  "snrd_gm": 81.59843580784224,
  "snrd_total": 77.71263487120768,
  "snrd_wm": 130.26851552187534,
  "spacing_x": 1.0,
  "spacing_y": 0.9999999403953552,
  "spacing_z": 0.9999999403953552,
  "summary_bg_k": 23.44751591456358,
  "summary_bg_mad": 0.0,
  "summary_bg_mean": 1.9283130290500556,
  "summary_bg_median": 0.0,
  "summary_bg_n": 618144.0,
  "summary_bg_p05": 0.0,
  "summary_bg_p95": 12.130499893799424,
  "summary_bg_stdv": 5.028992299444413,
  "summary_csf_k": 1.1930461931132443,
  "summary_csf_mad": 88.15201746873933,
  "summary_csf_mean": 183.32698456626926,
  "summary_csf_median": 163.28120413795114,
  "summary_csf_n": 36873.0,
  "summary_csf_p05": 50.45976251326502,
  "summary_csf_p95": 388.2123621258887,
  "summary_csf_stdv": 102.8799642972689,
  "summary_gm_k": 0.250227887299995,
  "summary_gm_mad": 67.62557565535442,
  "summary_gm_mean": 627.5231710767251,
  "summary_gm_median": 626.370180811733,
  "summary_gm_n": 44830.0,
  "summary_gm_p05": 515.6631346717477,
  "summary_gm_p95": 741.2995240774936,
  "summary_gm_stdv": 69.0943659444387,
  "summary_wm_k": 1.111307327774714,
  "summary_wm_mad": 38.12603638883877,
  "summary_wm_mean": 998.8192727137161,
  "summary_wm_median": 999.9739923160523,
  "summary_wm_n": 209601.0,
  "summary_wm_p05": 928.1780571844429,
  "summary_wm_p95": 1063.873413598165,
  "summary_wm_stdv": 41.88143219336194,
  "tpm_overlap_csf": 0.16633394731279696,
  "tpm_overlap_gm": 0.47420305447690153,
  "tpm_overlap_wm": 0.5126351398396796,
  "wm2max": 0.6394319355582325
}