{
  "bids_meta": {
    "AcquisitionNumber": 2,
    "BidsifyVersion": "0.3.7",
    "ConversionSoftware": "dcm2niix",
    "ConversionSoftwareVersion": "v1.0.20190902",
    "EchoTime": 0.0038,
    "ImageComments": "Upgrade2017",
    "ImageOrientationPatientDICOM": [
      0.986968,
      -0.142222,
      0.0752835,
      0.144335,
      0.989253,
      -0.0233798
    ],
    "InstitutionName": "Spinoza Centre for Neuroimaging, location REC",
    "MagneticFieldStrength": 3,
    "Manufacturer": "Philips",
    "ParallelAcquisitionTechnique": "SENSE",
    "PatientPosition": "HFS",
    "PhilipsRescaleIntercept": 0,
    "PhilipsRescaleSlope": 11.8691,
    "PhilipsScaleSlope": 0.00534311,
    "ProtocolName": "WIPT1wSENSE",
    "ReconMatrixPE": 240,
    "RepetitionTime": 0.008254,
    "SeriesDescription": "ImageMRSERIES",
    "SeriesNumber": 2,
    "UsePhilipsFloatNotDisplayScaling": 1,
    "dataset": "ds003495",
    "modality": "T1w",
    "session_id": "pre",
    "subject_id": "06"
  },
  "cjv": 0.3343009485685133,
  "cnr": 3.975531745549329,
  "efc": 0.7504407142556075,
  "fber": -1.0,
  "fwhm_avg": 3.707526814941177,
  "fwhm_x": 3.65968,
  "fwhm_y": 3.84531022919835,
  "fwhm_z": 3.61759021562518,
  "icvs_csf": 0.22543859799926763,
  "icvs_gm": 0.42915450540599465,
  "icvs_wm": 0.3454068965947377,
  "inu_med": 0.5823962092399597,
  "inu_range": 0.18462291955947874,
  "provenance": {
    "md5sum": "5e0994912f97751f47d82cc1e75f0d64",
    "settings": {
      "testing": false
    },
    "software": "mriqc",
    "version": "22.0.6",
    "warnings": {
      "large_rot_frame": true,
      "small_air_mask": true
    },
    "webapi_port": null,
    "webapi_url": "https://mriqc.nimh.nih.gov/api/v1"
  },
  "qi_1": 0.0,
  "qi_2": 0.00022013790383431812,
  "rpve_csf": 24.229366935468335,
  "rpve_gm": 13.250737925671338,
  "rpve_wm": 19.698913653510342,
  "size_x": 240,
  "size_y": 240,
  "size_z": 220,
  "snr_csf": 1.684057384812733,
  "snr_gm": 6.787859735119398,
  "snr_total": 9.289260875089367,
  "snr_wm": 19.39586550533597,
  "snrd_csf": 18.226664589257567,
  "snrd_gm": 56.788821145053205,
  "snrd_total": 56.82689286858855,
  "snrd_wm": 95.46519287145487,
  "spacing_x": 1.0,
  "spacing_y": 0.9999999403953552,
  "spacing_z": 0.9999999403953552,
  "summary_bg_k": 14.276465316817106,
  "summary_bg_mad": 0.0,
  "summary_bg_mean": 2.5900741413920865,
  "summary_bg_median": 0.0,
  "summary_bg_n": 81731.0,
  "summary_bg_p05": 0.0,
  "summary_bg_p95": 15.509440181776881,
  "summary_bg_stdv": 6.8624188026789,
  "summary_csf_k": 0.1958502647361171,
  "summary_csf_mad": 124.48543538029425,
  "summary_csf_mean": 202.47350865610252,
  "summary_csf_median": 190.92055606655777,
  "summary_csf_n": 19039.0,
  "summary_csf_p05": 39.17601930908859,
  "summary_csf_p95": 395.8322368524968,
  "summary_csf_stdv": 113.36641125714759,
  "summary_gm_k": -0.05245854651106363,
  "summary_gm_mad": 87.38168061215214,
  "summary_gm_mean": 596.3246316696944,
  "summary_gm_median": 594.8512004641816,
  "summary_gm_n": 26194.0,
  "summary_gm_p05": 451.6292424770072,
  "summary_gm_p95": 742.2561393026263,
  "summary_gm_stdv": 87.63290180492812,
  "summary_wm_k": 0.6908605996081665,
  "summary_wm_mad": 48.05266806130529,
  "summary_wm_mean": 999.0942147682525,
  "summary_wm_median": 999.9782252404839,
  "summary_wm_n": 201735.0,
  "summary_wm_p05": 913.1862668599933,
  "summary_wm_p95": 1081.5496146958321,
  "summary_wm_stdv": 51.55612914088614,
  "tpm_overlap_csf": 0.15396162504817504,
  "tpm_overlap_gm": 0.46675581906802704,
  "tpm_overlap_wm": 0.5173257299658294,
  "wm2max": 0.7418027496288646
}