{
  "bids_meta": {
    "AcquisitionNumber": 2,
    "BidsifyVersion": "0.3.7",
    "ConversionSoftware": "dcm2niix",
    "ConversionSoftwareVersion": "v1.0.20190902",
    "EchoTime": 0.00375,
    "ImageComments": "Upgrade_2017",
    "ImageOrientationPatientDICOM": [
      0.999631,
      -0.013599,
      -0.0235193,
      0.0115154,
      0.99618,
      -0.086563
    ],
    "InstitutionName": "Spinoza Centre for Neuroimaging, location REC",
    "InversionTime": 0.9,
    "MagneticFieldStrength": 3,
    "Manufacturer": "Philips",
    "ParallelAcquisitionTechnique": "SENSE",
    "PatientPosition": "HFS",
    "PhilipsRescaleIntercept": 0,
    "PhilipsRescaleSlope": 4.11648,
    "PhilipsScaleSlope": 0.0051177,
    "ProtocolName": "T1w",
    "ReconMatrixPE": 240,
    "RepetitionTime": 0.008193,
    "SeriesDescription": "ImageMRSERIES",
    "SeriesNumber": 2,
    "UsePhilipsFloatNotDisplayScaling": 1,
    "dataset": "ds003495",
    "modality": "T1w",
    "session_id": "post",
    "subject_id": "21"
  },
  "cjv": 0.2808399211286904,
  "cnr": 4.506972704299398,
  "efc": 0.6764027293786739,
  "fber": -1.0,
  "fwhm_avg": 4.3319833333333335,
  "fwhm_x": 4.2864,
  "fwhm_y": 4.55965,
  "fwhm_z": 4.1499,
  "icvs_csf": 0.2531532207186615,
  "icvs_gm": 0.4244026051342763,
  "icvs_wm": 0.3224441741470622,
  "inu_med": 0.6050467491149902,
  "inu_range": 0.20448062419891355,
  "provenance": {
    "md5sum": "b0b7fcf15a7a3efaa05053cad8f8f179",
    "settings": {
      "testing": false
    },
    "software": "mriqc",
    "version": "22.0.6",
    "warnings": {
      "large_rot_frame": true,
      "small_air_mask": false
    },
    "webapi_port": null,
    "webapi_url": "https://mriqc.nimh.nih.gov/api/v1"
  },
  "qi_1": 0.0,
  "qi_2": 7.605752152243729e-05,
  "rpve_csf": 21.995043927630498,
  "rpve_gm": 13.019060395414673,
  "rpve_wm": 20.479473008338886,
  "size_x": 240,
  "size_y": 240,
  "size_z": 220,
  "snr_csf": 1.4814142254297913,
  "snr_gm": 7.838104721070378,
  "snr_total": 12.136780876994683,
  "snr_wm": 27.09082368448388,
  "snrd_csf": 16.560895861585696,
  "snrd_gm": 77.47588489179816,
  "snrd_total": 73.63201997707858,
  "snrd_wm": 126.85927917785189,
  "spacing_x": 1.0,
  "spacing_y": 1.0,
  "spacing_z": 1.0,
  "summary_bg_k": 16.38869093171326,
  "summary_bg_mad": 0.0,
  "summary_bg_mean": 2.4847928976549123,
  "summary_bg_median": 0.0,
  "summary_bg_n": 482740.0,
  "summary_bg_p05": 0.0,
  "summary_bg_p95": 13.507574960589409,
  "summary_bg_stdv": 5.164157128793729,
  "summary_csf_k": 1.415802274574677,
  "summary_csf_mad": 80.34548440633382,
  "summary_csf_mean": 144.57258576542824,
  "summary_csf_median": 130.54238540679216,
  "summary_csf_n": 61337.0,
  "summary_csf_p05": 32.242396395653486,
  "summary_csf_p95": 316.6046046070753,
  "summary_csf_stdv": 88.11939228136556,
  "summary_gm_k": 0.4749355571810523,
  "summary_gm_mad": 76.12760366285151,
  "summary_gm_mean": 610.8195593480172,
  "summary_gm_median": 610.7089199647307,
  "summary_gm_n": 37828.0,
  "summary_gm_p05": 481.57742851786315,
  "summary_gm_p95": 736.6867164700292,
  "summary_gm_stdv": 77.91435167850891,
  "summary_wm_k": 1.0534888433669591,
  "summary_wm_mad": 33.194378534072186,
  "summary_wm_mean": 998.7825835416737,
  "summary_wm_median": 999.9768764488399,
  "summary_wm_n": 198017.0,
  "summary_wm_p05": 936.0471894778311,
  "summary_wm_p95": 1056.2507289815694,
  "summary_wm_stdv": 36.91192128798359,
  "tpm_overlap_csf": 0.15291026654515893,
  "tpm_overlap_gm": 0.48399070609243955,
  "tpm_overlap_wm": 0.5220481018009305,
  "wm2max": 0.7478895654580681
}