{
  "aor": 0.0026429999999999995,
  "aqi": 0.004401507416666667,
  "bids_meta": {
    "AcquisitionNumber": 10,
    "BidsifyVersion": "0.3.7",
    "ConversionSoftware": "dcm2niix",
    "ConversionSoftwareVersion": "v1.0.20190902",
    "EchoTime": 0.02763,
    "EffectiveEchoSpacing": 0.0006621159151938905,
    "ImageComments": "Upgrade_2017",
    "ImageOrientationPatientDICOM": [
      0.997456,
      0.0684443,
      0.0199293,
      -0.069574,
      0.995589,
      0.0629498
    ],
    "InstitutionName": "Spinoza Centre for Neuroimaging, location REC",
    "MagneticFieldStrength": 3,
    "Manufacturer": "Philips",
    "ParallelAcquisitionTechnique": "SENSE",
    "PatientPosition": "HFS",
    "PhaseEncodingDirection": "j",
    "PhilipsRescaleIntercept": 0,
    "PhilipsRescaleSlope": 0.79121,
    "PhilipsScaleSlope": 0.0189238,
    "ProtocolName": "task-rest_acq-sequential_bold",
    "ReconMatrixPE": 80,
    "RepetitionTime": 2,
    "SeriesDescription": "ImageMRSERIES",
    "SeriesNumber": 10,
    "TaskName": "restingstate",
    "TotalReadoutTime": 0.025822520692561732,
    "UsePhilipsFloatNotDisplayScaling": 1,
    "acq_id": "seq",
    "dataset": "ds003495",
    "modality": "bold",
    "session_id": "post",
    "subject_id": "17",
    "task_id": "restingstate"
  },
  "dummy_trs": 0,
  "dvars_nstd": 17.47636923924685,
  "dvars_std": 1.1870752860669458,
  "dvars_vstd": 0.9872529403765694,
  "efc": 0.4485357890937844,
  "fber": 149336.09375,
  "fd_mean": 0.10985188084014619,
  "fd_num": 14,
  "fd_perc": 5.833333333333333,
  "fwhm_avg": 1.8907597055802643,
  "fwhm_x": 1.8719633333333334,
  "fwhm_y": 2.0126066666666667,
  "fwhm_z": 1.7877091167407921,
  "gcor": 0.0267148,
  "gsr_x": -0.007062030956149101,
  "gsr_y": 0.007097035646438599,
  "provenance": {
    "md5sum": "304dac1e90fe699f78e1e6eddfc23745",
    "settings": {
      "fd_thres": 0.2,
      "testing": false
    },
    "software": "mriqc",
    "version": "22.0.6",
    "webapi_port": null,
    "webapi_url": "https://mriqc.nimh.nih.gov/api/v1"
  },
  "size_t": 240,
  "size_x": 80,
  "size_y": 80,
  "size_z": 36,
  "snr": 5.9623419336678065,
  "spacing_tr": 2.0,
  "spacing_x": 3.0,
  "spacing_y": 3.0,
  "spacing_z": 3.299999952316284,
  "summary_bg_k": 72.41471338888331,
  "summary_bg_mad": 219.64349691853187,
  "summary_bg_mean": 1784.2181396484375,
  "summary_bg_median": 188.2138671875,
  "summary_bg_n": 150470.0,
  "summary_bg_p05": 8.593197679519655,
  "summary_bg_p95": 9564.019921874999,
  "summary_bg_stdv": 5270.77880859375,
  "summary_fg_k": 1.303702737103329,
  "summary_fg_mad": 12177.857174793458,
  "summary_fg_mean": 76682.1875,
  "summary_fg_median": 75254.984375,
  "summary_fg_n": 38742.0,
  "summary_fg_p05": 59062.4486328125,
  "summary_fg_p95": 98093.06289062499,
  "summary_fg_stdv": 12621.552734375,
  "tsnr": 90.0616226196289
}