{
  "aor": 0.0011274411302982731,
  "aqi": 0.00759579656200942,
  "bids_meta": {
    "AcquisitionNumber": 3,
    "BidsifyVersion": "0.3.7",
    "ConversionSoftware": "dcm2niix",
    "ConversionSoftwareVersion": "v1.0.20190902",
    "EchoTime": 0.02763,
    "EffectiveEchoSpacing": 0.0006333282667071997,
    "ImageComments": "Upgrade_2017",
    "ImageOrientationPatientDICOM": [
      0.997456,
      0.0684443,
      0.0199293,
      -0.069574,
      0.995589,
      0.0629498
    ],
    "InstitutionName": "Spinoza Centre for Neuroimaging, location REC",
    "MagneticFieldStrength": 3,
    "Manufacturer": "Philips",
    "ParallelAcquisitionTechnique": "SENSE",
    "PatientPosition": "HFS",
    "PhaseEncodingDirection": "j",
    "PhilipsRescaleIntercept": 0,
    "PhilipsRescaleSlope": 0.75458,
    "PhilipsScaleSlope": 0.0363491,
    "ProtocolName": "task-rest_acq-multiband_bold",
    "ReconMatrixPE": 80,
    "RepetitionTime": 0.763994,
    "SeriesDescription": "ImageMRSERIES",
    "SeriesNumber": 3,
    "TaskName": "restingstate",
    "TotalReadoutTime": 0.024699802401580786,
    "UsePhilipsFloatNotDisplayScaling": 1,
    "acq_id": "mb3",
    "dataset": "ds003495",
    "modality": "bold",
    "session_id": "post",
    "subject_id": "17",
    "task_id": "restingstate"
  },
  "dummy_trs": 0,
  "dvars_nstd": 21.110225875471713,
  "dvars_std": 1.3028904511477983,
  "dvars_vstd": 1.014221762279874,
  "efc": 0.44714921125756757,
  "fber": 1237106.75,
  "fd_mean": 0.07280745325220926,
  "fd_num": 3,
  "fd_perc": 0.47095761381475665,
  "fwhm_avg": 1.9677983926609077,
  "fwhm_x": 1.9186666666666667,
  "fwhm_y": 2.1530133333333334,
  "fwhm_z": 1.8317151779827232,
  "gcor": 0.0158702,
  "gsr_x": -0.0063880858942866325,
  "gsr_y": 0.005097298417240381,
  "provenance": {
    "md5sum": "d5e45a4fae8632a3e2b4839213fa34e1",
    "settings": {
      "fd_thres": 0.2,
      "testing": false
    },
    "software": "mriqc",
    "version": "22.0.6",
    "webapi_port": null,
    "webapi_url": "https://mriqc.nimh.nih.gov/api/v1"
  },
  "size_t": 637,
  "size_x": 80,
  "size_y": 80,
  "size_z": 36,
  "snr": 9.851276536622422,
  "spacing_tr": 0.7639937400817871,
  "spacing_x": 3.0,
  "spacing_y": 3.0,
  "spacing_z": 3.299999952316284,
  "summary_bg_k": 43.68499813362759,
  "summary_bg_mad": 71.50419175384391,
  "summary_bg_mean": 1288.382080078125,
  "summary_bg_median": 49.10055923461914,
  "summary_bg_n": 150944.0,
  "summary_bg_p05": 0.3475266978144646,
  "summary_bg_p95": 7133.976831054691,
  "summary_bg_stdv": 3809.12548828125,
  "summary_fg_k": 2.9658936249604295,
  "summary_fg_mad": 5453.149953621589,
  "summary_fg_mean": 58551.38671875,
  "summary_fg_median": 58753.2890625,
  "summary_fg_n": 38090.0,
  "summary_fg_p05": 48775.67265625,
  "summary_fg_p95": 67833.66523437499,
  "summary_fg_stdv": 5963.94970703125,
  "tsnr": 89.40670013427734
}