{
  "bids_meta": {
    "AcquisitionNumber": 2,
    "BidsifyVersion": "0.3.7",
    "ConversionSoftware": "dcm2niix",
    "ConversionSoftwareVersion": "v1.0.20190902",
    "EchoTime": 0.00373,
    "ImageComments": "Upgrade2017",
    "ImageOrientationPatientDICOM": [
      0.99987,
      0.0130835,
      -0.00944356,
      -0.0125654,
      0.998516,
      0.0529817
    ],
    "InstitutionName": "Spinoza Centre for Neuroimaging, location REC",
    "MagneticFieldStrength": 3,
    "Manufacturer": "Philips",
    "ParallelAcquisitionTechnique": "SENSE",
    "PatientPosition": "HFS",
    "PhilipsRescaleIntercept": 0,
    "PhilipsRescaleSlope": 11.6608,
    "PhilipsScaleSlope": 0.00546874,
    "ProtocolName": "WIPT1wSENSE",
    "ReconMatrixPE": 240,
    "RepetitionTime": 0.008144,
    "SeriesDescription": "ImageMRSERIES",
    "SeriesNumber": 2,
    "UsePhilipsFloatNotDisplayScaling": 1,
    "dataset": "ds003495",
    "modality": "T1w",
    "session_id": "pre",
    "subject_id": "23"
  },
  "cjv": 0.34614177128500695,
  "cnr": 3.8772990809562526,
  "efc": 0.7510246889635631,
  "fber": -1.0,
  "fwhm_avg": 3.6845566001145262,
  "fwhm_x": 3.6075095699513473,
  "fwhm_y": 3.8653402303922317,
  "fwhm_z": 3.58082,
  "icvs_csf": 0.22421839533536272,
  "icvs_gm": 0.44603370667383485,
  "icvs_wm": 0.32974789799080245,
  "inu_med": 0.6844015121459961,
  "inu_range": 0.24488651752471924,
  "provenance": {
    "md5sum": "243d6c54f9eba2f53535ca226c12f246",
    "settings": {
      "testing": false
    },
    "software": "mriqc",
    "version": "22.0.6",
    "warnings": {
      "large_rot_frame": true,
      "small_air_mask": true
    },
    "webapi_port": null,
    "webapi_url": "https://mriqc.nimh.nih.gov/api/v1"
  },
  "qi_1": 0.0,
  "qi_2": 0.00023075114142508588,
  "rpve_csf": 25.067247552687213,
  "rpve_gm": 13.283298348659699,
  "rpve_wm": 20.935274269034025,
  "size_x": 240,
  "size_y": 240,
  "size_z": 220,
  "snr_csf": 1.472240707750186,
  "snr_gm": 6.61846422965847,
  "snr_total": 8.728165043064914,
  "snr_wm": 18.093790191786088,
  "snrd_csf": 13.142377669555161,
  "snrd_gm": 47.067319070153296,
  "snrd_total": 46.59919610159391,
  "snrd_wm": 79.58789156507328,
  "spacing_x": 1.0000001192092896,
  "spacing_y": 0.9999999403953552,
  "spacing_z": 1.0,
  "summary_bg_k": 15.111477035055675,
  "summary_bg_mad": 0.0,
  "summary_bg_mean": 3.233483139052939,
  "summary_bg_median": 0.0,
  "summary_bg_n": 54043.0,
  "summary_bg_p05": 0.0,
  "summary_bg_p95": 17.285960771143436,
  "summary_bg_stdv": 8.231411972349099,
  "summary_csf_k": 0.4607655142787923,
  "summary_csf_mad": 113.8360797078558,
  "summary_csf_mean": 186.08892634042468,
  "summary_csf_median": 165.1264147348702,
  "summary_csf_n": 18553.0,
  "summary_csf_p05": 35.912660881876945,
  "summary_csf_p95": 388.2398059070105,
  "summary_csf_stdv": 112.15690727651081,
  "summary_gm_k": -0.13367524252389185,
  "summary_gm_mad": 90.31989548382884,
  "summary_gm_mean": 592.3273155147454,
  "summary_gm_median": 591.3737867418677,
  "summary_gm_n": 29056.0,
  "summary_gm_p05": 445.17932973522693,
  "summary_gm_p95": 740.6268053669482,
  "summary_gm_stdv": 89.35057887834577,
  "summary_wm_k": 0.7917104545507718,
  "summary_wm_mad": 51.114423068073705,
  "summary_wm_mean": 999.0344043459262,
  "summary_wm_median": 999.9760713689029,
  "summary_wm_n": 179208.0,
  "summary_wm_p05": 907.3932316154242,
  "summary_wm_p95": 1088.009974077344,
  "summary_wm_stdv": 55.26610349619885,
  "tpm_overlap_csf": 0.15060060844497872,
  "tpm_overlap_gm": 0.4763695929457999,
  "tpm_overlap_wm": 0.510562731842364,
  "wm2max": 0.7046666097876225
}