{
  "bids_meta": {
    "AcquisitionNumber": 2,
    "BidsifyVersion": "0.3.7",
    "ConversionSoftware": "dcm2niix",
    "ConversionSoftwareVersion": "v1.0.20190902",
    "EchoTime": 0.00383,
    "ImageComments": "Upgrade_2017",
    "ImageOrientationPatientDICOM": [
      0.999685,
      0.0250952,
      0.000561037,
      -0.0244318,
      0.977899,
      -0.207646
    ],
    "InstitutionName": "Spinoza Centre for Neuroimaging, location REC",
    "InversionTime": 0.9,
    "MagneticFieldStrength": 3,
    "Manufacturer": "Philips",
    "ParallelAcquisitionTechnique": "SENSE",
    "PatientPosition": "HFS",
    "PhilipsRescaleIntercept": 0,
    "PhilipsRescaleSlope": 4.01343,
    "PhilipsScaleSlope": 0.00516236,
    "ProtocolName": "T1w",
    "ReconMatrixPE": 240,
    "RepetitionTime": 0.008319,
    "SeriesDescription": "ImageMRSERIES",
    "SeriesNumber": 2,
    "UsePhilipsFloatNotDisplayScaling": 1,
    "dataset": "ds003495",
    "modality": "T1w",
    "session_id": "post",
    "subject_id": "19"
  },
  "cjv": 0.2911207777896425,
  "cnr": 4.310718668885564,
  "efc": 0.7013620188561139,
  "fber": -1.0,
  "fwhm_avg": 3.9919768222961913,
  "fwhm_x": 3.9196402336287637,
  "fwhm_y": 4.14284,
  "fwhm_z": 3.913450233259811,
  "icvs_csf": 0.23279209888162378,
  "icvs_gm": 0.4398790977989803,
  "icvs_wm": 0.3273288033193959,
  "inu_med": 0.567840039730072,
  "inu_range": 0.19513706415891646,
  "provenance": {
    "md5sum": "adf4252e883ed120487336b5e71ce01d",
    "settings": {
      "testing": false
    },
    "software": "mriqc",
    "version": "22.0.6",
    "warnings": {
      "large_rot_frame": true,
      "small_air_mask": false
    },
    "webapi_port": null,
    "webapi_url": "https://mriqc.nimh.nih.gov/api/v1"
  },
  "qi_1": 0.025267250886381622,
  "qi_2": 0.00012298584098696688,
  "rpve_csf": 21.51485562362099,
  "rpve_gm": 12.043802493242083,
  "rpve_wm": 19.418114325618824,
  "size_x": 240,
  "size_y": 240,
  "size_z": 220,
  "snr_csf": 1.5105228425153223,
  "snr_gm": 8.227576794583495,
  "snr_total": 11.69623938748665,
  "snr_wm": 25.35061852536113,
  "snrd_csf": 19.494717905596183,
  "snrd_gm": 81.71330017673766,
  "snrd_total": 77.06142407134325,
  "snrd_wm": 129.9762541316959,
  "spacing_x": 0.9999999403953552,
  "spacing_y": 1.0,
  "spacing_z": 0.9999999403953552,
  "summary_bg_k": 17.398639614853042,
  "summary_bg_mad": 0.0,
  "summary_bg_mean": 1.9285702579214055,
  "summary_bg_median": 0.0,
  "summary_bg_n": 425837.0,
  "summary_bg_p05": 0.0,
  "summary_bg_p95": 10.97314439713955,
  "summary_bg_stdv": 5.040552623224191,
  "summary_csf_k": 4.068570151427172,
  "summary_csf_mad": 81.5937816130787,
  "summary_csf_mean": 172.15161844944643,
  "summary_csf_median": 149.9903706740588,
  "summary_csf_n": 41927.0,
  "summary_csf_p05": 52.562805497087545,
  "summary_csf_p95": 366.99873947538435,
  "summary_csf_stdv": 99.29580522267068,
  "summary_gm_k": 0.3870976632321761,
  "summary_gm_mad": 72.10364348055622,
  "summary_gm_mean": 629.9202097272895,
  "summary_gm_median": 628.6937949992716,
  "summary_gm_n": 34123.0,
  "summary_gm_p05": 505.3662400972098,
  "summary_gm_p95": 757.0025799237192,
  "summary_gm_stdv": 76.41187660199783,
  "summary_wm_k": 0.9973694175163623,
  "summary_wm_mad": 35.99830592374133,
  "summary_wm_mean": 999.6022706755285,
  "summary_wm_median": 1000.0240388419479,
  "summary_wm_n": 206494.0,
  "summary_wm_p05": 935.051473332569,
  "summary_wm_p95": 1063.2399386912584,
  "summary_wm_stdv": 39.44762201373951,
  "tpm_overlap_csf": 0.166206155827667,
  "tpm_overlap_gm": 0.46710627727732357,
  "tpm_overlap_wm": 0.5136711323434745,
  "wm2max": 0.6995303524876549
}