{
  "aor": 0.0008233908948194662,
  "aqi": 0.009093343014128728,
  "bids_meta": {
    "AcquisitionNumber": 10,
    "BidsifyVersion": "0.3.7",
    "ConversionSoftware": "dcm2niix",
    "ConversionSoftwareVersion": "v1.0.20190902",
    "EchoTime": 0.02763,
    "EffectiveEchoSpacing": 0.0006333282667071997,
    "ImageComments": "Upgrade_2017",
    "ImageOrientationPatientDICOM": [
      0.997446,
      0.0694763,
      0.0165547,
      -0.068174,
      0.995263,
      -0.0693055
    ],
    "InstitutionName": "Spinoza Centre for Neuroimaging, location REC",
    "MagneticFieldStrength": 3,
    "Manufacturer": "Philips",
    "ParallelAcquisitionTechnique": "SENSE",
    "PatientPosition": "HFS",
    "PhaseEncodingDirection": "j",
    "PhilipsRescaleIntercept": 0,
    "PhilipsRescaleSlope": 0.76777,
    "PhilipsScaleSlope": 0.038778,
    "ProtocolName": "task-rest_acq-multiband_bold",
    "ReconMatrixPE": 80,
    "RepetitionTime": 0.763994,
    "SeriesDescription": "ImageMRSERIES",
    "SeriesNumber": 10,
    "TaskName": "restingstate",
    "TotalReadoutTime": 0.024699802401580786,
    "UsePhilipsFloatNotDisplayScaling": 1,
    "acq_id": "mb3",
    "dataset": "ds003495",
    "modality": "bold",
    "session_id": "post",
    "subject_id": "14",
    "task_id": "restingstate"
  },
  "dummy_trs": 0,
  "dvars_nstd": 17.26072381727991,
  "dvars_std": 1.0979786268396223,
  "dvars_vstd": 1.0100606931918248,
  "efc": 0.4420410636168043,
  "fber": 723289.125,
  "fd_mean": 0.0762468760616155,
  "fd_num": 1,
  "fd_perc": 0.15698587127158556,
  "fwhm_avg": 1.986054453021734,
  "fwhm_x": 1.9125533333333333,
  "fwhm_y": 2.26481,
  "fwhm_z": 1.7808000257318675,
  "gcor": 0.0138842,
  "gsr_x": -0.016147078946232796,
  "gsr_y": 0.016423173248767853,
  "provenance": {
    "md5sum": "17306134b7b13868fe5a8d2cb6e23fcd",
    "settings": {
      "fd_thres": 0.2,
      "testing": false
    },
    "software": "mriqc",
    "version": "22.0.6",
    "webapi_port": null,
    "webapi_url": "https://mriqc.nimh.nih.gov/api/v1"
  },
  "size_t": 637,
  "size_x": 80,
  "size_y": 80,
  "size_z": 36,
  "snr": 10.050224350131016,
  "spacing_tr": 0.7639937400817871,
  "spacing_x": 3.0,
  "spacing_y": 3.0,
  "spacing_z": 3.299999952316284,
  "summary_bg_k": 42.65391729071087,
  "summary_bg_mad": 85.72367382147318,
  "summary_bg_mean": 1253.6312255859375,
  "summary_bg_median": 60.005462646484375,
  "summary_bg_n": 152810.0,
  "summary_bg_p05": 0.5250957459211351,
  "summary_bg_p95": 7392.412597656234,
  "summary_bg_stdv": 3541.112060546875,
  "summary_fg_k": 4.075125057204123,
  "summary_fg_mad": 4381.028745827435,
  "summary_fg_mean": 52914.55078125,
  "summary_fg_median": 53443.921875,
  "summary_fg_n": 36600.0,
  "summary_fg_p05": 43595.15546875,
  "summary_fg_p95": 60537.641015625,
  "summary_fg_stdv": 5317.61181640625,
  "tsnr": 84.24954986572266
}