{
  "aor": 0.0021353333333333337,
  "aqi": 0.0046148501481481485,
  "bids_meta": {
    "AcquisitionNumber": 8,
    "BidsifyVersion": "0.3.7",
    "ConversionSoftware": "dcm2niix",
    "ConversionSoftwareVersion": "v1.0.20190902",
    "EchoTime": 0.02763,
    "EffectiveEchoSpacing": 0.0006621159151938905,
    "ImageComments": "Upgrade_2017",
    "ImageOrientationPatientDICOM": [
      0.997446,
      0.0694763,
      0.0165547,
      -0.068174,
      0.995263,
      -0.0693055
    ],
    "InstitutionName": "Spinoza Centre for Neuroimaging, location REC",
    "MagneticFieldStrength": 3,
    "Manufacturer": "Philips",
    "ParallelAcquisitionTechnique": "SENSE",
    "PatientPosition": "HFS",
    "PhaseEncodingDirection": "j",
    "PhilipsRescaleIntercept": 0,
    "PhilipsRescaleSlope": 0.78144,
    "PhilipsScaleSlope": 0.0204299,
    "ProtocolName": "task-harriri_acq-sequential_bold",
    "ReconMatrixPE": 80,
    "RepetitionTime": 2,
    "SeriesDescription": "ImageMRSERIES",
    "SeriesNumber": 8,
    "TaskName": "emomatching",
    "TotalReadoutTime": 0.025822520692561732,
    "UsePhilipsFloatNotDisplayScaling": 1,
    "acq_id": "seq",
    "dataset": "ds003495",
    "modality": "bold",
    "session_id": "post",
    "subject_id": "14",
    "task_id": "emomatching"
  },
  "dummy_trs": 0,
  "dvars_nstd": 17.07405006365672,
  "dvars_std": 1.171991710373135,
  "dvars_vstd": 1.007209280522388,
  "efc": 0.4433452154332869,
  "fber": 82008.890625,
  "fd_mean": 0.07594758317162237,
  "fd_num": 3,
  "fd_perc": 2.2222222222222223,
  "fwhm_avg": 1.8947729375954132,
  "fwhm_x": 1.8238533333333333,
  "fwhm_y": 2.13672,
  "fwhm_z": 1.7237454794529061,
  "gcor": 0.0216312,
  "gsr_x": -0.015444282442331314,
  "gsr_y": 0.018731096759438515,
  "provenance": {
    "md5sum": "7d9b7fd571bfa430c254cced79816939",
    "settings": {
      "fd_thres": 0.2,
      "testing": false
    },
    "software": "mriqc",
    "version": "22.0.6",
    "webapi_port": null,
    "webapi_url": "https://mriqc.nimh.nih.gov/api/v1"
  },
  "size_t": 135,
  "size_x": 80,
  "size_y": 80,
  "size_z": 36,
  "snr": 6.752517286438524,
  "spacing_tr": 2.0,
  "spacing_x": 3.0,
  "spacing_y": 3.0,
  "spacing_z": 3.299999952316284,
  "summary_bg_k": 81.7800682795419,
  "summary_bg_mad": 263.95257462410643,
  "summary_bg_mean": 1706.624267578125,
  "summary_bg_median": 232.41494750976562,
  "summary_bg_n": 152417.0,
  "summary_bg_p05": 17.765369033813478,
  "summary_bg_p95": 9402.337109375,
  "summary_bg_stdv": 4942.51806640625,
  "summary_fg_k": 2.644926021177773,
  "summary_fg_mad": 9062.927287957935,
  "summary_fg_mean": 69203.5390625,
  "summary_fg_median": 68408.1953125,
  "summary_fg_n": 37093.0,
  "summary_fg_p05": 54350.7671875,
  "summary_fg_p95": 85168.40937500002,
  "summary_fg_stdv": 10130.6328125,
  "tsnr": 93.17607116699219
}