{
  "aor": 0.005153407407407408,
  "aqi": 0.003765846,
  "bids_meta": {
    "AcquisitionNumber": 8,
    "BidsifyVersion": "0.3.7",
    "ConversionSoftware": "dcm2niix",
    "ConversionSoftwareVersion": "v1.0.20190902",
    "EchoTime": 0.02763,
    "EffectiveEchoSpacing": 0.0006621159151938905,
    "ImageComments": "Upgrade_2017",
    "ImageOrientationPatientDICOM": [
      0.99762,
      0.0107983,
      0.0680945,
      0.0074872,
      0.96485,
      -0.262696
    ],
    "InstitutionName": "Spinoza Centre for Neuroimaging, location REC",
    "MagneticFieldStrength": 3,
    "Manufacturer": "Philips",
    "ParallelAcquisitionTechnique": "SENSE",
    "PatientPosition": "HFS",
    "PhaseEncodingDirection": "j",
    "PhilipsRescaleIntercept": 0,
    "PhilipsRescaleSlope": 0.78144,
    "PhilipsScaleSlope": 0.0225663,
    "ProtocolName": "task-harriri_acq-sequential_bold",
    "ReconMatrixPE": 80,
    "RepetitionTime": 2,
    "SeriesDescription": "ImageMRSERIES",
    "SeriesNumber": 8,
    "TaskName": "emomatching",
    "TotalReadoutTime": 0.025822520692561732,
    "UsePhilipsFloatNotDisplayScaling": 1,
    "acq_id": "seq",
    "dataset": "ds003495",
    "modality": "bold",
    "session_id": "post",
    "subject_id": "03",
    "task_id": "emomatching"
  },
  "dummy_trs": 0,
  "dvars_nstd": 18.85523403962687,
  "dvars_std": 1.1749069306716418,
  "dvars_vstd": 1.041351163507463,
  "efc": 0.4005786748774519,
  "fber": 187526.84375,
  "fd_mean": 0.14301218876225677,
  "fd_num": 14,
  "fd_perc": 10.37037037037037,
  "fwhm_avg": 1.8131399323751214,
  "fwhm_x": 1.7470066666666666,
  "fwhm_y": 1.9827133333333335,
  "fwhm_z": 1.7096997971253634,
  "gcor": 0.0345213,
  "gsr_x": -0.019990697503089905,
  "gsr_y": 0.015640007331967354,
  "provenance": {
    "md5sum": "ecbfd266a553984436a44286e071e4d5",
    "settings": {
      "fd_thres": 0.2,
      "testing": false
    },
    "software": "mriqc",
    "version": "22.0.6",
    "webapi_port": null,
    "webapi_url": "https://mriqc.nimh.nih.gov/api/v1"
  },
  "size_t": 135,
  "size_x": 80,
  "size_y": 80,
  "size_z": 36,
  "snr": 6.640536221405921,
  "spacing_tr": 2.0,
  "spacing_x": 3.0,
  "spacing_y": 3.0,
  "spacing_z": 3.2998483180999756,
  "summary_bg_k": 95.71082148832483,
  "summary_bg_mad": 179.94687964039855,
  "summary_bg_mean": 1322.41064453125,
  "summary_bg_median": 154.54995727539062,
  "summary_bg_n": 160221.0,
  "summary_bg_p05": 8.616564750671387,
  "summary_bg_p95": 6347.8271484375,
  "summary_bg_stdv": 4087.5546875,
  "summary_fg_k": 1.0619520679240306,
  "summary_fg_mad": 10053.056539078287,
  "summary_fg_mean": 68527.84375,
  "summary_fg_median": 67778.578125,
  "summary_fg_n": 29870.0,
  "summary_fg_p05": 53675.9404296875,
  "summary_fg_p95": 85556.173046875,
  "summary_fg_stdv": 10206.6220703125,
  "tsnr": 89.12987518310547
}