{
  "aor": 0.0010192307692307692,
  "aqi": 0.01013044715855573,
  "bids_meta": {
    "AcquisitionNumber": 10,
    "BidsifyVersion": "0.3.7",
    "ConversionSoftware": "dcm2niix",
    "ConversionSoftwareVersion": "v1.0.20190902",
    "EchoTime": 0.02763,
    "EffectiveEchoSpacing": 0.0006333282667071997,
    "ImageComments": "Upgrade_2017",
    "ImageOrientationPatientDICOM": [
      0.99762,
      0.0107983,
      0.0680945,
      0.0074872,
      0.96485,
      -0.262696
    ],
    "InstitutionName": "Spinoza Centre for Neuroimaging, location REC",
    "MagneticFieldStrength": 3,
    "Manufacturer": "Philips",
    "ParallelAcquisitionTechnique": "SENSE",
    "PatientPosition": "HFS",
    "PhaseEncodingDirection": "j",
    "PhilipsRescaleIntercept": 0,
    "PhilipsRescaleSlope": 0.74066,
    "PhilipsScaleSlope": 0.0420207,
    "ProtocolName": "task-rest_acq-multiband_bold",
    "ReconMatrixPE": 80,
    "RepetitionTime": 0.763994,
    "SeriesDescription": "ImageMRSERIES",
    "SeriesNumber": 10,
    "TaskName": "restingstate",
    "TotalReadoutTime": 0.024699802401580786,
    "UsePhilipsFloatNotDisplayScaling": 1,
    "acq_id": "mb3",
    "dataset": "ds003495",
    "modality": "bold",
    "session_id": "post",
    "subject_id": "03",
    "task_id": "restingstate"
  },
  "dummy_trs": 0,
  "dvars_nstd": 20.65556619172957,
  "dvars_std": 1.155445803757862,
  "dvars_vstd": 1.013105782468554,
  "efc": 0.4015859529686854,
  "fber": 2071152.0,
  "fd_mean": 0.12899091608396138,
  "fd_num": 102,
  "fd_perc": 16.012558869701728,
  "fwhm_avg": 1.8916384211467314,
  "fwhm_x": 1.8255533333333334,
  "fwhm_y": 2.1328133333333334,
  "fwhm_z": 1.7165485967735281,
  "gcor": 0.0287299,
  "gsr_x": -0.021376898512244225,
  "gsr_y": 0.015534081496298313,
  "provenance": {
    "md5sum": "0f82f830059f4dc51516827fccac38ed",
    "settings": {
      "fd_thres": 0.2,
      "testing": false
    },
    "software": "mriqc",
    "version": "22.0.6",
    "webapi_port": null,
    "webapi_url": "https://mriqc.nimh.nih.gov/api/v1"
  },
  "size_t": 637,
  "size_x": 80,
  "size_y": 80,
  "size_z": 36,
  "snr": 10.092602810664408,
  "spacing_tr": 0.7639937400817871,
  "spacing_x": 3.0,
  "spacing_y": 3.0,
  "spacing_z": 3.2998483180999756,
  "summary_bg_k": 55.603701995659485,
  "summary_bg_mad": 52.00715497261645,
  "summary_bg_mean": 1021.5440673828125,
  "summary_bg_median": 36.10895919799805,
  "summary_bg_n": 160545.0,
  "summary_bg_p05": 0.34529320001602176,
  "summary_bg_p95": 5130.646972656248,
  "summary_bg_stdv": 3089.332763671875,
  "summary_fg_k": 5.614211401273192,
  "summary_fg_mad": 4371.174653347798,
  "summary_fg_mean": 52469.265625,
  "summary_fg_median": 52724.8046875,
  "summary_fg_n": 29624.0,
  "summary_fg_p05": 44152.7974609375,
  "summary_fg_p95": 60064.7005859375,
  "summary_fg_stdv": 5224.015625,
  "tsnr": 76.72207641601562
}