{
  "aor": 0.0025173333333333332,
  "aqi": 0.004816156518518518,
  "bids_meta": {
    "AcquisitionNumber": 8,
    "BidsifyVersion": "0.3.7",
    "ConversionSoftware": "dcm2niix",
    "ConversionSoftwareVersion": "v1.0.20190902",
    "EchoTime": 0.02763,
    "EffectiveEchoSpacing": 0.0006621159151938905,
    "ImageComments": "Upgrade_2017",
    "ImageOrientationPatientDICOM": [
      0.998519,
      0.0543534,
      -0.00225023,
      -0.053204,
      0.967104,
      -0.248753
    ],
    "InstitutionName": "Spinoza Centre for Neuroimaging, location REC",
    "MagneticFieldStrength": 3,
    "Manufacturer": "Philips",
    "ParallelAcquisitionTechnique": "SENSE",
    "PatientPosition": "HFS",
    "PhaseEncodingDirection": "j",
    "PhilipsRescaleIntercept": 0,
    "PhilipsRescaleSlope": 0.77338,
    "PhilipsScaleSlope": 0.0199957,
    "ProtocolName": "task-harriri_acq-sequential_bold",
    "ReconMatrixPE": 80,
    "RepetitionTime": 2,
    "SeriesDescription": "ImageMRSERIES",
    "SeriesNumber": 8,
    "TaskName": "emomatching",
    "TotalReadoutTime": 0.025822520692561732,
    "UsePhilipsFloatNotDisplayScaling": 1,
    "acq_id": "seq",
    "dataset": "ds003495",
    "modality": "bold",
    "session_id": "post",
    "subject_id": "24",
    "task_id": "emomatching"
  },
  "dummy_trs": 0,
  "dvars_nstd": 21.28664430955225,
  "dvars_std": 1.2783299952985079,
  "dvars_vstd": 1.0235269005223881,
  "efc": 0.4465856990386957,
  "fber": 107260.109375,
  "fd_mean": 0.08767541597012274,
  "fd_num": 0,
  "fd_perc": 0.0,
  "fwhm_avg": 1.8190898062350505,
  "fwhm_x": 1.7637033333333332,
  "fwhm_y": 1.9796266666666666,
  "fwhm_z": 1.7139394187051515,
  "gcor": 0.0272608,
  "gsr_x": -0.014829940162599087,
  "gsr_y": 0.022583436220884323,
  "provenance": {
    "md5sum": "6f1b1343b4b4c80f691819dfafa8a543",
    "settings": {
      "fd_thres": 0.2,
      "testing": false
    },
    "software": "mriqc",
    "version": "22.0.6",
    "webapi_port": null,
    "webapi_url": "https://mriqc.nimh.nih.gov/api/v1"
  },
  "size_t": 135,
  "size_x": 80,
  "size_y": 80,
  "size_z": 36,
  "snr": 6.2883154746365735,
  "spacing_tr": 2.0,
  "spacing_x": 3.0,
  "spacing_y": 3.0,
  "spacing_z": 3.299999952316284,
  "summary_bg_k": 66.57932481307654,
  "summary_bg_mad": 253.0493481031211,
  "summary_bg_mean": 1900.6109619140625,
  "summary_bg_median": 205.44094848632812,
  "summary_bg_n": 152363.0,
  "summary_bg_p05": 13.71874942779541,
  "summary_bg_p95": 9293.837402343748,
  "summary_bg_stdv": 5377.93603515625,
  "summary_fg_k": 2.951369140294614,
  "summary_fg_mad": 9594.805042431904,
  "summary_fg_mean": 68984.0546875,
  "summary_fg_median": 67808.125,
  "summary_fg_n": 37168.0,
  "summary_fg_p05": 54775.4826171875,
  "summary_fg_p95": 86828.43671875002,
  "summary_fg_stdv": 10783.048828125,
  "tsnr": 91.6963119506836
}