{
  "aor": 0.001968,
  "aqi": 0.005002678,
  "bids_meta": {
    "AcquisitionNumber": 8,
    "BidsifyVersion": "0.3.7",
    "ConversionSoftware": "dcm2niix",
    "ConversionSoftwareVersion": "v1.0.20190902",
    "EchoTime": 0.02763,
    "EffectiveEchoSpacing": 0.0006621159151938905,
    "ImageComments": "Upgrade_2017",
    "ImageOrientationPatientDICOM": [
      0.996193,
      0.0777081,
      -0.0394983,
      -0.085579,
      0.95803,
      -0.273596
    ],
    "InstitutionName": "Spinoza Centre for Neuroimaging, location REC",
    "MagneticFieldStrength": 3,
    "Manufacturer": "Philips",
    "ParallelAcquisitionTechnique": "SENSE",
    "PatientPosition": "HFS",
    "PhaseEncodingDirection": "j",
    "PhilipsRescaleIntercept": 0,
    "PhilipsRescaleSlope": 0.79463,
    "PhilipsScaleSlope": 0.0233832,
    "ProtocolName": "task-harriri_acq-sequential_bold",
    "ReconMatrixPE": 80,
    "RepetitionTime": 2,
    "SeriesDescription": "ImageMRSERIES",
    "SeriesNumber": 8,
    "TaskName": "emomatching",
    "TotalReadoutTime": 0.025822520692561732,
    "UsePhilipsFloatNotDisplayScaling": 1,
    "acq_id": "seq",
    "dataset": "ds003495",
    "modality": "bold",
    "session_id": "post",
    "subject_id": "02",
    "task_id": "emomatching"
  },
  "dummy_trs": 0,
  "dvars_nstd": 21.055820800074617,
  "dvars_std": 1.3606107762686563,
  "dvars_vstd": 1.001249293432836,
  "efc": 0.40678781335052566,
  "fber": 118195.140625,
  "fd_mean": 0.07540452787470822,
  "fd_num": 0,
  "fd_perc": 0.0,
  "fwhm_avg": 1.8411804123668538,
  "fwhm_x": 1.8121866666666666,
  "fwhm_y": 1.9826333333333332,
  "fwhm_z": 1.7287212371005614,
  "gcor": 0.0295324,
  "gsr_x": -0.018124960362911224,
  "gsr_y": 0.013467277400195599,
  "provenance": {
    "md5sum": "9b8a6828f4682b5281ea3852086da5fe",
    "settings": {
      "fd_thres": 0.2,
      "testing": false
    },
    "software": "mriqc",
    "version": "22.0.6",
    "webapi_port": null,
    "webapi_url": "https://mriqc.nimh.nih.gov/api/v1"
  },
  "size_t": 135,
  "size_x": 80,
  "size_y": 80,
  "size_z": 36,
  "snr": 7.2779452304177905,
  "spacing_tr": 2.0,
  "spacing_x": 3.0,
  "spacing_y": 3.0,
  "spacing_z": 3.299999952316284,
  "summary_bg_k": 167.43526896061383,
  "summary_bg_mad": 235.57765035655325,
  "summary_bg_mean": 1212.468017578125,
  "summary_bg_median": 203.82623291015625,
  "summary_bg_n": 158355.0,
  "summary_bg_p05": 8.793393421173096,
  "summary_bg_p95": 5469.186279296872,
  "summary_bg_stdv": 4094.94677734375,
  "summary_fg_k": 1.3474949196840713,
  "summary_fg_mad": 9083.41152251596,
  "summary_fg_mean": 72124.3828125,
  "summary_fg_median": 71376.984375,
  "summary_fg_n": 32377.0,
  "summary_fg_p05": 57691.6109375,
  "summary_fg_p95": 88835.29531249999,
  "summary_fg_stdv": 9807.1474609375,
  "tsnr": 97.90568542480469
}