{
  "aor": 0.0008373469387755102,
  "aqi": 0.01237793612244898,
  "bids_meta": {
    "AcquisitionNumber": 10,
    "BidsifyVersion": "0.3.7",
    "ConversionSoftware": "dcm2niix",
    "ConversionSoftwareVersion": "v1.0.20190902",
    "EchoTime": 0.02763,
    "EffectiveEchoSpacing": 0.0006333282667071997,
    "ImageComments": "Upgrade_2017",
    "ImageOrientationPatientDICOM": [
      0.996193,
      0.0777081,
      -0.0394983,
      -0.085579,
      0.95803,
      -0.273596
    ],
    "InstitutionName": "Spinoza Centre for Neuroimaging, location REC",
    "MagneticFieldStrength": 3,
    "Manufacturer": "Philips",
    "ParallelAcquisitionTechnique": "SENSE",
    "PatientPosition": "HFS",
    "PhaseEncodingDirection": "j",
    "PhilipsRescaleIntercept": 0,
    "PhilipsRescaleSlope": 0.78217,
    "PhilipsScaleSlope": 0.0392071,
    "ProtocolName": "task-rest_acq-multiband_bold",
    "ReconMatrixPE": 80,
    "RepetitionTime": 0.763994,
    "SeriesDescription": "ImageMRSERIES",
    "SeriesNumber": 10,
    "TaskName": "restingstate",
    "TotalReadoutTime": 0.024699802401580786,
    "UsePhilipsFloatNotDisplayScaling": 1,
    "acq_id": "mb3",
    "dataset": "ds003495",
    "modality": "bold",
    "session_id": "post",
    "subject_id": "02",
    "task_id": "restingstate"
  },
  "dummy_trs": 0,
  "dvars_nstd": 18.920437095880484,
  "dvars_std": 1.1723661518867923,
  "dvars_vstd": 1.0127260593396221,
  "efc": 0.40782301989822073,
  "fber": 1084915.625,
  "fd_mean": 0.09174608375162763,
  "fd_num": 16,
  "fd_perc": 2.511773940345369,
  "fwhm_avg": 1.9499295034570172,
  "fwhm_x": 1.9278566666666668,
  "fwhm_y": 2.1556166666666665,
  "fwhm_z": 1.7663151770377183,
  "gcor": 0.0401341,
  "gsr_x": -0.021416982635855675,
  "gsr_y": 0.011246385052800179,
  "provenance": {
    "md5sum": "b56cb622732379e8305d522db8e6750a",
    "settings": {
      "fd_thres": 0.2,
      "testing": false
    },
    "software": "mriqc",
    "version": "22.0.6",
    "webapi_port": null,
    "webapi_url": "https://mriqc.nimh.nih.gov/api/v1"
  },
  "size_t": 637,
  "size_x": 80,
  "size_y": 80,
  "size_z": 36,
  "snr": 10.682635819374681,
  "spacing_tr": 0.7639937400817871,
  "spacing_x": 3.0,
  "spacing_y": 3.0,
  "spacing_z": 3.299999952316284,
  "summary_bg_k": 92.44627615786423,
  "summary_bg_mad": 72.94355131632744,
  "summary_bg_mean": 936.5269165039062,
  "summary_bg_median": 50.23023223876953,
  "summary_bg_n": 158626.0,
  "summary_bg_p05": 0.2887037768959999,
  "summary_bg_p95": 4800.323974609375,
  "summary_bg_stdv": 3007.629150390625,
  "summary_fg_k": 4.172948362288083,
  "summary_fg_mad": 4455.920427814174,
  "summary_fg_mean": 55015.77734375,
  "summary_fg_median": 55449.125,
  "summary_fg_n": 31968.0,
  "summary_fg_p05": 46285.6712890625,
  "summary_fg_p95": 62663.890625,
  "summary_fg_stdv": 5190.50341796875,
  "tsnr": 75.98472595214844
}