{
  "aor": 0.0013204999999999998,
  "aqi": 0.004393632458333334,
  "bids_meta": {
    "AcquisitionNumber": 3,
    "BidsifyVersion": "0.3.7",
    "ConversionSoftware": "dcm2niix",
    "ConversionSoftwareVersion": "v1.0.20190902",
    "EchoTime": 0.02763,
    "EffectiveEchoSpacing": 0.0006621159151938905,
    "ImageComments": "Upgrade_2017",
    "ImageOrientationPatientDICOM": [
      0.996193,
      0.0777081,
      -0.0394983,
      -0.085579,
      0.95803,
      -0.273596
    ],
    "InstitutionName": "Spinoza Centre for Neuroimaging, location REC",
    "MagneticFieldStrength": 3,
    "Manufacturer": "Philips",
    "ParallelAcquisitionTechnique": "SENSE",
    "PatientPosition": "HFS",
    "PhaseEncodingDirection": "j",
    "PhilipsRescaleIntercept": 0,
    "PhilipsRescaleSlope": 0.84371,
    "PhilipsScaleSlope": 0.0205268,
    "ProtocolName": "task-rest_acq-sequential_bold",
    "ReconMatrixPE": 80,
    "RepetitionTime": 2,
    "SeriesDescription": "ImageMRSERIES",
    "SeriesNumber": 3,
    "TaskName": "restingstate",
    "TotalReadoutTime": 0.025822520692561732,
    "UsePhilipsFloatNotDisplayScaling": 1,
    "acq_id": "seq",
    "dataset": "ds003495",
    "modality": "bold",
    "session_id": "post",
    "subject_id": "02",
    "task_id": "restingstate"
  },
  "dummy_trs": 0,
  "dvars_nstd": 21.614059208702926,
  "dvars_std": 1.399679563933054,
  "dvars_vstd": 1.0032329861924691,
  "efc": 0.40517249404125366,
  "fber": 139917.296875,
  "fd_mean": 0.08051323092767859,
  "fd_num": 1,
  "fd_perc": 0.4166666666666667,
  "fwhm_avg": 1.8599918265661828,
  "fwhm_x": 1.8343533333333333,
  "fwhm_y": 2.0048766666666666,
  "fwhm_z": 1.7407454796985493,
  "gcor": 0.113066,
  "gsr_x": -0.017802948132157326,
  "gsr_y": 0.01212659478187561,
  "provenance": {
    "md5sum": "eeff7f32d455bfcd539ccb808ea87f9b",
    "settings": {
      "fd_thres": 0.2,
      "testing": false
    },
    "software": "mriqc",
    "version": "22.0.6",
    "webapi_port": null,
    "webapi_url": "https://mriqc.nimh.nih.gov/api/v1"
  },
  "size_t": 240,
  "size_x": 80,
  "size_y": 80,
  "size_z": 36,
  "snr": 7.131695125111016,
  "spacing_tr": 2.0,
  "spacing_x": 3.0,
  "spacing_y": 3.0,
  "spacing_z": 3.299999952316284,
  "summary_bg_k": 177.82404524836383,
  "summary_bg_mad": 225.8848012746266,
  "summary_bg_mean": 1236.9442138671875,
  "summary_bg_median": 198.113525390625,
  "summary_bg_n": 158435.0,
  "summary_bg_p05": 9.248126792907716,
  "summary_bg_p95": 5547.8880859374985,
  "summary_bg_stdv": 4331.25244140625,
  "summary_fg_k": 1.6467308483158067,
  "summary_fg_mad": 9688.237939272338,
  "summary_fg_mean": 75980.984375,
  "summary_fg_median": 75212.7578125,
  "summary_fg_n": 32342.0,
  "summary_fg_p05": 60514.4876953125,
  "summary_fg_p95": 93705.23359374999,
  "summary_fg_stdv": 10546.103515625,
  "tsnr": 95.18103790283203
}