{
  "bids_meta": {
    "AcquisitionNumber": 2,
    "BidsifyVersion": "0.3.7",
    "ConversionSoftware": "dcm2niix",
    "ConversionSoftwareVersion": "v1.0.20190902",
    "EchoTime": 0.0038,
    "ImageComments": "upgrade_2017",
    "ImageOrientationPatientDICOM": [
      0.999475,
      0.0232787,
      0.0225166,
      -0.0195399,
      0.987882,
      -0.153973
    ],
    "InstitutionName": "Spinoza Centre for Neuroimaging, location REC",
    "InversionTime": 0.9,
    "MagneticFieldStrength": 3,
    "Manufacturer": "Philips",
    "ParallelAcquisitionTechnique": "SENSE",
    "PatientPosition": "HFS",
    "PhilipsRescaleIntercept": 0,
    "PhilipsRescaleSlope": 4.68083,
    "PhilipsScaleSlope": 0.00505878,
    "ProtocolName": "T1w",
    "ReconMatrixPE": 240,
    "RepetitionTime": 0.008276,
    "SeriesDescription": "ImageMRSERIES",
    "SeriesNumber": 2,
    "UsePhilipsFloatNotDisplayScaling": 1,
    "dataset": "ds003495",
    "modality": "T1w",
    "session_id": "post",
    "subject_id": "09"
  },
  "cjv": 0.27919132686144454,
  "cnr": 4.6560197121897415,
  "efc": 0.7318017815412761,
  "fber": -1.0,
  "fwhm_avg": 4.248316666666667,
  "fwhm_x": 4.28523,
  "fwhm_y": 4.30535,
  "fwhm_z": 4.15437,
  "icvs_csf": 0.2237905465145176,
  "icvs_gm": 0.45231050373221937,
  "icvs_wm": 0.323898949753263,
  "inu_med": 0.6112578511238098,
  "inu_range": 0.24973919987678528,
  "provenance": {
    "md5sum": "447835a7056aa5101157d56aab5593ed",
    "settings": {
      "testing": false
    },
    "software": "mriqc",
    "version": "22.0.6",
    "warnings": {
      "large_rot_frame": true,
      "small_air_mask": false
    },
    "webapi_port": null,
    "webapi_url": "https://mriqc.nimh.nih.gov/api/v1"
  },
  "qi_1": 0.0,
  "qi_2": 7.818180759822566e-05,
  "rpve_csf": 20.68517896373296,
  "rpve_gm": 10.973704608622128,
  "rpve_wm": 17.556242919408216,
  "size_x": 240,
  "size_y": 240,
  "size_z": 220,
  "snr_csf": 1.6723745361050357,
  "snr_gm": 8.815343001128005,
  "snr_total": 10.539927619479592,
  "snr_wm": 21.132065321205737,
  "snrd_csf": 13.593291728949227,
  "snrd_gm": 49.46221720933023,
  "snrd_total": 48.11255827314304,
  "snrd_wm": 81.28216588114965,
  "spacing_x": 1.0,
  "spacing_y": 1.0,
  "spacing_z": 1.0,
  "summary_bg_k": 1501.8195741731688,
  "summary_bg_mad": 0.0,
  "summary_bg_mean": 2.4056072513194615,
  "summary_bg_median": 0.0,
  "summary_bg_n": 450095.0,
  "summary_bg_p05": 0.0,
  "summary_bg_p95": 15.971651956439018,
  "summary_bg_stdv": 8.060233508163124,
  "summary_csf_k": 1.0044059542642287,
  "summary_csf_mad": 95.4036884232837,
  "summary_csf_mean": 181.93663125233502,
  "summary_csf_median": 167.24014339596033,
  "summary_csf_n": 44281.0,
  "summary_csf_p05": 47.221652649343014,
  "summary_csf_p95": 369.42790465801954,
  "summary_csf_stdv": 100.00047918608404,
  "summary_gm_k": 0.3677823156568194,
  "summary_gm_mad": 65.51865434017209,
  "summary_gm_mean": 610.0063785247845,
  "summary_gm_median": 608.5404818579555,
  "summary_gm_n": 46496.0,
  "summary_gm_p05": 497.2717345263809,
  "summary_gm_p95": 724.3991532847285,
  "summary_gm_stdv": 69.03122632164563,
  "summary_wm_k": 0.7213649077588848,
  "summary_wm_mad": 43.780623179080706,
  "summary_wm_mean": 998.5527689555362,
  "summary_wm_median": 1000.0257000699639,
  "summary_wm_n": 217631.0,
  "summary_wm_p05": 918.8065117448568,
  "summary_wm_p95": 1073.8753319457173,
  "summary_wm_stdv": 47.32255874384208,
  "tpm_overlap_csf": 0.16086956551788745,
  "tpm_overlap_gm": 0.4672055702383766,
  "tpm_overlap_wm": 0.4934236401175383,
  "wm2max": 0.8007772340338035
}