{
  "aor": 0.0005437500000000001,
  "aqi": 0.004582647374999999,
  "bids_meta": {
    "AcquisitionNumber": 3,
    "BidsifyVersion": "0.3.7",
    "ConversionSoftware": "dcm2niix",
    "ConversionSoftwareVersion": "v1.0.20190902",
    "EchoTime": 0.02763,
    "EffectiveEchoSpacing": 0.0006621159151938905,
    "ImageComments": "Upgrade2017",
    "ImageOrientationPatientDICOM": [
      0.999928,
      -0.0119579,
      -0.000773023,
      0.0116934,
      0.987833,
      -0.155075
    ],
    "InstitutionName": "Spinoza Centre for Neuroimaging, location REC",
    "MagneticFieldStrength": 3,
    "Manufacturer": "Philips",
    "ParallelAcquisitionTechnique": "SENSE",
    "PatientPosition": "HFS",
    "PhaseEncodingDirection": "j",
    "PhilipsRescaleIntercept": 0,
    "PhilipsRescaleSlope": 0.80147,
    "PhilipsScaleSlope": 0.0611328,
    "ProtocolName": "WIPtask-rest_acq-sequential_boldSENSE",
    "ReconMatrixPE": 80,
    "RepetitionTime": 2,
    "SeriesDescription": "ImageMRSERIES",
    "SeriesNumber": 3,
    "TaskName": "restingstate",
    "TotalReadoutTime": 0.025822520692561732,
    "UsePhilipsFloatNotDisplayScaling": 1,
    "acq_id": "seq",
    "dataset": "ds003495",
    "modality": "bold",
    "session_id": "pre",
    "subject_id": "09",
    "task_id": "restingstate"
  },
  "dummy_trs": 0,
  "dvars_nstd": 24.428797398661082,
  "dvars_std": 1.2860222060251052,
  "dvars_vstd": 0.9933661791631798,
  "efc": 0.48090190427903157,
  "fber": 141596.34375,
  "fd_mean": 0.08989784973525806,
  "fd_num": 3,
  "fd_perc": 1.25,
  "fwhm_avg": 1.6842128572360717,
  "fwhm_x": 1.7083866666666667,
  "fwhm_y": 1.7966766666666667,
  "fwhm_z": 1.5475752383748822,
  "gcor": 0.0483668,
  "gsr_x": 0.0004477615002542734,
  "gsr_y": 0.013312092050909996,
  "provenance": {
    "md5sum": "5653df1f15e8ab2b8c4b373559fab6be",
    "settings": {
      "fd_thres": 0.2,
      "testing": false
    },
    "software": "mriqc",
    "version": "22.0.6",
    "webapi_port": null,
    "webapi_url": "https://mriqc.nimh.nih.gov/api/v1"
  },
  "size_t": 240,
  "size_x": 80,
  "size_y": 80,
  "size_z": 36,
  "snr": 5.531538938524771,
  "spacing_tr": 2.0,
  "spacing_x": 3.0,
  "spacing_y": 3.0,
  "spacing_z": 3.299884796142578,
  "summary_bg_k": 20.480153402523385,
  "summary_bg_mad": 68.0863877020875,
  "summary_bg_mean": 925.438720703125,
  "summary_bg_median": 62.47584915161133,
  "summary_bg_n": 146751.0,
  "summary_bg_p05": 6.0114734172821045,
  "summary_bg_p95": 6164.910888671875,
  "summary_bg_stdv": 2368.37158203125,
  "summary_fg_k": 2.6454151515538724,
  "summary_fg_mad": 3860.4138455114307,
  "summary_fg_mean": 24316.427734375,
  "summary_fg_median": 24032.79296875,
  "summary_fg_n": 41812.0,
  "summary_fg_p05": 18182.4892578125,
  "summary_fg_p95": 31251.186035156246,
  "summary_fg_stdv": 4344.6328125,
  "tsnr": 78.14512634277344
}