{
  "aor": 0.0010940000000000001,
  "aqi": 0.004864127333333333,
  "bids_meta": {
    "AcquisitionNumber": 8,
    "BidsifyVersion": "0.3.7",
    "ConversionSoftware": "dcm2niix",
    "ConversionSoftwareVersion": "v1.0.20190902",
    "EchoTime": 0.02763,
    "EffectiveEchoSpacing": 0.0006621159151938905,
    "ImageComments": "Upgrade2017",
    "ImageOrientationPatientDICOM": [
      0.999928,
      -0.0119579,
      -0.000773023,
      0.0116934,
      0.987833,
      -0.155075
    ],
    "InstitutionName": "Spinoza Centre for Neuroimaging, location REC",
    "MagneticFieldStrength": 3,
    "Manufacturer": "Philips",
    "ParallelAcquisitionTechnique": "SENSE",
    "PatientPosition": "HFS",
    "PhaseEncodingDirection": "j",
    "PhilipsRescaleIntercept": 0,
    "PhilipsRescaleSlope": 0.80415,
    "PhilipsScaleSlope": 0.0616231,
    "ProtocolName": "WIPtask-harriri_acq-sequential_boldSENSE",
    "ReconMatrixPE": 80,
    "RepetitionTime": 2,
    "SeriesDescription": "ImageMRSERIES",
    "SeriesNumber": 8,
    "TaskName": "emomatching",
    "TotalReadoutTime": 0.025822520692561732,
    "UsePhilipsFloatNotDisplayScaling": 1,
    "acq_id": "seq",
    "dataset": "ds003495",
    "modality": "bold",
    "session_id": "pre",
    "subject_id": "09",
    "task_id": "emomatching"
  },
  "dummy_trs": 0,
  "dvars_nstd": 24.034226260820898,
  "dvars_std": 1.268992446268657,
  "dvars_vstd": 1.0007843665671645,
  "efc": 0.4826087119390429,
  "fber": 144080.734375,
  "fd_mean": 0.08280768414191658,
  "fd_num": 2,
  "fd_perc": 1.4814814814814814,
  "fwhm_avg": 1.6906059291507638,
  "fwhm_x": 1.7110900000000002,
  "fwhm_y": 1.8095766666666666,
  "fwhm_z": 1.551151120785624,
  "gcor": 0.0292712,
  "gsr_x": 0.00026730354875326157,
  "gsr_y": 0.012434129603207111,
  "provenance": {
    "md5sum": "17dc790ea7dde09bfde3b89d231e32a4",
    "settings": {
      "fd_thres": 0.2,
      "testing": false
    },
    "software": "mriqc",
    "version": "22.0.6",
    "webapi_port": null,
    "webapi_url": "https://mriqc.nimh.nih.gov/api/v1"
  },
  "size_t": 135,
  "size_x": 80,
  "size_y": 80,
  "size_z": 36,
  "snr": 5.570342132621994,
  "spacing_tr": 2.0,
  "spacing_x": 3.0,
  "spacing_y": 3.0,
  "spacing_z": 3.299884796142578,
  "summary_bg_k": 19.599238178193694,
  "summary_bg_mad": 65.59407010835844,
  "summary_bg_mean": 936.474365234375,
  "summary_bg_median": 60.83145523071289,
  "summary_bg_n": 146618.0,
  "summary_bg_p05": 6.155199193954468,
  "summary_bg_p95": 6305.581274414058,
  "summary_bg_stdv": 2388.915283203125,
  "summary_fg_k": 2.653332003528071,
  "summary_fg_mad": 3775.084585992263,
  "summary_fg_mean": 23938.86328125,
  "summary_fg_median": 23659.076171875,
  "summary_fg_n": 41831.0,
  "summary_fg_p05": 17932.380859375,
  "summary_fg_p95": 30738.2822265625,
  "summary_fg_stdv": 4247.2783203125,
  "tsnr": 77.06527709960938
}