{
  "bids_meta": {
    "AcquisitionNumber": 2,
    "BidsifyVersion": "0.3.7",
    "ConversionSoftware": "dcm2niix",
    "ConversionSoftwareVersion": "v1.0.20190902",
    "EchoTime": 0.00387,
    "ImageComments": "Upgrade2017",
    "ImageOrientationPatientDICOM": [
      0.999675,
      0.0248072,
      -0.00587744,
      -0.025479,
      0.964284,
      -0.263641
    ],
    "InstitutionName": "Spinoza Centre for Neuroimaging, location REC",
    "MagneticFieldStrength": 3,
    "Manufacturer": "Philips",
    "ParallelAcquisitionTechnique": "SENSE",
    "PatientPosition": "HFS",
    "PhilipsRescaleIntercept": 0,
    "PhilipsRescaleSlope": 13.1158,
    "PhilipsScaleSlope": 0.00501403,
    "ProtocolName": "WIPT1wSENSE",
    "ReconMatrixPE": 240,
    "RepetitionTime": 0.008375,
    "SeriesDescription": "ImageMRSERIES",
    "SeriesNumber": 2,
    "UsePhilipsFloatNotDisplayScaling": 1,
    "dataset": "ds003495",
    "modality": "T1w",
    "session_id": "pre",
    "subject_id": "13"
  },
  "cjv": 0.356621904243988,
  "cnr": 3.7326159962019316,
  "efc": 0.7677973764192259,
  "fber": 2389.6637467076052,
  "fwhm_avg": 3.607756666666667,
  "fwhm_x": 3.55784,
  "fwhm_y": 3.79852,
  "fwhm_z": 3.46691,
  "icvs_csf": 0.22272746911952265,
  "icvs_gm": 0.4309738999232671,
  "icvs_wm": 0.34629863095721025,
  "inu_med": 0.679868757724762,
  "inu_range": 0.22235801815986633,
  "provenance": {
    "md5sum": "2434a8332b8871a616469725ce54688b",
    "settings": {
      "testing": false
    },
    "software": "mriqc",
    "version": "22.0.6",
    "warnings": {
      "large_rot_frame": true,
      "small_air_mask": true
    },
    "webapi_port": null,
    "webapi_url": "https://mriqc.nimh.nih.gov/api/v1"
  },
  "qi_1": 0.0,
  "qi_2": 0.0002459378408595322,
  "rpve_csf": 24.661635333520163,
  "rpve_gm": 13.143976218847131,
  "rpve_wm": 19.07313660646146,
  "size_x": 240,
  "size_y": 240,
  "size_z": 220,
  "snr_csf": 1.4401504728025525,
  "snr_gm": 6.87852468275563,
  "snr_total": 8.748605120819128,
  "snr_wm": 17.927140206899203,
  "snrd_csf": 11.612875344834876,
  "snrd_gm": 42.88925963977271,
  "snrd_total": 41.672392189003524,
  "snrd_wm": 70.515041582403,
  "spacing_x": 1.0,
  "spacing_y": 1.0,
  "spacing_z": 1.0,
  "summary_bg_k": 986.2181154502458,
  "summary_bg_mad": 0.0,
  "summary_bg_mean": 2.2254235299029883,
  "summary_bg_median": 0.0,
  "summary_bg_n": 106477.0,
  "summary_bg_p05": 0.0,
  "summary_bg_p95": 11.347287341952324,
  "summary_bg_stdv": 9.290732675681973,
  "summary_csf_k": 1.1716765124606479,
  "summary_csf_mad": 106.96176507321441,
  "summary_csf_mean": 186.2984561193136,
  "summary_csf_median": 164.68649952113628,
  "summary_csf_n": 20639.0,
  "summary_csf_p05": 35.826333184540275,
  "summary_csf_p95": 400.41073061674825,
  "summary_csf_stdv": 114.35090491655338,
  "summary_gm_k": 0.022284877070531284,
  "summary_gm_mad": 87.04189952886216,
  "summary_gm_mean": 608.4674133672826,
  "summary_gm_median": 608.2285245805979,
  "summary_gm_n": 23711.0,
  "summary_gm_p05": 460.1800721436739,
  "summary_gm_p95": 753.7244174927473,
  "summary_gm_stdv": 88.42240547565031,
  "summary_wm_k": 0.5357523477251118,
  "summary_wm_mad": 52.672390584461645,
  "summary_wm_mean": 998.2790744519097,
  "summary_wm_median": 1000.0000014603138,
  "summary_wm_n": 199043.0,
  "summary_wm_p05": 904.302224367857,
  "summary_wm_p95": 1085.9284370988607,
  "summary_wm_stdv": 55.78120536215215,
  "tpm_overlap_csf": 0.15386168011565818,
  "tpm_overlap_gm": 0.45649793532919347,
  "tpm_overlap_wm": 0.49737272458556275,
  "wm2max": 0.7340021273525332
}