{
  "bids_meta": {
    "AcquisitionNumber": 2,
    "BidsifyVersion": "0.3.7",
    "ConversionSoftware": "dcm2niix",
    "ConversionSoftwareVersion": "v1.0.20190902",
    "EchoTime": 0.00377,
    "ImageComments": "upgrade2017",
    "ImageOrientationPatientDICOM": [
      0.998546,
      0.000702903,
      -0.0538976,
      -0.00609985,
      0.994965,
      -0.100034
    ],
    "InstitutionName": "Spinoza Centre for Neuroimaging, location REC",
    "MagneticFieldStrength": 3,
    "Manufacturer": "Philips",
    "ParallelAcquisitionTechnique": "SENSE",
    "PatientPosition": "HFS",
    "PhilipsRescaleIntercept": 0,
    "PhilipsRescaleSlope": 10.2957,
    "PhilipsScaleSlope": 0.00501201,
    "ProtocolName": "WIPT1wSENSE",
    "ReconMatrixPE": 240,
    "RepetitionTime": 0.00824,
    "SeriesDescription": "ImageMRSERIES",
    "SeriesNumber": 2,
    "UsePhilipsFloatNotDisplayScaling": 1,
    "dataset": "ds003495",
    "modality": "T1w",
    "session_id": "pre",
    "subject_id": "19"
  },
  "cjv": 0.3342111784840187,
  "cnr": 3.892684872282284,
  "efc": 0.7660780361603314,
  "fber": 2603.4944853270845,
  "fwhm_avg": 3.5682763884957964,
  "fwhm_x": 3.5604595755601434,
  "fwhm_y": 3.70443,
  "fwhm_z": 3.4399395899272456,
  "icvs_csf": 0.22253326564904355,
  "icvs_gm": 0.4434835216687802,
  "icvs_wm": 0.33398321268217623,
  "inu_med": 0.6802568733692169,
  "inu_range": 0.2433589726686478,
  "provenance": {
    "md5sum": "d7b619aeff94bc5155f6d51aa78e1841",
    "settings": {
      "testing": false
    },
    "software": "mriqc",
    "version": "22.0.6",
    "warnings": {
      "large_rot_frame": true,
      "small_air_mask": true
    },
    "webapi_port": null,
    "webapi_url": "https://mriqc.nimh.nih.gov/api/v1"
  },
  "qi_1": 0.0,
  "qi_2": 0.00010771423994596298,
  "rpve_csf": 22.618748650399482,
  "rpve_gm": 12.000553251939984,
  "rpve_wm": 18.83441000104676,
  "size_x": 240,
  "size_y": 240,
  "size_z": 220,
  "snr_csf": 1.3870791608412196,
  "snr_gm": 6.83717958813896,
  "snr_total": 8.997649880324458,
  "snr_wm": 18.76869089199319,
  "snrd_csf": 13.899782330275608,
  "snrd_gm": 55.07364407408968,
  "snrd_total": 53.60802076715586,
  "snrd_wm": 91.85063589710226,
  "spacing_x": 1.0000001192092896,
  "spacing_y": 1.0,
  "spacing_z": 1.0000001192092896,
  "summary_bg_k": 31.298096174183783,
  "summary_bg_mad": 0.0,
  "summary_bg_mean": 2.501320713000396,
  "summary_bg_median": 0.0,
  "summary_bg_n": 85412.0,
  "summary_bg_p05": 0.0,
  "summary_bg_p95": 16.30255874991417,
  "summary_bg_stdv": 7.13262757000948,
  "summary_csf_k": 2.5904635056858565,
  "summary_csf_mad": 93.52820302281386,
  "summary_csf_mean": 172.39531911333256,
  "summary_csf_median": 151.3302736133337,
  "summary_csf_n": 23619.0,
  "summary_csf_p05": 37.49082221835852,
  "summary_csf_p95": 379.3180136963724,
  "summary_csf_stdv": 109.09764509541785,
  "summary_gm_k": 0.10318701817937637,
  "summary_gm_mad": 84.50190574071645,
  "summary_gm_mean": 600.0155734918615,
  "summary_gm_median": 599.6000101715326,
  "summary_gm_n": 24940.0,
  "summary_gm_p05": 453.7364097911865,
  "summary_gm_p95": 745.615497745201,
  "summary_gm_stdv": 87.69522307720936,
  "summary_wm_k": 0.9333442044633644,
  "summary_wm_mad": 49.31623546227023,
  "summary_wm_mean": 998.0541156578067,
  "summary_wm_median": 999.999966301024,
  "summary_wm_n": 206171.0,
  "summary_wm_p05": 908.1588434055448,
  "summary_wm_p95": 1080.5761223584414,
  "summary_wm_stdv": 53.28009006496185,
  "tpm_overlap_csf": 0.15975267071395646,
  "tpm_overlap_gm": 0.45443756371363164,
  "tpm_overlap_wm": 0.50323269079183,
  "wm2max": 0.6866146325881144
}