{
  "aor": 0.005782074074074074,
  "aqi": 0.011314444,
  "bids_meta": {
    "AcquisitionNumber": 8,
    "BidsifyVersion": "0.3.7",
    "ConversionSoftware": "dcm2niix",
    "ConversionSoftwareVersion": "v1.0.20190902",
    "EchoTime": 0.02763,
    "EffectiveEchoSpacing": 0.0006621159151938905,
    "ImageComments": "------",
    "ImageOrientationPatientDICOM": [
      0.999629,
      0.0271739,
      -0.00168314,
      -0.0272238,
      0.998428,
      -0.0489964
    ],
    "InstitutionName": "Spinoza Centre for Neuroimaging, location REC",
    "MagneticFieldStrength": 3,
    "Manufacturer": "Philips",
    "ParallelAcquisitionTechnique": "SENSE",
    "PatientPosition": "HFS",
    "PhaseEncodingDirection": "j",
    "PhilipsRescaleIntercept": 0,
    "PhilipsRescaleSlope": 0.78632,
    "PhilipsScaleSlope": 0.0197593,
    "ProtocolName": "task-harriri_acq-sequential_bold",
    "ReconMatrixPE": 80,
    "RepetitionTime": 2,
    "SeriesDescription": "ImageMRSERIES",
    "SeriesNumber": 8,
    "TaskName": "emomatching",
    "TotalReadoutTime": 0.025822520692561732,
    "UsePhilipsFloatNotDisplayScaling": 1,
    "acq_id": "seq",
    "dataset": "ds003495",
    "modality": "bold",
    "session_id": "post",
    "subject_id": "15",
    "task_id": "emomatching"
  },
  "dummy_trs": 0,
  "dvars_nstd": 20.332016951716422,
  "dvars_std": 1.160829270522388,
  "dvars_vstd": 1.0265914611940299,
  "efc": 0.43876128244876367,
  "fber": 93656.6875,
  "fd_mean": 0.2073105752835455,
  "fd_num": 47,
  "fd_perc": 34.81481481481482,
  "fwhm_avg": 1.9994843017826867,
  "fwhm_x": 1.97216,
  "fwhm_y": 2.21703,
  "fwhm_z": 1.8092629053480604,
  "gcor": 0.0684979,
  "gsr_x": -0.016365334391593933,
  "gsr_y": 0.020627068355679512,
  "provenance": {
    "md5sum": "e7fe2a661746b99a4937854e8ddd3fca",
    "settings": {
      "fd_thres": 0.2,
      "testing": false
    },
    "software": "mriqc",
    "version": "22.0.6",
    "webapi_port": null,
    "webapi_url": "https://mriqc.nimh.nih.gov/api/v1"
  },
  "size_t": 135,
  "size_x": 80,
  "size_y": 80,
  "size_z": 36,
  "snr": 6.211302859645718,
  "spacing_tr": 2.0,
  "spacing_x": 3.0,
  "spacing_y": 3.0,
  "spacing_z": 3.3002500534057617,
  "summary_bg_k": 40.66029593923461,
  "summary_bg_mad": 263.81027774980225,
  "summary_bg_mean": 1496.4847412109375,
  "summary_bg_median": 230.86590576171875,
  "summary_bg_n": 152011.0,
  "summary_bg_p05": 20.6983060836792,
  "summary_bg_p95": 7240.478759765625,
  "summary_bg_stdv": 3971.33935546875,
  "summary_fg_k": 2.367519274346426,
  "summary_fg_mad": 10087.787654329764,
  "summary_fg_mean": 73326.6875,
  "summary_fg_median": 72176.3203125,
  "summary_fg_n": 37717.0,
  "summary_fg_p05": 57061.7375,
  "summary_fg_p95": 93234.1484375,
  "summary_fg_stdv": 11620.00390625,
  "tsnr": 59.871437072753906
}