{
  "aor": 0.0017473333333333336,
  "aqi": 0.010970883458333334,
  "bids_meta": {
    "AcquisitionNumber": 10,
    "BidsifyVersion": "0.3.7",
    "ConversionSoftware": "dcm2niix",
    "ConversionSoftwareVersion": "v1.0.20190902",
    "EchoTime": 0.02763,
    "EffectiveEchoSpacing": 0.0006621159151938905,
    "ImageComments": "------",
    "ImageOrientationPatientDICOM": [
      0.999629,
      0.0271739,
      -0.00168314,
      -0.0272238,
      0.998428,
      -0.0489964
    ],
    "InstitutionName": "Spinoza Centre for Neuroimaging, location REC",
    "MagneticFieldStrength": 3,
    "Manufacturer": "Philips",
    "ParallelAcquisitionTechnique": "SENSE",
    "PatientPosition": "HFS",
    "PhaseEncodingDirection": "j",
    "PhilipsRescaleIntercept": 0,
    "PhilipsRescaleSlope": 0.75629,
    "PhilipsScaleSlope": 0.0204681,
    "ProtocolName": "task-rest_acq-sequential_bold",
    "ReconMatrixPE": 80,
    "RepetitionTime": 2,
    "SeriesDescription": "ImageMRSERIES",
    "SeriesNumber": 10,
    "TaskName": "restingstate",
    "TotalReadoutTime": 0.025822520692561732,
    "UsePhilipsFloatNotDisplayScaling": 1,
    "acq_id": "seq",
    "dataset": "ds003495",
    "modality": "bold",
    "session_id": "post",
    "subject_id": "15",
    "task_id": "restingstate"
  },
  "dummy_trs": 0,
  "dvars_nstd": 21.989922323974877,
  "dvars_std": 1.1199456838912125,
  "dvars_vstd": 0.9834156687447702,
  "efc": 0.4401264402298771,
  "fber": 86132.2890625,
  "fd_mean": 0.2615281171429962,
  "fd_num": 141,
  "fd_perc": 58.75,
  "fwhm_avg": 2.024927149393514,
  "fwhm_x": 1.9787966666666668,
  "fwhm_y": 2.2115033333333334,
  "fwhm_z": 1.8844814481805419,
  "gcor": 0.0994679,
  "gsr_x": -0.016198070719838142,
  "gsr_y": 0.021373696625232697,
  "provenance": {
    "md5sum": "f93aa0b801060421fa6de29281001add",
    "settings": {
      "fd_thres": 0.2,
      "testing": false
    },
    "software": "mriqc",
    "version": "22.0.6",
    "webapi_port": null,
    "webapi_url": "https://mriqc.nimh.nih.gov/api/v1"
  },
  "size_t": 240,
  "size_x": 80,
  "size_y": 80,
  "size_z": 36,
  "snr": 6.244204986694974,
  "spacing_tr": 2.0,
  "spacing_x": 3.0,
  "spacing_y": 3.0,
  "spacing_z": 3.3002500534057617,
  "summary_bg_k": 41.910349369123026,
  "summary_bg_mad": 270.08811778983994,
  "summary_bg_mean": 1491.5755615234375,
  "summary_bg_median": 235.99261474609375,
  "summary_bg_n": 151852.0,
  "summary_bg_p05": 21.332078552246095,
  "summary_bg_p95": 7136.3319335937185,
  "summary_bg_stdv": 3968.08837890625,
  "summary_fg_k": 2.2825705267629486,
  "summary_fg_mad": 9789.529786153833,
  "summary_fg_mean": 71995.390625,
  "summary_fg_median": 70885.609375,
  "summary_fg_n": 37825.0,
  "summary_fg_p05": 55928.909375,
  "summary_fg_p95": 91408.35468749999,
  "summary_fg_stdv": 11352.0732421875,
  "tsnr": 56.588985443115234
}