{
  "aor": 0.0006884301412872841,
  "aqi": 0.014032686310832024,
  "bids_meta": {
    "AcquisitionNumber": 3,
    "BidsifyVersion": "0.3.7",
    "ConversionSoftware": "dcm2niix",
    "ConversionSoftwareVersion": "v1.0.20190902",
    "EchoTime": 0.02763,
    "EffectiveEchoSpacing": 0.0006333282667071997,
    "ImageComments": "upgrade_2017",
    "ImageOrientationPatientDICOM": [
      0.999519,
      0.021034,
      0.0227726,
      -0.0209369,
      0.999771,
      -0.00449214
    ],
    "InstitutionName": "Spinoza Centre for Neuroimaging, location REC",
    "MagneticFieldStrength": 3,
    "Manufacturer": "Philips",
    "ParallelAcquisitionTechnique": "SENSE",
    "PatientPosition": "HFS",
    "PhaseEncodingDirection": "j",
    "PhilipsRescaleIntercept": 0,
    "PhilipsRescaleSlope": 0.84005,
    "PhilipsScaleSlope": 0.0380421,
    "ProtocolName": "task-rest_acq-multiband_bold",
    "ReconMatrixPE": 80,
    "RepetitionTime": 0.763994,
    "SeriesDescription": "ImageMRSERIES",
    "SeriesNumber": 3,
    "TaskName": "restingstate",
    "TotalReadoutTime": 0.024699802401580786,
    "UsePhilipsFloatNotDisplayScaling": 1,
    "acq_id": "mb3",
    "dataset": "ds003495",
    "modality": "bold",
    "session_id": "post",
    "subject_id": "09",
    "task_id": "restingstate"
  },
  "dummy_trs": 0,
  "dvars_nstd": 24.691316607688655,
  "dvars_std": 1.2036365083962286,
  "dvars_vstd": 1.0074689847798737,
  "efc": 0.4777886640394192,
  "fber": 906749.625,
  "fd_mean": 0.1586132415419263,
  "fd_num": 164,
  "fd_perc": 25.74568288854003,
  "fwhm_avg": 1.8971272807054576,
  "fwhm_x": 1.9025699999999999,
  "fwhm_y": 2.1323966666666667,
  "fwhm_z": 1.6564151754497063,
  "gcor": 0.0545741,
  "gsr_x": 0.00013792311074212193,
  "gsr_y": 0.0145835280418396,
  "provenance": {
    "md5sum": "fe1cd83f495dbd5c0c65ca9ee9a1eea6",
    "settings": {
      "fd_thres": 0.2,
      "testing": false
    },
    "software": "mriqc",
    "version": "22.0.6",
    "webapi_port": null,
    "webapi_url": "https://mriqc.nimh.nih.gov/api/v1"
  },
  "size_t": 637,
  "size_x": 80,
  "size_y": 80,
  "size_z": 36,
  "snr": 9.079452796885965,
  "spacing_tr": 0.7639937400817871,
  "spacing_x": 3.0,
  "spacing_y": 3.0,
  "spacing_z": 3.299999952316284,
  "summary_bg_k": 18.084540589551207,
  "summary_bg_mad": 70.68291570351624,
  "summary_bg_mean": 1644.17236328125,
  "summary_bg_median": 47.96156311035156,
  "summary_bg_n": 147786.0,
  "summary_bg_p05": 0.1666419841349125,
  "summary_bg_p95": 10384.461181640625,
  "summary_bg_stdv": 4071.0830078125,
  "summary_fg_k": 8.248426686673472,
  "summary_fg_mad": 4279.160653161794,
  "summary_fg_mean": 48211.7421875,
  "summary_fg_median": 48729.61328125,
  "summary_fg_n": 40745.0,
  "summary_fg_p05": 39963.89296875,
  "summary_fg_p95": 55300.264843749996,
  "summary_fg_stdv": 5366.955078125,
  "tsnr": 66.95735168457031
}