{
  "aor": 0.0020317083333333333,
  "aqi": 0.007275249624999999,
  "bids_meta": {
    "AcquisitionNumber": 10,
    "BidsifyVersion": "0.3.7",
    "ConversionSoftware": "dcm2niix",
    "ConversionSoftwareVersion": "v1.0.20190902",
    "EchoTime": 0.02763,
    "EffectiveEchoSpacing": 0.0006621159151938905,
    "ImageComments": "upgrade_2017",
    "ImageOrientationPatientDICOM": [
      0.999519,
      0.021034,
      0.0227726,
      -0.0209369,
      0.999771,
      -0.00449214
    ],
    "InstitutionName": "Spinoza Centre for Neuroimaging, location REC",
    "MagneticFieldStrength": 3,
    "Manufacturer": "Philips",
    "ParallelAcquisitionTechnique": "SENSE",
    "PatientPosition": "HFS",
    "PhaseEncodingDirection": "j",
    "PhilipsRescaleIntercept": 0,
    "PhilipsRescaleSlope": 0.76166,
    "PhilipsScaleSlope": 0.0225332,
    "ProtocolName": "task-rest_acq-sequential_bold",
    "ReconMatrixPE": 80,
    "RepetitionTime": 2,
    "SeriesDescription": "ImageMRSERIES",
    "SeriesNumber": 10,
    "TaskName": "restingstate",
    "TotalReadoutTime": 0.025822520692561732,
    "UsePhilipsFloatNotDisplayScaling": 1,
    "acq_id": "seq",
    "dataset": "ds003495",
    "modality": "bold",
    "session_id": "post",
    "subject_id": "09",
    "task_id": "restingstate"
  },
  "dummy_trs": 0,
  "dvars_nstd": 21.03611578163181,
  "dvars_std": 1.2431492902092058,
  "dvars_vstd": 1.0205035034728038,
  "efc": 0.4820405449774275,
  "fber": 100626.90625,
  "fd_mean": 0.09491769805461243,
  "fd_num": 4,
  "fd_perc": 1.6666666666666667,
  "fwhm_avg": 1.7710535429557677,
  "fwhm_x": 1.7807366666666666,
  "fwhm_y": 1.9540633333333333,
  "fwhm_z": 1.5783606288673029,
  "gcor": 0.0186253,
  "gsr_x": -0.0002584076428320259,
  "gsr_y": 0.01365594007074833,
  "provenance": {
    "md5sum": "d9fdd260b2ae952265597509ad56805d",
    "settings": {
      "fd_thres": 0.2,
      "testing": false
    },
    "software": "mriqc",
    "version": "22.0.6",
    "webapi_port": null,
    "webapi_url": "https://mriqc.nimh.nih.gov/api/v1"
  },
  "size_t": 240,
  "size_x": 80,
  "size_y": 80,
  "size_z": 36,
  "snr": 6.670067315141731,
  "spacing_tr": 2.0,
  "spacing_x": 3.0,
  "spacing_y": 3.0,
  "spacing_z": 3.299999952316284,
  "summary_bg_k": 24.040109851625285,
  "summary_bg_mad": 248.69299942671293,
  "summary_bg_mean": 2338.456787109375,
  "summary_bg_median": 200.08929443359375,
  "summary_bg_n": 146956.0,
  "summary_bg_p05": 10.174673318862915,
  "summary_bg_p95": 14780.169189453125,
  "summary_bg_stdv": 5743.52001953125,
  "summary_fg_k": 3.508110396890533,
  "summary_fg_mad": 8430.710374356158,
  "summary_fg_mean": 64976.49609375,
  "summary_fg_median": 64463.4765625,
  "summary_fg_n": 41652.0,
  "summary_fg_p05": 51497.0880859375,
  "summary_fg_p95": 79939.58359374998,
  "summary_fg_stdv": 9664.4755859375,
  "tsnr": 77.87319946289062
}