{
  "aor": 0.0022332916666666664,
  "aqi": 0.005828858,
  "bids_meta": {
    "AcquisitionNumber": 3,
    "BidsifyVersion": "0.3.7",
    "ConversionSoftware": "dcm2niix",
    "ConversionSoftwareVersion": "v1.0.20190902",
    "EchoTime": 0.02763,
    "EffectiveEchoSpacing": 0.0006621159151938905,
    "ImageComments": "Upgrade_2017",
    "ImageOrientationPatientDICOM": [
      0.998969,
      0.04448,
      0.00910802,
      -0.0450135,
      0.996486,
      0.0706368
    ],
    "InstitutionName": "Spinoza Centre for Neuroimaging, location REC",
    "MagneticFieldStrength": 3,
    "Manufacturer": "Philips",
    "ParallelAcquisitionTechnique": "SENSE",
    "PatientPosition": "HFS",
    "PhaseEncodingDirection": "j",
    "PhilipsRescaleIntercept": 0,
    "PhilipsRescaleSlope": 0.79878,
    "PhilipsScaleSlope": 0.0205544,
    "ProtocolName": "task-rest_acq-sequential_bold",
    "ReconMatrixPE": 80,
    "RepetitionTime": 2,
    "SeriesDescription": "ImageMRSERIES",
    "SeriesNumber": 3,
    "TaskName": "restingstate",
    "TotalReadoutTime": 0.025822520692561732,
    "UsePhilipsFloatNotDisplayScaling": 1,
    "acq_id": "seq",
    "dataset": "ds003495",
    "modality": "bold",
    "session_id": "post",
    "subject_id": "23",
    "task_id": "restingstate"
  },
  "dummy_trs": 0,
  "dvars_nstd": 18.615233565020915,
  "dvars_std": 1.12380131874477,
  "dvars_vstd": 0.9818364054393297,
  "efc": 0.4132798201282042,
  "fber": 127132.5078125,
  "fd_mean": 0.1831437970921916,
  "fd_num": 81,
  "fd_perc": 33.75,
  "fwhm_avg": 2.1490418278202488,
  "fwhm_x": 2.1000133333333335,
  "fwhm_y": 2.346,
  "fwhm_z": 2.001112150127413,
  "gcor": 0.0207827,
  "gsr_x": -0.014648797921836376,
  "gsr_y": 0.013426980003714561,
  "provenance": {
    "md5sum": "e865b06d225d84301420a37eb7c71ec6",
    "settings": {
      "fd_thres": 0.2,
      "testing": false
    },
    "software": "mriqc",
    "version": "22.0.6",
    "webapi_port": null,
    "webapi_url": "https://mriqc.nimh.nih.gov/api/v1"
  },
  "size_t": 240,
  "size_x": 80,
  "size_y": 80,
  "size_z": 36,
  "snr": 5.533807952634367,
  "spacing_tr": 2.0,
  "spacing_x": 3.0,
  "spacing_y": 3.0,
  "spacing_z": 3.299999952316284,
  "summary_bg_k": 54.00967267911978,
  "summary_bg_mad": 203.89610530019547,
  "summary_bg_mean": 1205.9530029296875,
  "summary_bg_median": 178.99609375,
  "summary_bg_n": 156725.0,
  "summary_bg_p05": 12.328752326965338,
  "summary_bg_p95": 5558.949414062494,
  "summary_bg_stdv": 3672.58544921875,
  "summary_fg_k": 0.8843636727837199,
  "summary_fg_mad": 11522.827877837408,
  "summary_fg_mean": 68372.84375,
  "summary_fg_median": 67200.3203125,
  "summary_fg_n": 33634.0,
  "summary_fg_p05": 50484.748046875,
  "summary_fg_p95": 89584.66093749998,
  "summary_fg_stdv": 12143.4140625,
  "tsnr": 77.56759643554688
}