{
  "aor": 0.004048518518518518,
  "aqi": 0.006851377851851851,
  "bids_meta": {
    "AcquisitionNumber": 8,
    "BidsifyVersion": "0.3.7",
    "ConversionSoftware": "dcm2niix",
    "ConversionSoftwareVersion": "v1.0.20190902",
    "EchoTime": 0.02763,
    "EffectiveEchoSpacing": 0.0006621159151938905,
    "ImageComments": "Upgrade_2017",
    "ImageOrientationPatientDICOM": [
      0.998206,
      0.0462715,
      0.0379867,
      -0.0441063,
      0.997457,
      -0.0559845
    ],
    "InstitutionName": "Spinoza Centre for Neuroimaging, location REC",
    "MagneticFieldStrength": 3,
    "Manufacturer": "Philips",
    "ParallelAcquisitionTechnique": "SENSE",
    "PatientPosition": "HFS",
    "PhaseEncodingDirection": "j",
    "PhilipsRescaleIntercept": 0,
    "PhilipsRescaleSlope": 0.77338,
    "PhilipsScaleSlope": 0.0217481,
    "ProtocolName": "task-harriri_acq-sequential_bold",
    "ReconMatrixPE": 80,
    "RepetitionTime": 2,
    "SeriesDescription": "ImageMRSERIES",
    "SeriesNumber": 8,
    "TaskName": "emomatching",
    "TotalReadoutTime": 0.025822520692561732,
    "UsePhilipsFloatNotDisplayScaling": 1,
    "acq_id": "seq",
    "dataset": "ds003495",
    "modality": "bold",
    "session_id": "post",
    "subject_id": "20",
    "task_id": "emomatching"
  },
  "dummy_trs": 0,
  "dvars_nstd": 21.13071519910449,
  "dvars_std": 1.1530921207462679,
  "dvars_vstd": 1.0080567117164179,
  "efc": 0.45533653301184623,
  "fber": 58629.35546875,
  "fd_mean": 0.1389220249757971,
  "fd_num": 15,
  "fd_perc": 11.11111111111111,
  "fwhm_avg": 1.9972350286535858,
  "fwhm_x": 1.9589233333333331,
  "fwhm_y": 2.1993566666666666,
  "fwhm_z": 1.833425085960758,
  "gcor": 0.0278582,
  "gsr_x": -0.011771575547754765,
  "gsr_y": 0.019954033195972443,
  "provenance": {
    "md5sum": "b715491f857c42f86c58c27160660c59",
    "settings": {
      "fd_thres": 0.2,
      "testing": false
    },
    "software": "mriqc",
    "version": "22.0.6",
    "webapi_port": null,
    "webapi_url": "https://mriqc.nimh.nih.gov/api/v1"
  },
  "size_t": 135,
  "size_x": 80,
  "size_y": 80,
  "size_z": 36,
  "snr": 6.017596297426745,
  "spacing_tr": 2.0,
  "spacing_x": 3.0,
  "spacing_y": 3.0,
  "spacing_z": 3.300123929977417,
  "summary_bg_k": 64.03466655681842,
  "summary_bg_mad": 301.8411082064778,
  "summary_bg_mean": 1900.7255859375,
  "summary_bg_median": 264.8385009765625,
  "summary_bg_n": 150490.0,
  "summary_bg_p05": 24.10153036117554,
  "summary_bg_p95": 10373.970849609366,
  "summary_bg_stdv": 5189.4892578125,
  "summary_fg_k": 1.5515334899149114,
  "summary_fg_mad": 10165.062503554453,
  "summary_fg_mean": 66641.3203125,
  "summary_fg_median": 65951.0,
  "summary_fg_n": 38628.0,
  "summary_fg_p05": 50230.8125,
  "summary_fg_p95": 84766.74726562502,
  "summary_fg_stdv": 10959.5498046875,
  "tsnr": 68.11686706542969
}