{
  "bids_meta": {
    "AcquisitionNumber": 2,
    "BidsifyVersion": "0.3.7",
    "ConversionSoftware": "dcm2niix",
    "ConversionSoftwareVersion": "v1.0.20190902",
    "EchoTime": 0.00373,
    "ImageComments": "Upgrade_2017",
    "ImageOrientationPatientDICOM": [
      0.998179,
      0.04714,
      0.0376226,
      -0.0463746,
      0.998704,
      -0.0209661
    ],
    "InstitutionName": "Spinoza Centre for Neuroimaging, location REC",
    "InversionTime": 0.9,
    "MagneticFieldStrength": 3,
    "Manufacturer": "Philips",
    "ParallelAcquisitionTechnique": "SENSE",
    "PatientPosition": "HFS",
    "PhilipsRescaleIntercept": 0,
    "PhilipsRescaleSlope": 4.5619,
    "PhilipsScaleSlope": 0.00496364,
    "ProtocolName": "T1w",
    "ReconMatrixPE": 240,
    "RepetitionTime": 0.008144,
    "SeriesDescription": "ImageMRSERIES",
    "SeriesNumber": 2,
    "UsePhilipsFloatNotDisplayScaling": 1,
    "dataset": "ds003495",
    "modality": "T1w",
    "session_id": "post",
    "subject_id": "20"
  },
  "cjv": 0.2808533265583444,
  "cnr": 4.596932418256765,
  "efc": 0.6930712240416278,
  "fber": -1.0,
  "fwhm_avg": 4.0901266666666665,
  "fwhm_x": 4.03155,
  "fwhm_y": 4.23905,
  "fwhm_z": 3.99978,
  "icvs_csf": 0.2271899457335977,
  "icvs_gm": 0.43553717371633893,
  "icvs_wm": 0.3372728805500634,
  "inu_med": 0.5540671944618225,
  "inu_range": 0.17741441130638125,
  "provenance": {
    "md5sum": "7efb888aab530142f8cc40820083f9cf",
    "settings": {
      "testing": false
    },
    "software": "mriqc",
    "version": "22.0.6",
    "warnings": {
      "large_rot_frame": true,
      "small_air_mask": false
    },
    "webapi_port": null,
    "webapi_url": "https://mriqc.nimh.nih.gov/api/v1"
  },
  "qi_1": 0.023781295370037456,
  "qi_2": 3.7340011423629795e-05,
  "rpve_csf": 21.892374321392158,
  "rpve_gm": 12.124524696368855,
  "rpve_wm": 18.785795558763397,
  "size_x": 240,
  "size_y": 240,
  "size_z": 220,
  "snr_csf": 1.6040422852074276,
  "snr_gm": 8.1006595750853,
  "snr_total": 11.89996970828298,
  "snr_wm": 25.99520726455621,
  "snrd_csf": 20.827517517243972,
  "snrd_gm": 77.1895523387297,
  "snrd_total": 74.82669453458692,
  "snrd_wm": 126.46301374778709,
  "spacing_x": 1.0,
  "spacing_y": 1.0,
  "spacing_z": 1.0,
  "summary_bg_k": 13.948913020077143,
  "summary_bg_mad": 0.0,
  "summary_bg_mean": 2.1341842901820693,
  "summary_bg_median": 0.0,
  "summary_bg_n": 441061.0,
  "summary_bg_p05": 0.0,
  "summary_bg_p95": 15.128525048494339,
  "summary_bg_stdv": 5.180458725821575,
  "summary_csf_k": 0.9037863060457045,
  "summary_csf_mad": 98.58272600549469,
  "summary_csf_mean": 179.0722879087356,
  "summary_csf_median": 164.69256609678268,
  "summary_csf_n": 35123.0,
  "summary_csf_p05": 41.24787824973465,
  "summary_csf_p95": 376.1069094017148,
  "summary_csf_stdv": 102.67199505101398,
  "summary_gm_k": 0.22463758750820606,
  "summary_gm_mad": 73.16476838078097,
  "summary_gm_mean": 611.1972560806212,
  "summary_gm_median": 610.3725727275014,
  "summary_gm_n": 47336.0,
  "summary_gm_p05": 488.16104085184634,
  "summary_gm_p95": 735.7717391848564,
  "summary_gm_stdv": 75.34770715909866,
  "summary_wm_k": 0.6948061975747133,
  "summary_wm_mad": 36.26340057422829,
  "summary_wm_mean": 999.6198560683563,
  "summary_wm_median": 1000.0000352039933,
  "summary_wm_n": 223382.0,
  "summary_wm_p05": 935.7728786002845,
  "summary_wm_p95": 1061.17091268301,
  "summary_wm_stdv": 38.46854486313957,
  "tpm_overlap_csf": 0.16943444053791537,
  "tpm_overlap_gm": 0.4853102860367913,
  "tpm_overlap_wm": 0.5295653611857349,
  "wm2max": 0.8288438640803869
}