{
  "bids_meta": {
    "AcquisitionNumber": 2,
    "BidsifyVersion": "0.3.7",
    "ConversionSoftware": "dcm2niix",
    "ConversionSoftwareVersion": "v1.0.20190902",
    "EchoTime": 0.00377,
    "ImageComments": "Upgrade2017",
    "ImageOrientationPatientDICOM": [
      0.999691,
      0.0149359,
      0.0198881,
      -0.0125631,
      0.993344,
      -0.114503
    ],
    "InstitutionName": "Spinoza Centre for Neuroimaging, location REC",
    "MagneticFieldStrength": 3,
    "Manufacturer": "Philips",
    "ParallelAcquisitionTechnique": "SENSE",
    "PatientPosition": "HFS",
    "PhilipsRescaleIntercept": 0,
    "PhilipsRescaleSlope": 11.5976,
    "PhilipsScaleSlope": 0.00531056,
    "ProtocolName": "WIPT1wSENSE",
    "ReconMatrixPE": 240,
    "RepetitionTime": 0.008227,
    "SeriesDescription": "ImageMRSERIES",
    "SeriesNumber": 2,
    "UsePhilipsFloatNotDisplayScaling": 1,
    "dataset": "ds003495",
    "modality": "T1w",
    "session_id": "pre",
    "subject_id": "03"
  },
  "cjv": 0.33343334038731337,
  "cnr": 3.913299854310585,
  "efc": 0.7451320958485147,
  "fber": 1918.0376828901547,
  "fwhm_avg": 3.578430070693696,
  "fwhm_x": 3.558130212081087,
  "fwhm_y": 3.75206,
  "fwhm_z": 3.4251,
  "icvs_csf": 0.229902785720561,
  "icvs_gm": 0.44363193743909546,
  "icvs_wm": 0.32646527684034354,
  "inu_med": 0.6957326829433441,
  "inu_range": 0.22944823801517478,
  "provenance": {
    "md5sum": "5a7e87740d499f969efe30513eadb0ee",
    "settings": {
      "testing": false
    },
    "software": "mriqc",
    "version": "22.0.6",
    "warnings": {
      "large_rot_frame": true,
      "small_air_mask": true
    },
    "webapi_port": null,
    "webapi_url": "https://mriqc.nimh.nih.gov/api/v1"
  },
  "qi_1": 0.0,
  "qi_2": 0.00019329407981129296,
  "rpve_csf": 26.593783874587167,
  "rpve_gm": 14.42282854114828,
  "rpve_wm": 22.997349289890632,
  "size_x": 240,
  "size_y": 240,
  "size_z": 220,
  "snr_csf": 1.519579410497447,
  "snr_gm": 6.511335511004278,
  "snr_total": 8.662744926905539,
  "snr_wm": 17.957319859214895,
  "snrd_csf": 9.00785818743216,
  "snrd_gm": 30.087245369112587,
  "snrd_total": 30.206969564720566,
  "snrd_wm": 51.525805137616956,
  "spacing_x": 0.9999999403953552,
  "spacing_y": 1.0,
  "spacing_z": 1.0,
  "summary_bg_k": 381.83192550732826,
  "summary_bg_mad": 0.0,
  "summary_bg_mean": 3.84463741342468,
  "summary_bg_median": 0.0,
  "summary_bg_n": 71786.0,
  "summary_bg_p05": 0.0,
  "summary_bg_p95": 17.172929853200912,
  "summary_bg_stdv": 12.7147243922217,
  "summary_csf_k": 1.1089384541331038,
  "summary_csf_mad": 118.11470885215954,
  "summary_csf_mean": 191.24317016322104,
  "summary_csf_median": 174.8222724571824,
  "summary_csf_n": 14536.0,
  "summary_csf_p05": 36.0827723024413,
  "summary_csf_p95": 394.77542004268616,
  "summary_csf_stdv": 115.04252934842465,
  "summary_gm_k": 0.10560477014447311,
  "summary_gm_mad": 87.60644782312862,
  "summary_gm_mean": 584.7197992304924,
  "summary_gm_median": 583.925778798759,
  "summary_gm_n": 22762.0,
  "summary_gm_p05": 436.2951327038929,
  "summary_gm_p95": 732.7786112319678,
  "summary_gm_stdv": 89.67637298112203,
  "summary_wm_k": 0.8044726524695003,
  "summary_wm_mad": 51.12657540927896,
  "summary_wm_mean": 998.0016978247507,
  "summary_wm_median": 1000.0000174194574,
  "summary_wm_n": 159196.0,
  "summary_wm_p05": 903.725433524698,
  "summary_wm_p95": 1085.6107658408582,
  "summary_wm_stdv": 55.687423539369945,
  "tpm_overlap_csf": 0.14544199287804208,
  "tpm_overlap_gm": 0.4643731184227812,
  "tpm_overlap_wm": 0.5022144871317384,
  "wm2max": 0.7121090031713995
}