{
  "bids_meta": {
    "AcquisitionNumber": 2,
    "BidsifyVersion": "0.3.7",
    "ConversionSoftware": "dcm2niix",
    "ConversionSoftwareVersion": "v1.0.20190902",
    "EchoTime": 0.00377,
    "ImageComments": "Upgrade2017",
    "ImageOrientationPatientDICOM": [
      0.998878,
      -0.0427983,
      -0.0202972,
      0.0409922,
      0.995763,
      -0.0823181
    ],
    "InstitutionName": "Spinoza Centre for Neuroimaging, location REC",
    "MagneticFieldStrength": 3,
    "Manufacturer": "Philips",
    "ParallelAcquisitionTechnique": "SENSE",
    "PatientPosition": "HFS",
    "PhilipsRescaleIntercept": 0,
    "PhilipsRescaleSlope": 11.8708,
    "PhilipsScaleSlope": 0.00517763,
    "ProtocolName": "WIPT1wSENSE",
    "ReconMatrixPE": 240,
    "RepetitionTime": 0.008211,
    "SeriesDescription": "ImageMRSERIES",
    "SeriesNumber": 2,
    "UsePhilipsFloatNotDisplayScaling": 1,
    "dataset": "ds003495",
    "modality": "T1w",
    "session_id": "pre",
    "subject_id": "21"
  },
  "cjv": 0.3408943174587912,
  "cnr": 3.9083702432999043,
  "efc": 0.737248065762126,
  "fber": -1.0,
  "fwhm_avg": 3.817966666666667,
  "fwhm_x": 3.78144,
  "fwhm_y": 4.01827,
  "fwhm_z": 3.65419,
  "icvs_csf": 0.2502402078726164,
  "icvs_gm": 0.4187489964966165,
  "icvs_wm": 0.33101079563076713,
  "inu_med": 0.72884601354599,
  "inu_range": 0.2598096489906311,
  "provenance": {
    "md5sum": "5cf31e4885f45928eb4c39d3aa7ab31f",
    "settings": {
      "testing": false
    },
    "software": "mriqc",
    "version": "22.0.6",
    "warnings": {
      "large_rot_frame": true,
      "small_air_mask": true
    },
    "webapi_port": null,
    "webapi_url": "https://mriqc.nimh.nih.gov/api/v1"
  },
  "qi_1": 0.0,
  "qi_2": 9.294856445030393e-05,
  "rpve_csf": 22.491220477862086,
  "rpve_gm": 13.204692812942195,
  "rpve_wm": 20.014307001629913,
  "size_x": 240,
  "size_y": 240,
  "size_z": 220,
  "snr_csf": 1.4008851823234971,
  "snr_gm": 6.269881307587868,
  "snr_total": 8.621886521949548,
  "snr_wm": 18.19489307593728,
  "snrd_csf": 11.292602002648367,
  "snrd_gm": 49.72152990841337,
  "snrd_total": 48.964836551488055,
  "snrd_wm": 85.88037774340243,
  "spacing_x": 1.0,
  "spacing_y": 1.0,
  "spacing_z": 1.0,
  "summary_bg_k": 5596.596442260794,
  "summary_bg_mad": 0.0,
  "summary_bg_mean": 2.045506485830069,
  "summary_bg_median": 0.0,
  "summary_bg_n": 133877.0,
  "summary_bg_p05": 0.0,
  "summary_bg_p95": 15.061149274930358,
  "summary_bg_stdv": 7.628298767521146,
  "summary_csf_k": 1.2836162764605907,
  "summary_csf_mad": 82.98801280085202,
  "summary_csf_mean": 149.6547193692945,
  "summary_csf_median": 131.48917071148753,
  "summary_csf_n": 24934.0,
  "summary_csf_p05": 28.234433382656427,
  "summary_csf_p95": 330.67345003997895,
  "summary_csf_stdv": 93.85960791058389,
  "summary_gm_k": 0.025309914270933653,
  "summary_gm_mad": 92.19169995849211,
  "summary_gm_mean": 579.0700479573484,
  "summary_gm_median": 578.9491857262328,
  "summary_gm_n": 19642.0,
  "summary_gm_p05": 426.5194479142316,
  "summary_gm_p95": 731.450864312891,
  "summary_gm_stdv": 92.33579068021004,
  "summary_wm_k": 0.6763335613077786,
  "summary_wm_mad": 51.33421023999635,
  "summary_wm_mean": 998.3389418490855,
  "summary_wm_median": 999.9767677299678,
  "summary_wm_n": 194132.0,
  "summary_wm_p05": 905.8503864370286,
  "summary_wm_p95": 1084.8436751235276,
  "summary_wm_stdv": 54.95905845920095,
  "tpm_overlap_csf": 0.15499147844457514,
  "tpm_overlap_gm": 0.47146179638517083,
  "tpm_overlap_wm": 0.5198611671678611,
  "wm2max": 0.7130800291255709
}