{
  "aor": 0.0005019166666666667,
  "aqi": 0.0033243216666666666,
  "bids_meta": {
    "AcquisitionNumber": 3,
    "BidsifyVersion": "0.3.7",
    "ConversionSoftware": "dcm2niix",
    "ConversionSoftwareVersion": "v1.0.20190902",
    "EchoTime": 0.02763,
    "EffectiveEchoSpacing": 0.0006621159151938905,
    "ImageComments": "Upgrade2017",
    "ImageOrientationPatientDICOM": [
      0.999557,
      0.0200693,
      0.0219834,
      -0.012038,
      0.947984,
      -0.318089
    ],
    "InstitutionName": "Spinoza Centre for Neuroimaging, location REC",
    "MagneticFieldStrength": 3,
    "Manufacturer": "Philips",
    "ParallelAcquisitionTechnique": "SENSE",
    "PatientPosition": "HFS",
    "PhaseEncodingDirection": "j",
    "PhilipsRescaleIntercept": 0,
    "PhilipsRescaleSlope": 0.76703,
    "PhilipsScaleSlope": 0.0603196,
    "ProtocolName": "WIPtask-rest_acq-sequential_boldSENSE",
    "ReconMatrixPE": 80,
    "RepetitionTime": 2,
    "SeriesDescription": "ImageMRSERIES",
    "SeriesNumber": 3,
    "TaskName": "restingstate",
    "TotalReadoutTime": 0.025822520692561732,
    "UsePhilipsFloatNotDisplayScaling": 1,
    "acq_id": "seq",
    "dataset": "ds003495",
    "modality": "bold",
    "session_id": "pre",
    "subject_id": "03",
    "task_id": "restingstate"
  },
  "dummy_trs": 0,
  "dvars_nstd": 22.091755635481185,
  "dvars_std": 1.212952017824267,
  "dvars_vstd": 0.9889074184937245,
  "efc": 0.4051769016295153,
  "fber": 165716.453125,
  "fd_mean": 0.17227854113834834,
  "fd_num": 73,
  "fd_perc": 30.416666666666668,
  "fwhm_avg": 1.749603745480232,
  "fwhm_x": 1.6928,
  "fwhm_y": 1.8729566666666668,
  "fwhm_z": 1.683054569774029,
  "gcor": 0.0200298,
  "gsr_x": -0.021693410351872444,
  "gsr_y": 0.015426634810864925,
  "provenance": {
    "md5sum": "f32a993e466cec86687aaa3ff3cf4682",
    "settings": {
      "fd_thres": 0.2,
      "testing": false
    },
    "software": "mriqc",
    "version": "22.0.6",
    "webapi_port": null,
    "webapi_url": "https://mriqc.nimh.nih.gov/api/v1"
  },
  "size_t": 240,
  "size_x": 80,
  "size_y": 80,
  "size_z": 36,
  "snr": 5.736513699234849,
  "spacing_tr": 2.0,
  "spacing_x": 3.0,
  "spacing_y": 3.0,
  "spacing_z": 3.299999952316284,
  "summary_bg_k": 86.73319425913246,
  "summary_bg_mad": 57.1662181818495,
  "summary_bg_mean": 527.2182006835938,
  "summary_bg_median": 60.09450912475586,
  "summary_bg_n": 159338.0,
  "summary_bg_p05": 6.252210307121278,
  "summary_bg_p95": 2758.193127441406,
  "summary_bg_stdv": 1644.9840087890625,
  "summary_fg_k": 0.8763139314872346,
  "summary_fg_mad": 4339.2103865724575,
  "summary_fg_mean": 25547.1640625,
  "summary_fg_median": 25218.060546875,
  "summary_fg_n": 30490.0,
  "summary_fg_p05": 19076.6734375,
  "summary_fg_p95": 32980.14921875,
  "summary_fg_stdv": 4395.98828125,
  "tsnr": 84.51654052734375
}