{
  "aor": 0.0010005185185185186,
  "aqi": 0.0034041413333333334,
  "bids_meta": {
    "AcquisitionNumber": 8,
    "BidsifyVersion": "0.3.7",
    "ConversionSoftware": "dcm2niix",
    "ConversionSoftwareVersion": "v1.0.20190902",
    "EchoTime": 0.02763,
    "EffectiveEchoSpacing": 0.0006621159151938905,
    "ImageComments": "Upgrade2017",
    "ImageOrientationPatientDICOM": [
      0.999557,
      0.0200693,
      0.0219834,
      -0.012038,
      0.947984,
      -0.318089
    ],
    "InstitutionName": "Spinoza Centre for Neuroimaging, location REC",
    "MagneticFieldStrength": 3,
    "Manufacturer": "Philips",
    "ParallelAcquisitionTechnique": "SENSE",
    "PatientPosition": "HFS",
    "PhaseEncodingDirection": "j",
    "PhilipsRescaleIntercept": 0,
    "PhilipsRescaleSlope": 0.75775,
    "PhilipsScaleSlope": 0.0629283,
    "ProtocolName": "WIPtask-harriri_acq-sequential_boldSENSE",
    "ReconMatrixPE": 80,
    "RepetitionTime": 2,
    "SeriesDescription": "ImageMRSERIES",
    "SeriesNumber": 8,
    "TaskName": "emomatching",
    "TotalReadoutTime": 0.025822520692561732,
    "UsePhilipsFloatNotDisplayScaling": 1,
    "acq_id": "seq",
    "dataset": "ds003495",
    "modality": "bold",
    "session_id": "pre",
    "subject_id": "03",
    "task_id": "emomatching"
  },
  "dummy_trs": 0,
  "dvars_nstd": 20.92254929022388,
  "dvars_std": 1.227232421119403,
  "dvars_vstd": 1.0063842452985075,
  "efc": 0.40628786102593156,
  "fber": 164433.953125,
  "fd_mean": 0.14239476715247731,
  "fd_num": 18,
  "fd_perc": 13.333333333333334,
  "fwhm_avg": 1.7335051595305695,
  "fwhm_x": 1.6725933333333334,
  "fwhm_y": 1.8637766666666666,
  "fwhm_z": 1.664145478591709,
  "gcor": 0.0299286,
  "gsr_x": -0.021596373990178108,
  "gsr_y": 0.015676448121666908,
  "provenance": {
    "md5sum": "6ee7517f6282182a9ded6aa75f7c1aa1",
    "settings": {
      "fd_thres": 0.2,
      "testing": false
    },
    "software": "mriqc",
    "version": "22.0.6",
    "webapi_port": null,
    "webapi_url": "https://mriqc.nimh.nih.gov/api/v1"
  },
  "size_t": 135,
  "size_x": 80,
  "size_y": 80,
  "size_z": 36,
  "snr": 5.830029985714701,
  "spacing_tr": 2.0,
  "spacing_x": 3.0,
  "spacing_y": 3.0,
  "spacing_z": 3.299999952316284,
  "summary_bg_k": 83.70359418170489,
  "summary_bg_mad": 57.29915066626383,
  "summary_bg_mean": 534.6600952148438,
  "summary_bg_median": 59.71851348876953,
  "summary_bg_n": 159361.0,
  "summary_bg_p05": 6.176123142242432,
  "summary_bg_p95": 2798.30126953125,
  "summary_bg_stdv": 1667.1163330078125,
  "summary_fg_k": 0.894555009791195,
  "summary_fg_mad": 4212.679553486871,
  "summary_fg_mean": 25210.6875,
  "summary_fg_median": 24894.6015625,
  "summary_fg_n": 30532.0,
  "summary_fg_p05": 18963.97607421875,
  "summary_fg_p95": 32393.677832031244,
  "summary_fg_stdv": 4269.994140625,
  "tsnr": 85.87612915039062
}