{
  "aor": 0.0037057037037037037,
  "aqi": 0.004768565111111111,
  "bids_meta": {
    "AcquisitionNumber": 8,
    "BidsifyVersion": "0.3.7",
    "ConversionSoftware": "dcm2niix",
    "ConversionSoftwareVersion": "v1.0.20190902",
    "EchoTime": 0.02763,
    "EffectiveEchoSpacing": 0.0006621159151938905,
    "ImageComments": "Upgrade_2017",
    "ImageOrientationPatientDICOM": [
      0.99996,
      0.00209866,
      0.00864835,
      -0.00174526,
      0.999171,
      -0.0406701
    ],
    "InstitutionName": "Spinoza Centre for Neuroimaging, location REC",
    "MagneticFieldStrength": 3,
    "Manufacturer": "Philips",
    "ParallelAcquisitionTechnique": "SENSE",
    "PatientPosition": "HFS",
    "PhaseEncodingDirection": "j",
    "PhilipsRescaleIntercept": 0,
    "PhilipsRescaleSlope": 0.74042,
    "PhilipsScaleSlope": 0.0225743,
    "ProtocolName": "task-harriri_acq-sequential_bold",
    "ReconMatrixPE": 80,
    "RepetitionTime": 2,
    "SeriesDescription": "ImageMRSERIES",
    "SeriesNumber": 8,
    "TaskName": "emomatching",
    "TotalReadoutTime": 0.025822520692561732,
    "UsePhilipsFloatNotDisplayScaling": 1,
    "acq_id": "seq",
    "dataset": "ds003495",
    "modality": "bold",
    "session_id": "post",
    "subject_id": "06",
    "task_id": "emomatching"
  },
  "dummy_trs": 0,
  "dvars_nstd": 18.05996104119403,
  "dvars_std": 1.2119556267910454,
  "dvars_vstd": 1.0317488591044772,
  "efc": 0.42482045150890696,
  "fber": 101542.734375,
  "fd_mean": 0.13563969546448865,
  "fd_num": 10,
  "fd_perc": 7.407407407407407,
  "fwhm_avg": 1.7851950584970429,
  "fwhm_x": 1.73676,
  "fwhm_y": 1.9595433333333334,
  "fwhm_z": 1.659281842157795,
  "gcor": 0.0364954,
  "gsr_x": -0.015509134158492088,
  "gsr_y": 0.017007244750857353,
  "provenance": {
    "md5sum": "bd0850b9603331f0dc575600981403be",
    "settings": {
      "fd_thres": 0.2,
      "testing": false
    },
    "software": "mriqc",
    "version": "22.0.6",
    "webapi_port": null,
    "webapi_url": "https://mriqc.nimh.nih.gov/api/v1"
  },
  "size_t": 135,
  "size_x": 80,
  "size_y": 80,
  "size_z": 36,
  "snr": 6.509174498466751,
  "spacing_tr": 2.0,
  "spacing_x": 3.0,
  "spacing_y": 3.0,
  "spacing_z": 3.299999952316284,
  "summary_bg_k": 131.3644567804937,
  "summary_bg_mad": 241.1768711735827,
  "summary_bg_mean": 1304.0057373046875,
  "summary_bg_median": 205.37945556640625,
  "summary_bg_n": 155174.0,
  "summary_bg_p05": 14.665359783172608,
  "summary_bg_p95": 5947.973828125003,
  "summary_bg_stdv": 4062.27197265625,
  "summary_fg_k": 1.8842418920714854,
  "summary_fg_mad": 9879.899024503682,
  "summary_fg_mean": 67459.4765625,
  "summary_fg_median": 66567.7421875,
  "summary_fg_n": 35239.0,
  "summary_fg_p05": 53301.119140625,
  "summary_fg_p95": 83897.70703124999,
  "summary_fg_stdv": 10226.611328125,
  "tsnr": 88.86589813232422
}