{
  "aor": 0.0011552916666666664,
  "aqi": 0.004491899083333333,
  "bids_meta": {
    "AcquisitionNumber": 10,
    "BidsifyVersion": "0.3.7",
    "ConversionSoftware": "dcm2niix",
    "ConversionSoftwareVersion": "v1.0.20190902",
    "EchoTime": 0.02763,
    "EffectiveEchoSpacing": 0.0006621159151938905,
    "ImageComments": "Upgrade_2017",
    "ImageOrientationPatientDICOM": [
      0.998978,
      0.0451565,
      0.00187993,
      -0.0439657,
      0.98059,
      -0.191076
    ],
    "InstitutionName": "Spinoza Centre for Neuroimaging, location REC",
    "MagneticFieldStrength": 3,
    "Manufacturer": "Philips",
    "ParallelAcquisitionTechnique": "SENSE",
    "PatientPosition": "HFS",
    "PhaseEncodingDirection": "j",
    "PhilipsRescaleIntercept": 0,
    "PhilipsRescaleSlope": 0.81807,
    "PhilipsScaleSlope": 0.0214788,
    "ProtocolName": "task-rest_acq-sequential_bold",
    "ReconMatrixPE": 80,
    "RepetitionTime": 2,
    "SeriesDescription": "ImageMRSERIES",
    "SeriesNumber": 10,
    "TaskName": "restingstate",
    "TotalReadoutTime": 0.025822520692561732,
    "UsePhilipsFloatNotDisplayScaling": 1,
    "acq_id": "seq",
    "dataset": "ds003495",
    "modality": "bold",
    "session_id": "post",
    "subject_id": "07",
    "task_id": "restingstate"
  },
  "dummy_trs": 0,
  "dvars_nstd": 19.14997638732219,
  "dvars_std": 1.1396481284100424,
  "dvars_vstd": 0.9956901669874476,
  "efc": 0.4122025149337484,
  "fber": 199559.90625,
  "fd_mean": 0.1323790241449082,
  "fd_num": 30,
  "fd_perc": 12.5,
  "fwhm_avg": 1.9196619279123033,
  "fwhm_x": 1.84508,
  "fwhm_y": 2.103396666666667,
  "fwhm_z": 1.8105091170702432,
  "gcor": 0.0202732,
  "gsr_x": -0.026995521038770676,
  "gsr_y": 0.01984623447060585,
  "provenance": {
    "md5sum": "4667d6e7d1fa91e0c3a39d7f53439953",
    "settings": {
      "fd_thres": 0.2,
      "testing": false
    },
    "software": "mriqc",
    "version": "22.0.6",
    "webapi_port": null,
    "webapi_url": "https://mriqc.nimh.nih.gov/api/v1"
  },
  "size_t": 240,
  "size_x": 80,
  "size_y": 80,
  "size_z": 36,
  "snr": 6.200845980967721,
  "spacing_tr": 2.0,
  "spacing_x": 3.0,
  "spacing_y": 3.0,
  "spacing_z": 3.299999952316284,
  "summary_bg_k": 73.74995760890918,
  "summary_bg_mad": 159.9062652026709,
  "summary_bg_mean": 1528.0789794921875,
  "summary_bg_median": 141.8786163330078,
  "summary_bg_n": 159313.0,
  "summary_bg_p05": 10.395685768127443,
  "summary_bg_p95": 7963.969433593749,
  "summary_bg_stdv": 4465.564453125,
  "summary_fg_k": 1.483043587867698,
  "summary_fg_mad": 9163.639993347828,
  "summary_fg_mean": 64808.8125,
  "summary_fg_median": 64149.1328125,
  "summary_fg_n": 30961.0,
  "summary_fg_p05": 48394.23828125,
  "summary_fg_p95": 82172.3671875,
  "summary_fg_stdv": 10345.0556640625,
  "tsnr": 87.93374633789062
}