{
  "aor": 0.008852666666666667,
  "aqi": 0.006126082074074074,
  "bids_meta": {
    "AcquisitionNumber": 8,
    "BidsifyVersion": "0.3.7",
    "ConversionSoftware": "dcm2niix",
    "ConversionSoftwareVersion": "v1.0.20190902",
    "EchoTime": 0.02763,
    "EffectiveEchoSpacing": 0.0006621159151938905,
    "ImageComments": "Upgrade2017",
    "ImageOrientationPatientDICOM": [
      0.999876,
      0.0126179,
      -0.00943376,
      -0.0122164,
      0.999065,
      0.0414709
    ],
    "InstitutionName": "Spinoza Centre for Neuroimaging, location REC",
    "MagneticFieldStrength": 3,
    "Manufacturer": "Philips",
    "ParallelAcquisitionTechnique": "SENSE",
    "PatientPosition": "HFS",
    "PhaseEncodingDirection": "j",
    "PhilipsRescaleIntercept": 0,
    "PhilipsRescaleSlope": 0.78632,
    "PhilipsScaleSlope": 0.0601694,
    "ProtocolName": "WIPtask-harriri_acq-sequential_boldSENSE",
    "ReconMatrixPE": 80,
    "RepetitionTime": 2,
    "SeriesDescription": "ImageMRSERIES",
    "SeriesNumber": 8,
    "TaskName": "emomatching",
    "TotalReadoutTime": 0.025822520692561732,
    "UsePhilipsFloatNotDisplayScaling": 1,
    "acq_id": "seq",
    "dataset": "ds003495",
    "modality": "bold",
    "session_id": "pre",
    "subject_id": "23",
    "task_id": "emomatching"
  },
  "dummy_trs": 0,
  "dvars_nstd": 23.562414539328355,
  "dvars_std": 1.2860116801492536,
  "dvars_vstd": 1.041092989701492,
  "efc": 0.4235560091791927,
  "fber": 154841.875,
  "fd_mean": 0.1918287803357124,
  "fd_num": 52,
  "fd_perc": 38.51851851851852,
  "fwhm_avg": 2.003585851010856,
  "fwhm_x": 1.9518766666666665,
  "fwhm_y": 2.1408866666666664,
  "fwhm_z": 1.9179942196992363,
  "gcor": 0.0150833,
  "gsr_x": -0.018226800486445427,
  "gsr_y": 0.008096340112388134,
  "provenance": {
    "md5sum": "c9fe1c15a5e60b6b1519bc609587f4ad",
    "settings": {
      "fd_thres": 0.2,
      "testing": false
    },
    "software": "mriqc",
    "version": "22.0.6",
    "webapi_port": null,
    "webapi_url": "https://mriqc.nimh.nih.gov/api/v1"
  },
  "size_t": 135,
  "size_x": 80,
  "size_y": 80,
  "size_z": 36,
  "snr": 5.062245779576548,
  "spacing_tr": 2.0,
  "spacing_x": 3.0,
  "spacing_y": 3.0,
  "spacing_z": 3.2998483180999756,
  "summary_bg_k": 39.93019597483487,
  "summary_bg_mad": 58.717939862799064,
  "summary_bg_mean": 510.4145812988281,
  "summary_bg_median": 59.474273681640625,
  "summary_bg_n": 155492.0,
  "summary_bg_p05": 5.65761239528656,
  "summary_bg_p95": 2642.5250244140584,
  "summary_bg_stdv": 1530.700439453125,
  "summary_fg_k": 0.9980775535240118,
  "summary_fg_mad": 4519.785255800778,
  "summary_fg_mean": 24541.75390625,
  "summary_fg_median": 24060.99609375,
  "summary_fg_n": 34664.0,
  "summary_fg_p05": 17534.3966796875,
  "summary_fg_p95": 32697.84697265625,
  "summary_fg_stdv": 4752.95947265625,
  "tsnr": 64.67972564697266
}