{
  "bids_meta": {
    "AcquisitionNumber": 2,
    "BidsifyVersion": "0.3.7",
    "ConversionSoftware": "dcm2niix",
    "ConversionSoftwareVersion": "v1.0.20190902",
    "EchoTime": 0.00374,
    "ImageComments": "Upgrade2017",
    "ImageOrientationPatientDICOM": [
      0.998627,
      0.0324025,
      -0.0411635,
      -0.0326044,
      0.999459,
      -0.00424404
    ],
    "InstitutionName": "Spinoza Centre for Neuroimaging, location REC",
    "MagneticFieldStrength": 3,
    "Manufacturer": "Philips",
    "ParallelAcquisitionTechnique": "SENSE",
    "PatientPosition": "HFS",
    "PhilipsRescaleIntercept": 0,
    "PhilipsRescaleSlope": 11.6056,
    "PhilipsScaleSlope": 0.0047751,
    "ProtocolName": "WIPT1wSENSE",
    "ReconMatrixPE": 240,
    "RepetitionTime": 0.00819,
    "SeriesDescription": "ImageMRSERIES",
    "SeriesNumber": 2,
    "UsePhilipsFloatNotDisplayScaling": 1,
    "dataset": "ds003495",
    "modality": "T1w",
    "session_id": "pre",
    "subject_id": "04"
  },
  "cjv": 0.33534302931270865,
  "cnr": 3.9175976175773197,
  "efc": 0.7536044500931693,
  "fber": -1.0,
  "fwhm_avg": 3.686346371652718,
  "fwhm_x": 3.63477,
  "fwhm_y": 3.876609537872131,
  "fwhm_z": 3.5476595770860224,
  "icvs_csf": 0.21734354963707353,
  "icvs_gm": 0.4477916815609739,
  "icvs_wm": 0.33486476880195254,
  "inu_med": 0.6331443786621094,
  "inu_range": 0.20221830606460567,
  "provenance": {
    "md5sum": "e6a9ae581faaa6e1472a3a180886e047",
    "settings": {
      "testing": false
    },
    "software": "mriqc",
    "version": "22.0.6",
    "warnings": {
      "large_rot_frame": true,
      "small_air_mask": true
    },
    "webapi_port": null,
    "webapi_url": "https://mriqc.nimh.nih.gov/api/v1"
  },
  "qi_1": 0.0,
  "qi_2": 0.00014469926340108036,
  "rpve_csf": 24.326072870265243,
  "rpve_gm": 12.544328514863805,
  "rpve_wm": 19.579534520787707,
  "size_x": 240,
  "size_y": 240,
  "size_z": 220,
  "snr_csf": 1.5383782404052715,
  "snr_gm": 6.426814820230266,
  "snr_total": 8.806581921486181,
  "snr_wm": 18.454552703823005,
  "snrd_csf": 18.200956352464516,
  "snrd_gm": 63.937802676136755,
  "snrd_total": 63.83840959965348,
  "snrd_wm": 109.37646977035918,
  "spacing_x": 1.0,
  "spacing_y": 1.0000001192092896,
  "spacing_z": 1.0000001192092896,
  "summary_bg_k": 519.834367790096,
  "summary_bg_mad": 0.0,
  "summary_bg_mean": 1.0432942430557552,
  "summary_bg_median": 0.0,
  "summary_bg_n": 71894.0,
  "summary_bg_p05": 0.0,
  "summary_bg_p95": 10.289106398820877,
  "summary_bg_stdv": 5.989738083020823,
  "summary_csf_k": 1.3725403594379157,
  "summary_csf_mad": 101.43691654061803,
  "summary_csf_mean": 183.8853454276441,
  "summary_csf_median": 166.40650925785303,
  "summary_csf_n": 15047.0,
  "summary_csf_p05": 38.085083364695315,
  "summary_csf_p95": 388.47972236573696,
  "summary_csf_stdv": 108.16649328350306,
  "summary_gm_k": -0.03556064977742013,
  "summary_gm_mad": 89.63737804842532,
  "summary_gm_mean": 585.8059603047545,
  "summary_gm_median": 584.5663462355733,
  "summary_gm_n": 33167.0,
  "summary_gm_p05": 436.15038348659874,
  "summary_gm_p95": 738.1708327241241,
  "summary_gm_stdv": 90.95602565981312,
  "summary_wm_k": 0.8461092167205888,
  "summary_wm_mad": 49.675405143927335,
  "summary_wm_mean": 998.1608271690989,
  "summary_wm_median": 1000.0000097230077,
  "summary_wm_n": 197426.0,
  "summary_wm_p05": 906.6285676807165,
  "summary_wm_p95": 1082.7745515853167,
  "summary_wm_stdv": 54.1870341250876,
  "tpm_overlap_csf": 0.1508109977420218,
  "tpm_overlap_gm": 0.46179853643853414,
  "tpm_overlap_wm": 0.4892719480903517,
  "wm2max": 0.7849549377448867
}