{
  "bids_meta": {
    "AcquisitionNumber": 2,
    "BidsifyVersion": "0.3.7",
    "ConversionSoftware": "dcm2niix",
    "ConversionSoftwareVersion": "v1.0.20190902",
    "EchoTime": 0.00378,
    "ImageComments": "Upgrade2017",
    "ImageOrientationPatientDICOM": [
      0.99998,
      -0.00607283,
      -0.00177394,
      0.00575954,
      0.989857,
      -0.14195
    ],
    "InstitutionName": "Spinoza Centre for Neuroimaging, location REC",
    "MagneticFieldStrength": 3,
    "Manufacturer": "Philips",
    "ParallelAcquisitionTechnique": "SENSE",
    "PatientPosition": "HFS",
    "PhilipsRescaleIntercept": 0,
    "PhilipsRescaleSlope": 12.6579,
    "PhilipsScaleSlope": 0.00506393,
    "ProtocolName": "WIPT1wSENSE",
    "ReconMatrixPE": 240,
    "RepetitionTime": 0.00824,
    "SeriesDescription": "ImageMRSERIES",
    "SeriesNumber": 2,
    "UsePhilipsFloatNotDisplayScaling": 1,
    "dataset": "ds003495",
    "modality": "T1w",
    "session_id": "pre",
    "subject_id": "09"
  },
  "cjv": 0.33272950350691116,
  "cnr": 4.031262058531398,
  "efc": 0.7793478786583864,
  "fber": -1.0,
  "fwhm_avg": 3.6636966666666666,
  "fwhm_x": 3.71028,
  "fwhm_y": 3.73369,
  "fwhm_z": 3.54712,
  "icvs_csf": 0.21385145989215804,
  "icvs_gm": 0.4533014030981446,
  "icvs_wm": 0.33284713700969737,
  "inu_med": 0.7205747067928314,
  "inu_range": 0.3063883274793624,
  "provenance": {
    "md5sum": "0e33f11a93f1c7811224d1a5548f3a03",
    "settings": {
      "testing": false
    },
    "software": "mriqc",
    "version": "22.0.6",
    "warnings": {
      "large_rot_frame": true,
      "small_air_mask": true
    },
    "webapi_port": null,
    "webapi_url": "https://mriqc.nimh.nih.gov/api/v1"
  },
  "qi_1": 0.0,
  "qi_2": 9.155295360499408e-05,
  "rpve_csf": 21.843060518010816,
  "rpve_gm": 11.025453350540735,
  "rpve_wm": 17.09175445936181,
  "size_x": 240,
  "size_y": 240,
  "size_z": 220,
  "snr_csf": 1.5822345843274186,
  "snr_gm": 7.07606394347227,
  "snr_total": 8.096821080337333,
  "snr_wm": 15.63216471321231,
  "snrd_csf": 21.160168064273144,
  "snrd_gm": 71.13228207985651,
  "snrd_total": 71.63008386056919,
  "snrd_wm": 122.5978014375779,
  "spacing_x": 1.0,
  "spacing_y": 1.0,
  "spacing_z": 1.0,
  "summary_bg_k": 50.690321730928396,
  "summary_bg_mad": 0.0,
  "summary_bg_mean": 1.217470957594268,
  "summary_bg_median": 0.0,
  "summary_bg_n": 134481.0,
  "summary_bg_p05": 0.0,
  "summary_bg_p95": 11.578550854697824,
  "summary_bg_stdv": 5.343785904459562,
  "summary_csf_k": 0.9216897251131573,
  "summary_csf_mad": 104.82293773032022,
  "summary_csf_mean": 188.2491881116621,
  "summary_csf_median": 172.59826783835888,
  "summary_csf_n": 17887.0,
  "summary_csf_p05": 36.96094455048442,
  "summary_csf_p95": 393.9595649270342,
  "summary_csf_stdv": 109.08208226257673,
  "summary_gm_k": 0.11253423982997024,
  "summary_gm_mad": 79.24092770519411,
  "summary_gm_mean": 581.5991297591466,
  "summary_gm_median": 580.2084670159966,
  "summary_gm_n": 30387.0,
  "summary_gm_p05": 446.1132760979235,
  "summary_gm_p95": 718.9426131246611,
  "summary_gm_stdv": 81.9945840777313,
  "summary_wm_k": 0.4909057771471028,
  "summary_wm_mad": 60.43610228643329,
  "summary_wm_mean": 996.1067449666994,
  "summary_wm_median": 1000.0000049453229,
  "summary_wm_n": 212414.0,
  "summary_wm_p05": 885.0182135943323,
  "summary_wm_p95": 1094.5121239610016,
  "summary_wm_stdv": 63.97051652120397,
  "tpm_overlap_csf": 0.15560184028275234,
  "tpm_overlap_gm": 0.4530099679910455,
  "tpm_overlap_wm": 0.4850145650198462,
  "wm2max": 0.7326475716486728
}