{
  "bids_meta": {
    "AcquisitionNumber": 2,
    "BidsifyVersion": "0.3.7",
    "ConversionSoftware": "dcm2niix",
    "ConversionSoftwareVersion": "v1.0.20190902",
    "EchoTime": 0.00374,
    "ImageComments": "Upgrade2017",
    "ImageOrientationPatientDICOM": [
      0.999309,
      0.0317799,
      -0.0192743,
      -0.0307062,
      0.998088,
      0.0536504
    ],
    "InstitutionName": "Spinoza Centre for Neuroimaging, location REC",
    "MagneticFieldStrength": 3,
    "Manufacturer": "Philips",
    "ParallelAcquisitionTechnique": "SENSE",
    "PatientPosition": "HFS",
    "PhilipsRescaleIntercept": 0,
    "PhilipsRescaleSlope": 11.9101,
    "PhilipsScaleSlope": 0.00520179,
    "ProtocolName": "WIPT1wSENSE",
    "ReconMatrixPE": 240,
    "RepetitionTime": 0.008165,
    "SeriesDescription": "ImageMRSERIES",
    "SeriesNumber": 2,
    "UsePhilipsFloatNotDisplayScaling": 1,
    "dataset": "ds003495",
    "modality": "T1w",
    "session_id": "pre",
    "subject_id": "02"
  },
  "cjv": 0.3280064227126084,
  "cnr": 4.0909932989431965,
  "efc": 0.7562716935055369,
  "fber": -1.0,
  "fwhm_avg": 3.6281634033145553,
  "fwhm_x": 3.60156,
  "fwhm_y": 3.76066,
  "fwhm_z": 3.5222702099436645,
  "icvs_csf": 0.20754738341208492,
  "icvs_gm": 0.45429813135063274,
  "icvs_wm": 0.3381544852372823,
  "inu_med": 0.7050919234752655,
  "inu_range": 0.2634463757276535,
  "provenance": {
    "md5sum": "dd56cbd4bac3b0d41885eae2f71eb0e1",
    "settings": {
      "testing": false
    },
    "software": "mriqc",
    "version": "22.0.6",
    "warnings": {
      "large_rot_frame": true,
      "small_air_mask": true
    },
    "webapi_port": null,
    "webapi_url": "https://mriqc.nimh.nih.gov/api/v1"
  },
  "qi_1": 0.0,
  "qi_2": 0.00027283991823909986,
  "rpve_csf": 28.955871630744035,
  "rpve_gm": 14.397081873369219,
  "rpve_wm": 22.276836727478432,
  "size_x": 240,
  "size_y": 240,
  "size_z": 220,
  "snr_csf": 1.5060144195356482,
  "snr_gm": 6.625579068955344,
  "snr_total": 8.313814353961936,
  "snr_wm": 16.809849573394814,
  "snrd_csf": 10.122501970254158,
  "snrd_gm": 33.92319489398466,
  "snrd_total": 34.52589426117748,
  "snrd_wm": 59.53198591929361,
  "spacing_x": 1.0,
  "spacing_y": 1.0,
  "spacing_z": 0.9999999403953552,
  "summary_bg_k": 1245.087966549635,
  "summary_bg_mad": 0.0,
  "summary_bg_mean": 2.6278683649352015,
  "summary_bg_median": 0.0,
  "summary_bg_n": 51648.0,
  "summary_bg_p05": 0.0,
  "summary_bg_p95": 22.14463308826089,
  "summary_bg_stdv": 11.00451642329456,
  "summary_csf_k": 0.9952034745405665,
  "summary_csf_mad": 113.24448463283608,
  "summary_csf_mean": 187.10630418691738,
  "summary_csf_median": 170.03060610964894,
  "summary_csf_n": 9276.0,
  "summary_csf_p05": 36.576907460577786,
  "summary_csf_p95": 395.4287735125981,
  "summary_csf_stdv": 112.89496207664916,
  "summary_gm_k": -0.02985357928148158,
  "summary_gm_mad": 85.642471080343,
  "summary_gm_mean": 571.188742723483,
  "summary_gm_median": 569.8177590826526,
  "summary_gm_n": 26324.0,
  "summary_gm_p05": 429.19336039954794,
  "summary_gm_p95": 712.8981554095632,
  "summary_gm_stdv": 86.00107702119806,
  "summary_wm_k": 0.8203233988561012,
  "summary_wm_mad": 55.45221476698673,
  "summary_wm_mean": 996.9985899737554,
  "summary_wm_median": 999.9760611075908,
  "summary_wm_n": 164926.0,
  "summary_wm_p05": 894.0596680752933,
  "summary_wm_p95": 1087.789336161688,
  "summary_wm_stdv": 59.487327661489395,
  "tpm_overlap_csf": 0.15436601632208038,
  "tpm_overlap_gm": 0.47959399961406457,
  "tpm_overlap_wm": 0.5109848090515983,
  "wm2max": 0.6873510314785897
}