{
  "aor": 0.0017204444444444448,
  "aqi": 0.005325719333333334,
  "bids_meta": {
    "AcquisitionNumber": 8,
    "BidsifyVersion": "0.3.7",
    "ConversionSoftware": "dcm2niix",
    "ConversionSoftwareVersion": "v1.0.20190902",
    "EchoTime": 0.02763,
    "EffectiveEchoSpacing": 0.0006621159151938905,
    "ImageComments": "Upgrade2017",
    "ImageOrientationPatientDICOM": [
      0.999738,
      0.0219605,
      -0.00647242,
      -0.0228618,
      0.942502,
      -0.333417
    ],
    "InstitutionName": "Spinoza Centre for Neuroimaging, location REC",
    "MagneticFieldStrength": 3,
    "Manufacturer": "Philips",
    "ParallelAcquisitionTechnique": "SENSE",
    "PatientPosition": "HFS",
    "PhaseEncodingDirection": "j",
    "PhilipsRescaleIntercept": 0,
    "PhilipsRescaleSlope": 0.79463,
    "PhilipsScaleSlope": 0.0534474,
    "ProtocolName": "WIPtask-harriri_acq-sequential_boldSENSE",
    "ReconMatrixPE": 80,
    "RepetitionTime": 2,
    "SeriesDescription": "ImageMRSERIES",
    "SeriesNumber": 8,
    "TaskName": "emomatching",
    "TotalReadoutTime": 0.025822520692561732,
    "UsePhilipsFloatNotDisplayScaling": 1,
    "acq_id": "seq",
    "dataset": "ds003495",
    "modality": "bold",
    "session_id": "pre",
    "subject_id": "13",
    "task_id": "emomatching"
  },
  "dummy_trs": 0,
  "dvars_nstd": 23.667411477164176,
  "dvars_std": 1.3055046629104488,
  "dvars_vstd": 1.0132789764179102,
  "efc": 0.4446373390649808,
  "fber": 157383.515625,
  "fd_mean": 0.13129137036791474,
  "fd_num": 15,
  "fd_perc": 11.11111111111111,
  "fwhm_avg": 1.8129750588178242,
  "fwhm_x": 1.7360633333333333,
  "fwhm_y": 1.97698,
  "fwhm_z": 1.7258818431201393,
  "gcor": 0.0212583,
  "gsr_x": -0.02022840641438961,
  "gsr_y": 0.02578425034880638,
  "provenance": {
    "md5sum": "a3556101952156e68cfa5508c34036f5",
    "settings": {
      "fd_thres": 0.2,
      "testing": false
    },
    "software": "mriqc",
    "version": "22.0.6",
    "webapi_port": null,
    "webapi_url": "https://mriqc.nimh.nih.gov/api/v1"
  },
  "size_t": 135,
  "size_x": 80,
  "size_y": 80,
  "size_z": 36,
  "snr": 5.765998246229185,
  "spacing_tr": 2.0,
  "spacing_x": 3.0,
  "spacing_y": 3.0,
  "spacing_z": 3.299999952316284,
  "summary_bg_k": 41.911309143383626,
  "summary_bg_mad": 62.618013837977955,
  "summary_bg_mean": 795.084716796875,
  "summary_bg_median": 61.07012939453125,
  "summary_bg_n": 153756.0,
  "summary_bg_p05": 6.703390717506409,
  "summary_bg_p95": 4953.4833984375,
  "summary_bg_stdv": 2162.59765625,
  "summary_fg_k": 2.841530870147296,
  "summary_fg_mad": 3714.4629503586402,
  "summary_fg_mean": 25412.91015625,
  "summary_fg_median": 24851.99609375,
  "summary_fg_n": 35281.0,
  "summary_fg_p05": 19440.890625,
  "summary_fg_p95": 32585.859375,
  "summary_fg_stdv": 4310.033203125,
  "tsnr": 79.55223083496094
}