{
  "aor": 0.0021854166666666667,
  "aqi": 0.009528950375000001,
  "bids_meta": {
    "AcquisitionNumber": 3,
    "BidsifyVersion": "0.3.7",
    "ConversionSoftware": "dcm2niix",
    "ConversionSoftwareVersion": "v1.0.20190902",
    "EchoTime": 0.02763,
    "EffectiveEchoSpacing": 0.0006621159151938905,
    "ImageComments": "Upgrade2017",
    "ImageOrientationPatientDICOM": [
      0.999738,
      0.0219605,
      -0.00647242,
      -0.0228618,
      0.942502,
      -0.333417
    ],
    "InstitutionName": "Spinoza Centre for Neuroimaging, location REC",
    "MagneticFieldStrength": 3,
    "Manufacturer": "Philips",
    "ParallelAcquisitionTechnique": "SENSE",
    "PatientPosition": "HFS",
    "PhaseEncodingDirection": "j",
    "PhilipsRescaleIntercept": 0,
    "PhilipsRescaleSlope": 0.79731,
    "PhilipsScaleSlope": 0.0527353,
    "ProtocolName": "WIPtask-rest_acq-sequential_boldSENSE",
    "ReconMatrixPE": 80,
    "RepetitionTime": 2,
    "SeriesDescription": "ImageMRSERIES",
    "SeriesNumber": 3,
    "TaskName": "restingstate",
    "TotalReadoutTime": 0.025822520692561732,
    "UsePhilipsFloatNotDisplayScaling": 1,
    "acq_id": "seq",
    "dataset": "ds003495",
    "modality": "bold",
    "session_id": "pre",
    "subject_id": "13",
    "task_id": "restingstate"
  },
  "dummy_trs": 0,
  "dvars_nstd": 24.311322136401678,
  "dvars_std": 1.3068346291213389,
  "dvars_vstd": 0.9919661781589955,
  "efc": 0.4428329877694221,
  "fber": 149739.53125,
  "fd_mean": 0.14911551878275128,
  "fd_num": 47,
  "fd_perc": 19.583333333333332,
  "fwhm_avg": 1.8106254628172291,
  "fwhm_x": 1.7405233333333332,
  "fwhm_y": 1.9739833333333332,
  "fwhm_z": 1.7173697217850212,
  "gcor": 0.0167022,
  "gsr_x": -0.019842375069856644,
  "gsr_y": 0.02467472292482853,
  "provenance": {
    "md5sum": "ca6c48f418bca945df85f01ffd4e594e",
    "settings": {
      "fd_thres": 0.2,
      "testing": false
    },
    "software": "mriqc",
    "version": "22.0.6",
    "webapi_port": null,
    "webapi_url": "https://mriqc.nimh.nih.gov/api/v1"
  },
  "size_t": 240,
  "size_x": 80,
  "size_y": 80,
  "size_z": 36,
  "snr": 5.732835823733973,
  "spacing_tr": 2.0,
  "spacing_x": 3.0,
  "spacing_y": 3.0,
  "spacing_z": 3.299999952316284,
  "summary_bg_k": 47.74958144077461,
  "summary_bg_mad": 69.76118684744047,
  "summary_bg_mean": 773.7425537109375,
  "summary_bg_median": 62.92723846435547,
  "summary_bg_n": 153950.0,
  "summary_bg_p05": 6.009130859375,
  "summary_bg_p95": 4725.033251953115,
  "summary_bg_stdv": 2106.864501953125,
  "summary_fg_k": 2.79785630711116,
  "summary_fg_mad": 3775.711506656924,
  "summary_fg_mean": 25526.798828125,
  "summary_fg_median": 24953.62890625,
  "summary_fg_n": 35118.0,
  "summary_fg_p05": 19475.3921875,
  "summary_fg_p95": 32735.515527343756,
  "summary_fg_stdv": 4352.69287109375,
  "tsnr": 67.02409362792969
}