{
  "aor": 0.0006722605965463109,
  "aqi": 0.033072100313971745,
  "bids_meta": {
    "AcquisitionNumber": 10,
    "BidsifyVersion": "0.3.7",
    "ConversionSoftware": "dcm2niix",
    "ConversionSoftwareVersion": "v1.0.20190902",
    "EchoTime": 0.02763,
    "EffectiveEchoSpacing": 0.0006333282667071997,
    "ImageComments": "Upgrade2017",
    "ImageOrientationPatientDICOM": [
      0.999738,
      0.0219605,
      -0.00647242,
      -0.0228618,
      0.942502,
      -0.333417
    ],
    "InstitutionName": "Spinoza Centre for Neuroimaging, location REC",
    "MagneticFieldStrength": 3,
    "Manufacturer": "Philips",
    "ParallelAcquisitionTechnique": "SENSE",
    "PatientPosition": "HFS",
    "PhaseEncodingDirection": "j",
    "PhilipsRescaleIntercept": 0,
    "PhilipsRescaleSlope": 0.77582,
    "PhilipsScaleSlope": 0.0931049,
    "ProtocolName": "WIPtask-rest_acq-multiband_boldSENSE",
    "ReconMatrixPE": 80,
    "RepetitionTime": 0.763789,
    "SeriesDescription": "ImageMRSERIES",
    "SeriesNumber": 10,
    "TaskName": "restingstate",
    "TotalReadoutTime": 0.024699802401580786,
    "UsePhilipsFloatNotDisplayScaling": 1,
    "acq_id": "mb3",
    "dataset": "ds003495",
    "modality": "bold",
    "session_id": "pre",
    "subject_id": "13",
    "task_id": "restingstate"
  },
  "dummy_trs": 0,
  "dvars_nstd": 43.565033594716986,
  "dvars_std": 1.1168472036635217,
  "dvars_vstd": 1.0104352435220125,
  "efc": 0.4522191735308679,
  "fber": 159049.671875,
  "fd_mean": 0.12143452410851537,
  "fd_num": 72,
  "fd_perc": 11.30298273155416,
  "fwhm_avg": 1.8027239473716428,
  "fwhm_x": 1.7600033333333334,
  "fwhm_y": 1.9918533333333333,
  "fwhm_z": 1.6563151754482612,
  "gcor": 0.0102869,
  "gsr_x": -0.022900143638253212,
  "gsr_y": 0.025204190984368324,
  "provenance": {
    "md5sum": "ef21d1fac8206c8c1d4cbe79b12b6d36",
    "settings": {
      "fd_thres": 0.2,
      "testing": false
    },
    "software": "mriqc",
    "version": "22.0.6",
    "webapi_port": null,
    "webapi_url": "https://mriqc.nimh.nih.gov/api/v1"
  },
  "size_t": 637,
  "size_x": 80,
  "size_y": 80,
  "size_z": 36,
  "snr": 7.714248400687475,
  "spacing_tr": 0.7637892961502075,
  "spacing_x": 3.0,
  "spacing_y": 3.0,
  "spacing_z": 3.299999952316284,
  "summary_bg_k": 23.38650025567871,
  "summary_bg_mad": 50.289623463682716,
  "summary_bg_mean": 652.3327026367188,
  "summary_bg_median": 45.85338592529297,
  "summary_bg_n": 154496.0,
  "summary_bg_p05": 5.591405153274536,
  "summary_bg_p95": 3830.4964599609375,
  "summary_bg_stdv": 1586.687744140625,
  "summary_fg_k": 2.4186966444996356,
  "summary_fg_mad": 2189.172212506926,
  "summary_fg_mean": 18809.103515625,
  "summary_fg_median": 18850.494140625,
  "summary_fg_n": 34601.0,
  "summary_fg_p05": 14877.744140625,
  "summary_fg_p95": 22652.583984375,
  "summary_fg_stdv": 2443.55908203125,
  "tsnr": 32.44498062133789
}