{
  "bids_meta": {
    "AcquisitionNumber": 2,
    "BidsifyVersion": "0.3.7",
    "ConversionSoftware": "dcm2niix",
    "ConversionSoftwareVersion": "v1.0.20190902",
    "EchoTime": 0.0038,
    "ImageComments": "Upgrade2017",
    "ImageOrientationPatientDICOM": [
      0.99751,
      0.0549318,
      -0.0442205,
      -0.0498335,
      0.992778,
      0.109127
    ],
    "InstitutionName": "Spinoza Centre for Neuroimaging, location REC",
    "MagneticFieldStrength": 3,
    "Manufacturer": "Philips",
    "ParallelAcquisitionTechnique": "SENSE",
    "PatientPosition": "HFS",
    "PhilipsRescaleIntercept": 0,
    "PhilipsRescaleSlope": 11.3358,
    "PhilipsScaleSlope": 0.00501494,
    "ProtocolName": "WIPT1wSENSE",
    "ReconMatrixPE": 240,
    "RepetitionTime": 0.008264,
    "SeriesDescription": "ImageMRSERIES",
    "SeriesNumber": 2,
    "UsePhilipsFloatNotDisplayScaling": 1,
    "dataset": "ds003495",
    "modality": "T1w",
    "session_id": "pre",
    "subject_id": "17"
  },
  "cjv": 0.32793750965925533,
  "cnr": 4.017926236870648,
  "efc": 0.7581092770664922,
  "fber": -1.0,
  "fwhm_avg": 3.8046466666666667,
  "fwhm_x": 3.84299,
  "fwhm_y": 3.85191,
  "fwhm_z": 3.71904,
  "icvs_csf": 0.23988982855990532,
  "icvs_gm": 0.42284179786433335,
  "icvs_wm": 0.33726837357576134,
  "inu_med": 0.626914918422699,
  "inu_range": 0.20587202310562125,
  "provenance": {
    "md5sum": "bd9b3ecc17e9ab3ea5af8f0dd8010442",
    "settings": {
      "testing": false
    },
    "software": "mriqc",
    "version": "22.0.6",
    "warnings": {
      "large_rot_frame": true,
      "small_air_mask": true
    },
    "webapi_port": null,
    "webapi_url": "https://mriqc.nimh.nih.gov/api/v1"
  },
  "qi_1": 0.0,
  "qi_2": 0.00018461070067083118,
  "rpve_csf": 22.17693625474812,
  "rpve_gm": 12.674172725585018,
  "rpve_wm": 19.196877624397388,
  "size_x": 240,
  "size_y": 240,
  "size_z": 220,
  "snr_csf": 1.616262833297148,
  "snr_gm": 6.589581516611112,
  "snr_total": 9.775824049676867,
  "snr_wm": 21.12162779912234,
  "snrd_csf": 11.561073288941323,
  "snrd_gm": 43.42743103429005,
  "snrd_total": 42.82458597163757,
  "snrd_wm": 73.48525359168131,
  "spacing_x": 1.0,
  "spacing_y": 1.0,
  "spacing_z": 1.0,
  "summary_bg_k": 1326.5675878813124,
  "summary_bg_mad": 0.0,
  "summary_bg_mean": 1.7948362398183848,
  "summary_bg_median": 0.0,
  "summary_bg_n": 59785.0,
  "summary_bg_p05": 0.0,
  "summary_bg_p95": 10.99890267290175,
  "summary_bg_stdv": 8.915013653581498,
  "summary_csf_k": 0.7656922914783326,
  "summary_csf_mad": 90.8114232257086,
  "summary_csf_mean": 172.92953984912427,
  "summary_csf_median": 157.3216298483312,
  "summary_csf_n": 23341.0,
  "summary_csf_p05": 39.89023184962571,
  "summary_csf_p95": 357.82657617889345,
  "summary_csf_stdv": 97.3345773353176,
  "summary_gm_k": -0.09913304704884185,
  "summary_gm_mad": 89.73730961766259,
  "summary_gm_mean": 592.4470508844573,
  "summary_gm_median": 590.955014269799,
  "summary_gm_n": 27455.0,
  "summary_gm_p05": 445.5258107246831,
  "summary_gm_p95": 742.2612761892378,
  "summary_gm_stdv": 89.67857070051623,
  "summary_wm_k": 0.6819803064183776,
  "summary_wm_mad": 44.39669579923532,
  "summary_wm_mean": 998.5524393441195,
  "summary_wm_median": 999.9780795369297,
  "summary_wm_n": 199609.0,
  "summary_wm_p05": 917.9451459489763,
  "summary_wm_p95": 1072.3073904074724,
  "summary_wm_stdv": 47.343679388819595,
  "tpm_overlap_csf": 0.1571371558634299,
  "tpm_overlap_gm": 0.4608683833524554,
  "tpm_overlap_wm": 0.5116535563025376,
  "wm2max": 0.8023286466476698
}