{
  "aor": 0.0009043171114599685,
  "aqi": 0.017081841224489795,
  "bids_meta": {
    "AcquisitionNumber": 10,
    "BidsifyVersion": "0.3.7",
    "ConversionSoftware": "dcm2niix",
    "ConversionSoftwareVersion": "v1.0.20190902",
    "EchoTime": 0.02763,
    "EffectiveEchoSpacing": 0.0006333282667071997,
    "ImageComments": "Upgrade_2017",
    "ImageOrientationPatientDICOM": [
      0.99677,
      0.0800121,
      -0.00693511,
      -0.0800231,
      0.982155,
      -0.1702
    ],
    "InstitutionName": "Spinoza Centre for Neuroimaging, location REC",
    "MagneticFieldStrength": 3,
    "Manufacturer": "Philips",
    "ParallelAcquisitionTechnique": "SENSE",
    "PatientPosition": "HFS",
    "PhaseEncodingDirection": "j",
    "PhilipsRescaleIntercept": 0,
    "PhilipsRescaleSlope": 0.81807,
    "PhilipsScaleSlope": 0.038406,
    "ProtocolName": "task-rest_acq-multiband_bold",
    "ReconMatrixPE": 80,
    "RepetitionTime": 0.763994,
    "SeriesDescription": "ImageMRSERIES",
    "SeriesNumber": 10,
    "TaskName": "restingstate",
    "TotalReadoutTime": 0.024699802401580786,
    "UsePhilipsFloatNotDisplayScaling": 1,
    "acq_id": "mb3",
    "dataset": "ds003495",
    "modality": "bold",
    "session_id": "post",
    "subject_id": "10",
    "task_id": "restingstate"
  },
  "dummy_trs": 0,
  "dvars_nstd": 25.085263825031447,
  "dvars_std": 1.2431307162106922,
  "dvars_vstd": 0.989998735157233,
  "efc": 0.42571214368740984,
  "fber": 1174833.25,
  "fd_mean": 0.14871034707469877,
  "fd_num": 184,
  "fd_perc": 28.885400313971743,
  "fwhm_avg": 1.8714504759592951,
  "fwhm_x": 1.82001,
  "fwhm_y": 2.12557,
  "fwhm_z": 1.6687714278778856,
  "gcor": 0.0530603,
  "gsr_x": -0.014351104386150837,
  "gsr_y": 0.011430156417191029,
  "provenance": {
    "md5sum": "2ae6df432505b2e07d44647b723c7be4",
    "settings": {
      "fd_thres": 0.2,
      "testing": false
    },
    "software": "mriqc",
    "version": "22.0.6",
    "webapi_port": null,
    "webapi_url": "https://mriqc.nimh.nih.gov/api/v1"
  },
  "size_t": 637,
  "size_x": 80,
  "size_y": 80,
  "size_z": 36,
  "snr": 9.37692203526471,
  "spacing_tr": 0.7639937400817871,
  "spacing_x": 3.0,
  "spacing_y": 3.0,
  "spacing_z": 3.300182342529297,
  "summary_bg_k": 40.41256615905878,
  "summary_bg_mad": 62.096714827481954,
  "summary_bg_mean": 1252.524658203125,
  "summary_bg_median": 42.53520202636719,
  "summary_bg_n": 157641.0,
  "summary_bg_p05": 0.4441860020160675,
  "summary_bg_p95": 6523.83203125,
  "summary_bg_stdv": 3563.16357421875,
  "summary_fg_k": 5.565516020446461,
  "summary_fg_mad": 4440.596343946339,
  "summary_fg_mean": 48494.14453125,
  "summary_fg_median": 48833.19921875,
  "summary_fg_n": 32613.0,
  "summary_fg_p05": 40313.41328125,
  "summary_fg_p95": 56055.64921875,
  "summary_fg_stdv": 5207.72705078125,
  "tsnr": 61.01616287231445
}