{
  "aor": 0.0010100313971742544,
  "aqi": 0.026783337425431715,
  "bids_meta": {
    "AcquisitionNumber": 3,
    "BidsifyVersion": "0.3.7",
    "ConversionSoftware": "dcm2niix",
    "ConversionSoftwareVersion": "v1.0.20190902",
    "EchoTime": 0.02763,
    "EffectiveEchoSpacing": 0.0006333282667071997,
    "ImageComments": "------",
    "ImageOrientationPatientDICOM": [
      0.999629,
      0.0271739,
      -0.00168314,
      -0.0272238,
      0.998428,
      -0.0489964
    ],
    "InstitutionName": "Spinoza Centre for Neuroimaging, location REC",
    "MagneticFieldStrength": 3,
    "Manufacturer": "Philips",
    "ParallelAcquisitionTechnique": "SENSE",
    "PatientPosition": "HFS",
    "PhaseEncodingDirection": "j",
    "PhilipsRescaleIntercept": 0,
    "PhilipsRescaleSlope": 0.76777,
    "PhilipsScaleSlope": 0.0354077,
    "ProtocolName": "task-rest_acq-multiband_bold",
    "ReconMatrixPE": 80,
    "RepetitionTime": 0.763994,
    "SeriesDescription": "ImageMRSERIES",
    "SeriesNumber": 3,
    "TaskName": "restingstate",
    "TotalReadoutTime": 0.024699802401580786,
    "UsePhilipsFloatNotDisplayScaling": 1,
    "acq_id": "mb3",
    "dataset": "ds003495",
    "modality": "bold",
    "session_id": "post",
    "subject_id": "15",
    "task_id": "restingstate"
  },
  "dummy_trs": 0,
  "dvars_nstd": 19.199735683333348,
  "dvars_std": 1.0652157701257865,
  "dvars_vstd": 0.9787184465251566,
  "efc": 0.4413880402830488,
  "fber": 589288.625,
  "fd_mean": 0.16017916819560737,
  "fd_num": 155,
  "fd_perc": 24.332810047095762,
  "fwhm_avg": 2.076596941501523,
  "fwhm_x": 2.077036666666667,
  "fwhm_y": 2.4719966666666666,
  "fwhm_z": 1.6807574911712344,
  "gcor": 0.0672704,
  "gsr_x": -0.018387481570243835,
  "gsr_y": 0.021732332184910774,
  "provenance": {
    "md5sum": "fbf72bfa4348b1d8aa18897c992eb530",
    "settings": {
      "fd_thres": 0.2,
      "testing": false
    },
    "software": "mriqc",
    "version": "22.0.6",
    "webapi_port": null,
    "webapi_url": "https://mriqc.nimh.nih.gov/api/v1"
  },
  "size_t": 637,
  "size_x": 80,
  "size_y": 80,
  "size_z": 36,
  "snr": 9.684387970572894,
  "spacing_tr": 0.7639937400817871,
  "spacing_x": 3.0,
  "spacing_y": 3.0,
  "spacing_z": 3.3002500534057617,
  "summary_bg_k": 37.84761473079022,
  "summary_bg_mad": 101.92750380223922,
  "summary_bg_mean": 1199.4952392578125,
  "summary_bg_median": 71.93780517578125,
  "summary_bg_n": 152048.0,
  "summary_bg_p05": 1.2768222987651825,
  "summary_bg_p95": 5955.249047851562,
  "summary_bg_stdv": 3284.869384765625,
  "summary_fg_k": 2.785740385964491,
  "summary_fg_mad": 5237.975723831131,
  "summary_fg_mean": 57129.85546875,
  "summary_fg_median": 57274.4609375,
  "summary_fg_n": 37508.0,
  "summary_fg_p05": 47750.2791015625,
  "summary_fg_p95": 66281.111328125,
  "summary_fg_stdv": 5914.0234375,
  "tsnr": 46.630393981933594
}