{
  "bids_meta": {
    "AcquisitionNumber": 2,
    "BidsifyVersion": "0.3.7",
    "ConversionSoftware": "dcm2niix",
    "ConversionSoftwareVersion": "v1.0.20190902",
    "EchoTime": 0.00376,
    "ImageComments": "Upgrade_2017",
    "ImageOrientationPatientDICOM": [
      0.999145,
      0.0403026,
      0.00922866,
      -0.0396058,
      0.997022,
      -0.0661689
    ],
    "InstitutionName": "Spinoza Centre for Neuroimaging, location REC",
    "InversionTime": 0.9,
    "MagneticFieldStrength": 3,
    "Manufacturer": "Philips",
    "ParallelAcquisitionTechnique": "SENSE",
    "PatientPosition": "HFS",
    "PhilipsRescaleIntercept": 0,
    "PhilipsRescaleSlope": 4.30452,
    "PhilipsScaleSlope": 0.00503811,
    "ProtocolName": "T1w",
    "ReconMatrixPE": 240,
    "RepetitionTime": 0.008179,
    "SeriesDescription": "ImageMRSERIES",
    "SeriesNumber": 2,
    "UsePhilipsFloatNotDisplayScaling": 1,
    "dataset": "ds003495",
    "modality": "T1w",
    "session_id": "post",
    "subject_id": "04"
  },
  "cjv": 0.28661263158849265,
  "cnr": 4.432927628218982,
  "efc": 0.7085598460885998,
  "fber": -1.0,
  "fwhm_avg": 4.129196346630692,
  "fwhm_x": 4.045559517731724,
  "fwhm_y": 4.33362,
  "fwhm_z": 4.008409522160348,
  "icvs_csf": 0.22773383091675747,
  "icvs_gm": 0.44420059647114113,
  "icvs_wm": 0.3280655726121014,
  "inu_med": 0.5619963109493256,
  "inu_range": 0.18901537954807285,
  "provenance": {
    "md5sum": "8f25a1d22b4b717bfa2a9a1638c22c76",
    "settings": {
      "testing": false
    },
    "software": "mriqc",
    "version": "22.0.6",
    "warnings": {
      "large_rot_frame": true,
      "small_air_mask": false
    },
    "webapi_port": null,
    "webapi_url": "https://mriqc.nimh.nih.gov/api/v1"
  },
  "qi_1": 0.0,
  "qi_2": 0.00010711531740094832,
  "rpve_csf": 23.157646985128302,
  "rpve_gm": 12.525363393949116,
  "rpve_wm": 20.018093866900585,
  "size_x": 240,
  "size_y": 240,
  "size_z": 220,
  "snr_csf": 1.4944203632039248,
  "snr_gm": 7.7197065369065285,
  "snr_total": 11.232383247861312,
  "snr_wm": 24.483022843473485,
  "snrd_csf": 11.637480197146827,
  "snrd_gm": 46.81270259949062,
  "snrd_total": 45.23481997982626,
  "snrd_wm": 77.25427714284135,
  "spacing_x": 1.0000001192092896,
  "spacing_y": 1.0,
  "spacing_z": 1.0000001192092896,
  "summary_bg_k": 889.1908467886901,
  "summary_bg_mad": 0.0,
  "summary_bg_mean": 2.346389651639522,
  "summary_bg_median": 0.0,
  "summary_bg_n": 329050.0,
  "summary_bg_p05": 0.0,
  "summary_bg_p95": 14.90154355019331,
  "summary_bg_stdv": 8.48006444096018,
  "summary_csf_k": 0.8644342948553159,
  "summary_csf_mad": 98.93849292380295,
  "summary_csf_mean": 163.48620923254035,
  "summary_csf_median": 150.63516849651933,
  "summary_csf_n": 33488.0,
  "summary_csf_p05": 31.19952833214775,
  "summary_csf_p95": 355.0292750833555,
  "summary_csf_stdv": 100.796886269029,
  "summary_gm_k": 0.17649221149866756,
  "summary_gm_mad": 76.26222946241815,
  "summary_gm_mean": 607.0458910189884,
  "summary_gm_median": 605.9421132747084,
  "summary_gm_n": 43981.0,
  "summary_gm_p05": 477.17334020510316,
  "summary_gm_p95": 736.3537583816797,
  "summary_gm_stdv": 78.49200246903082,
  "summary_wm_k": 1.0815126441757599,
  "summary_wm_mad": 36.6731098944332,
  "summary_wm_mean": 998.3459266514712,
  "summary_wm_median": 999.9768727719784,
  "summary_wm_n": 198736.0,
  "summary_wm_p05": 928.5003696251661,
  "summary_wm_p95": 1061.4399551558308,
  "summary_wm_stdv": 40.84358223735736,
  "tpm_overlap_csf": 0.15457300053291953,
  "tpm_overlap_gm": 0.4723450903172868,
  "tpm_overlap_wm": 0.49899285138362853,
  "wm2max": 0.8083649763378912
}