{
  "aor": 0.009922958333333334,
  "aqi": 0.013835290208333333,
  "bids_meta": {
    "AcquisitionNumber": 10,
    "BidsifyVersion": "0.3.7",
    "ConversionSoftware": "dcm2niix",
    "ConversionSoftwareVersion": "v1.0.20190902",
    "EchoTime": 0.02763,
    "EffectiveEchoSpacing": 0.0006621159151938905,
    "ImageComments": "Upgrade_2017",
    "ImageOrientationPatientDICOM": [
      0.999843,
      0.00369506,
      -0.0173303,
      -0.00820194,
      0.963446,
      -0.267778
    ],
    "InstitutionName": "Spinoza Centre for Neuroimaging, location REC",
    "MagneticFieldStrength": 3,
    "Manufacturer": "Philips",
    "ParallelAcquisitionTechnique": "SENSE",
    "PatientPosition": "HFS",
    "PhaseEncodingDirection": "j",
    "PhilipsRescaleIntercept": 0,
    "PhilipsRescaleSlope": 0.73919,
    "PhilipsScaleSlope": 0.0272815,
    "ProtocolName": "task-rest_acq-sequential_bold",
    "ReconMatrixPE": 80,
    "RepetitionTime": 2,
    "SeriesDescription": "ImageMRSERIES",
    "SeriesNumber": 10,
    "TaskName": "restingstate",
    "TotalReadoutTime": 0.025822520692561732,
    "UsePhilipsFloatNotDisplayScaling": 1,
    "acq_id": "seq",
    "dataset": "ds003495",
    "modality": "bold",
    "session_id": "post",
    "subject_id": "05",
    "task_id": "restingstate"
  },
  "dummy_trs": 0,
  "dvars_nstd": 22.07547294313808,
  "dvars_std": 1.166886793974896,
  "dvars_vstd": 1.0545247828870292,
  "efc": 0.429423209426473,
  "fber": 80281.078125,
  "fd_mean": 0.1824983866657282,
  "fd_num": 68,
  "fd_perc": 28.333333333333332,
  "fwhm_avg": 1.81710055624045,
  "fwhm_x": 1.7548833333333331,
  "fwhm_y": 2.02381,
  "fwhm_z": 1.6726083353880175,
  "gcor": 0.0330558,
  "gsr_x": -0.013118032366037369,
  "gsr_y": 0.018095074221491814,
  "provenance": {
    "md5sum": "3086e000d40acdb9c077592dbabeab61",
    "settings": {
      "fd_thres": 0.2,
      "testing": false
    },
    "software": "mriqc",
    "version": "22.0.6",
    "webapi_port": null,
    "webapi_url": "https://mriqc.nimh.nih.gov/api/v1"
  },
  "size_t": 240,
  "size_x": 80,
  "size_y": 80,
  "size_z": 36,
  "snr": 6.666283825320497,
  "spacing_tr": 2.0,
  "spacing_x": 3.0,
  "spacing_y": 3.0,
  "spacing_z": 3.2998878955841064,
  "summary_bg_k": 98.2736479521195,
  "summary_bg_mad": 218.84722544084508,
  "summary_bg_mean": 1416.690185546875,
  "summary_bg_median": 202.55499267578125,
  "summary_bg_n": 155413.0,
  "summary_bg_p05": 24.177445983886724,
  "summary_bg_p95": 6350.801074218739,
  "summary_bg_stdv": 4341.8564453125,
  "summary_fg_k": 2.1778814713709265,
  "summary_fg_mad": 7677.956742106893,
  "summary_fg_mean": 57616.3828125,
  "summary_fg_median": 56815.16015625,
  "summary_fg_n": 34151.0,
  "summary_fg_p05": 45809.34375,
  "summary_fg_p95": 71958.625,
  "summary_fg_stdv": 8522.638671875,
  "tsnr": 55.71891403198242
}