{
  "aor": 0.0054035555555555555,
  "aqi": 0.006670162814814814,
  "bids_meta": {
    "AcquisitionNumber": 8,
    "BidsifyVersion": "0.3.7",
    "ConversionSoftware": "dcm2niix",
    "ConversionSoftwareVersion": "v1.0.20190902",
    "EchoTime": 0.02763,
    "EffectiveEchoSpacing": 0.0006621159151938905,
    "ImageComments": "Upgrade_2017",
    "ImageOrientationPatientDICOM": [
      0.999843,
      0.00369506,
      -0.0173303,
      -0.00820194,
      0.963446,
      -0.267778
    ],
    "InstitutionName": "Spinoza Centre for Neuroimaging, location REC",
    "MagneticFieldStrength": 3,
    "Manufacturer": "Philips",
    "ParallelAcquisitionTechnique": "SENSE",
    "PatientPosition": "HFS",
    "PhaseEncodingDirection": "j",
    "PhilipsRescaleIntercept": 0,
    "PhilipsRescaleSlope": 0.76777,
    "PhilipsScaleSlope": 0.0256842,
    "ProtocolName": "task-harriri_acq-sequential_bold",
    "ReconMatrixPE": 80,
    "RepetitionTime": 2,
    "SeriesDescription": "ImageMRSERIES",
    "SeriesNumber": 8,
    "TaskName": "emomatching",
    "TotalReadoutTime": 0.025822520692561732,
    "UsePhilipsFloatNotDisplayScaling": 1,
    "acq_id": "seq",
    "dataset": "ds003495",
    "modality": "bold",
    "session_id": "post",
    "subject_id": "05",
    "task_id": "emomatching"
  },
  "dummy_trs": 0,
  "dvars_nstd": 18.671380434402984,
  "dvars_std": 1.1314787439552239,
  "dvars_vstd": 1.0151711212686565,
  "efc": 0.4288254663118495,
  "fber": 79378.9453125,
  "fd_mean": 0.13499163488812652,
  "fd_num": 12,
  "fd_perc": 8.88888888888889,
  "fwhm_avg": 1.7973579265320223,
  "fwhm_x": 1.7283466666666667,
  "fwhm_y": 2.0003433333333334,
  "fwhm_z": 1.6633837795960662,
  "gcor": 0.0298684,
  "gsr_x": -0.013371960259974003,
  "gsr_y": 0.01769833266735077,
  "provenance": {
    "md5sum": "a010dcd6529866c515938159da78c1b3",
    "settings": {
      "fd_thres": 0.2,
      "testing": false
    },
    "software": "mriqc",
    "version": "22.0.6",
    "webapi_port": null,
    "webapi_url": "https://mriqc.nimh.nih.gov/api/v1"
  },
  "size_t": 135,
  "size_x": 80,
  "size_y": 80,
  "size_z": 36,
  "snr": 6.6152667395912035,
  "spacing_tr": 2.0,
  "spacing_x": 3.0,
  "spacing_y": 3.0,
  "spacing_z": 3.2998878955841064,
  "summary_bg_k": 106.09635272445352,
  "summary_bg_mad": 221.5008189524374,
  "summary_bg_mean": 1416.4217529296875,
  "summary_bg_median": 204.3278350830078,
  "summary_bg_n": 155443.0,
  "summary_bg_p05": 21.754463768005373,
  "summary_bg_p95": 6318.392724609364,
  "summary_bg_stdv": 4396.0810546875,
  "summary_fg_k": 2.2380070513383483,
  "summary_fg_mad": 7834.823006522685,
  "summary_fg_mean": 58057.7734375,
  "summary_fg_median": 57239.66015625,
  "summary_fg_n": 34129.0,
  "summary_fg_p05": 46057.56484375,
  "summary_fg_p95": 72518.24531249999,
  "summary_fg_stdv": 8652.5341796875,
  "tsnr": 75.67439270019531
}