{
  "aor": 0.00400954887218045,
  "aqi": 0.002779795263157895,
  "bids_meta": {
    "AcquisitionNumber": 8,
    "BidsifyVersion": "0.3.7",
    "ConversionSoftware": "dcm2niix",
    "ConversionSoftwareVersion": "v1.0.20190902",
    "EchoTime": 0.02763,
    "EffectiveEchoSpacing": 0.0006621159151938905,
    "ImageComments": "Upgrade_2017",
    "ImageOrientationPatientDICOM": [
      0.999417,
      0.0341247,
      0.000456849,
      -0.0340272,
      0.99741,
      -0.0633653
    ],
    "InstitutionName": "Spinoza Centre for Neuroimaging, location REC",
    "MagneticFieldStrength": 3,
    "Manufacturer": "Philips",
    "ParallelAcquisitionTechnique": "SENSE",
    "PatientPosition": "HFS",
    "PhaseEncodingDirection": "j",
    "PhilipsRescaleIntercept": 0,
    "PhilipsRescaleSlope": 0.7663,
    "PhilipsScaleSlope": 0.0200841,
    "ProtocolName": "task-harriri_acq-sequential_bold",
    "ReconMatrixPE": 80,
    "RepetitionTime": 2,
    "SeriesDescription": "ImageMRSERIES",
    "SeriesNumber": 8,
    "TaskName": "emomatching",
    "TotalReadoutTime": 0.025822520692561732,
    "UsePhilipsFloatNotDisplayScaling": 1,
    "acq_id": "seq",
    "dataset": "ds003495",
    "modality": "bold",
    "session_id": "post",
    "subject_id": "18",
    "task_id": "emomatching"
  },
  "dummy_trs": 2,
  "dvars_nstd": 14.847232175606063,
  "dvars_std": 1.1354692161363635,
  "dvars_vstd": 1.0338047946969695,
  "efc": 0.41109048453457697,
  "fber": 163209.296875,
  "fd_mean": 0.10282199456727885,
  "fd_num": 3,
  "fd_perc": 2.255639097744361,
  "fwhm_avg": 1.949271422696343,
  "fwhm_x": 1.9130900000000002,
  "fwhm_y": 2.1585666666666667,
  "fwhm_z": 1.776157601422362,
  "gcor": 0.0423407,
  "gsr_x": -0.011959891766309738,
  "gsr_y": 0.014770762994885445,
  "provenance": {
    "md5sum": "8a86f6ad381422298968ffb88bdf1ba8",
    "settings": {
      "fd_thres": 0.2,
      "testing": false
    },
    "software": "mriqc",
    "version": "22.0.6",
    "webapi_port": null,
    "webapi_url": "https://mriqc.nimh.nih.gov/api/v1"
  },
  "size_t": 133,
  "size_x": 80,
  "size_y": 80,
  "size_z": 36,
  "snr": 6.1133335335203345,
  "spacing_tr": 2.0,
  "spacing_x": 3.0,
  "spacing_y": 3.0,
  "spacing_z": 3.299999952316284,
  "summary_bg_k": 137.74799723707204,
  "summary_bg_mad": 191.94141177042815,
  "summary_bg_mean": 1319.9847412109375,
  "summary_bg_median": 170.1143035888672,
  "summary_bg_n": 157630.0,
  "summary_bg_p05": 9.756983900070193,
  "summary_bg_p95": 6219.822363281245,
  "summary_bg_stdv": 4349.44775390625,
  "summary_fg_k": 1.4175560154657587,
  "summary_fg_mad": 10874.85831566401,
  "summary_fg_mean": 70869.7109375,
  "summary_fg_median": 70245.6328125,
  "summary_fg_n": 32937.0,
  "summary_fg_p05": 53671.35625,
  "summary_fg_p95": 89583.8515625,
  "summary_fg_stdv": 11490.38671875,
  "tsnr": 104.01374816894531
}