{
  "aor": 0.001372464678178964,
  "aqi": 0.007408135478806908,
  "bids_meta": {
    "AcquisitionNumber": 10,
    "BidsifyVersion": "0.3.7",
    "ConversionSoftware": "dcm2niix",
    "ConversionSoftwareVersion": "v1.0.20190902",
    "EchoTime": 0.02763,
    "EffectiveEchoSpacing": 0.0006333282667071997,
    "ImageComments": "Upgrade_2017",
    "ImageOrientationPatientDICOM": [
      0.999417,
      0.0341247,
      0.000456849,
      -0.0340272,
      0.99741,
      -0.0633653
    ],
    "InstitutionName": "Spinoza Centre for Neuroimaging, location REC",
    "MagneticFieldStrength": 3,
    "Manufacturer": "Philips",
    "ParallelAcquisitionTechnique": "SENSE",
    "PatientPosition": "HFS",
    "PhaseEncodingDirection": "j",
    "PhilipsRescaleIntercept": 0,
    "PhilipsRescaleSlope": 0.76777,
    "PhilipsScaleSlope": 0.0370141,
    "ProtocolName": "task-rest_acq-multiband_bold",
    "ReconMatrixPE": 80,
    "RepetitionTime": 0.763994,
    "SeriesDescription": "ImageMRSERIES",
    "SeriesNumber": 10,
    "TaskName": "restingstate",
    "TotalReadoutTime": 0.024699802401580786,
    "UsePhilipsFloatNotDisplayScaling": 1,
    "acq_id": "mb3",
    "dataset": "ds003495",
    "modality": "bold",
    "session_id": "post",
    "subject_id": "18",
    "task_id": "restingstate"
  },
  "dummy_trs": 0,
  "dvars_nstd": 20.88305553709121,
  "dvars_std": 1.216535892924528,
  "dvars_vstd": 1.0269067007547166,
  "efc": 0.4099806785257432,
  "fber": 2079805.875,
  "fd_mean": 0.09255247608585619,
  "fd_num": 26,
  "fd_perc": 4.081632653061225,
  "fwhm_avg": 2.0605527361654263,
  "fwhm_x": 2.00843,
  "fwhm_y": 2.3269433333333334,
  "fwhm_z": 1.8462848751629464,
  "gcor": 0.0760459,
  "gsr_x": -0.01331371534615755,
  "gsr_y": 0.013255494646728039,
  "provenance": {
    "md5sum": "0221ee45d1aef0d70b675a5286a9e17b",
    "settings": {
      "fd_thres": 0.2,
      "testing": false
    },
    "software": "mriqc",
    "version": "22.0.6",
    "webapi_port": null,
    "webapi_url": "https://mriqc.nimh.nih.gov/api/v1"
  },
  "size_t": 637,
  "size_x": 80,
  "size_y": 80,
  "size_z": 36,
  "snr": 8.42956532815935,
  "spacing_tr": 0.7639937400817871,
  "spacing_x": 3.0,
  "spacing_y": 3.0,
  "spacing_z": 3.299999952316284,
  "summary_bg_k": 81.94127992005478,
  "summary_bg_mad": 52.25850755845322,
  "summary_bg_mean": 974.765625,
  "summary_bg_median": 35.95193862915039,
  "summary_bg_n": 158048.0,
  "summary_bg_p05": 0.25954480171203614,
  "summary_bg_p95": 4947.395947265624,
  "summary_bg_stdv": 3159.67333984375,
  "summary_fg_k": 2.399068275752051,
  "summary_fg_mad": 5787.43621399019,
  "summary_fg_mean": 53925.7890625,
  "summary_fg_median": 54298.09765625,
  "summary_fg_n": 32521.0,
  "summary_fg_p05": 42906.6171875,
  "summary_fg_p95": 63661.5703125,
  "summary_fg_stdv": 6441.28857421875,
  "tsnr": 75.66654205322266
}