{
  "aor": 0.00022151181102362207,
  "aqi": 0.020116166614173227,
  "bids_meta": {
    "AcquisitionNumber": 10,
    "BidsifyVersion": "0.3.7",
    "ConversionSoftware": "dcm2niix",
    "ConversionSoftwareVersion": "v1.0.20190902",
    "EchoTime": 0.02763,
    "EffectiveEchoSpacing": 0.0006333282667071997,
    "ImageComments": "upgrade2017",
    "ImageOrientationPatientDICOM": [
      0.998571,
      -0.000570456,
      -0.053442,
      -0.00662287,
      0.990915,
      -0.134326
    ],
    "InstitutionName": "Spinoza Centre for Neuroimaging, location REC",
    "MagneticFieldStrength": 3,
    "Manufacturer": "Philips",
    "ParallelAcquisitionTechnique": "SENSE",
    "PatientPosition": "HFS",
    "PhaseEncodingDirection": "j",
    "PhilipsRescaleIntercept": 0,
    "PhilipsRescaleSlope": 0.83541,
    "PhilipsScaleSlope": 0.0907986,
    "ProtocolName": "WIPtask-rest_acq-multiband_boldSENSE",
    "ReconMatrixPE": 80,
    "RepetitionTime": 0.761525,
    "SeriesDescription": "ImageMRSERIES",
    "SeriesNumber": 10,
    "TaskName": "restingstate",
    "TotalReadoutTime": 0.024699802401580786,
    "UsePhilipsFloatNotDisplayScaling": 1,
    "acq_id": "mb3",
    "dataset": "ds003495",
    "modality": "bold",
    "session_id": "pre",
    "subject_id": "19",
    "task_id": "restingstate"
  },
  "dummy_trs": 2,
  "dvars_nstd": 40.81147661429026,
  "dvars_std": 1.1761061531388013,
  "dvars_vstd": 1.0023836078706627,
  "efc": 0.455502044129933,
  "fber": 128774.03125,
  "fd_mean": 0.07843086895726704,
  "fd_num": 3,
  "fd_perc": 0.47244094488188976,
  "fwhm_avg": 1.8184456687967694,
  "fwhm_x": 1.7663433333333334,
  "fwhm_y": 1.9977,
  "fwhm_z": 1.6912936730569745,
  "gcor": 0.0147305,
  "gsr_x": -0.020727787166833878,
  "gsr_y": 0.026898695155978203,
  "provenance": {
    "md5sum": "e975623e6de3b03e45bff8a0d550da26",
    "settings": {
      "fd_thres": 0.2,
      "testing": false
    },
    "software": "mriqc",
    "version": "22.0.6",
    "webapi_port": null,
    "webapi_url": "https://mriqc.nimh.nih.gov/api/v1"
  },
  "size_t": 635,
  "size_x": 80,
  "size_y": 80,
  "size_z": 36,
  "snr": 7.527790313749624,
  "spacing_tr": 0.7615251541137695,
  "spacing_x": 3.0,
  "spacing_y": 3.0,
  "spacing_z": 3.2998054027557373,
  "summary_bg_k": 40.12825369536407,
  "summary_bg_mad": 55.97319589962354,
  "summary_bg_mean": 534.5985717773438,
  "summary_bg_median": 52.28425598144531,
  "summary_bg_n": 151580.0,
  "summary_bg_p05": 5.384779310226441,
  "summary_bg_p95": 2884.57075195312,
  "summary_bg_stdv": 1386.024169921875,
  "summary_fg_k": 1.8124634457070252,
  "summary_fg_mad": 2309.439630360819,
  "summary_fg_mean": 19233.576171875,
  "summary_fg_median": 19322.673828125,
  "summary_fg_n": 37902.0,
  "summary_fg_p05": 14998.705859375,
  "summary_fg_p95": 23220.326855468746,
  "summary_fg_stdv": 2566.8115234375,
  "tsnr": 41.64494323730469
}