{
  "aor": 0.0037029583333333337,
  "aqi": 0.00572573625,
  "bids_meta": {
    "AcquisitionNumber": 3,
    "BidsifyVersion": "0.3.7",
    "ConversionSoftware": "dcm2niix",
    "ConversionSoftwareVersion": "v1.0.20190902",
    "EchoTime": 0.02763,
    "EffectiveEchoSpacing": 0.0006621159151938905,
    "ImageComments": "upgrade2017",
    "ImageOrientationPatientDICOM": [
      0.998571,
      -0.000570456,
      -0.053442,
      -0.00662287,
      0.990915,
      -0.134326
    ],
    "InstitutionName": "Spinoza Centre for Neuroimaging, location REC",
    "MagneticFieldStrength": 3,
    "Manufacturer": "Philips",
    "ParallelAcquisitionTechnique": "SENSE",
    "PatientPosition": "HFS",
    "PhaseEncodingDirection": "j",
    "PhilipsRescaleIntercept": 0,
    "PhilipsRescaleSlope": 0.77338,
    "PhilipsScaleSlope": 0.050922,
    "ProtocolName": "WIPtask-rest_acq-sequential_boldSENSE",
    "ReconMatrixPE": 80,
    "RepetitionTime": 2,
    "SeriesDescription": "ImageMRSERIES",
    "SeriesNumber": 3,
    "TaskName": "restingstate",
    "TotalReadoutTime": 0.025822520692561732,
    "UsePhilipsFloatNotDisplayScaling": 1,
    "acq_id": "seq",
    "dataset": "ds003495",
    "modality": "bold",
    "session_id": "pre",
    "subject_id": "19",
    "task_id": "restingstate"
  },
  "dummy_trs": 0,
  "dvars_nstd": 17.794320665062767,
  "dvars_std": 1.203433910251046,
  "dvars_vstd": 1.0058172440167363,
  "efc": 0.4457871429074786,
  "fber": 147929.703125,
  "fd_mean": 0.09443698171482796,
  "fd_num": 7,
  "fd_perc": 2.9166666666666665,
  "fwhm_avg": 1.8420404574786977,
  "fwhm_x": 1.7710066666666666,
  "fwhm_y": 1.9949199999999998,
  "fwhm_z": 1.760194705769427,
  "gcor": 0.0211627,
  "gsr_x": -0.01779705286026001,
  "gsr_y": 0.025525692850351334,
  "provenance": {
    "md5sum": "36a18aa853b65f2f11b26fea74dfb6fe",
    "settings": {
      "fd_thres": 0.2,
      "testing": false
    },
    "software": "mriqc",
    "version": "22.0.6",
    "webapi_port": null,
    "webapi_url": "https://mriqc.nimh.nih.gov/api/v1"
  },
  "size_t": 240,
  "size_x": 80,
  "size_y": 80,
  "size_z": 36,
  "snr": 5.455302038513891,
  "spacing_tr": 2.0,
  "spacing_x": 3.0,
  "spacing_y": 3.0,
  "spacing_z": 3.2998054027557373,
  "summary_bg_k": 81.8537223135366,
  "summary_bg_mad": 75.04389750743874,
  "summary_bg_mean": 655.2762451171875,
  "summary_bg_median": 69.78463745117188,
  "summary_bg_n": 151084.0,
  "summary_bg_p05": 5.80755500793457,
  "summary_bg_p95": 3537.841015625003,
  "summary_bg_stdv": 1926.3935546875,
  "summary_fg_k": 2.0773725565936028,
  "summary_fg_mad": 4566.947643169529,
  "summary_fg_mean": 28189.99609375,
  "summary_fg_median": 27634.890625,
  "summary_fg_n": 38355.0,
  "summary_fg_p05": 20953.137109375,
  "summary_fg_p95": 36689.968749999985,
  "summary_fg_stdv": 5065.6279296875,
  "tsnr": 77.54739379882812
}