{
  "aor": 0.002418074074074074,
  "aqi": 0.006002178296296295,
  "bids_meta": {
    "AcquisitionNumber": 8,
    "BidsifyVersion": "0.3.7",
    "ConversionSoftware": "dcm2niix",
    "ConversionSoftwareVersion": "v1.0.20190902",
    "EchoTime": 0.02763,
    "EffectiveEchoSpacing": 0.0006621159151938905,
    "ImageComments": "Upgrade_2017",
    "ImageOrientationPatientDICOM": [
      0.998969,
      0.04448,
      0.00910802,
      -0.0450135,
      0.996486,
      0.0706368
    ],
    "InstitutionName": "Spinoza Centre for Neuroimaging, location REC",
    "MagneticFieldStrength": 3,
    "Manufacturer": "Philips",
    "ParallelAcquisitionTechnique": "SENSE",
    "PatientPosition": "HFS",
    "PhaseEncodingDirection": "j",
    "PhilipsRescaleIntercept": 0,
    "PhilipsRescaleSlope": 0.78217,
    "PhilipsScaleSlope": 0.0212866,
    "ProtocolName": "task-harriri_acq-sequential_bold",
    "ReconMatrixPE": 80,
    "RepetitionTime": 2,
    "SeriesDescription": "ImageMRSERIES",
    "SeriesNumber": 8,
    "TaskName": "emomatching",
    "TotalReadoutTime": 0.025822520692561732,
    "UsePhilipsFloatNotDisplayScaling": 1,
    "acq_id": "seq",
    "dataset": "ds003495",
    "modality": "bold",
    "session_id": "post",
    "subject_id": "23",
    "task_id": "emomatching"
  },
  "dummy_trs": 0,
  "dvars_nstd": 16.650515947462697,
  "dvars_std": 1.0688791265671638,
  "dvars_vstd": 0.9529962305223884,
  "efc": 0.4177758896943902,
  "fber": 156565.34375,
  "fd_mean": 0.16080528348995454,
  "fd_num": 32,
  "fd_perc": 23.703703703703702,
  "fwhm_avg": 2.098094049748823,
  "fwhm_x": 2.060096666666667,
  "fwhm_y": 2.29404,
  "fwhm_z": 1.9401454825798017,
  "gcor": 0.0158061,
  "gsr_x": -0.016723567619919777,
  "gsr_y": 0.011721937917172909,
  "provenance": {
    "md5sum": "b49a02db666a501c44aaaf2fc77b3969",
    "settings": {
      "fd_thres": 0.2,
      "testing": false
    },
    "software": "mriqc",
    "version": "22.0.6",
    "webapi_port": null,
    "webapi_url": "https://mriqc.nimh.nih.gov/api/v1"
  },
  "size_t": 135,
  "size_x": 80,
  "size_y": 80,
  "size_z": 36,
  "snr": 5.700687104035061,
  "spacing_tr": 2.0,
  "spacing_x": 3.0,
  "spacing_y": 3.0,
  "spacing_z": 3.299999952316284,
  "summary_bg_k": 47.24991157659754,
  "summary_bg_mad": 181.96152285888607,
  "summary_bg_mean": 1231.89306640625,
  "summary_bg_median": 160.49514770507812,
  "summary_bg_n": 156011.0,
  "summary_bg_p05": 10.768337726593018,
  "summary_bg_p95": 5777.166748046875,
  "summary_bg_stdv": 3683.321533203125,
  "summary_fg_k": 0.9401881793210882,
  "summary_fg_mad": 11197.990310904323,
  "summary_fg_mean": 67680.21875,
  "summary_fg_median": 66442.390625,
  "summary_fg_n": 34196.0,
  "summary_fg_p05": 50784.595703125,
  "summary_fg_p95": 87729.587890625,
  "summary_fg_stdv": 11654.984375,
  "tsnr": 74.93235778808594
}