{
  "aor": 0.0011312083333333335,
  "aqi": 0.0037530646249999996,
  "bids_meta": {
    "AcquisitionNumber": 10,
    "BidsifyVersion": "0.3.7",
    "ConversionSoftware": "dcm2niix",
    "ConversionSoftwareVersion": "v1.0.20190902",
    "EchoTime": 0.02763,
    "EffectiveEchoSpacing": 0.0006621159151938905,
    "ImageComments": "Upgrade2017",
    "ImageOrientationPatientDICOM": [
      0.999394,
      0.0281033,
      -0.0205517,
      -0.0307088,
      0.989677,
      -0.13999
    ],
    "InstitutionName": "Spinoza Centre for Neuroimaging, location REC",
    "MagneticFieldStrength": 3,
    "Manufacturer": "Philips",
    "ParallelAcquisitionTechnique": "SENSE",
    "PatientPosition": "HFS",
    "PhaseEncodingDirection": "j",
    "PhilipsRescaleIntercept": 0,
    "PhilipsRescaleSlope": 0.82076,
    "PhilipsScaleSlope": 0.0526799,
    "ProtocolName": "WIPtask-rest_acq-sequential_boldSENSE",
    "ReconMatrixPE": 80,
    "RepetitionTime": 2,
    "SeriesDescription": "ImageMRSERIES",
    "SeriesNumber": 10,
    "TaskName": "restingstate",
    "TotalReadoutTime": 0.025822520692561732,
    "UsePhilipsFloatNotDisplayScaling": 1,
    "acq_id": "seq",
    "dataset": "ds003495",
    "modality": "bold",
    "session_id": "pre",
    "subject_id": "04",
    "task_id": "restingstate"
  },
  "dummy_trs": 0,
  "dvars_nstd": 23.7646965838912,
  "dvars_std": 1.3209782972803341,
  "dvars_vstd": 1.0036905367364013,
  "efc": 0.45017372303815584,
  "fber": 157730.953125,
  "fd_mean": 0.11237759306040628,
  "fd_num": 10,
  "fd_perc": 4.166666666666667,
  "fwhm_avg": 1.775609099034078,
  "fwhm_x": 1.6966366666666666,
  "fwhm_y": 1.9432966666666667,
  "fwhm_z": 1.6868939637689007,
  "gcor": 0.0428359,
  "gsr_x": -0.022414924576878548,
  "gsr_y": 0.024009445682168007,
  "provenance": {
    "md5sum": "0e714a4378b50d210a0b7f0897cb823a",
    "settings": {
      "fd_thres": 0.2,
      "testing": false
    },
    "software": "mriqc",
    "version": "22.0.6",
    "webapi_port": null,
    "webapi_url": "https://mriqc.nimh.nih.gov/api/v1"
  },
  "size_t": 240,
  "size_x": 80,
  "size_y": 80,
  "size_z": 36,
  "snr": 5.420629431036381,
  "spacing_tr": 2.0,
  "spacing_x": 3.0,
  "spacing_y": 3.0,
  "spacing_z": 3.299999952316284,
  "summary_bg_k": 38.57181491202397,
  "summary_bg_mad": 68.72102129847877,
  "summary_bg_mean": 811.2652587890625,
  "summary_bg_median": 66.07510375976562,
  "summary_bg_n": 151500.0,
  "summary_bg_p05": 6.043449044227601,
  "summary_bg_p95": 4918.900634765625,
  "summary_bg_stdv": 2238.07177734375,
  "summary_fg_k": 1.8992785492867093,
  "summary_fg_mad": 4566.96212170682,
  "summary_fg_mean": 27545.7578125,
  "summary_fg_median": 27111.892578125,
  "summary_fg_n": 37341.0,
  "summary_fg_p05": 20285.591796875,
  "summary_fg_p95": 35747.74609375,
  "summary_fg_stdv": 5001.54638671875,
  "tsnr": 82.260986328125
}