{
  "aor": 0.00046036106750392466,
  "aqi": 0.021959495447409733,
  "bids_meta": {
    "AcquisitionNumber": 3,
    "BidsifyVersion": "0.3.7",
    "ConversionSoftware": "dcm2niix",
    "ConversionSoftwareVersion": "v1.0.20190902",
    "EchoTime": 0.02763,
    "EffectiveEchoSpacing": 0.0006333282667071997,
    "ImageComments": "Upgrade2017",
    "ImageOrientationPatientDICOM": [
      0.999394,
      0.0281033,
      -0.0205517,
      -0.0307088,
      0.989677,
      -0.13999
    ],
    "InstitutionName": "Spinoza Centre for Neuroimaging, location REC",
    "MagneticFieldStrength": 3,
    "Manufacturer": "Philips",
    "ParallelAcquisitionTechnique": "SENSE",
    "PatientPosition": "HFS",
    "PhaseEncodingDirection": "j",
    "PhilipsRescaleIntercept": 0,
    "PhilipsRescaleSlope": 0.83639,
    "PhilipsScaleSlope": 0.0817543,
    "ProtocolName": "WIPtask-rest_acq-multiband_boldSENSE",
    "ReconMatrixPE": 80,
    "RepetitionTime": 0.762233,
    "SeriesDescription": "ImageMRSERIES",
    "SeriesNumber": 3,
    "TaskName": "restingstate",
    "TotalReadoutTime": 0.024699802401580786,
    "UsePhilipsFloatNotDisplayScaling": 1,
    "acq_id": "mb3",
    "dataset": "ds003495",
    "modality": "bold",
    "session_id": "pre",
    "subject_id": "04",
    "task_id": "restingstate"
  },
  "dummy_trs": 0,
  "dvars_nstd": 39.98313732872645,
  "dvars_std": 1.1142848115251567,
  "dvars_vstd": 1.0019138773270448,
  "efc": 0.45323580230000216,
  "fber": 197601.734375,
  "fd_mean": 0.10462977733165198,
  "fd_num": 27,
  "fd_perc": 4.23861852433281,
  "fwhm_avg": 1.8006013210994416,
  "fwhm_x": 1.7381399999999998,
  "fwhm_y": 2.0093366666666665,
  "fwhm_z": 1.6543272966316582,
  "gcor": 0.017131,
  "gsr_x": -0.02537677437067032,
  "gsr_y": 0.026807235553860664,
  "provenance": {
    "md5sum": "e50fa6c9654b84028fbd9a02d34d17f7",
    "settings": {
      "fd_thres": 0.2,
      "testing": false
    },
    "software": "mriqc",
    "version": "22.0.6",
    "webapi_port": null,
    "webapi_url": "https://mriqc.nimh.nih.gov/api/v1"
  },
  "size_t": 637,
  "size_x": 80,
  "size_y": 80,
  "size_z": 36,
  "snr": 6.952457886532997,
  "spacing_tr": 0.7622327208518982,
  "spacing_x": 3.0,
  "spacing_y": 3.0,
  "spacing_z": 3.299999952316284,
  "summary_bg_k": 24.840067021031523,
  "summary_bg_mad": 49.66440162348982,
  "summary_bg_mean": 627.3869018554688,
  "summary_bg_median": 44.38658142089844,
  "summary_bg_n": 152342.0,
  "summary_bg_p05": 3.1862789750099183,
  "summary_bg_p95": 3633.3908447265594,
  "summary_bg_stdv": 1611.2802734375,
  "summary_fg_k": 2.3459324051301023,
  "summary_fg_mad": 2653.7739956087453,
  "summary_fg_mean": 20378.009765625,
  "summary_fg_median": 20471.283203125,
  "summary_fg_n": 36314.0,
  "summary_fg_p05": 15633.157421875,
  "summary_fg_p95": 24846.031054687493,
  "summary_fg_stdv": 2944.426513671875,
  "tsnr": 35.842830657958984
}