{
  "aor": 0.0016365185185185187,
  "aqi": 0.0030957544444444444,
  "bids_meta": {
    "AcquisitionNumber": 8,
    "BidsifyVersion": "0.3.7",
    "ConversionSoftware": "dcm2niix",
    "ConversionSoftwareVersion": "v1.0.20190902",
    "EchoTime": 0.02763,
    "EffectiveEchoSpacing": 0.0006621159151938905,
    "ImageComments": "Upgrade2017",
    "ImageOrientationPatientDICOM": [
      0.999394,
      0.0281033,
      -0.0205517,
      -0.0307088,
      0.989677,
      -0.13999
    ],
    "InstitutionName": "Spinoza Centre for Neuroimaging, location REC",
    "MagneticFieldStrength": 3,
    "Manufacturer": "Philips",
    "ParallelAcquisitionTechnique": "SENSE",
    "PatientPosition": "HFS",
    "PhaseEncodingDirection": "j",
    "PhilipsRescaleIntercept": 0,
    "PhilipsRescaleSlope": 0.83346,
    "PhilipsScaleSlope": 0.0498975,
    "ProtocolName": "WIPtask-harriri_acq-sequential_boldSENSE",
    "ReconMatrixPE": 80,
    "RepetitionTime": 2,
    "SeriesDescription": "ImageMRSERIES",
    "SeriesNumber": 8,
    "TaskName": "emomatching",
    "TotalReadoutTime": 0.025822520692561732,
    "UsePhilipsFloatNotDisplayScaling": 1,
    "acq_id": "seq",
    "dataset": "ds003495",
    "modality": "bold",
    "session_id": "pre",
    "subject_id": "04",
    "task_id": "emomatching"
  },
  "dummy_trs": 0,
  "dvars_nstd": 23.586917834626878,
  "dvars_std": 1.3519084620149253,
  "dvars_vstd": 1.0223545118656718,
  "efc": 0.4495146856120059,
  "fber": 162470.15625,
  "fd_mean": 0.11491623052575631,
  "fd_num": 7,
  "fd_perc": 5.185185185185185,
  "fwhm_avg": 1.7712644525423278,
  "fwhm_x": 1.6903533333333334,
  "fwhm_y": 1.9421733333333335,
  "fwhm_z": 1.6812666909603162,
  "gcor": 0.0402101,
  "gsr_x": -0.021935787051916122,
  "gsr_y": 0.02386299893260002,
  "provenance": {
    "md5sum": "cde54c584966909732ed3dd3f0742753",
    "settings": {
      "fd_thres": 0.2,
      "testing": false
    },
    "software": "mriqc",
    "version": "22.0.6",
    "webapi_port": null,
    "webapi_url": "https://mriqc.nimh.nih.gov/api/v1"
  },
  "size_t": 135,
  "size_x": 80,
  "size_y": 80,
  "size_z": 36,
  "snr": 5.405547283849149,
  "spacing_tr": 2.0,
  "spacing_x": 3.0,
  "spacing_y": 3.0,
  "spacing_z": 3.299999952316284,
  "summary_bg_k": 39.38459609910266,
  "summary_bg_mad": 65.9196406625532,
  "summary_bg_mean": 801.6701049804688,
  "summary_bg_median": 65.64990234375,
  "summary_bg_n": 151460.0,
  "summary_bg_p05": 6.228524851799012,
  "summary_bg_p95": 4882.843334960937,
  "summary_bg_stdv": 2219.627197265625,
  "summary_fg_k": 2.008067618745323,
  "summary_fg_mad": 4631.5653550952175,
  "summary_fg_mean": 27775.951171875,
  "summary_fg_median": 27349.71875,
  "summary_fg_n": 37418.0,
  "summary_fg_p05": 20429.82080078125,
  "summary_fg_p95": 36069.37382812501,
  "summary_fg_stdv": 5059.49755859375,
  "tsnr": 89.86498260498047
}