{
  "aor": 0.0007482962962962963,
  "aqi": 0.002834347407407407,
  "bids_meta": {
    "AcquisitionNumber": 8,
    "BidsifyVersion": "0.3.7",
    "ConversionSoftware": "dcm2niix",
    "ConversionSoftwareVersion": "v1.0.20190902",
    "EchoTime": 0.02763,
    "EffectiveEchoSpacing": 0.0006621159151938905,
    "ImageComments": "Upgrade2017",
    "ImageOrientationPatientDICOM": [
      0.999474,
      -0.0241529,
      0.0216577,
      0.0247757,
      0.999273,
      -0.028964
    ],
    "InstitutionName": "Spinoza Centre for Neuroimaging, location REC",
    "MagneticFieldStrength": 3,
    "Manufacturer": "Philips",
    "ParallelAcquisitionTechnique": "SENSE",
    "PatientPosition": "HFS",
    "PhaseEncodingDirection": "j",
    "PhilipsRescaleIntercept": 0,
    "PhilipsRescaleSlope": 0.78462,
    "PhilipsScaleSlope": 0.0490939,
    "ProtocolName": "WIPtask-harriri_acq-sequential_boldSENSE",
    "ReconMatrixPE": 80,
    "RepetitionTime": 2,
    "SeriesDescription": "ImageMRSERIES",
    "SeriesNumber": 8,
    "TaskName": "emomatching",
    "TotalReadoutTime": 0.025822520692561732,
    "UsePhilipsFloatNotDisplayScaling": 1,
    "acq_id": "seq",
    "dataset": "ds003495",
    "modality": "bold",
    "session_id": "pre",
    "subject_id": "14",
    "task_id": "emomatching"
  },
  "dummy_trs": 0,
  "dvars_nstd": 17.482079164477604,
  "dvars_std": 1.178736385895522,
  "dvars_vstd": 0.9984977792537321,
  "efc": 0.4443516284838335,
  "fber": 211619.1875,
  "fd_mean": 0.07047536253477613,
  "fd_num": 0,
  "fd_perc": 0.0,
  "fwhm_avg": 1.8388505519435074,
  "fwhm_x": 1.7722933333333335,
  "fwhm_y": 2.0356799999999997,
  "fwhm_z": 1.7085783224971889,
  "gcor": 0.0380049,
  "gsr_x": -0.01854378916323185,
  "gsr_y": 0.022930996492505074,
  "provenance": {
    "md5sum": "b38475c3d6bc06e5d71e6b213c88fab0",
    "settings": {
      "fd_thres": 0.2,
      "testing": false
    },
    "software": "mriqc",
    "version": "22.0.6",
    "webapi_port": null,
    "webapi_url": "https://mriqc.nimh.nih.gov/api/v1"
  },
  "size_t": 135,
  "size_x": 80,
  "size_y": 80,
  "size_z": 36,
  "snr": 5.646847079989559,
  "spacing_tr": 2.0,
  "spacing_x": 3.0,
  "spacing_y": 3.0,
  "spacing_z": 3.2998838424682617,
  "summary_bg_k": 60.333704531449186,
  "summary_bg_mad": 60.8533487870504,
  "summary_bg_mean": 769.6044921875,
  "summary_bg_median": 58.46327590942383,
  "summary_bg_n": 152435.0,
  "summary_bg_p05": 2.9505835056304934,
  "summary_bg_p95": 4629.114648437495,
  "summary_bg_stdv": 2277.170654296875,
  "summary_fg_k": 2.220328931397952,
  "summary_fg_mad": 4354.826936893553,
  "summary_fg_mean": 27996.939453125,
  "summary_fg_median": 27575.8046875,
  "summary_fg_n": 36994.0,
  "summary_fg_p05": 20803.0587890625,
  "summary_fg_p95": 35842.684765625,
  "summary_fg_stdv": 4883.33251953125,
  "tsnr": 98.51725769042969
}