{
  "aor": 0.00017645669291338581,
  "aqi": 0.01749691874015748,
  "bids_meta": {
    "AcquisitionNumber": 3,
    "BidsifyVersion": "0.3.7",
    "ConversionSoftware": "dcm2niix",
    "ConversionSoftwareVersion": "v1.0.20190902",
    "EchoTime": 0.02763,
    "EffectiveEchoSpacing": 0.0006333282667071997,
    "ImageComments": "Upgrade2017",
    "ImageOrientationPatientDICOM": [
      0.999474,
      -0.0241529,
      0.0216577,
      0.0247757,
      0.999273,
      -0.028964
    ],
    "InstitutionName": "Spinoza Centre for Neuroimaging, location REC",
    "MagneticFieldStrength": 3,
    "Manufacturer": "Philips",
    "ParallelAcquisitionTechnique": "SENSE",
    "PatientPosition": "HFS",
    "PhaseEncodingDirection": "j",
    "PhilipsRescaleIntercept": 0,
    "PhilipsRescaleSlope": 0.74872,
    "PhilipsScaleSlope": 0.0944287,
    "ProtocolName": "WIPtask-rest_acq-multiband_boldSENSE",
    "ReconMatrixPE": 80,
    "RepetitionTime": 0.760833,
    "SeriesDescription": "ImageMRSERIES",
    "SeriesNumber": 3,
    "TaskName": "restingstate",
    "TotalReadoutTime": 0.024699802401580786,
    "UsePhilipsFloatNotDisplayScaling": 1,
    "acq_id": "mb3",
    "dataset": "ds003495",
    "modality": "bold",
    "session_id": "pre",
    "subject_id": "14",
    "task_id": "restingstate"
  },
  "dummy_trs": 2,
  "dvars_nstd": 35.78537921137225,
  "dvars_std": 1.098812598233441,
  "dvars_vstd": 0.9957451791167198,
  "efc": 0.4481674465308346,
  "fber": 174482.65625,
  "fd_mean": 0.09724124594719707,
  "fd_num": 23,
  "fd_perc": 3.622047244094488,
  "fwhm_avg": 1.8866586774903844,
  "fwhm_x": 1.8256933333333334,
  "fwhm_y": 2.1046733333333334,
  "fwhm_z": 1.7296093658044858,
  "gcor": 0.00731487,
  "gsr_x": -0.020667336881160736,
  "gsr_y": 0.02374809980392456,
  "provenance": {
    "md5sum": "67555b8b94a43ee30935eb53850c27a6",
    "settings": {
      "fd_thres": 0.2,
      "testing": false
    },
    "software": "mriqc",
    "version": "22.0.6",
    "webapi_port": null,
    "webapi_url": "https://mriqc.nimh.nih.gov/api/v1"
  },
  "size_t": 635,
  "size_x": 80,
  "size_y": 80,
  "size_z": 36,
  "snr": 7.2633681323368595,
  "spacing_tr": 0.7608333230018616,
  "spacing_x": 3.0,
  "spacing_y": 3.0,
  "spacing_z": 3.2998838424682617,
  "summary_bg_k": 33.15294324061499,
  "summary_bg_mad": 49.95150507948983,
  "summary_bg_mean": 561.6533813476562,
  "summary_bg_median": 44.7496337890625,
  "summary_bg_n": 153135.0,
  "summary_bg_p05": 2.905737376213074,
  "summary_bg_p95": 3244.071459960934,
  "summary_bg_stdv": 1491.791259765625,
  "summary_fg_k": 1.8589918492246937,
  "summary_fg_mad": 2510.815814113817,
  "summary_fg_mean": 19171.986328125,
  "summary_fg_median": 19242.142578125,
  "summary_fg_n": 36211.0,
  "summary_fg_p05": 14920.05126953125,
  "summary_fg_p95": 23304.9658203125,
  "summary_fg_stdv": 2649.167236328125,
  "tsnr": 41.42258834838867
}