{
  "aor": 0.00024927672955974843,
  "aqi": 0.019849757075471697,
  "bids_meta": {
    "AcquisitionNumber": 10,
    "BidsifyVersion": "0.3.7",
    "ConversionSoftware": "dcm2niix",
    "ConversionSoftwareVersion": "v1.0.20190902",
    "EchoTime": 0.02763,
    "EffectiveEchoSpacing": 0.0006333282667071997,
    "ImageComments": "Upgrade2017",
    "ImageOrientationPatientDICOM": [
      0.999557,
      0.0200693,
      0.0219834,
      -0.012038,
      0.947984,
      -0.318089
    ],
    "InstitutionName": "Spinoza Centre for Neuroimaging, location REC",
    "MagneticFieldStrength": 3,
    "Manufacturer": "Philips",
    "ParallelAcquisitionTechnique": "SENSE",
    "PatientPosition": "HFS",
    "PhaseEncodingDirection": "j",
    "PhilipsRescaleIntercept": 0,
    "PhilipsRescaleSlope": 0.77338,
    "PhilipsScaleSlope": 0.0993635,
    "ProtocolName": "WIPtask-rest_acq-multiband_boldSENSE",
    "ReconMatrixPE": 80,
    "RepetitionTime": 0.763789,
    "SeriesDescription": "ImageMRSERIES",
    "SeriesNumber": 10,
    "TaskName": "restingstate",
    "TotalReadoutTime": 0.024699802401580786,
    "UsePhilipsFloatNotDisplayScaling": 1,
    "acq_id": "mb3",
    "dataset": "ds003495",
    "modality": "bold",
    "session_id": "pre",
    "subject_id": "03",
    "task_id": "restingstate"
  },
  "dummy_trs": 1,
  "dvars_nstd": 42.9966206888819,
  "dvars_std": 1.1179936968818878,
  "dvars_vstd": 1.002826234362204,
  "efc": 0.41254181684506763,
  "fber": 191228.0,
  "fd_mean": 0.11606439611991445,
  "fd_num": 51,
  "fd_perc": 8.018867924528301,
  "fwhm_avg": 1.8361273819138246,
  "fwhm_x": 1.8163333333333334,
  "fwhm_y": 1.99447,
  "fwhm_z": 1.697578812408141,
  "gcor": 0.0094839,
  "gsr_x": -0.0251998882740736,
  "gsr_y": 0.016165001317858696,
  "provenance": {
    "md5sum": "7c8dc132ff4315c816acc68682372e80",
    "settings": {
      "fd_thres": 0.2,
      "testing": false
    },
    "software": "mriqc",
    "version": "22.0.6",
    "webapi_port": null,
    "webapi_url": "https://mriqc.nimh.nih.gov/api/v1"
  },
  "size_t": 636,
  "size_x": 80,
  "size_y": 80,
  "size_z": 36,
  "snr": 7.009326697638103,
  "spacing_tr": 0.7637892961502075,
  "spacing_x": 3.0,
  "spacing_y": 3.0,
  "spacing_z": 3.299999952316284,
  "summary_bg_k": 43.79130303325037,
  "summary_bg_mad": 42.973361944580546,
  "summary_bg_mean": 441.18817138671875,
  "summary_bg_median": 41.08020782470703,
  "summary_bg_n": 159871.0,
  "summary_bg_p05": 3.809051513671875,
  "summary_bg_p95": 2304.692626953125,
  "summary_bg_stdv": 1221.6129150390625,
  "summary_fg_k": 0.9954462453107484,
  "summary_fg_mad": 2525.624462054125,
  "summary_fg_mean": 18416.025390625,
  "summary_fg_median": 18455.21484375,
  "summary_fg_n": 29967.0,
  "summary_fg_p05": 14116.225390625,
  "summary_fg_p95": 22606.705468749995,
  "summary_fg_stdv": 2632.9072265625,
  "tsnr": 36.207435607910156
}