{
  "bids_meta": {
    "AcquisitionNumber": 2,
    "BidsifyVersion": "0.3.7",
    "ConversionSoftware": "dcm2niix",
    "ConversionSoftwareVersion": "v1.0.20190902",
    "EchoTime": 0.0038,
    "ImageComments": "Upgrade_2017",
    "ImageOrientationPatientDICOM": [
      0.999975,
      0.00252935,
      0.00665506,
      -0.00139623,
      0.986283,
      -0.165057
    ],
    "InstitutionName": "Spinoza Centre for Neuroimaging, location REC",
    "InversionTime": 0.9,
    "MagneticFieldStrength": 3,
    "Manufacturer": "Philips",
    "ParallelAcquisitionTechnique": "SENSE",
    "PatientPosition": "HFS",
    "PhilipsRescaleIntercept": 0,
    "PhilipsRescaleSlope": 4.53797,
    "PhilipsScaleSlope": 0.00488182,
    "ProtocolName": "T1w",
    "ReconMatrixPE": 240,
    "RepetitionTime": 0.008263,
    "SeriesDescription": "ImageMRSERIES",
    "SeriesNumber": 2,
    "UsePhilipsFloatNotDisplayScaling": 1,
    "dataset": "ds003495",
    "modality": "T1w",
    "session_id": "post",
    "subject_id": "08"
  },
  "cjv": 0.29547419806693953,
  "cnr": 4.344249646930584,
  "efc": 0.710663882863914,
  "fber": -1.0,
  "fwhm_avg": 4.239450087765063,
  "fwhm_x": 4.19424,
  "fwhm_y": 4.41736026329519,
  "fwhm_z": 4.10675,
  "icvs_csf": 0.22431608087268445,
  "icvs_gm": 0.426140780580512,
  "icvs_wm": 0.3495431385468035,
  "inu_med": 0.5740258693695068,
  "inu_range": 0.20057296603918057,
  "provenance": {
    "md5sum": "dff4122d825d8c7c9a5c3459a5cc6f11",
    "settings": {
      "testing": false
    },
    "software": "mriqc",
    "version": "22.0.6",
    "warnings": {
      "large_rot_frame": true,
      "small_air_mask": false
    },
    "webapi_port": null,
    "webapi_url": "https://mriqc.nimh.nih.gov/api/v1"
  },
  "qi_1": 0.0,
  "qi_2": 4.8051761606365164e-05,
  "rpve_csf": 21.905530668804797,
  "rpve_gm": 11.967536015182448,
  "rpve_wm": 17.3411099357597,
  "size_x": 240,
  "size_y": 240,
  "size_z": 220,
  "snr_csf": 1.45785506567568,
  "snr_gm": 8.276688955277269,
  "snr_total": 11.098717032701733,
  "snr_wm": 23.561607077152246,
  "snrd_csf": 16.030082996217146,
  "snrd_gm": 64.60465321283486,
  "snrd_total": 61.42174475061205,
  "snrd_wm": 103.63049804278413,
  "spacing_x": 1.0,
  "spacing_y": 0.9999999403953552,
  "spacing_z": 1.0,
  "summary_bg_k": 36.786460305827596,
  "summary_bg_mad": 0.0,
  "summary_bg_mean": 2.6674451034041944,
  "summary_bg_median": 0.0,
  "summary_bg_n": 501033.0,
  "summary_bg_p05": 0.0,
  "summary_bg_p95": 15.119928047060966,
  "summary_bg_stdv": 6.321704355384596,
  "summary_csf_k": 1.1783261827208147,
  "summary_csf_mad": 102.13247647078259,
  "summary_csf_mean": 172.2005352643965,
  "summary_csf_median": 154.68144571781158,
  "summary_csf_n": 49818.0,
  "summary_csf_p05": 35.09656025469303,
  "summary_csf_p95": 373.80929383803146,
  "summary_csf_stdv": 106.10100886325019,
  "summary_gm_k": 0.3149155240581827,
  "summary_gm_mad": 72.20939307511932,
  "summary_gm_mean": 624.4877468999483,
  "summary_gm_median": 623.3992151767015,
  "summary_gm_n": 46033.0,
  "summary_gm_p05": 500.89572542086245,
  "summary_gm_p95": 748.917526949197,
  "summary_gm_stdv": 75.31906143719918,
  "summary_wm_k": 0.810540001135359,
  "summary_wm_mad": 39.05964347901563,
  "summary_wm_mean": 998.918523398043,
  "summary_wm_median": 999.9770594760776,
  "summary_wm_n": 244456.0,
  "summary_wm_p05": 927.4930407777429,
  "summary_wm_p95": 1066.229835100472,
  "summary_wm_stdv": 42.4408662316048,
  "tpm_overlap_csf": 0.16069349995722118,
  "tpm_overlap_gm": 0.4726676376125281,
  "tpm_overlap_wm": 0.5237357826559571,
  "wm2max": 0.7831844116697169
}