{
  "bids_meta": {
    "AcquisitionNumber": 2,
    "BidsifyVersion": "0.3.7",
    "ConversionSoftware": "dcm2niix",
    "ConversionSoftwareVersion": "v1.0.20190902",
    "EchoTime": 0.00375,
    "ImageComments": "------",
    "ImageOrientationPatientDICOM": [
      0.999555,
      0.0297775,
      -0.00194128,
      -0.0298407,
      0.997437,
      -0.0650258
    ],
    "InstitutionName": "Spinoza Centre for Neuroimaging, location REC",
    "InversionTime": 0.9,
    "MagneticFieldStrength": 3,
    "Manufacturer": "Philips",
    "ParallelAcquisitionTechnique": "SENSE",
    "PatientPosition": "HFS",
    "PhilipsRescaleIntercept": 0,
    "PhilipsRescaleSlope": 4.1265,
    "PhilipsScaleSlope": 0.00482551,
    "ProtocolName": "T1w",
    "ReconMatrixPE": 240,
    "RepetitionTime": 0.008166,
    "SeriesDescription": "ImageMRSERIES",
    "SeriesNumber": 2,
    "UsePhilipsFloatNotDisplayScaling": 1,
    "dataset": "ds003495",
    "modality": "T1w",
    "session_id": "post",
    "subject_id": "15"
  },
  "cjv": 0.2827692089569227,
  "cnr": 4.71030676208992,
  "efc": 0.6805309372166334,
  "fber": -1.0,
  "fwhm_avg": 4.506073333333333,
  "fwhm_x": 4.42966,
  "fwhm_y": 4.74998,
  "fwhm_z": 4.33858,
  "icvs_csf": 0.2309276075550153,
  "icvs_gm": 0.4345359591991236,
  "icvs_wm": 0.33453643324586113,
  "inu_med": 0.5954328775405884,
  "inu_range": 0.23177800774574286,
  "provenance": {
    "md5sum": "ea2fadd34b200305d1cbe9bb1e5a0f90",
    "settings": {
      "testing": false
    },
    "software": "mriqc",
    "version": "22.0.6",
    "warnings": {
      "large_rot_frame": true,
      "small_air_mask": false
    },
    "webapi_port": null,
    "webapi_url": "https://mriqc.nimh.nih.gov/api/v1"
  },
  "qi_1": 0.03593344015358331,
  "qi_2": 2.4493204781860913e-05,
  "rpve_csf": 23.00131355319799,
  "rpve_gm": 12.692165236666254,
  "rpve_wm": 19.386008556073996,
  "size_x": 240,
  "size_y": 240,
  "size_z": 220,
  "snr_csf": 1.578955386815492,
  "snr_gm": 9.194117314776872,
  "snr_total": 11.746310518513392,
  "snr_wm": 24.465858853947818,
  "snrd_csf": 11.153029404922572,
  "snrd_gm": 44.89442921444369,
  "snrd_total": 42.6548719902109,
  "snrd_wm": 71.91715735126644,
  "spacing_x": 1.0,
  "spacing_y": 1.0,
  "spacing_z": 1.0,
  "summary_bg_k": 39.392835236632486,
  "summary_bg_mad": 0.0,
  "summary_bg_mean": 3.6421572141841523,
  "summary_bg_median": 0.0,
  "summary_bg_n": 502727.0,
  "summary_bg_p05": 0.0,
  "summary_bg_p95": 21.015845369547606,
  "summary_bg_stdv": 9.109597974421796,
  "summary_csf_k": 0.6789161532348067,
  "summary_csf_mad": 94.96489735778977,
  "summary_csf_mean": 172.2535243401555,
  "summary_csf_median": 155.08161976002157,
  "summary_csf_n": 47146.0,
  "summary_csf_p05": 41.72052218578756,
  "summary_csf_p95": 360.3810568153858,
  "summary_csf_stdv": 98.21681875930689,
  "summary_gm_k": 0.10561083991600473,
  "summary_gm_mad": 68.66856367239282,
  "summary_gm_mean": 626.081546897329,
  "summary_gm_median": 624.2519900202751,
  "summary_gm_n": 43414.0,
  "summary_gm_p05": 518.0956412572414,
  "summary_gm_p95": 738.1001860606484,
  "summary_gm_stdv": 67.89610998889255,
  "summary_wm_k": 0.7900799026410938,
  "summary_wm_mad": 37.581399963340566,
  "summary_wm_mean": 998.459457833182,
  "summary_wm_median": 999.9999861605465,
  "summary_wm_n": 215773.0,
  "summary_wm_p05": 928.1918584741652,
  "summary_wm_p95": 1061.7549759708345,
  "summary_wm_stdv": 40.87318883336322,
  "tpm_overlap_csf": 0.1588509466323403,
  "tpm_overlap_gm": 0.48345015696181903,
  "tpm_overlap_wm": 0.5203581780814165,
  "wm2max": 0.7153522139652752
}