{
  "aor": 0.0008468148148148149,
  "aqi": 0.010567087111111111,
  "bids_meta": {
    "AcquisitionNumber": 8,
    "BidsifyVersion": "0.3.7",
    "ConversionSoftware": "dcm2niix",
    "ConversionSoftwareVersion": "v1.0.20190902",
    "EchoTime": 0.02763,
    "EffectiveEchoSpacing": 0.0006621159151938905,
    "ImageComments": "upgrade2017",
    "ImageOrientationPatientDICOM": [
      0.998571,
      -0.000570456,
      -0.053442,
      -0.00662287,
      0.990915,
      -0.134326
    ],
    "InstitutionName": "Spinoza Centre for Neuroimaging, location REC",
    "MagneticFieldStrength": 3,
    "Manufacturer": "Philips",
    "ParallelAcquisitionTechnique": "SENSE",
    "PatientPosition": "HFS",
    "PhaseEncodingDirection": "j",
    "PhilipsRescaleIntercept": 0,
    "PhilipsRescaleSlope": 0.77582,
    "PhilipsScaleSlope": 0.053525,
    "ProtocolName": "WIPtask-harriri_acq-sequential_boldSENSE",
    "ReconMatrixPE": 80,
    "RepetitionTime": 2,
    "SeriesDescription": "ImageMRSERIES",
    "SeriesNumber": 8,
    "TaskName": "emomatching",
    "TotalReadoutTime": 0.025822520692561732,
    "UsePhilipsFloatNotDisplayScaling": 1,
    "acq_id": "seq",
    "dataset": "ds003495",
    "modality": "bold",
    "session_id": "pre",
    "subject_id": "19",
    "task_id": "emomatching"
  },
  "dummy_trs": 0,
  "dvars_nstd": 17.61073157313433,
  "dvars_std": 1.0641116030597015,
  "dvars_vstd": 0.9248215452238808,
  "efc": 0.4491682162207098,
  "fber": 148362.171875,
  "fd_mean": 0.09172160748720878,
  "fd_num": 1,
  "fd_perc": 0.7407407407407407,
  "fwhm_avg": 1.8107799499151769,
  "fwhm_x": 1.7544566666666668,
  "fwhm_y": 1.9743433333333333,
  "fwhm_z": 1.7035398497455307,
  "gcor": 0.0090272,
  "gsr_x": -0.01799129880964756,
  "gsr_y": 0.024908343330025673,
  "provenance": {
    "md5sum": "d11ee58970537b5b5ee957ff527f1f0d",
    "settings": {
      "fd_thres": 0.2,
      "testing": false
    },
    "software": "mriqc",
    "version": "22.0.6",
    "webapi_port": null,
    "webapi_url": "https://mriqc.nimh.nih.gov/api/v1"
  },
  "size_t": 135,
  "size_x": 80,
  "size_y": 80,
  "size_z": 36,
  "snr": 5.660966946020836,
  "spacing_tr": 2.0,
  "spacing_x": 3.0,
  "spacing_y": 3.0,
  "spacing_z": 3.2998054027557373,
  "summary_bg_k": 70.11261048083968,
  "summary_bg_mad": 72.71355572180329,
  "summary_bg_mean": 673.2406616210938,
  "summary_bg_median": 68.47734069824219,
  "summary_bg_n": 150892.0,
  "summary_bg_p05": 6.795067310333252,
  "summary_bg_p95": 3628.4971801757647,
  "summary_bg_stdv": 1950.8907470703125,
  "summary_fg_k": 1.8228316684239045,
  "summary_fg_mad": 4333.683928888829,
  "summary_fg_mean": 27505.41015625,
  "summary_fg_median": 27020.974609375,
  "summary_fg_n": 38587.0,
  "summary_fg_p05": 20636.75625,
  "summary_fg_p95": 35419.41875,
  "summary_fg_stdv": 4773.146484375,
  "tsnr": 69.23477172851562
}