{
  "aor": 0.001101777777777778,
  "aqi": 0.003992689925925926,
  "bids_meta": {
    "AcquisitionNumber": 8,
    "BidsifyVersion": "0.3.7",
    "ConversionSoftware": "dcm2niix",
    "ConversionSoftwareVersion": "v1.0.20190902",
    "EchoTime": 0.02763,
    "EffectiveEchoSpacing": 0.0006621159151938905,
    "ImageComments": "Upgrade2017",
    "ImageOrientationPatientDICOM": [
      0.999856,
      -0.0165866,
      0.00365937,
      0.0167543,
      0.99851,
      -0.0519333
    ],
    "InstitutionName": "Spinoza Centre for Neuroimaging, location REC",
    "MagneticFieldStrength": 3,
    "Manufacturer": "Philips",
    "ParallelAcquisitionTechnique": "SENSE",
    "PatientPosition": "HFS",
    "PhaseEncodingDirection": "j",
    "PhilipsRescaleIntercept": 0,
    "PhilipsRescaleSlope": 0.74432,
    "PhilipsScaleSlope": 0.0524216,
    "ProtocolName": "WIPtask-harriri_acq-sequential_boldSENSE",
    "ReconMatrixPE": 80,
    "RepetitionTime": 2,
    "SeriesDescription": "ImageMRSERIES",
    "SeriesNumber": 8,
    "TaskName": "emomatching",
    "TotalReadoutTime": 0.025822520692561732,
    "UsePhilipsFloatNotDisplayScaling": 1,
    "acq_id": "seq",
    "dataset": "ds003495",
    "modality": "bold",
    "session_id": "pre",
    "subject_id": "08",
    "task_id": "emomatching"
  },
  "dummy_trs": 0,
  "dvars_nstd": 20.441052693283577,
  "dvars_std": 1.1936572565671641,
  "dvars_vstd": 1.01534323597015,
  "efc": 0.4656766114964218,
  "fber": 138660.828125,
  "fd_mean": 0.1152992685191487,
  "fd_num": 9,
  "fd_perc": 6.666666666666667,
  "fwhm_avg": 1.8508421242298487,
  "fwhm_x": 1.81785,
  "fwhm_y": 2.026386666666667,
  "fwhm_z": 1.7082897060228797,
  "gcor": 0.0230051,
  "gsr_x": -0.007557188160717487,
  "gsr_y": 0.023192105814814568,
  "provenance": {
    "md5sum": "c006340ddf056ebcde172b22db92a317",
    "settings": {
      "fd_thres": 0.2,
      "testing": false
    },
    "software": "mriqc",
    "version": "22.0.6",
    "webapi_port": null,
    "webapi_url": "https://mriqc.nimh.nih.gov/api/v1"
  },
  "size_t": 135,
  "size_x": 80,
  "size_y": 80,
  "size_z": 36,
  "snr": 5.1017546471942765,
  "spacing_tr": 2.0,
  "spacing_x": 3.0,
  "spacing_y": 3.0,
  "spacing_z": 3.2998969554901123,
  "summary_bg_k": 47.08620594328592,
  "summary_bg_mad": 78.72110805232448,
  "summary_bg_mean": 826.27392578125,
  "summary_bg_median": 66.89783477783203,
  "summary_bg_n": 148497.0,
  "summary_bg_p05": 5.538145446777344,
  "summary_bg_p95": 4701.599609374974,
  "summary_bg_stdv": 2155.483154296875,
  "summary_fg_k": 3.665805959945531,
  "summary_fg_mad": 4103.6170756417805,
  "summary_fg_mean": 25945.271484375,
  "summary_fg_median": 25386.552734375,
  "summary_fg_n": 40453.0,
  "summary_fg_p05": 19126.4328125,
  "summary_fg_p95": 33880.74765625,
  "summary_fg_stdv": 4975.98193359375,
  "tsnr": 86.29853820800781
}