{
  "aor": 0.0013262083333333333,
  "aqi": 0.006765829333333333,
  "bids_meta": {
    "AcquisitionNumber": 10,
    "BidsifyVersion": "0.3.7",
    "ConversionSoftware": "dcm2niix",
    "ConversionSoftwareVersion": "v1.0.20190902",
    "EchoTime": 0.02763,
    "EffectiveEchoSpacing": 0.0006621159151938905,
    "ImageComments": "Upgrade2017",
    "ImageOrientationPatientDICOM": [
      0.999856,
      -0.0165866,
      0.00365937,
      0.0167543,
      0.99851,
      -0.0519333
    ],
    "InstitutionName": "Spinoza Centre for Neuroimaging, location REC",
    "MagneticFieldStrength": 3,
    "Manufacturer": "Philips",
    "ParallelAcquisitionTechnique": "SENSE",
    "PatientPosition": "HFS",
    "PhaseEncodingDirection": "j",
    "PhilipsRescaleIntercept": 0,
    "PhilipsRescaleSlope": 0.75092,
    "PhilipsScaleSlope": 0.0543947,
    "ProtocolName": "WIPtask-rest_acq-sequential_boldSENSE",
    "ReconMatrixPE": 80,
    "RepetitionTime": 2,
    "SeriesDescription": "ImageMRSERIES",
    "SeriesNumber": 10,
    "TaskName": "restingstate",
    "TotalReadoutTime": 0.025822520692561732,
    "UsePhilipsFloatNotDisplayScaling": 1,
    "acq_id": "seq",
    "dataset": "ds003495",
    "modality": "bold",
    "session_id": "pre",
    "subject_id": "08",
    "task_id": "restingstate"
  },
  "dummy_trs": 0,
  "dvars_nstd": 22.413352523179924,
  "dvars_std": 1.1843033066527204,
  "dvars_vstd": 0.9985859220083687,
  "efc": 0.4678995189071821,
  "fber": 135539.140625,
  "fd_mean": 0.1740069567144208,
  "fd_num": 74,
  "fd_perc": 30.833333333333332,
  "fwhm_avg": 1.8400514579870988,
  "fwhm_x": 1.8033566666666667,
  "fwhm_y": 2.01429,
  "fwhm_z": 1.7025077072946297,
  "gcor": 0.0197358,
  "gsr_x": -0.0081497672945261,
  "gsr_y": 0.02425493113696575,
  "provenance": {
    "md5sum": "1bc285a7399811aa29394fee7a171b36",
    "settings": {
      "fd_thres": 0.2,
      "testing": false
    },
    "software": "mriqc",
    "version": "22.0.6",
    "webapi_port": null,
    "webapi_url": "https://mriqc.nimh.nih.gov/api/v1"
  },
  "size_t": 240,
  "size_x": 80,
  "size_y": 80,
  "size_z": 36,
  "snr": 5.21160581025118,
  "spacing_tr": 2.0,
  "spacing_x": 3.0,
  "spacing_y": 3.0,
  "spacing_z": 3.2998969554901123,
  "summary_bg_k": 45.086721696485604,
  "summary_bg_mad": 76.8608747578447,
  "summary_bg_mean": 826.6590576171875,
  "summary_bg_median": 65.66395568847656,
  "summary_bg_n": 148384.0,
  "summary_bg_p05": 6.2035632133483904,
  "summary_bg_p95": 4705.264892578135,
  "summary_bg_stdv": 2129.77978515625,
  "summary_fg_k": 3.5433184048627666,
  "summary_fg_mad": 3906.598931613101,
  "summary_fg_mean": 25137.361328125,
  "summary_fg_median": 24605.23828125,
  "summary_fg_n": 40582.0,
  "summary_fg_p05": 18631.664453125,
  "summary_fg_p95": 32671.63515625,
  "summary_fg_stdv": 4721.18115234375,
  "tsnr": 69.9822769165039
}