{
  "bids_meta": {
    "AcquisitionNumber": 2,
    "BidsifyVersion": "0.3.7",
    "ConversionSoftware": "dcm2niix",
    "ConversionSoftwareVersion": "v1.0.20190902",
    "EchoTime": 0.00375,
    "ImageComments": "Upgrade_2017",
    "ImageOrientationPatientDICOM": [
      0.99872,
      0.0175473,
      0.0474451,
      -0.0137713,
      0.996798,
      -0.0787727
    ],
    "InstitutionName": "Spinoza Centre for Neuroimaging, location REC",
    "InversionTime": 0.9,
    "MagneticFieldStrength": 3,
    "Manufacturer": "Philips",
    "ParallelAcquisitionTechnique": "SENSE",
    "PatientPosition": "HFS",
    "PhilipsRescaleIntercept": 0,
    "PhilipsRescaleSlope": 2.6,
    "PhilipsScaleSlope": 0.00509197,
    "ProtocolName": "T1w",
    "ReconMatrixPE": 240,
    "RepetitionTime": 0.008203,
    "SeriesDescription": "ImageMRSERIES",
    "SeriesNumber": 2,
    "UsePhilipsFloatNotDisplayScaling": 1,
    "dataset": "ds003495",
    "modality": "T1w",
    "session_id": "post",
    "subject_id": "11"
  },
  "cjv": 0.26182124284247865,
  "cnr": 4.888234691735887,
  "efc": 0.6782843952268381,
  "fber": -1.0,
  "fwhm_avg": 4.241103501879185,
  "fwhm_x": 4.24012,
  "fwhm_y": 4.42783026391925,
  "fwhm_z": 4.055360241718307,
  "icvs_csf": 0.21941274912065248,
  "icvs_gm": 0.4588198023679122,
  "icvs_wm": 0.32176744851143535,
  "inu_med": 0.5906979441642761,
  "inu_range": 0.21347440034151077,
  "provenance": {
    "md5sum": "fd24110f98e7c0d88caca84d36bc2361",
    "settings": {
      "testing": false
    },
    "software": "mriqc",
    "version": "22.0.6",
    "warnings": {
      "large_rot_frame": true,
      "small_air_mask": false
    },
    "webapi_port": null,
    "webapi_url": "https://mriqc.nimh.nih.gov/api/v1"
  },
  "qi_1": 0.0,
  "qi_2": 5.86536131511949e-05,
  "rpve_csf": 25.960549263884847,
  "rpve_gm": 13.523559671671741,
  "rpve_wm": 22.308873043465947,
  "size_x": 240,
  "size_y": 240,
  "size_z": 220,
  "snr_csf": 1.6336201569271365,
  "snr_gm": 8.243215005413422,
  "snr_total": 11.467715620368857,
  "snr_wm": 24.526311698766012,
  "snrd_csf": 13.864701181438662,
  "snrd_gm": 49.3530650637674,
  "snrd_total": 48.78468685673263,
  "snrd_wm": 83.1362943249918,
  "spacing_x": 1.0,
  "spacing_y": 0.9999999403953552,
  "spacing_z": 0.9999999403953552,
  "summary_bg_k": 479.22797018645315,
  "summary_bg_mad": 0.0,
  "summary_bg_mean": 3.26236196031979,
  "summary_bg_median": 0.0,
  "summary_bg_n": 461394.0,
  "summary_bg_p05": 0.0,
  "summary_bg_p95": 16.162731869146228,
  "summary_bg_stdv": 7.880080103428801,
  "summary_csf_k": 0.9663568402354907,
  "summary_csf_mad": 101.1569167025844,
  "summary_csf_mean": 182.72442792183736,
  "summary_csf_median": 166.7667312026024,
  "summary_csf_n": 28151.0,
  "summary_csf_p05": 45.95451327133924,
  "summary_csf_p95": 369.3292303858325,
  "summary_csf_stdv": 102.08234054010586,
  "summary_gm_k": 0.24797721777091875,
  "summary_gm_mad": 70.28643209113045,
  "summary_gm_mean": 596.2790549078197,
  "summary_gm_median": 593.6261609829962,
  "summary_gm_n": 41938.0,
  "summary_gm_p05": 481.0081839339808,
  "summary_gm_p95": 716.9516476959922,
  "summary_gm_stdv": 72.0130535386052,
  "summary_wm_k": 1.237297017803657,
  "summary_wm_mad": 36.10458061824026,
  "summary_wm_mean": 998.5987189069998,
  "summary_wm_median": 999.9759726114571,
  "summary_wm_n": 174917.0,
  "summary_wm_p05": 929.8974412679672,
  "summary_wm_p95": 1062.5375127587467,
  "summary_wm_stdv": 40.771442785984135,
  "tpm_overlap_csf": 0.1484441217461713,
  "tpm_overlap_gm": 0.4978753479731561,
  "tpm_overlap_wm": 0.5165443836018936,
  "wm2max": 0.6978864622965657
}