{
  "bids_meta": {
    "AcquisitionNumber": 2,
    "BidsifyVersion": "0.3.7",
    "ConversionSoftware": "dcm2niix",
    "ConversionSoftwareVersion": "v1.0.20190902",
    "EchoTime": 0.00389,
    "ImageComments": "Upgrade_2017",
    "ImageOrientationPatientDICOM": [
      0.999086,
      0.041149,
      -0.0116015,
      -0.0427475,
      0.957039,
      -0.286792
    ],
    "InstitutionName": "Spinoza Centre for Neuroimaging, location REC",
    "InversionTime": 0.9,
    "MagneticFieldStrength": 3,
    "Manufacturer": "Philips",
    "ParallelAcquisitionTechnique": "SENSE",
    "PatientPosition": "HFS",
    "PhilipsRescaleIntercept": 0,
    "PhilipsRescaleSlope": 3.04444,
    "PhilipsScaleSlope": 0.00494614,
    "ProtocolName": "T1w",
    "ReconMatrixPE": 240,
    "RepetitionTime": 0.008406,
    "SeriesDescription": "ImageMRSERIES",
    "SeriesNumber": 2,
    "UsePhilipsFloatNotDisplayScaling": 1,
    "dataset": "ds003495",
    "modality": "T1w",
    "session_id": "post",
    "subject_id": "13"
  },
  "cjv": 0.28632907002235847,
  "cnr": 4.420194116304774,
  "efc": 0.7178553286697489,
  "fber": 11391.929936131135,
  "fwhm_avg": 4.193420080781384,
  "fwhm_x": 4.09228,
  "fwhm_y": 4.42212,
  "fwhm_z": 4.065860242344155,
  "icvs_csf": 0.2375152676220848,
  "icvs_gm": 0.4276538017552086,
  "icvs_wm": 0.3348309306227066,
  "inu_med": 0.5941134691238403,
  "inu_range": 0.2124708890914917,
  "provenance": {
    "md5sum": "432ff684b11cf1f1c2ab5b7fec5cc242",
    "settings": {
      "testing": false
    },
    "software": "mriqc",
    "version": "22.0.6",
    "warnings": {
      "large_rot_frame": true,
      "small_air_mask": false
    },
    "webapi_port": null,
    "webapi_url": "https://mriqc.nimh.nih.gov/api/v1"
  },
  "qi_1": 0.0,
  "qi_2": 0.00011330432440694376,
  "rpve_csf": 22.88820392565256,
  "rpve_gm": 13.05675708993504,
  "rpve_wm": 19.91985143794973,
  "size_x": 240,
  "size_y": 240,
  "size_z": 220,
  "snr_csf": 1.3235304966503212,
  "snr_gm": 7.8599535589925456,
  "snr_total": 11.365488761543482,
  "snr_wm": 24.912982228987577,
  "snrd_csf": 13.955299320306164,
  "snrd_gm": 61.988068064776655,
  "snrd_total": 59.08659373385617,
  "snrd_wm": 101.31641381648566,
  "spacing_x": 1.0,
  "spacing_y": 1.0,
  "spacing_z": 0.9999999403953552,
  "summary_bg_k": 308.93096493698624,
  "summary_bg_mad": 0.0,
  "summary_bg_mean": 2.7770450695328535,
  "summary_bg_median": 0.0,
  "summary_bg_n": 384198.0,
  "summary_bg_p05": 0.0,
  "summary_bg_p95": 16.005277913063765,
  "summary_bg_stdv": 6.466399443533668,
  "summary_csf_k": 1.6839872468228885,
  "summary_csf_mad": 91.04142647528215,
  "summary_csf_mean": 162.19718309662213,
  "summary_csf_median": 137.74313220754266,
  "summary_csf_n": 39499.0,
  "summary_csf_p05": 37.41080990061164,
  "summary_csf_p95": 364.6808681376278,
  "summary_csf_stdv": 104.0711860565489,
  "summary_gm_k": 0.34641066362456163,
  "summary_gm_mad": 75.02856913263405,
  "summary_gm_mean": 611.4566744679008,
  "summary_gm_median": 611.8414559774101,
  "summary_gm_n": 33033.0,
  "summary_gm_p05": 484.5811699144542,
  "summary_gm_p95": 739.869017958641,
  "summary_gm_stdv": 77.84170609294478,
  "summary_wm_k": 1.2275748260823303,
  "summary_wm_mad": 36.11949948104111,
  "summary_wm_mean": 999.7272109337886,
  "summary_wm_median": 1000.0244253315032,
  "summary_wm_n": 199979.0,
  "summary_wm_p05": 934.1706482693553,
  "summary_wm_p95": 1063.7034394405782,
  "summary_wm_stdv": 40.14059480366832,
  "tpm_overlap_csf": 0.15679968591363225,
  "tpm_overlap_gm": 0.4644879621174972,
  "tpm_overlap_wm": 0.5023923773916521,
  "wm2max": 0.7459218012765578
}