{
  "bids_meta": {
    "AcquisitionNumber": 2,
    "BidsifyVersion": "0.3.7",
    "ConversionSoftware": "dcm2niix",
    "ConversionSoftwareVersion": "v1.0.20190902",
    "EchoTime": 0.00375,
    "ImageComments": "Upgrade2017",
    "ImageOrientationPatientDICOM": [
      0.998669,
      0.0372644,
      -0.0356587,
      -0.0390632,
      0.997926,
      -0.0511556
    ],
    "InstitutionName": "Spinoza Centre for Neuroimaging, location REC",
    "MagneticFieldStrength": 3,
    "Manufacturer": "Philips",
    "ParallelAcquisitionTechnique": "SENSE",
    "PatientPosition": "HFS",
    "PhilipsRescaleIntercept": 0,
    "PhilipsRescaleSlope": 12.2952,
    "PhilipsScaleSlope": 0.00518762,
    "ProtocolName": "WIPT1wSENSE",
    "ReconMatrixPE": 240,
    "RepetitionTime": 0.008176,
    "SeriesDescription": "ImageMRSERIES",
    "SeriesNumber": 2,
    "UsePhilipsFloatNotDisplayScaling": 1,
    "dataset": "ds003495",
    "modality": "T1w",
    "session_id": "pre",
    "subject_id": "12"
  },
  "cjv": 0.2838313304631885,
  "cnr": 4.592022557727829,
  "efc": 0.76179922465874,
  "fber": 304.435100296561,
  "fwhm_avg": 3.568866735645537,
  "fwhm_x": 3.50816,
  "fwhm_y": 3.72662,
  "fwhm_z": 3.47182020693661,
  "icvs_csf": 0.23000490603514795,
  "icvs_gm": 0.46978437881539464,
  "icvs_wm": 0.3002107151494574,
  "inu_med": 0.7527005076408386,
  "inu_range": 0.2710437893867492,
  "provenance": {
    "md5sum": "72fcb32e4b585f2baaa6ff614ee3c116",
    "settings": {
      "testing": false
    },
    "software": "mriqc",
    "version": "22.0.6",
    "warnings": {
      "large_rot_frame": true,
      "small_air_mask": true
    },
    "webapi_port": null,
    "webapi_url": "https://mriqc.nimh.nih.gov/api/v1"
  },
  "qi_1": 0.0,
  "qi_2": 0.0002508455080901706,
  "rpve_csf": 27.8493337843305,
  "rpve_gm": 14.17452183474283,
  "rpve_wm": 24.3882935286992,
  "size_x": 240,
  "size_y": 240,
  "size_z": 220,
  "snr_csf": 1.3814837270118387,
  "snr_gm": 6.962290327687646,
  "snr_total": 8.162075047396897,
  "snr_wm": 16.142451087491203,
  "snrd_csf": 9.883097541456861,
  "snrd_gm": 38.5084656457666,
  "snrd_total": 39.8365996246861,
  "snrd_wm": 71.11823568683484,
  "spacing_x": 1.0,
  "spacing_y": 1.0,
  "spacing_z": 0.9999999403953552,
  "summary_bg_k": 1079.3615848089598,
  "summary_bg_mad": 0.0,
  "summary_bg_mean": 2.5110258410860444,
  "summary_bg_median": 0.0,
  "summary_bg_n": 86570.0,
  "summary_bg_p05": 0.0,
  "summary_bg_p95": 21.620319794863462,
  "summary_bg_stdv": 9.211932509810678,
  "summary_csf_k": 1.4715869763921,
  "summary_csf_mad": 91.66540083514934,
  "summary_csf_mean": 159.18561121094578,
  "summary_csf_median": 138.96713346987963,
  "summary_csf_n": 14731.0,
  "summary_csf_p05": 28.14493746124208,
  "summary_csf_p95": 352.47381046414375,
  "summary_csf_stdv": 100.5892533126001,
  "summary_gm_k": 0.12734080956491312,
  "summary_gm_mad": 75.1741955447136,
  "summary_gm_mean": 544.6622031141734,
  "summary_gm_median": 541.471038069576,
  "summary_gm_n": 26708.0,
  "summary_gm_p05": 420.03971743108707,
  "summary_gm_p95": 676.4174661878496,
  "summary_gm_stdv": 77.7705145319192,
  "summary_wm_k": 1.1148509399941,
  "summary_wm_mad": 54.970684301452486,
  "summary_wm_mean": 996.88226266979,
  "summary_wm_median": 999.9999807123095,
  "summary_wm_n": 136414.0,
  "summary_wm_p05": 889.081480383873,
  "summary_wm_p95": 1091.898377880454,
  "summary_wm_stdv": 61.948232642787204,
  "tpm_overlap_csf": 0.16380266514750322,
  "tpm_overlap_gm": 0.4823779710083678,
  "tpm_overlap_wm": 0.5008338097079768,
  "wm2max": 0.723782804168264
}