{
  "aor": 0.002150666666666667,
  "aqi": 0.00432974562962963,
  "bids_meta": {
    "AcquisitionNumber": 8,
    "BidsifyVersion": "0.3.7",
    "ConversionSoftware": "dcm2niix",
    "ConversionSoftwareVersion": "v1.0.20190902",
    "EchoTime": 0.02763,
    "EffectiveEchoSpacing": 0.0006621159151938905,
    "ImageComments": "Upgrade2017",
    "ImageOrientationPatientDICOM": [
      0.998051,
      0.0426934,
      -0.0455045,
      -0.044274,
      0.99843,
      -0.034312
    ],
    "InstitutionName": "Spinoza Centre for Neuroimaging, location REC",
    "MagneticFieldStrength": 3,
    "Manufacturer": "Philips",
    "ParallelAcquisitionTechnique": "SENSE",
    "PatientPosition": "HFS",
    "PhaseEncodingDirection": "j",
    "PhilipsRescaleIntercept": 0,
    "PhilipsRescaleSlope": 0.77021,
    "PhilipsScaleSlope": 0.0495759,
    "ProtocolName": "WIPtask-harriri_acq-sequential_boldSENSE",
    "ReconMatrixPE": 80,
    "RepetitionTime": 2,
    "SeriesDescription": "ImageMRSERIES",
    "SeriesNumber": 8,
    "TaskName": "emomatching",
    "TotalReadoutTime": 0.025822520692561732,
    "UsePhilipsFloatNotDisplayScaling": 1,
    "acq_id": "seq",
    "dataset": "ds003495",
    "modality": "bold",
    "session_id": "pre",
    "subject_id": "24",
    "task_id": "emomatching"
  },
  "dummy_trs": 0,
  "dvars_nstd": 21.534397423805977,
  "dvars_std": 1.307810209253731,
  "dvars_vstd": 1.0137359488805973,
  "efc": 0.451817506305267,
  "fber": 160595.984375,
  "fd_mean": 0.08516103726446926,
  "fd_num": 1,
  "fd_perc": 0.7407407407407407,
  "fwhm_avg": 1.8457492432661073,
  "fwhm_x": 1.7785166666666665,
  "fwhm_y": 1.9819733333333334,
  "fwhm_z": 1.7767577297983224,
  "gcor": 0.0108751,
  "gsr_x": -0.015026731416583061,
  "gsr_y": 0.02431204542517662,
  "provenance": {
    "md5sum": "ea92c713418860227be95d79eedcee59",
    "settings": {
      "fd_thres": 0.2,
      "testing": false
    },
    "software": "mriqc",
    "version": "22.0.6",
    "webapi_port": null,
    "webapi_url": "https://mriqc.nimh.nih.gov/api/v1"
  },
  "size_t": 135,
  "size_x": 80,
  "size_y": 80,
  "size_z": 36,
  "snr": 5.3459613691156145,
  "spacing_tr": 2.0,
  "spacing_x": 3.0,
  "spacing_y": 3.0,
  "spacing_z": 3.299999713897705,
  "summary_bg_k": 42.48611912033289,
  "summary_bg_mad": 76.49522099528697,
  "summary_bg_mean": 830.57177734375,
  "summary_bg_median": 67.16551208496094,
  "summary_bg_n": 151290.0,
  "summary_bg_p05": 4.396689844131471,
  "summary_bg_p95": 4548.98195800781,
  "summary_bg_stdv": 2290.042724609375,
  "summary_fg_k": 2.2326593731626003,
  "summary_fg_mad": 4591.320812843673,
  "summary_fg_mean": 28048.134765625,
  "summary_fg_median": 27493.5703125,
  "summary_fg_n": 38056.0,
  "summary_fg_p05": 20778.90087890625,
  "summary_fg_p95": 36528.060546875,
  "summary_fg_stdv": 5142.7998046875,
  "tsnr": 84.33712768554688
}