{
  "bids_meta": {
    "AcquisitionNumber": 2,
    "BidsifyVersion": "0.3.7",
    "ConversionSoftware": "dcm2niix",
    "ConversionSoftwareVersion": "v1.0.20190902",
    "EchoTime": 0.00374,
    "ImageComments": "Upgrade2017",
    "ImageOrientationPatientDICOM": [
      0.999571,
      -0.0206756,
      0.0207434,
      0.0195418,
      0.998379,
      0.0534488
    ],
    "InstitutionName": "Spinoza Centre for Neuroimaging, location REC",
    "MagneticFieldStrength": 3,
    "Manufacturer": "Philips",
    "ParallelAcquisitionTechnique": "SENSE",
    "PatientPosition": "HFS",
    "PhilipsRescaleIntercept": 0,
    "PhilipsRescaleSlope": 11.6469,
    "PhilipsScaleSlope": 0.00488411,
    "ProtocolName": "WIPT1wSENSE",
    "ReconMatrixPE": 240,
    "RepetitionTime": 0.008156,
    "SeriesDescription": "ImageMRSERIES",
    "SeriesNumber": 2,
    "UsePhilipsFloatNotDisplayScaling": 1,
    "dataset": "ds003495",
    "modality": "T1w",
    "session_id": "pre",
    "subject_id": "14"
  },
  "cjv": 0.32027697579803033,
  "cnr": 4.064272202066341,
  "efc": 0.7628765621626729,
  "fber": -1.0,
  "fwhm_avg": 3.7526333333333333,
  "fwhm_x": 3.76119,
  "fwhm_y": 3.87713,
  "fwhm_z": 3.61958,
  "icvs_csf": 0.21010872330410718,
  "icvs_gm": 0.4425224683086463,
  "icvs_wm": 0.34736880838724654,
  "inu_med": 0.6492465138435364,
  "inu_range": 0.23442764580249786,
  "provenance": {
    "md5sum": "53198facf928258d13d2d4047fc97e07",
    "settings": {
      "testing": false
    },
    "software": "mriqc",
    "version": "22.0.6",
    "warnings": {
      "large_rot_frame": true,
      "small_air_mask": true
    },
    "webapi_port": null,
    "webapi_url": "https://mriqc.nimh.nih.gov/api/v1"
  },
  "qi_1": 0.0,
  "qi_2": 0.00027696071717961835,
  "rpve_csf": 24.194885682335663,
  "rpve_gm": 12.36323969657534,
  "rpve_wm": 18.6048017161016,
  "size_x": 240,
  "size_y": 240,
  "size_z": 220,
  "snr_csf": 1.5669187737857433,
  "snr_gm": 6.58303764486562,
  "snr_total": 9.340778147057863,
  "snr_wm": 19.872378022522227,
  "snrd_csf": 12.686328691683293,
  "snrd_gm": 43.707141856960256,
  "snrd_total": 43.74590025596276,
  "snrd_wm": 74.84423021924474,
  "spacing_x": 1.0,
  "spacing_y": 1.0,
  "spacing_z": 1.0,
  "summary_bg_k": 934.3127145534464,
  "summary_bg_mad": 0.0,
  "summary_bg_mean": 1.8175550980695485,
  "summary_bg_median": 0.0,
  "summary_bg_n": 55725.0,
  "summary_bg_p05": 0.0,
  "summary_bg_p95": 11.6043685041368,
  "summary_bg_stdv": 8.753125872838515,
  "summary_csf_k": 1.0639082661467052,
  "summary_csf_mad": 104.03062652836928,
  "summary_csf_mean": 187.73513726760453,
  "summary_csf_median": 169.49910263344646,
  "summary_csf_n": 19774.0,
  "summary_csf_p05": 40.697673719376326,
  "summary_csf_p95": 389.77849815208464,
  "summary_csf_stdv": 108.17077407364403,
  "summary_gm_k": 0.06886480672107043,
  "summary_gm_mad": 87.17494299492334,
  "summary_gm_mean": 585.7105818876408,
  "summary_gm_median": 583.9610105864704,
  "summary_gm_n": 35351.0,
  "summary_gm_p05": 440.7659278381616,
  "summary_gm_p95": 733.570272680372,
  "summary_gm_stdv": 88.70566789391461,
  "summary_wm_k": 0.9182088577580294,
  "summary_wm_mad": 46.06522207898271,
  "summary_wm_mean": 999.0293315070099,
  "summary_wm_median": 999.9764445461333,
  "summary_wm_n": 210056.0,
  "summary_wm_p05": 915.8271191865206,
  "summary_wm_p95": 1079.276885703206,
  "summary_wm_stdv": 50.31979882570805,
  "tpm_overlap_csf": 0.1647663641262389,
  "tpm_overlap_gm": 0.4753150518459987,
  "tpm_overlap_wm": 0.5144470872467078,
  "wm2max": 0.7472560200651247
}