{
  "aor": 0.002528958333333333,
  "aqi": 0.007057736958333334,
  "bids_meta": {
    "AcquisitionNumber": 3,
    "BidsifyVersion": "0.3.7",
    "ConversionSoftware": "dcm2niix",
    "ConversionSoftwareVersion": "v1.0.20190902",
    "EchoTime": 0.02763,
    "EffectiveEchoSpacing": 0.0006621159151938905,
    "ImageComments": "Upgrade2017",
    "ImageOrientationPatientDICOM": [
      0.997971,
      0.0589787,
      -0.0239979,
      -0.0545722,
      0.986426,
      0.154872
    ],
    "InstitutionName": "Spinoza Centre for Neuroimaging, location REC",
    "MagneticFieldStrength": 3,
    "Manufacturer": "Philips",
    "ParallelAcquisitionTechnique": "SENSE",
    "PatientPosition": "HFS",
    "PhaseEncodingDirection": "j",
    "PhilipsRescaleIntercept": 0,
    "PhilipsRescaleSlope": 0.74725,
    "PhilipsScaleSlope": 0.0486958,
    "ProtocolName": "WIPtask-rest_acq-sequential_boldSENSE",
    "ReconMatrixPE": 80,
    "RepetitionTime": 2,
    "SeriesDescription": "ImageMRSERIES",
    "SeriesNumber": 3,
    "TaskName": "restingstate",
    "TotalReadoutTime": 0.025822520692561732,
    "UsePhilipsFloatNotDisplayScaling": 1,
    "acq_id": "seq",
    "dataset": "ds003495",
    "modality": "bold",
    "session_id": "pre",
    "subject_id": "15",
    "task_id": "restingstate"
  },
  "dummy_trs": 0,
  "dvars_nstd": 17.48877551648535,
  "dvars_std": 1.1025623776150622,
  "dvars_vstd": 0.9731959325104601,
  "efc": 0.4391206862579491,
  "fber": 146062.734375,
  "fd_mean": 0.12624058611305156,
  "fd_num": 21,
  "fd_perc": 8.75,
  "fwhm_avg": 1.965171524155812,
  "fwhm_x": 1.91822,
  "fwhm_y": 2.10784,
  "fwhm_z": 1.8694545724674365,
  "gcor": 0.0568032,
  "gsr_x": -0.01583854667842388,
  "gsr_y": 0.01717025227844715,
  "provenance": {
    "md5sum": "62d9ebee56f0265ec5be49e57750817c",
    "settings": {
      "fd_thres": 0.2,
      "testing": false
    },
    "software": "mriqc",
    "version": "22.0.6",
    "webapi_port": null,
    "webapi_url": "https://mriqc.nimh.nih.gov/api/v1"
  },
  "size_t": 240,
  "size_x": 80,
  "size_y": 80,
  "size_z": 36,
  "snr": 5.227971309866018,
  "spacing_tr": 2.0,
  "spacing_x": 3.0,
  "spacing_y": 3.0,
  "spacing_z": 3.299999952316284,
  "summary_bg_k": 38.94877616655775,
  "summary_bg_mad": 77.10401379602261,
  "summary_bg_mean": 592.6464233398438,
  "summary_bg_median": 72.63458251953125,
  "summary_bg_n": 151635.0,
  "summary_bg_p05": 6.566120767593384,
  "summary_bg_p95": 2945.9049560546823,
  "summary_bg_stdv": 1663.9375,
  "summary_fg_k": 2.422035218958108,
  "summary_fg_mad": 4677.389925618365,
  "summary_fg_mean": 28892.806640625,
  "summary_fg_median": 28298.99609375,
  "summary_fg_n": 38211.0,
  "summary_fg_p05": 21235.455078125,
  "summary_fg_p95": 38009.89453125,
  "summary_fg_stdv": 5412.9267578125,
  "tsnr": 67.20183563232422
}