{
  "aor": 0.004769407407407407,
  "aqi": 0.003812503925925926,
  "bids_meta": {
    "AcquisitionNumber": 8,
    "BidsifyVersion": "0.3.7",
    "ConversionSoftware": "dcm2niix",
    "ConversionSoftwareVersion": "v1.0.20190902",
    "EchoTime": 0.02763,
    "EffectiveEchoSpacing": 0.0006621159151938905,
    "ImageComments": "Upgrade2017",
    "ImageOrientationPatientDICOM": [
      0.997971,
      0.0589787,
      -0.0239979,
      -0.0545722,
      0.986426,
      0.154872
    ],
    "InstitutionName": "Spinoza Centre for Neuroimaging, location REC",
    "MagneticFieldStrength": 3,
    "Manufacturer": "Philips",
    "ParallelAcquisitionTechnique": "SENSE",
    "PatientPosition": "HFS",
    "PhaseEncodingDirection": "j",
    "PhilipsRescaleIntercept": 0,
    "PhilipsRescaleSlope": 0.76386,
    "PhilipsScaleSlope": 0.0502199,
    "ProtocolName": "WIPtask-harriri_acq-sequential_boldSENSE",
    "ReconMatrixPE": 80,
    "RepetitionTime": 2,
    "SeriesDescription": "ImageMRSERIES",
    "SeriesNumber": 8,
    "TaskName": "emomatching",
    "TotalReadoutTime": 0.025822520692561732,
    "UsePhilipsFloatNotDisplayScaling": 1,
    "acq_id": "seq",
    "dataset": "ds003495",
    "modality": "bold",
    "session_id": "pre",
    "subject_id": "15",
    "task_id": "emomatching"
  },
  "dummy_trs": 0,
  "dvars_nstd": 17.57825688500001,
  "dvars_std": 1.2393661425373135,
  "dvars_vstd": 1.054625768358209,
  "efc": 0.4397841724647743,
  "fber": 155666.875,
  "fd_mean": 0.11634138235196709,
  "fd_num": 11,
  "fd_perc": 8.148148148148149,
  "fwhm_avg": 1.9669936453510901,
  "fwhm_x": 1.9156233333333335,
  "fwhm_y": 2.1194,
  "fwhm_z": 1.865957602719937,
  "gcor": 0.0809101,
  "gsr_x": -0.01616404764354229,
  "gsr_y": 0.017325282096862793,
  "provenance": {
    "md5sum": "5fac71e2f0f1b7bbba0ddcc9660f06d9",
    "settings": {
      "fd_thres": 0.2,
      "testing": false
    },
    "software": "mriqc",
    "version": "22.0.6",
    "webapi_port": null,
    "webapi_url": "https://mriqc.nimh.nih.gov/api/v1"
  },
  "size_t": 135,
  "size_x": 80,
  "size_y": 80,
  "size_z": 36,
  "snr": 5.1979547485419655,
  "spacing_tr": 2.0,
  "spacing_x": 3.0,
  "spacing_y": 3.0,
  "spacing_z": 3.299999952316284,
  "summary_bg_k": 37.43140447835505,
  "summary_bg_mad": 70.04275763582172,
  "summary_bg_mean": 581.8325805664062,
  "summary_bg_median": 69.42318725585938,
  "summary_bg_n": 151494.0,
  "summary_bg_p05": 6.295456981658936,
  "summary_bg_p95": 2949.104162597658,
  "summary_bg_stdv": 1614.41845703125,
  "summary_fg_k": 2.42161188147061,
  "summary_fg_mad": 4668.504447283434,
  "summary_fg_mean": 28415.97265625,
  "summary_fg_median": 27835.71484375,
  "summary_fg_n": 38384.0,
  "summary_fg_p05": 20821.76484375,
  "summary_fg_p95": 37365.510937499996,
  "summary_fg_stdv": 5355.05859375,
  "tsnr": 86.69181060791016
}