{
  "aor": 0.0007659148264984227,
  "aqi": 0.028057515141955838,
  "bids_meta": {
    "AcquisitionNumber": 10,
    "BidsifyVersion": "0.3.7",
    "ConversionSoftware": "dcm2niix",
    "ConversionSoftwareVersion": "v1.0.20190902",
    "EchoTime": 0.02763,
    "EffectiveEchoSpacing": 0.0006333282667071997,
    "ImageComments": "Upgrade2017",
    "ImageOrientationPatientDICOM": [
      0.997971,
      0.0589787,
      -0.0239979,
      -0.0545722,
      0.986426,
      0.154872
    ],
    "InstitutionName": "Spinoza Centre for Neuroimaging, location REC",
    "MagneticFieldStrength": 3,
    "Manufacturer": "Philips",
    "ParallelAcquisitionTechnique": "SENSE",
    "PatientPosition": "HFS",
    "PhaseEncodingDirection": "j",
    "PhilipsRescaleIntercept": 0,
    "PhilipsRescaleSlope": 0.78803,
    "PhilipsScaleSlope": 0.0840453,
    "ProtocolName": "WIPtask-rest_acq-multiband_boldSENSE",
    "ReconMatrixPE": 80,
    "RepetitionTime": 0.761525,
    "SeriesDescription": "ImageMRSERIES",
    "SeriesNumber": 10,
    "TaskName": "restingstate",
    "TotalReadoutTime": 0.024699802401580786,
    "UsePhilipsFloatNotDisplayScaling": 1,
    "acq_id": "mb3",
    "dataset": "ds003495",
    "modality": "bold",
    "session_id": "pre",
    "subject_id": "15",
    "task_id": "restingstate"
  },
  "dummy_trs": 3,
  "dvars_nstd": 38.32551314375986,
  "dvars_std": 1.1212253112638233,
  "dvars_vstd": 0.9925366624960507,
  "efc": 0.45188238435678185,
  "fber": 139562.328125,
  "fd_mean": 0.1184839041699628,
  "fd_num": 64,
  "fd_perc": 10.094637223974763,
  "fwhm_avg": 1.9855253623295763,
  "fwhm_x": 1.9582433333333331,
  "fwhm_y": 2.172493333333333,
  "fwhm_z": 1.825839420322063,
  "gcor": 0.0348018,
  "gsr_x": -0.023746315389871597,
  "gsr_y": 0.03446588292717934,
  "provenance": {
    "md5sum": "e45dc3bb0e7660f4622e5197f485d959",
    "settings": {
      "fd_thres": 0.2,
      "testing": false
    },
    "software": "mriqc",
    "version": "22.0.6",
    "webapi_port": null,
    "webapi_url": "https://mriqc.nimh.nih.gov/api/v1"
  },
  "size_t": 634,
  "size_x": 80,
  "size_y": 80,
  "size_z": 36,
  "snr": 7.2864201225053975,
  "spacing_tr": 0.7615251541137695,
  "spacing_x": 3.0,
  "spacing_y": 3.0,
  "spacing_z": 3.299999952316284,
  "summary_bg_k": 24.37355906718222,
  "summary_bg_mad": 58.526947595499664,
  "summary_bg_mean": 566.0960693359375,
  "summary_bg_median": 55.0483283996582,
  "summary_bg_n": 152199.0,
  "summary_bg_p05": 5.256501722335815,
  "summary_bg_p95": 2995.7436279296917,
  "summary_bg_stdv": 1387.4393310546875,
  "summary_fg_k": 1.2586684581994936,
  "summary_fg_mad": 2716.518184809095,
  "summary_fg_mean": 20940.87109375,
  "summary_fg_median": 20965.12109375,
  "summary_fg_n": 37509.0,
  "summary_fg_p05": 16313.3357421875,
  "summary_fg_p95": 25509.377734375,
  "summary_fg_stdv": 2877.24853515625,
  "tsnr": 33.08130645751953
}