{
  "aor": 0.0007294819466248037,
  "aqi": 0.013715203924646783,
  "bids_meta": {
    "AcquisitionNumber": 10,
    "BidsifyVersion": "0.3.7",
    "ConversionSoftware": "dcm2niix",
    "ConversionSoftwareVersion": "v1.0.20190902",
    "EchoTime": 0.02763,
    "EffectiveEchoSpacing": 0.0006333282667071997,
    "ImageComments": "Upgrade_2017",
    "ImageOrientationPatientDICOM": [
      0.998024,
      0.0607531,
      0.0160264,
      -0.0524789,
      0.946273,
      -0.319083
    ],
    "InstitutionName": "Spinoza Centre for Neuroimaging, location REC",
    "MagneticFieldStrength": 3,
    "Manufacturer": "Philips",
    "ParallelAcquisitionTechnique": "SENSE",
    "PatientPosition": "HFS",
    "PhaseEncodingDirection": "j",
    "PhilipsRescaleIntercept": 0,
    "PhilipsRescaleSlope": 0.78632,
    "PhilipsScaleSlope": 0.043693,
    "ProtocolName": "task-rest_acq-multiband_bold",
    "ReconMatrixPE": 80,
    "RepetitionTime": 0.763994,
    "SeriesDescription": "ImageMRSERIES",
    "SeriesNumber": 10,
    "TaskName": "restingstate",
    "TotalReadoutTime": 0.024699802401580786,
    "UsePhilipsFloatNotDisplayScaling": 1,
    "acq_id": "mb3",
    "dataset": "ds003495",
    "modality": "bold",
    "session_id": "post",
    "subject_id": "01",
    "task_id": "restingstate"
  },
  "dummy_trs": 0,
  "dvars_nstd": 21.898672709874216,
  "dvars_std": 1.1451009292767298,
  "dvars_vstd": 1.0058192024842767,
  "efc": 0.4203869532190708,
  "fber": 1115355.375,
  "fd_mean": 0.12414778045052136,
  "fd_num": 93,
  "fd_perc": 14.599686028257457,
  "fwhm_avg": 1.7919375837076206,
  "fwhm_x": 1.7210633333333334,
  "fwhm_y": 2.0041766666666665,
  "fwhm_z": 1.6505727511228612,
  "gcor": 0.0308786,
  "gsr_x": -0.019445108249783516,
  "gsr_y": 0.01148483157157898,
  "provenance": {
    "md5sum": "44b5b4198973a307e65bf52874162c60",
    "settings": {
      "fd_thres": 0.2,
      "testing": false
    },
    "software": "mriqc",
    "version": "22.0.6",
    "webapi_port": null,
    "webapi_url": "https://mriqc.nimh.nih.gov/api/v1"
  },
  "size_t": 637,
  "size_x": 80,
  "size_y": 80,
  "size_z": 36,
  "snr": 9.68851092743961,
  "spacing_tr": 0.7639937400817871,
  "spacing_x": 3.0,
  "spacing_y": 3.0,
  "spacing_z": 3.299999952316284,
  "summary_bg_k": 44.65913643336579,
  "summary_bg_mad": 60.12358800166998,
  "summary_bg_mean": 1126.253662109375,
  "summary_bg_median": 41.45823287963867,
  "summary_bg_n": 158467.0,
  "summary_bg_p05": 0.33567443788051604,
  "summary_bg_p95": 5347.049804687469,
  "summary_bg_stdv": 3334.699951171875,
  "summary_fg_k": 4.365563944226195,
  "summary_fg_mad": 3790.5853080150373,
  "summary_fg_mean": 45552.890625,
  "summary_fg_median": 45822.7265625,
  "summary_fg_n": 31814.0,
  "summary_fg_p05": 37945.387890625,
  "summary_fg_p95": 52445.527929687494,
  "summary_fg_stdv": 4729.52001953125,
  "tsnr": 67.58126831054688
}