{
  "aor": 0.002210909090909091,
  "aqi": 0.005602492575757576,
  "bids_meta": {
    "AcquisitionNumber": 8,
    "BidsifyVersion": "0.3.7",
    "ConversionSoftware": "dcm2niix",
    "ConversionSoftwareVersion": "v1.0.20190902",
    "EchoTime": 0.02763,
    "EffectiveEchoSpacing": 0.0006621159151938905,
    "ImageComments": "Upgrade_2017",
    "ImageOrientationPatientDICOM": [
      0.998024,
      0.0607531,
      0.0160264,
      -0.0524789,
      0.946273,
      -0.319083
    ],
    "InstitutionName": "Spinoza Centre for Neuroimaging, location REC",
    "MagneticFieldStrength": 3,
    "Manufacturer": "Philips",
    "ParallelAcquisitionTechnique": "SENSE",
    "PatientPosition": "HFS",
    "PhaseEncodingDirection": "j",
    "PhilipsRescaleIntercept": 0,
    "PhilipsRescaleSlope": 0.7956,
    "PhilipsScaleSlope": 0.0252792,
    "ProtocolName": "task-harriri_acq-sequential_bold",
    "ReconMatrixPE": 80,
    "RepetitionTime": 2,
    "SeriesDescription": "ImageMRSERIES",
    "SeriesNumber": 8,
    "TaskName": "emomatching",
    "TotalReadoutTime": 0.025822520692561732,
    "UsePhilipsFloatNotDisplayScaling": 1,
    "acq_id": "seq",
    "dataset": "ds003495",
    "modality": "bold",
    "session_id": "post",
    "subject_id": "01",
    "task_id": "emomatching"
  },
  "dummy_trs": 0,
  "dvars_nstd": 27.313723556870215,
  "dvars_std": 1.3106522758778625,
  "dvars_vstd": 1.014616236717557,
  "efc": 0.4167734723079687,
  "fber": 128746.9921875,
  "fd_mean": 0.21438900204513606,
  "fd_num": 68,
  "fd_perc": 51.515151515151516,
  "fwhm_avg": 1.706915361281177,
  "fwhm_x": 1.6442633333333332,
  "fwhm_y": 1.8683100000000001,
  "fwhm_z": 1.6081727505101977,
  "gcor": 0.0439408,
  "gsr_x": -0.01741895265877247,
  "gsr_y": 0.012460128404200077,
  "provenance": {
    "md5sum": "80d964220058847a55404a70272e0a1d",
    "settings": {
      "fd_thres": 0.2,
      "testing": false
    },
    "software": "mriqc",
    "version": "22.0.6",
    "webapi_port": null,
    "webapi_url": "https://mriqc.nimh.nih.gov/api/v1"
  },
  "size_t": 132,
  "size_x": 80,
  "size_y": 80,
  "size_z": 36,
  "snr": 6.476941466933591,
  "spacing_tr": 2.0,
  "spacing_x": 3.0,
  "spacing_y": 3.0,
  "spacing_z": 3.299999952316284,
  "summary_bg_k": 72.42338687646347,
  "summary_bg_mad": 184.7750363393904,
  "summary_bg_mean": 1398.9764404296875,
  "summary_bg_median": 157.66415405273438,
  "summary_bg_n": 158265.0,
  "summary_bg_p05": 10.023871421813965,
  "summary_bg_p95": 6377.278417968747,
  "summary_bg_stdv": 4291.95263671875,
  "summary_fg_k": 2.688625317545859,
  "summary_fg_mad": 7820.657205638057,
  "summary_fg_mean": 59023.19140625,
  "summary_fg_median": 57937.62109375,
  "summary_fg_n": 32225.0,
  "summary_fg_p05": 46880.215625,
  "summary_fg_p95": 73887.865625,
  "summary_fg_stdv": 8945.07421875,
  "tsnr": 79.86019134521484
}