{
  "bids_meta": {
    "AcquisitionNumber": 2,
    "BidsifyVersion": "0.3.7",
    "ConversionSoftware": "dcm2niix",
    "ConversionSoftwareVersion": "v1.0.20190902",
    "EchoTime": 0.00377,
    "ImageComments": "Upgrade_2017",
    "ImageOrientationPatientDICOM": [
      0.997318,
      0.0715559,
      0.0153611,
      -0.0721885,
      0.996348,
      0.0455934
    ],
    "InstitutionName": "Spinoza Centre for Neuroimaging, location REC",
    "InversionTime": 0.9,
    "MagneticFieldStrength": 3,
    "Manufacturer": "Philips",
    "ParallelAcquisitionTechnique": "SENSE",
    "PatientPosition": "HFS",
    "PhilipsRescaleIntercept": 0,
    "PhilipsRescaleSlope": 4.21856,
    "PhilipsScaleSlope": 0.00491879,
    "ProtocolName": "T1w",
    "ReconMatrixPE": 240,
    "RepetitionTime": 0.008182,
    "SeriesDescription": "ImageMRSERIES",
    "SeriesNumber": 2,
    "UsePhilipsFloatNotDisplayScaling": 1,
    "dataset": "ds003495",
    "modality": "T1w",
    "session_id": "post",
    "subject_id": "14"
  },
  "cjv": 0.27225711529170427,
  "cnr": 4.675805039888122,
  "efc": 0.6973190863348607,
  "fber": -1.0,
  "fwhm_avg": 4.107400081409817,
  "fwhm_x": 4.0974902442294505,
  "fwhm_y": 4.23739,
  "fwhm_z": 3.98732,
  "icvs_csf": 0.20867596629875299,
  "icvs_gm": 0.4476271390502596,
  "icvs_wm": 0.3436968946509874,
  "inu_med": 0.5604442358016968,
  "inu_range": 0.20030853450298308,
  "provenance": {
    "md5sum": "cf616f0d14b1d0fc60af29cb0a3e7644",
    "settings": {
      "testing": false
    },
    "software": "mriqc",
    "version": "22.0.6",
    "warnings": {
      "large_rot_frame": true,
      "small_air_mask": false
    },
    "webapi_port": null,
    "webapi_url": "https://mriqc.nimh.nih.gov/api/v1"
  },
  "qi_1": 0.01562787885086903,
  "qi_2": 5.95832426487847e-05,
  "rpve_csf": 23.789269107267273,
  "rpve_gm": 12.154708705686305,
  "rpve_wm": 18.78162407373992,
  "size_x": 240,
  "size_y": 240,
  "size_z": 220,
  "snr_csf": 1.608547858022071,
  "snr_gm": 8.199081093711044,
  "snr_total": 12.153184647038577,
  "snr_wm": 26.651924989382614,
  "snrd_csf": 19.78936589293658,
  "snrd_gm": 70.84811656697737,
  "snrd_total": 68.9482070082923,
  "snrd_wm": 116.20713856496299,
  "spacing_x": 0.9999999403953552,
  "spacing_y": 1.0,
  "spacing_z": 1.0,
  "summary_bg_k": 28.758270511910123,
  "summary_bg_mad": 0.0,
  "summary_bg_mean": 2.524643167263843,
  "summary_bg_median": 0.0,
  "summary_bg_n": 302434.0,
  "summary_bg_p05": 0.0,
  "summary_bg_p95": 13.766124226152897,
  "summary_bg_stdv": 5.63766045633343,
  "summary_csf_k": 1.874866116401864,
  "summary_csf_mad": 100.17632007481693,
  "summary_csf_mean": 187.57613586258552,
  "summary_csf_median": 170.29388925805688,
  "summary_csf_n": 33073.0,
  "summary_csf_p05": 42.11542681418359,
  "summary_csf_p95": 380.9552046641707,
  "summary_csf_stdv": 105.86648937675297,
  "summary_gm_k": 0.22030786933984858,
  "summary_gm_mad": 72.97564100723197,
  "summary_gm_mean": 612.3119419264162,
  "summary_gm_median": 609.6709405481815,
  "summary_gm_n": 51826.0,
  "summary_gm_p05": 493.65544307930395,
  "summary_gm_p95": 736.1348272678442,
  "summary_gm_stdv": 74.35773004917687,
  "summary_wm_k": 1.4907765292299384,
  "summary_wm_mad": 33.29421850782666,
  "summary_wm_mean": 1000.2676327245171,
  "summary_wm_median": 999.999984478578,
  "summary_wm_n": 214730.0,
  "summary_wm_p05": 940.6769023817033,
  "summary_wm_p95": 1061.353322306648,
  "summary_wm_stdv": 37.52065400036618,
  "tpm_overlap_csf": 0.16885247677845547,
  "tpm_overlap_gm": 0.4902595209160103,
  "tpm_overlap_wm": 0.5271982433387055,
  "wm2max": 0.7484988880652335
}