{
  "aor": 0.0011794819466248037,
  "aqi": 0.00801144257456829,
  "bids_meta": {
    "AcquisitionNumber": 10,
    "BidsifyVersion": "0.3.7",
    "ConversionSoftware": "dcm2niix",
    "ConversionSoftwareVersion": "v1.0.20190902",
    "EchoTime": 0.02763,
    "EffectiveEchoSpacing": 0.0006333282667071997,
    "ImageComments": "Upgrade_2017",
    "ImageOrientationPatientDICOM": [
      0.999357,
      0.0342361,
      0.0106186,
      -0.0314061,
      0.979088,
      -0.200998
    ],
    "InstitutionName": "Spinoza Centre for Neuroimaging, location REC",
    "MagneticFieldStrength": 3,
    "Manufacturer": "Philips",
    "ParallelAcquisitionTechnique": "SENSE",
    "PatientPosition": "HFS",
    "PhaseEncodingDirection": "j",
    "PhilipsRescaleIntercept": 0,
    "PhilipsRescaleSlope": 0.7663,
    "PhilipsScaleSlope": 0.0399007,
    "ProtocolName": "task-rest_acq-multiband_bold",
    "ReconMatrixPE": 80,
    "RepetitionTime": 0.763994,
    "SeriesDescription": "ImageMRSERIES",
    "SeriesNumber": 10,
    "TaskName": "restingstate",
    "TotalReadoutTime": 0.024699802401580786,
    "UsePhilipsFloatNotDisplayScaling": 1,
    "acq_id": "mb3",
    "dataset": "ds003495",
    "modality": "bold",
    "session_id": "post",
    "subject_id": "04",
    "task_id": "restingstate"
  },
  "dummy_trs": 0,
  "dvars_nstd": 21.74916734916666,
  "dvars_std": 1.1845604315880498,
  "dvars_vstd": 1.0207323262893089,
  "efc": 0.44811595601375936,
  "fber": 728647.1875,
  "fd_mean": 0.08386674470067637,
  "fd_num": 7,
  "fd_perc": 1.098901098901099,
  "fwhm_avg": 2.036676555825148,
  "fwhm_x": 1.9472133333333332,
  "fwhm_y": 2.339933333333333,
  "fwhm_z": 1.8228830008087775,
  "gcor": 0.0274207,
  "gsr_x": -0.022735722362995148,
  "gsr_y": 0.0209069661796093,
  "provenance": {
    "md5sum": "2c59b5c8bde5c032d6323032260b9d16",
    "settings": {
      "fd_thres": 0.2,
      "testing": false
    },
    "software": "mriqc",
    "version": "22.0.6",
    "webapi_port": null,
    "webapi_url": "https://mriqc.nimh.nih.gov/api/v1"
  },
  "size_t": 637,
  "size_x": 80,
  "size_y": 80,
  "size_z": 36,
  "snr": 8.278223827121723,
  "spacing_tr": 0.7639937400817871,
  "spacing_x": 3.0,
  "spacing_y": 3.0,
  "spacing_z": 3.299866199493408,
  "summary_bg_k": 30.074467795629275,
  "summary_bg_mad": 84.55796882050494,
  "summary_bg_mean": 1376.05322265625,
  "summary_bg_median": 58.26666259765625,
  "summary_bg_n": 152197.0,
  "summary_bg_p05": 0.2608845591545105,
  "summary_bg_p95": 8246.344531249993,
  "summary_bg_stdv": 3649.990234375,
  "summary_fg_k": 3.0371232939212334,
  "summary_fg_mad": 5507.983070046632,
  "summary_fg_mean": 51716.3984375,
  "summary_fg_median": 52026.46484375,
  "summary_fg_n": 36633.0,
  "summary_fg_p05": 41111.97421875,
  "summary_fg_p95": 61213.48046875,
  "summary_fg_stdv": 6284.65185546875,
  "tsnr": 73.2829360961914
}