{
  "aor": 0.0063731007751937985,
  "aqi": 0.003183839457364341,
  "bids_meta": {
    "AcquisitionNumber": 8,
    "BidsifyVersion": "0.3.7",
    "ConversionSoftware": "dcm2niix",
    "ConversionSoftwareVersion": "v1.0.20190902",
    "EchoTime": 0.02763,
    "EffectiveEchoSpacing": 0.0006621159151938905,
    "ImageComments": "Upgrade_2017",
    "ImageOrientationPatientDICOM": [
      0.998231,
      0.0229335,
      0.0548635,
      -0.00627215,
      0.958098,
      -0.286373
    ],
    "InstitutionName": "Spinoza Centre for Neuroimaging, location REC",
    "MagneticFieldStrength": 3,
    "Manufacturer": "Philips",
    "ParallelAcquisitionTechnique": "SENSE",
    "PatientPosition": "HFS",
    "PhaseEncodingDirection": "j",
    "PhilipsRescaleIntercept": 0,
    "PhilipsRescaleSlope": 0.76093,
    "PhilipsScaleSlope": 0.0234247,
    "ProtocolName": "task-harriri_acq-sequential_bold",
    "ReconMatrixPE": 80,
    "RepetitionTime": 2,
    "SeriesDescription": "ImageMRSERIES",
    "SeriesNumber": 8,
    "TaskName": "emomatching",
    "TotalReadoutTime": 0.025822520692561732,
    "UsePhilipsFloatNotDisplayScaling": 1,
    "acq_id": "seq",
    "dataset": "ds003495",
    "modality": "bold",
    "session_id": "post",
    "subject_id": "11",
    "task_id": "emomatching"
  },
  "dummy_trs": 0,
  "dvars_nstd": 18.683002732656252,
  "dvars_std": 1.266726236328125,
  "dvars_vstd": 1.0680656046093753,
  "efc": 0.42406980215477674,
  "fber": 103139.09375,
  "fd_mean": 0.09830653203923989,
  "fd_num": 7,
  "fd_perc": 5.426356589147287,
  "fwhm_avg": 1.8131549575309476,
  "fwhm_x": 1.7818866666666666,
  "fwhm_y": 1.98916,
  "fwhm_z": 1.6684182059261756,
  "gcor": 0.023753,
  "gsr_x": -0.016578564420342445,
  "gsr_y": 0.01087092887610197,
  "provenance": {
    "md5sum": "79c6f18c63e9bfcbb755ae5170290989",
    "settings": {
      "fd_thres": 0.2,
      "testing": false
    },
    "software": "mriqc",
    "version": "22.0.6",
    "webapi_port": null,
    "webapi_url": "https://mriqc.nimh.nih.gov/api/v1"
  },
  "size_t": 129,
  "size_x": 80,
  "size_y": 80,
  "size_z": 36,
  "snr": 6.828186947898442,
  "spacing_tr": 2.0,
  "spacing_x": 3.0,
  "spacing_y": 3.0,
  "spacing_z": 3.299999952316284,
  "summary_bg_k": 53.02860245910699,
  "summary_bg_mad": 233.9258302334697,
  "summary_bg_mean": 1562.8056640625,
  "summary_bg_median": 200.21792602539062,
  "summary_bg_n": 156609.0,
  "summary_bg_p05": 14.523860931396484,
  "summary_bg_p95": 6832.036523437502,
  "summary_bg_stdv": 4629.26611328125,
  "summary_fg_k": 1.1332893607046914,
  "summary_fg_mad": 9856.084726368936,
  "summary_fg_mean": 65544.15625,
  "summary_fg_median": 65315.984375,
  "summary_fg_n": 32807.0,
  "summary_fg_p05": 51083.093359375,
  "summary_fg_p95": 80493.58593749999,
  "summary_fg_stdv": 9565.4951171875,
  "tsnr": 96.3514404296875
}