{
  "aor": 0.009965041666666667,
  "aqi": 0.01280830175,
  "bids_meta": {
    "AcquisitionNumber": 10,
    "BidsifyVersion": "0.3.7",
    "ConversionSoftware": "dcm2niix",
    "ConversionSoftwareVersion": "v1.0.20190902",
    "EchoTime": 0.02763,
    "EffectiveEchoSpacing": 0.0006621159151938905,
    "ImageComments": "Upgrade_2017",
    "ImageOrientationPatientDICOM": [
      0.998231,
      0.0229335,
      0.0548635,
      -0.00627215,
      0.958098,
      -0.286373
    ],
    "InstitutionName": "Spinoza Centre for Neuroimaging, location REC",
    "MagneticFieldStrength": 3,
    "Manufacturer": "Philips",
    "ParallelAcquisitionTechnique": "SENSE",
    "PatientPosition": "HFS",
    "PhaseEncodingDirection": "j",
    "PhilipsRescaleIntercept": 0,
    "PhilipsRescaleSlope": 0.75385,
    "PhilipsScaleSlope": 0.0232281,
    "ProtocolName": "task-rest_acq-sequential_bold",
    "ReconMatrixPE": 80,
    "RepetitionTime": 2,
    "SeriesDescription": "ImageMRSERIES",
    "SeriesNumber": 10,
    "TaskName": "restingstate",
    "TotalReadoutTime": 0.025822520692561732,
    "UsePhilipsFloatNotDisplayScaling": 1,
    "acq_id": "seq",
    "dataset": "ds003495",
    "modality": "bold",
    "session_id": "post",
    "subject_id": "11",
    "task_id": "restingstate"
  },
  "dummy_trs": 0,
  "dvars_nstd": 19.802005440878666,
  "dvars_std": 1.1529820063598322,
  "dvars_vstd": 1.0031809370711302,
  "efc": 0.4238329869686441,
  "fber": 101987.734375,
  "fd_mean": 0.14947982994403122,
  "fd_num": 22,
  "fd_perc": 9.166666666666666,
  "fwhm_avg": 1.8137870787347345,
  "fwhm_x": 1.7857566666666667,
  "fwhm_y": 1.9889166666666667,
  "fwhm_z": 1.6666879028708703,
  "gcor": 0.0343607,
  "gsr_x": -0.016822686418890953,
  "gsr_y": 0.010947685688734055,
  "provenance": {
    "md5sum": "72ff745d08ae926d6bdb946a8ab392b8",
    "settings": {
      "fd_thres": 0.2,
      "testing": false
    },
    "software": "mriqc",
    "version": "22.0.6",
    "webapi_port": null,
    "webapi_url": "https://mriqc.nimh.nih.gov/api/v1"
  },
  "size_t": 240,
  "size_x": 80,
  "size_y": 80,
  "size_z": 36,
  "snr": 6.81306260331145,
  "spacing_tr": 2.0,
  "spacing_x": 3.0,
  "spacing_y": 3.0,
  "spacing_z": 3.299999952316284,
  "summary_bg_k": 56.520748242239925,
  "summary_bg_mad": 241.29311233644336,
  "summary_bg_mean": 1605.814453125,
  "summary_bg_median": 205.48013305664062,
  "summary_bg_n": 156800.0,
  "summary_bg_p05": 17.50010013580323,
  "summary_bg_p95": 7053.123730468744,
  "summary_bg_stdv": 4752.81494140625,
  "summary_fg_k": 1.2067654043417653,
  "summary_fg_mad": 10017.155558013772,
  "summary_fg_mean": 66597.203125,
  "summary_fg_median": 66324.0078125,
  "summary_fg_n": 32757.0,
  "summary_fg_p05": 52029.62265625,
  "summary_fg_p95": 81859.85156249999,
  "summary_fg_stdv": 9734.681640625,
  "tsnr": 56.28174591064453
}