{
  "aor": 0.0009132704402515724,
  "aqi": 0.008844269323899371,
  "bids_meta": {
    "AcquisitionNumber": 3,
    "BidsifyVersion": "0.3.7",
    "ConversionSoftware": "dcm2niix",
    "ConversionSoftwareVersion": "v1.0.20190902",
    "EchoTime": 0.02763,
    "EffectiveEchoSpacing": 0.0006333282667071997,
    "ImageComments": "Upgrade_2017",
    "ImageOrientationPatientDICOM": [
      0.998231,
      0.0229335,
      0.0548635,
      -0.00627215,
      0.958098,
      -0.286373
    ],
    "InstitutionName": "Spinoza Centre for Neuroimaging, location REC",
    "MagneticFieldStrength": 3,
    "Manufacturer": "Philips",
    "ParallelAcquisitionTechnique": "SENSE",
    "PatientPosition": "HFS",
    "PhaseEncodingDirection": "j",
    "PhilipsRescaleIntercept": 0,
    "PhilipsRescaleSlope": 0.76459,
    "PhilipsScaleSlope": 0.0411759,
    "ProtocolName": "task-rest_acq-multiband_bold",
    "ReconMatrixPE": 80,
    "RepetitionTime": 0.763994,
    "SeriesDescription": "ImageMRSERIES",
    "SeriesNumber": 3,
    "TaskName": "restingstate",
    "TotalReadoutTime": 0.024699802401580786,
    "UsePhilipsFloatNotDisplayScaling": 1,
    "acq_id": "mb3",
    "dataset": "ds003495",
    "modality": "bold",
    "session_id": "post",
    "subject_id": "11",
    "task_id": "restingstate"
  },
  "dummy_trs": 1,
  "dvars_nstd": 20.271713743464566,
  "dvars_std": 1.1895797990551182,
  "dvars_vstd": 1.0148291991023624,
  "efc": 0.4232993804420896,
  "fber": 743254.1875,
  "fd_mean": 0.08300144229580314,
  "fd_num": 6,
  "fd_perc": 0.9433962264150944,
  "fwhm_avg": 1.8836658668556483,
  "fwhm_x": 1.8290333333333333,
  "fwhm_y": 2.1050066666666667,
  "fwhm_z": 1.716957600566945,
  "gcor": 0.0258436,
  "gsr_x": -0.017743630334734917,
  "gsr_y": 0.0108046755194664,
  "provenance": {
    "md5sum": "15eb3aa224982c63d5dcc1218052a758",
    "settings": {
      "fd_thres": 0.2,
      "testing": false
    },
    "software": "mriqc",
    "version": "22.0.6",
    "webapi_port": null,
    "webapi_url": "https://mriqc.nimh.nih.gov/api/v1"
  },
  "size_t": 636,
  "size_x": 80,
  "size_y": 80,
  "size_z": 36,
  "snr": 9.693332331420828,
  "spacing_tr": 0.7639937400817871,
  "spacing_x": 3.0,
  "spacing_y": 3.0,
  "spacing_z": 3.299999952316284,
  "summary_bg_k": 42.37441525876178,
  "summary_bg_mad": 86.44040984408109,
  "summary_bg_mean": 1202.1505126953125,
  "summary_bg_median": 60.02014923095703,
  "summary_bg_n": 156779.0,
  "summary_bg_p05": 0.45296220779418944,
  "summary_bg_p95": 5469.017187500006,
  "summary_bg_stdv": 3600.813232421875,
  "summary_fg_k": 4.461093338510618,
  "summary_fg_mad": 4790.099547006828,
  "summary_fg_mean": 52420.34375,
  "summary_fg_median": 52930.8125,
  "summary_fg_n": 32614.0,
  "summary_fg_p05": 43196.48203125,
  "summary_fg_p95": 59982.29179687499,
  "summary_fg_stdv": 5460.45458984375,
  "tsnr": 77.2684326171875
}