{
  "aor": 0.0019770370370370363,
  "aqi": 0.013020017333333335,
  "bids_meta": {
    "AcquisitionNumber": 8,
    "BidsifyVersion": "0.3.7",
    "ConversionSoftware": "dcm2niix",
    "ConversionSoftwareVersion": "v1.0.20190902",
    "EchoTime": 0.02763,
    "EffectiveEchoSpacing": 0.0006621159151938905,
    "ImageComments": "Upgrade_2017",
    "ImageOrientationPatientDICOM": [
      0.999676,
      -0.0111996,
      -0.0228672,
      0.010469,
      0.999439,
      -0.0318264
    ],
    "InstitutionName": "Spinoza Centre for Neuroimaging, location REC",
    "MagneticFieldStrength": 3,
    "Manufacturer": "Philips",
    "ParallelAcquisitionTechnique": "SENSE",
    "PatientPosition": "HFS",
    "PhaseEncodingDirection": "j",
    "PhilipsRescaleIntercept": 0,
    "PhilipsRescaleSlope": 0.76386,
    "PhilipsScaleSlope": 0.0213497,
    "ProtocolName": "task-harriri_acq-sequential_bold",
    "ReconMatrixPE": 80,
    "RepetitionTime": 2,
    "SeriesDescription": "ImageMRSERIES",
    "SeriesNumber": 8,
    "TaskName": "emomatching",
    "TotalReadoutTime": 0.025822520692561732,
    "UsePhilipsFloatNotDisplayScaling": 1,
    "acq_id": "seq",
    "dataset": "ds003495",
    "modality": "bold",
    "session_id": "post",
    "subject_id": "21",
    "task_id": "emomatching"
  },
  "dummy_trs": 0,
  "dvars_nstd": 21.10773798246269,
  "dvars_std": 1.1714926799253738,
  "dvars_vstd": 0.9289850323134327,
  "efc": 0.4382416401504399,
  "fber": 114848.6015625,
  "fd_mean": 0.10879006604898256,
  "fd_num": 9,
  "fd_perc": 6.666666666666667,
  "fwhm_avg": 1.94362756611928,
  "fwhm_x": 1.8617766666666666,
  "fwhm_y": 2.2118033333333336,
  "fwhm_z": 1.7573026983578401,
  "gcor": 0.00787227,
  "gsr_x": -0.020290015265345573,
  "gsr_y": 0.021396581083536148,
  "provenance": {
    "md5sum": "ebf3d71ed546d876448fdeda84dc0b8d",
    "settings": {
      "fd_thres": 0.2,
      "testing": false
    },
    "software": "mriqc",
    "version": "22.0.6",
    "webapi_port": null,
    "webapi_url": "https://mriqc.nimh.nih.gov/api/v1"
  },
  "size_t": 135,
  "size_x": 80,
  "size_y": 80,
  "size_z": 36,
  "snr": 5.9501782208444425,
  "spacing_tr": 2.0,
  "spacing_x": 3.0,
  "spacing_y": 3.0,
  "spacing_z": 3.300251007080078,
  "summary_bg_k": 73.45172543229991,
  "summary_bg_mad": 224.33041435512314,
  "summary_bg_mean": 1435.9493408203125,
  "summary_bg_median": 196.52389526367188,
  "summary_bg_n": 152126.0,
  "summary_bg_p05": 15.727044582366943,
  "summary_bg_p95": 6775.2403564453125,
  "summary_bg_stdv": 3955.718017578125,
  "summary_fg_k": 2.087597498661226,
  "summary_fg_mad": 10271.890943095681,
  "summary_fg_mean": 70049.0390625,
  "summary_fg_median": 68772.265625,
  "summary_fg_n": 37407.0,
  "summary_fg_p05": 53904.238671875,
  "summary_fg_p95": 89277.60859374997,
  "summary_fg_stdv": 11557.86328125,
  "tsnr": 58.549930572509766
}