{
  "aor": 0.006504291666666668,
  "aqi": 0.016934178666666667,
  "bids_meta": {
    "AcquisitionNumber": 10,
    "BidsifyVersion": "0.3.7",
    "ConversionSoftware": "dcm2niix",
    "ConversionSoftwareVersion": "v1.0.20190902",
    "EchoTime": 0.02763,
    "EffectiveEchoSpacing": 0.0006621159151938905,
    "ImageComments": "Upgrade_2017",
    "ImageOrientationPatientDICOM": [
      0.999676,
      -0.0111996,
      -0.0228672,
      0.010469,
      0.999439,
      -0.0318264
    ],
    "InstitutionName": "Spinoza Centre for Neuroimaging, location REC",
    "MagneticFieldStrength": 3,
    "Manufacturer": "Philips",
    "ParallelAcquisitionTechnique": "SENSE",
    "PatientPosition": "HFS",
    "PhaseEncodingDirection": "j",
    "PhilipsRescaleIntercept": 0,
    "PhilipsRescaleSlope": 0.74188,
    "PhilipsScaleSlope": 0.0212348,
    "ProtocolName": "task-rest_acq-sequential_bold",
    "ReconMatrixPE": 80,
    "RepetitionTime": 2,
    "SeriesDescription": "ImageMRSERIES",
    "SeriesNumber": 10,
    "TaskName": "restingstate",
    "TotalReadoutTime": 0.025822520692561732,
    "UsePhilipsFloatNotDisplayScaling": 1,
    "acq_id": "seq",
    "dataset": "ds003495",
    "modality": "bold",
    "session_id": "post",
    "subject_id": "21",
    "task_id": "restingstate"
  },
  "dummy_trs": 0,
  "dvars_nstd": 22.595863613765676,
  "dvars_std": 1.1855204779079487,
  "dvars_vstd": 0.9936512400418409,
  "efc": 0.43576972459910357,
  "fber": 125117.7265625,
  "fd_mean": 0.16164197602420557,
  "fd_num": 57,
  "fd_perc": 23.75,
  "fwhm_avg": 1.9722401032676882,
  "fwhm_x": 1.8942533333333333,
  "fwhm_y": 2.22181,
  "fwhm_z": 1.8006569764697316,
  "gcor": 0.0231546,
  "gsr_x": -0.019626513123512268,
  "gsr_y": 0.021907495334744453,
  "provenance": {
    "md5sum": "3dc47a2aa358ebe685f60f416b44890b",
    "settings": {
      "fd_thres": 0.2,
      "testing": false
    },
    "software": "mriqc",
    "version": "22.0.6",
    "webapi_port": null,
    "webapi_url": "https://mriqc.nimh.nih.gov/api/v1"
  },
  "size_t": 240,
  "size_x": 80,
  "size_y": 80,
  "size_z": 36,
  "snr": 5.8523372640634195,
  "spacing_tr": 2.0,
  "spacing_x": 3.0,
  "spacing_y": 3.0,
  "spacing_z": 3.300251007080078,
  "summary_bg_k": 99.1604619612496,
  "summary_bg_mad": 215.9234743003447,
  "summary_bg_mean": 1422.957763671875,
  "summary_bg_median": 190.473388671875,
  "summary_bg_n": 152458.0,
  "summary_bg_p05": 19.053881645202637,
  "summary_bg_p95": 6760.664916992187,
  "summary_bg_stdv": 4049.458984375,
  "summary_fg_k": 1.954517294433681,
  "summary_fg_mad": 10435.984893326688,
  "summary_fg_mean": 69911.1953125,
  "summary_fg_median": 68498.9921875,
  "summary_fg_n": 37139.0,
  "summary_fg_p05": 53737.15,
  "summary_fg_p95": 90023.45546875,
  "summary_fg_stdv": 11704.3955078125,
  "tsnr": 46.62134552001953
}