{
  "aor": 0.0017744583333333334,
  "aqi": 0.00386845575,
  "bids_meta": {
    "AcquisitionNumber": 3,
    "BidsifyVersion": "0.3.7",
    "ConversionSoftware": "dcm2niix",
    "ConversionSoftwareVersion": "v1.0.20190902",
    "EchoTime": 0.02763,
    "EffectiveEchoSpacing": 0.0006621159151938905,
    "ImageComments": "Upgrade_2017",
    "ImageOrientationPatientDICOM": [
      0.999101,
      0.0421411,
      -0.00467056,
      -0.0423988,
      0.992559,
      -0.114148
    ],
    "InstitutionName": "Spinoza Centre for Neuroimaging, location REC",
    "MagneticFieldStrength": 3,
    "Manufacturer": "Philips",
    "ParallelAcquisitionTechnique": "SENSE",
    "PatientPosition": "HFS",
    "PhaseEncodingDirection": "j",
    "PhilipsRescaleIntercept": 0,
    "PhilipsRescaleSlope": 0.7939,
    "PhilipsScaleSlope": 0.0202016,
    "ProtocolName": "task-rest_acq-sequential_bold",
    "ReconMatrixPE": 80,
    "RepetitionTime": 2,
    "SeriesDescription": "ImageMRSERIES",
    "SeriesNumber": 3,
    "TaskName": "restingstate",
    "TotalReadoutTime": 0.025822520692561732,
    "UsePhilipsFloatNotDisplayScaling": 1,
    "acq_id": "seq",
    "dataset": "ds003495",
    "modality": "bold",
    "session_id": "post",
    "subject_id": "12",
    "task_id": "restingstate"
  },
  "dummy_trs": 0,
  "dvars_nstd": 19.038536526527196,
  "dvars_std": 1.2148641590376577,
  "dvars_vstd": 1.0105399046861925,
  "efc": 0.40378966471468,
  "fber": 110994.234375,
  "fd_mean": 0.12420940514196804,
  "fd_num": 17,
  "fd_perc": 7.083333333333333,
  "fwhm_avg": 1.883862281776145,
  "fwhm_x": 1.82179,
  "fwhm_y": 2.09632,
  "fwhm_z": 1.7334768453284353,
  "gcor": 0.0380413,
  "gsr_x": -0.018804946914315224,
  "gsr_y": 0.012481012381613255,
  "provenance": {
    "md5sum": "79afdafdaafe74c80042c449e4808f1c",
    "settings": {
      "fd_thres": 0.2,
      "testing": false
    },
    "software": "mriqc",
    "version": "22.0.6",
    "webapi_port": null,
    "webapi_url": "https://mriqc.nimh.nih.gov/api/v1"
  },
  "size_t": 240,
  "size_x": 80,
  "size_y": 80,
  "size_z": 36,
  "snr": 6.815845037969625,
  "spacing_tr": 2.0,
  "spacing_x": 3.0,
  "spacing_y": 3.0,
  "spacing_z": 3.300159454345703,
  "summary_bg_k": 63.313451492976085,
  "summary_bg_mad": 237.1003230581449,
  "summary_bg_mean": 1614.5462646484375,
  "summary_bg_median": 214.29832458496094,
  "summary_bg_n": 161004.0,
  "summary_bg_p05": 19.068841552734376,
  "summary_bg_p95": 8523.803515625,
  "summary_bg_stdv": 4753.02197265625,
  "summary_fg_k": 1.9837286832124255,
  "summary_fg_mad": 9687.305521470855,
  "summary_fg_mean": 74074.84375,
  "summary_fg_median": 73167.96875,
  "summary_fg_n": 30066.0,
  "summary_fg_p05": 59117.767578125,
  "summary_fg_p95": 92429.013671875,
  "summary_fg_stdv": 10734.802734375,
  "tsnr": 98.07890319824219
}