{
  "aor": 0.002712814814814815,
  "aqi": 0.014143235259259259,
  "bids_meta": {
    "AcquisitionNumber": 8,
    "BidsifyVersion": "0.3.7",
    "ConversionSoftware": "dcm2niix",
    "ConversionSoftwareVersion": "v1.0.20190902",
    "EchoTime": 0.02763,
    "EffectiveEchoSpacing": 0.0006621159151938905,
    "ImageComments": "upgrade_2017",
    "ImageOrientationPatientDICOM": [
      0.999519,
      0.021034,
      0.0227726,
      -0.0209369,
      0.999771,
      -0.00449214
    ],
    "InstitutionName": "Spinoza Centre for Neuroimaging, location REC",
    "MagneticFieldStrength": 3,
    "Manufacturer": "Philips",
    "ParallelAcquisitionTechnique": "SENSE",
    "PatientPosition": "HFS",
    "PhaseEncodingDirection": "j",
    "PhilipsRescaleIntercept": 0,
    "PhilipsRescaleSlope": 0.80928,
    "PhilipsScaleSlope": 0.0217502,
    "ProtocolName": "task-harriri_acq-sequential_bold",
    "ReconMatrixPE": 80,
    "RepetitionTime": 2,
    "SeriesDescription": "ImageMRSERIES",
    "SeriesNumber": 8,
    "TaskName": "emomatching",
    "TotalReadoutTime": 0.025822520692561732,
    "UsePhilipsFloatNotDisplayScaling": 1,
    "acq_id": "seq",
    "dataset": "ds003495",
    "modality": "bold",
    "session_id": "post",
    "subject_id": "09",
    "task_id": "emomatching"
  },
  "dummy_trs": 0,
  "dvars_nstd": 19.362960395895517,
  "dvars_std": 1.1091418353731342,
  "dvars_vstd": 0.9649959457462686,
  "efc": 0.48323681386253403,
  "fber": 100291.5546875,
  "fd_mean": 0.08178467633181963,
  "fd_num": 0,
  "fd_perc": 0.0,
  "fwhm_avg": 1.77859202767587,
  "fwhm_x": 1.80181,
  "fwhm_y": 1.9822600000000001,
  "fwhm_z": 1.5517060830276097,
  "gcor": 0.00972682,
  "gsr_x": -0.001228654058650136,
  "gsr_y": 0.013103966601192951,
  "provenance": {
    "md5sum": "fe3e420202f2f9df96819dedbe121ebb",
    "settings": {
      "fd_thres": 0.2,
      "testing": false
    },
    "software": "mriqc",
    "version": "22.0.6",
    "webapi_port": null,
    "webapi_url": "https://mriqc.nimh.nih.gov/api/v1"
  },
  "size_t": 135,
  "size_x": 80,
  "size_y": 80,
  "size_z": 36,
  "snr": 6.701813122853603,
  "spacing_tr": 2.0,
  "spacing_x": 3.0,
  "spacing_y": 3.0,
  "spacing_z": 3.299999952316284,
  "summary_bg_k": 23.87671491081928,
  "summary_bg_mad": 250.64593353568006,
  "summary_bg_mean": 2352.96630859375,
  "summary_bg_median": 202.32142639160156,
  "summary_bg_n": 146594.0,
  "summary_bg_p05": 10.720556068420413,
  "summary_bg_p95": 14811.726171875001,
  "summary_bg_stdv": 5754.31884765625,
  "summary_fg_k": 3.304214340020266,
  "summary_fg_mad": 8506.488142825052,
  "summary_fg_mean": 65621.6640625,
  "summary_fg_median": 65028.9921875,
  "summary_fg_n": 41907.0,
  "summary_fg_p05": 52014.026171875,
  "summary_fg_p95": 80820.37890625,
  "summary_fg_stdv": 9703.078125,
  "tsnr": 60.27362823486328
}