{
  "aor": 0.0014414166666666668,
  "aqi": 0.0055179477083333334,
  "bids_meta": {
    "AcquisitionNumber": 3,
    "BidsifyVersion": "0.3.7",
    "ConversionSoftware": "dcm2niix",
    "ConversionSoftwareVersion": "v1.0.20190902",
    "EchoTime": 0.02763,
    "EffectiveEchoSpacing": 0.0006621159151938905,
    "ImageComments": "Upgrade_2017",
    "ImageOrientationPatientDICOM": [
      0.998024,
      0.0607531,
      0.0160264,
      -0.0524789,
      0.946273,
      -0.319083
    ],
    "InstitutionName": "Spinoza Centre for Neuroimaging, location REC",
    "MagneticFieldStrength": 3,
    "Manufacturer": "Philips",
    "ParallelAcquisitionTechnique": "SENSE",
    "PatientPosition": "HFS",
    "PhaseEncodingDirection": "j",
    "PhilipsRescaleIntercept": 0,
    "PhilipsRescaleSlope": 0.8022,
    "PhilipsScaleSlope": 0.0249988,
    "ProtocolName": "task-rest_acq-sequential_bold",
    "ReconMatrixPE": 80,
    "RepetitionTime": 2,
    "SeriesDescription": "ImageMRSERIES",
    "SeriesNumber": 3,
    "TaskName": "restingstate",
    "TotalReadoutTime": 0.025822520692561732,
    "UsePhilipsFloatNotDisplayScaling": 1,
    "acq_id": "seq",
    "dataset": "ds003495",
    "modality": "bold",
    "session_id": "post",
    "subject_id": "01",
    "task_id": "restingstate"
  },
  "dummy_trs": 0,
  "dvars_nstd": 24.895895227907943,
  "dvars_std": 1.2744456836401672,
  "dvars_vstd": 1.0017955669874476,
  "efc": 0.4158216803979356,
  "fber": 128632.296875,
  "fd_mean": 0.2319548033609286,
  "fd_num": 161,
  "fd_perc": 67.08333333333333,
  "fwhm_avg": 1.7094178865339795,
  "fwhm_x": 1.6576966666666666,
  "fwhm_y": 1.8623266666666665,
  "fwhm_z": 1.6082303262686053,
  "gcor": 0.0390058,
  "gsr_x": -0.0174031313508749,
  "gsr_y": 0.012806101702153683,
  "provenance": {
    "md5sum": "f1182bf0f88d5b8f5fc553fc83d938e0",
    "settings": {
      "fd_thres": 0.2,
      "testing": false
    },
    "software": "mriqc",
    "version": "22.0.6",
    "webapi_port": null,
    "webapi_url": "https://mriqc.nimh.nih.gov/api/v1"
  },
  "size_t": 240,
  "size_x": 80,
  "size_y": 80,
  "size_z": 36,
  "snr": 6.4337273683872285,
  "spacing_tr": 2.0,
  "spacing_x": 3.0,
  "spacing_y": 3.0,
  "spacing_z": 3.299999952316284,
  "summary_bg_k": 80.13474415395561,
  "summary_bg_mad": 186.45551944176543,
  "summary_bg_mean": 1394.706298828125,
  "summary_bg_median": 160.25048828125,
  "summary_bg_n": 158260.0,
  "summary_bg_p05": 10.720003223419189,
  "summary_bg_p95": 6354.756274414061,
  "summary_bg_stdv": 4293.1103515625,
  "summary_fg_k": 2.5890417577786797,
  "summary_fg_mad": 7972.618141619966,
  "summary_fg_mean": 60127.62109375,
  "summary_fg_median": 58964.25,
  "summary_fg_n": 32160.0,
  "summary_fg_p05": 47782.3021484375,
  "summary_fg_p95": 75268.10234375,
  "summary_fg_stdv": 9164.7236328125,
  "tsnr": 80.99859619140625
}