{
  "aor": 0.006243283582089552,
  "aqi": 0.005973478432835821,
  "bids_meta": {
    "AcquisitionNumber": 8,
    "BidsifyVersion": "0.3.7",
    "ConversionSoftware": "dcm2niix",
    "ConversionSoftwareVersion": "v1.0.20190902",
    "EchoTime": 0.02763,
    "EffectiveEchoSpacing": 0.0006621159151938905,
    "ImageComments": "Upgrade_2017",
    "ImageOrientationPatientDICOM": [
      0.99677,
      0.0800121,
      -0.00693511,
      -0.0800231,
      0.982155,
      -0.1702
    ],
    "InstitutionName": "Spinoza Centre for Neuroimaging, location REC",
    "MagneticFieldStrength": 3,
    "Manufacturer": "Philips",
    "ParallelAcquisitionTechnique": "SENSE",
    "PatientPosition": "HFS",
    "PhaseEncodingDirection": "j",
    "PhilipsRescaleIntercept": 0,
    "PhilipsRescaleSlope": 0.79976,
    "PhilipsScaleSlope": 0.0234601,
    "ProtocolName": "task-harriri_acq-sequential_bold",
    "ReconMatrixPE": 80,
    "RepetitionTime": 2,
    "SeriesDescription": "ImageMRSERIES",
    "SeriesNumber": 8,
    "TaskName": "emomatching",
    "TotalReadoutTime": 0.025822520692561732,
    "UsePhilipsFloatNotDisplayScaling": 1,
    "acq_id": "seq",
    "dataset": "ds003495",
    "modality": "bold",
    "session_id": "post",
    "subject_id": "10",
    "task_id": "emomatching"
  },
  "dummy_trs": 0,
  "dvars_nstd": 20.97763853097744,
  "dvars_std": 1.291196973533834,
  "dvars_vstd": 1.0677434988721806,
  "efc": 0.4257382184852567,
  "fber": 131973.640625,
  "fd_mean": 0.1329719567716078,
  "fd_num": 14,
  "fd_perc": 10.447761194029852,
  "fwhm_avg": 1.7365954403837502,
  "fwhm_x": 1.6988366666666668,
  "fwhm_y": 1.9581566666666665,
  "fwhm_z": 1.5527929878179174,
  "gcor": 0.0579636,
  "gsr_x": -0.012618930079042912,
  "gsr_y": 0.012216831557452679,
  "provenance": {
    "md5sum": "9e07a5068720b948148589557404a202",
    "settings": {
      "fd_thres": 0.2,
      "testing": false
    },
    "software": "mriqc",
    "version": "22.0.6",
    "webapi_port": null,
    "webapi_url": "https://mriqc.nimh.nih.gov/api/v1"
  },
  "size_t": 134,
  "size_x": 80,
  "size_y": 80,
  "size_z": 36,
  "snr": 6.688103901782807,
  "spacing_tr": 2.0,
  "spacing_x": 3.0,
  "spacing_y": 3.0,
  "spacing_z": 3.300182342529297,
  "summary_bg_k": 71.70990600724929,
  "summary_bg_mad": 206.25579581615617,
  "summary_bg_mean": 1603.61083984375,
  "summary_bg_median": 171.07354736328125,
  "summary_bg_n": 156953.0,
  "summary_bg_p05": 9.17570915222168,
  "summary_bg_p95": 8119.558300781244,
  "summary_bg_stdv": 4793.75439453125,
  "summary_fg_k": 2.5679095999016397,
  "summary_fg_mad": 8970.612134196297,
  "summary_fg_mean": 62958.03125,
  "summary_fg_median": 62475.5546875,
  "summary_fg_n": 33315.0,
  "summary_fg_p05": 49680.585546875,
  "summary_fg_p95": 77485.6109375,
  "summary_fg_stdv": 9341.1552734375,
  "tsnr": 79.0191650390625
}