{
  "aor": 0.002391083333333334,
  "aqi": 0.008004249041666666,
  "bids_meta": {
    "AcquisitionNumber": 3,
    "BidsifyVersion": "0.3.7",
    "ConversionSoftware": "dcm2niix",
    "ConversionSoftwareVersion": "v1.0.20190902",
    "EchoTime": 0.02763,
    "EffectiveEchoSpacing": 0.0006621159151938905,
    "ImageComments": "Upgrade_2017",
    "ImageOrientationPatientDICOM": [
      0.99677,
      0.0800121,
      -0.00693511,
      -0.0800231,
      0.982155,
      -0.1702
    ],
    "InstitutionName": "Spinoza Centre for Neuroimaging, location REC",
    "MagneticFieldStrength": 3,
    "Manufacturer": "Philips",
    "ParallelAcquisitionTechnique": "SENSE",
    "PatientPosition": "HFS",
    "PhaseEncodingDirection": "j",
    "PhilipsRescaleIntercept": 0,
    "PhilipsRescaleSlope": 0.7685,
    "PhilipsScaleSlope": 0.0224205,
    "ProtocolName": "task-rest_acq-sequential_bold",
    "ReconMatrixPE": 80,
    "RepetitionTime": 2,
    "SeriesDescription": "ImageMRSERIES",
    "SeriesNumber": 3,
    "TaskName": "restingstate",
    "TotalReadoutTime": 0.025822520692561732,
    "UsePhilipsFloatNotDisplayScaling": 1,
    "acq_id": "seq",
    "dataset": "ds003495",
    "modality": "bold",
    "session_id": "post",
    "subject_id": "10",
    "task_id": "restingstate"
  },
  "dummy_trs": 0,
  "dvars_nstd": 23.960591647489558,
  "dvars_std": 1.2371219259414215,
  "dvars_vstd": 1.0060264277405857,
  "efc": 0.42182353864547106,
  "fber": 155367.46875,
  "fd_mean": 0.213002508781212,
  "fd_num": 136,
  "fd_perc": 56.666666666666664,
  "fwhm_avg": 1.7820052827645447,
  "fwhm_x": 1.7322466666666667,
  "fwhm_y": 1.9975766666666666,
  "fwhm_z": 1.6161925149603005,
  "gcor": 0.139306,
  "gsr_x": -0.012606785632669926,
  "gsr_y": 0.012844203971326351,
  "provenance": {
    "md5sum": "81443201606a455930b0369e758e3390",
    "settings": {
      "fd_thres": 0.2,
      "testing": false
    },
    "software": "mriqc",
    "version": "22.0.6",
    "webapi_port": null,
    "webapi_url": "https://mriqc.nimh.nih.gov/api/v1"
  },
  "size_t": 240,
  "size_x": 80,
  "size_y": 80,
  "size_z": 36,
  "snr": 6.528111732592633,
  "spacing_tr": 2.0,
  "spacing_x": 3.0,
  "spacing_y": 3.0,
  "spacing_z": 3.300182342529297,
  "summary_bg_k": 81.74207584248448,
  "summary_bg_mad": 196.14111228801116,
  "summary_bg_mean": 1617.505126953125,
  "summary_bg_median": 164.29180908203125,
  "summary_bg_n": 157390.0,
  "summary_bg_p05": 10.226611375808716,
  "summary_bg_p95": 8140.054028320291,
  "summary_bg_stdv": 4965.7060546875,
  "summary_fg_k": 2.5603968350480804,
  "summary_fg_mad": 9756.929911591458,
  "summary_fg_mean": 66153.890625,
  "summary_fg_median": 65530.171875,
  "summary_fg_n": 33007.0,
  "summary_fg_p05": 52002.8171875,
  "summary_fg_p95": 81676.10624999998,
  "summary_fg_stdv": 10037.9990234375,
  "tsnr": 66.82023620605469
}