{
  "aor": 0.0019835833333333333,
  "aqi": 0.0041044875833333334,
  "bids_meta": {
    "AcquisitionNumber": 3,
    "BidsifyVersion": "0.3.7",
    "ConversionSoftware": "dcm2niix",
    "ConversionSoftwareVersion": "v1.0.20190902",
    "EchoTime": 0.02763,
    "EffectiveEchoSpacing": 0.0006621159151938905,
    "ImageComments": "Upgrade2017",
    "ImageOrientationPatientDICOM": [
      0.999876,
      0.0126179,
      -0.00943376,
      -0.0122164,
      0.999065,
      0.0414709
    ],
    "InstitutionName": "Spinoza Centre for Neuroimaging, location REC",
    "MagneticFieldStrength": 3,
    "Manufacturer": "Philips",
    "ParallelAcquisitionTechnique": "SENSE",
    "PatientPosition": "HFS",
    "PhaseEncodingDirection": "j",
    "PhilipsRescaleIntercept": 0,
    "PhilipsRescaleSlope": 0.75702,
    "PhilipsScaleSlope": 0.0562444,
    "ProtocolName": "WIPtask-rest_acq-sequential_boldSENSE",
    "ReconMatrixPE": 80,
    "RepetitionTime": 2,
    "SeriesDescription": "ImageMRSERIES",
    "SeriesNumber": 3,
    "TaskName": "restingstate",
    "TotalReadoutTime": 0.025822520692561732,
    "UsePhilipsFloatNotDisplayScaling": 1,
    "acq_id": "seq",
    "dataset": "ds003495",
    "modality": "bold",
    "session_id": "pre",
    "subject_id": "23",
    "task_id": "restingstate"
  },
  "dummy_trs": 0,
  "dvars_nstd": 23.158420718702935,
  "dvars_std": 1.2398076785774061,
  "dvars_vstd": 1.007340839665272,
  "efc": 0.41606768149231443,
  "fber": 180227.546875,
  "fd_mean": 0.20064022869191825,
  "fd_num": 105,
  "fd_perc": 43.75,
  "fwhm_avg": 1.9721406236066772,
  "fwhm_x": 1.9261100000000002,
  "fwhm_y": 2.12342,
  "fwhm_z": 1.866891870820032,
  "gcor": 0.0299136,
  "gsr_x": -0.015879658982157707,
  "gsr_y": 0.011388243176043034,
  "provenance": {
    "md5sum": "4b057e5f43ffc924c62caee3243c16c5",
    "settings": {
      "fd_thres": 0.2,
      "testing": false
    },
    "software": "mriqc",
    "version": "22.0.6",
    "webapi_port": null,
    "webapi_url": "https://mriqc.nimh.nih.gov/api/v1"
  },
  "size_t": 240,
  "size_x": 80,
  "size_y": 80,
  "size_z": 36,
  "snr": 5.033324272237016,
  "spacing_tr": 2.0,
  "spacing_x": 3.0,
  "spacing_y": 3.0,
  "spacing_z": 3.2998483180999756,
  "summary_bg_k": 43.26064073116205,
  "summary_bg_mad": 54.75049120203324,
  "summary_bg_mean": 470.6907958984375,
  "summary_bg_median": 54.6682014465332,
  "summary_bg_n": 156328.0,
  "summary_bg_p05": 4.745047760009766,
  "summary_bg_p95": 2435.8598388671858,
  "summary_bg_stdv": 1437.1793212890625,
  "summary_fg_k": 1.1985656298476988,
  "summary_fg_mad": 4509.247776361048,
  "summary_fg_mean": 24383.54296875,
  "summary_fg_median": 23881.150390625,
  "summary_fg_n": 33953.0,
  "summary_fg_p05": 17478.745703125,
  "summary_fg_p95": 32400.825781249998,
  "summary_fg_stdv": 4744.5380859375,
  "tsnr": 75.41989135742188
}