{
  "aor": 0.00025506289308176107,
  "aqi": 0.03251123443396226,
  "bids_meta": {
    "AcquisitionNumber": 10,
    "BidsifyVersion": "0.3.7",
    "ConversionSoftware": "dcm2niix",
    "ConversionSoftwareVersion": "v1.0.20190902",
    "EchoTime": 0.02763,
    "EffectiveEchoSpacing": 0.0006333282667071997,
    "ImageComments": "Upgrade2017",
    "ImageOrientationPatientDICOM": [
      0.999876,
      0.0126179,
      -0.00943376,
      -0.0122164,
      0.999065,
      0.0414709
    ],
    "InstitutionName": "Spinoza Centre for Neuroimaging, location REC",
    "MagneticFieldStrength": 3,
    "Manufacturer": "Philips",
    "ParallelAcquisitionTechnique": "SENSE",
    "PatientPosition": "HFS",
    "PhaseEncodingDirection": "j",
    "PhilipsRescaleIntercept": 0,
    "PhilipsRescaleSlope": 0.8083,
    "PhilipsScaleSlope": 0.0846236,
    "ProtocolName": "WIPtask-rest_acq-multiband_boldSENSE",
    "ReconMatrixPE": 80,
    "RepetitionTime": 0.760833,
    "SeriesDescription": "ImageMRSERIES",
    "SeriesNumber": 10,
    "TaskName": "restingstate",
    "TotalReadoutTime": 0.024699802401580786,
    "UsePhilipsFloatNotDisplayScaling": 1,
    "acq_id": "mb3",
    "dataset": "ds003495",
    "modality": "bold",
    "session_id": "pre",
    "subject_id": "23",
    "task_id": "restingstate"
  },
  "dummy_trs": 1,
  "dvars_nstd": 45.90836660431501,
  "dvars_std": 1.0902936902362208,
  "dvars_vstd": 0.9656785990393691,
  "efc": 0.43187345776822406,
  "fber": 221252.125,
  "fd_mean": 0.13448818299355889,
  "fd_num": 78,
  "fd_perc": 12.264150943396226,
  "fwhm_avg": 2.0789329384825384,
  "fwhm_x": 2.0871133333333334,
  "fwhm_y": 2.30971,
  "fwhm_z": 1.8399754821142806,
  "gcor": 0.00669952,
  "gsr_x": -0.024859417229890823,
  "gsr_y": 0.01640964299440384,
  "provenance": {
    "md5sum": "8ad5e863e231c93c904c3435745ed657",
    "settings": {
      "fd_thres": 0.2,
      "testing": false
    },
    "software": "mriqc",
    "version": "22.0.6",
    "webapi_port": null,
    "webapi_url": "https://mriqc.nimh.nih.gov/api/v1"
  },
  "size_t": 636,
  "size_x": 80,
  "size_y": 80,
  "size_z": 36,
  "snr": 6.134671345243472,
  "spacing_tr": 0.7608333230018616,
  "spacing_x": 3.0,
  "spacing_y": 3.0,
  "spacing_z": 3.2998483180999756,
  "summary_bg_k": 27.56371773865641,
  "summary_bg_mad": 42.06044138821196,
  "summary_bg_mean": 503.4595031738281,
  "summary_bg_median": 40.13945770263672,
  "summary_bg_n": 156122.0,
  "summary_bg_p05": 3.238651776313782,
  "summary_bg_p95": 2801.8698730468736,
  "summary_bg_stdv": 1333.03369140625,
  "summary_fg_k": 0.4372286584031726,
  "summary_fg_mad": 3070.5763357010483,
  "summary_fg_mean": 19561.06640625,
  "summary_fg_median": 19509.896484375,
  "summary_fg_n": 33911.0,
  "summary_fg_p05": 14365.57275390625,
  "summary_fg_p95": 24775.998046875,
  "summary_fg_stdv": 3180.220703125,
  "tsnr": 26.73080825805664
}