{
  "bids_meta": {
    "AcquisitionNumber": 2,
    "BidsifyVersion": "0.3.7",
    "ConversionSoftware": "dcm2niix",
    "ConversionSoftwareVersion": "v1.0.20190902",
    "EchoTime": 0.00376,
    "ImageComments": "Upgrade_2017",
    "ImageOrientationPatientDICOM": [
      0.999986,
      0.00161455,
      0.00508971,
      -0.00104718,
      0.993979,
      -0.109566
    ],
    "InstitutionName": "Spinoza Centre for Neuroimaging, location REC",
    "InversionTime": 0.9,
    "MagneticFieldStrength": 3,
    "Manufacturer": "Philips",
    "ParallelAcquisitionTechnique": "SENSE",
    "PatientPosition": "HFS",
    "PhilipsRescaleIntercept": 0,
    "PhilipsRescaleSlope": 4.0652,
    "PhilipsScaleSlope": 0.00523943,
    "ProtocolName": "T1w",
    "ReconMatrixPE": 240,
    "RepetitionTime": 0.008199,
    "SeriesDescription": "ImageMRSERIES",
    "SeriesNumber": 2,
    "UsePhilipsFloatNotDisplayScaling": 1,
    "dataset": "ds003495",
    "modality": "T1w",
    "session_id": "post",
    "subject_id": "06"
  },
  "cjv": 0.28225485534436545,
  "cnr": 4.537925380512577,
  "efc": 0.6739021877010911,
  "fber": -1.0,
  "fwhm_avg": 4.181259999999999,
  "fwhm_x": 4.10514,
  "fwhm_y": 4.31626,
  "fwhm_z": 4.12238,
  "icvs_csf": 0.24340248501368117,
  "icvs_gm": 0.4174356673552916,
  "icvs_wm": 0.33916184763102725,
  "inu_med": 0.5555566549301147,
  "inu_range": 0.18313944935798643,
  "provenance": {
    "md5sum": "3b66a32080bbcef76b082d671903966a",
    "settings": {
      "testing": false
    },
    "software": "mriqc",
    "version": "22.0.6",
    "warnings": {
      "large_rot_frame": true,
      "small_air_mask": false
    },
    "webapi_port": null,
    "webapi_url": "https://mriqc.nimh.nih.gov/api/v1"
  },
  "qi_1": 0.011564956837811002,
  "qi_2": 5.2332369260251695e-05,
  "rpve_csf": 22.295204039077543,
  "rpve_gm": 13.267403367725697,
  "rpve_wm": 20.109748449251796,
  "size_x": 240,
  "size_y": 240,
  "size_z": 220,
  "snr_csf": 1.5179012597799701,
  "snr_gm": 8.373731884448128,
  "snr_total": 12.258481557606983,
  "snr_wm": 26.88381152859285,
  "snrd_csf": 13.332828936801327,
  "snrd_gm": 49.401600265902985,
  "snrd_total": 47.409792323386434,
  "snrd_wm": 79.49494776745499,
  "spacing_x": 1.0,
  "spacing_y": 1.0,
  "spacing_z": 1.0,
  "summary_bg_k": 109.54662818828892,
  "summary_bg_mad": 0.0,
  "summary_bg_mean": 2.8452248734546566,
  "summary_bg_median": 0.0,
  "summary_bg_n": 480199.0,
  "summary_bg_p05": 0.0,
  "summary_bg_p95": 15.870575975626707,
  "summary_bg_stdv": 8.241135912094482,
  "summary_csf_k": 0.15146694014025242,
  "summary_csf_mad": 117.2279554334928,
  "summary_csf_mean": 187.9287675827242,
  "summary_csf_median": 167.71721943840384,
  "summary_csf_n": 36905.0,
  "summary_csf_p05": 42.40826039388776,
  "summary_csf_p95": 384.08212988525617,
  "summary_csf_stdv": 110.49134194945619,
  "summary_gm_k": 0.2225574769468195,
  "summary_gm_mad": 72.65818835124053,
  "summary_gm_mean": 620.5262447574667,
  "summary_gm_median": 621.4359361901879,
  "summary_gm_n": 34223.0,
  "summary_gm_p05": 495.70833453051745,
  "summary_gm_p95": 739.5309970639646,
  "summary_gm_stdv": 74.21145858075421,
  "summary_wm_k": 0.8748925143112158,
  "summary_wm_mad": 34.19002588921791,
  "summary_wm_mean": 1000.1353939596642,
  "summary_wm_median": 999.9881992153823,
  "summary_wm_n": 206269.0,
  "summary_wm_p05": 939.8030015587807,
  "summary_wm_p95": 1060.9397257268429,
  "summary_wm_stdv": 37.1965773587712,
  "tpm_overlap_csf": 0.16454513834311307,
  "tpm_overlap_gm": 0.4764794579954109,
  "tpm_overlap_wm": 0.519899078729693,
  "wm2max": 0.7466226358450916
}