{
  "aor": 0.0026763703703703706,
  "aqi": 0.01102897851851852,
  "bids_meta": {
    "AcquisitionNumber": 9,
    "BidsifyVersion": "0.3.7",
    "ConversionSoftware": "dcm2niix",
    "ConversionSoftwareVersion": "v1.0.20190902",
    "EchoTime": 0.02763,
    "EffectiveEchoSpacing": 0.0006621159151938905,
    "ImageComments": "Upgrade2017",
    "ImageOrientationPatientDICOM": [
      0.999378,
      0.0298598,
      -0.0187771,
      -0.0314067,
      0.995594,
      -0.0883481
    ],
    "InstitutionName": "Spinoza Centre for Neuroimaging, location REC",
    "MagneticFieldStrength": 3,
    "Manufacturer": "Philips",
    "ParallelAcquisitionTechnique": "SENSE",
    "PatientPosition": "HFS",
    "PhaseEncodingDirection": "j",
    "PhilipsRescaleIntercept": 0,
    "PhilipsRescaleSlope": 0.82442,
    "PhilipsScaleSlope": 0.0581241,
    "ProtocolName": "WIPtask-harriri_acq-sequential_boldSENSE",
    "ReconMatrixPE": 80,
    "RepetitionTime": 2,
    "SeriesDescription": "ImageMRSERIES",
    "SeriesNumber": 9,
    "TaskName": "emomatching",
    "TotalReadoutTime": 0.025822520692561732,
    "UsePhilipsFloatNotDisplayScaling": 1,
    "acq_id": "seq",
    "dataset": "ds003495",
    "modality": "bold",
    "session_id": "pre",
    "subject_id": "02",
    "task_id": "emomatching"
  },
  "dummy_trs": 0,
  "dvars_nstd": 18.895544008880584,
  "dvars_std": 1.170122151417911,
  "dvars_vstd": 0.9298456448507463,
  "efc": 0.4065887716077195,
  "fber": 245411.28125,
  "fd_mean": 0.09205063134245359,
  "fd_num": 2,
  "fd_perc": 1.4814814814814814,
  "fwhm_avg": 1.8058680889900487,
  "fwhm_x": 1.7830899999999998,
  "fwhm_y": 1.93579,
  "fwhm_z": 1.698724266970147,
  "gcor": 0.0148994,
  "gsr_x": -0.01953238621354103,
  "gsr_y": 0.011744151823222637,
  "provenance": {
    "md5sum": "b64cfeca8f4a3e7b583a5c4c39078325",
    "settings": {
      "fd_thres": 0.2,
      "testing": false
    },
    "software": "mriqc",
    "version": "22.0.6",
    "webapi_port": null,
    "webapi_url": "https://mriqc.nimh.nih.gov/api/v1"
  },
  "size_t": 135,
  "size_x": 80,
  "size_y": 80,
  "size_z": 36,
  "snr": 6.404995086373738,
  "spacing_tr": 2.0,
  "spacing_x": 3.0,
  "spacing_y": 3.0,
  "spacing_z": 3.299999952316284,
  "summary_bg_k": 122.4169912924942,
  "summary_bg_mad": 55.42288493679066,
  "summary_bg_mean": 468.3893127441406,
  "summary_bg_median": 55.241336822509766,
  "summary_bg_n": 158117.0,
  "summary_bg_p05": 4.315016269683838,
  "summary_bg_p95": 2465.8561523437497,
  "summary_bg_stdv": 1583.1624755859375,
  "summary_fg_k": 1.0522983637291903,
  "summary_fg_mad": 4048.708670822829,
  "summary_fg_mean": 27977.765625,
  "summary_fg_median": 27680.21484375,
  "summary_fg_n": 32808.0,
  "summary_fg_p05": 21436.6216796875,
  "summary_fg_p95": 35286.303906249996,
  "summary_fg_stdv": 4321.5947265625,
  "tsnr": 63.76713180541992
}